{
  "aor": 0.0011154455445544556,
  "aqi": 0.007732473762376238,
  "bids_meta": {
    "AcquisitionMatrixPE": 80,
    "AcquisitionNumber": 6,
    "AcquisitionTime": "17:03:43.080000",
    "BodyPartExamined": "BRAIN",
    "CoilString": "SENSE_HEAD_8",
    "ConversionSoftware": "dcm2niix",
    "ConversionSoftwareVersion": "v1.0.20190410  Clang4.0.1",
    "Dcm2bidsVersion": "2.1.4",
    "DeviceSerialNumber": "34072",
    "EchoTime": 0.030001,
    "EchoTrainLength": 39,
    "EffectiveEchoSpacing": 0.0002777,
    "FlipAngle": 82,
    "ImageOrientationPatientDICOM": [
      0.998402,
      0.0505904,
      -0.0251904,
      -0.0514461,
      0.998077,
      -0.0345659
    ],
    "ImageType": [
      "ORIGINAL",
      "PRIMARY",
      "M",
      "FFE",
      "M",
      "FFE"
    ],
    "ImagingFrequency": 127.734,
    "InPlanePhaseEncodingDirectionDICOM": "COL",
    "InstitutionName": "Az.Osp._Udine",
    "InstitutionalDepartmentName": "Radiologia",
    "MRAcquisitionType": "2D",
    "MagneticFieldStrength": 3,
    "Manufacturer": "Philips",
    "ManufacturersModelName": "Achieva",
    "Modality": "MR",
    "PartialFourier": 0.4875,
    "PatientPosition": "HFS",
    "PercentPhaseFOV": 100,
    "PhaseEncodingAxis": "j",
    "PhaseEncodingDirection": "j",
    "PhaseEncodingSteps": 80,
    "PhilipsRescaleIntercept": 0,
    "PhilipsRescaleSlope": 0.792918,
    "PhilipsScaleSlope": 0.00058295,
    "PixelBandwidth": 3608.02,
    "ProtocolName": "SOCIAL_4run",
    "ReconMatrixPE": 80,
    "RepetitionTime": 2,
    "ScanOptions": "FS",
    "ScanningSequence": "GR",
    "SequenceVariant": "SK",
    "SeriesDescription": "SOCIAL_4run",
    "SeriesNumber": 601,
    "SliceThickness": 3,
    "SliceTiming": [
      0.0,
      0.378378,
      0.702703,
      1.027027,
      1.351351,
      1.675676,
      0.054054,
      0.432432,
      0.756757,
      1.081081,
      1.405405,
      1.72973,
      0.108108,
      0.486486,
      0.810811,
      1.135135,
      1.459459,
      1.783784,
      0.162162,
      0.540541,
      0.864865,
      1.189189,
      1.513514,
      1.837838,
      0.216216,
      0.594595,
      0.918919,
      1.243243,
      1.567568,
      1.891892,
      0.27027,
      0.648649,
      0.972973,
      1.297297,
      1.621622,
      1.945946,
      0.324324
    ],
    "SoftwareVersions": "5.3.1_5.3.1.2",
    "SpacingBetweenSlices": 3,
    "StationName": "PHILIPS-K5NT78B",
    "TaskName": "ANIM",
    "TotalReadoutTime": 0.0219394,
    "UsePhilipsFloatNotDisplayScaling": 1,
    "dataset": "ds003436",
    "modality": "bold",
    "run_id": 1,
    "subject_id": "19",
    "task_id": "anim"
  },
  "dummy_trs": 0,
  "dvars_nstd": 27.860811920400025,
  "dvars_std": 1.2171739710999996,
  "dvars_vstd": 1.0033865389000007,
  "efc": 0.43057996078570493,
  "fber": 103002.2421875,
  "fd_mean": 0.10530265135797374,
  "fd_num": 4,
  "fd_perc": 3.9603960396039604,
  "fwhm_avg": 1.7756244444444444,
  "fwhm_x": 1.7231633333333332,
  "fwhm_y": 1.9317399999999998,
  "fwhm_z": 1.67197,
  "gcor": 0.0372968,
  "gsr_x": -0.016278060153126717,
  "gsr_y": 0.01133876945823431,
  "provenance": {
    "md5sum": "5b2b6528ae598af83078dc9d750ad232",
    "settings": {
      "fd_thres": 0.2,
      "testing": false
    },
    "software": "mriqc",
    "version": "22.0.6",
    "webapi_port": null,
    "webapi_url": "https://mriqc.nimh.nih.gov/api/v1"
  },
  "size_t": 101,
  "size_x": 80,
  "size_y": 80,
  "size_z": 37,
  "snr": 5.927759302467913,
  "spacing_tr": 2.000000476837158,
  "spacing_x": 3.0,
  "spacing_y": 3.0,
  "spacing_z": 3.0,
  "summary_bg_k": 85.18582708749548,
  "summary_bg_mad": 10356.58056798463,
  "summary_bg_mean": 64677.12109375,
  "summary_bg_median": 7813.6962890625,
  "summary_bg_n": 160714.0,
  "summary_bg_p05": 305.6195007324219,
  "summary_bg_p95": 334740.29375000007,
  "summary_bg_stdv": 180692.15625,
  "summary_fg_k": 1.4149519233260799,
  "summary_fg_mad": 445296.61112372053,
  "summary_fg_mean": 2725080.0,
  "summary_fg_median": 2685464.0,
  "summary_fg_n": 35449.0,
  "summary_fg_p05": 2093020.0250000001,
  "summary_fg_p95": 3463427.7,
  "summary_fg_stdv": 453025.5,
  "tsnr": 60.675872802734375
}