{
  "aor": 0.0012444554455445544,
  "aqi": 0.018867295445544552,
  "bids_meta": {
    "AcquisitionMatrixPE": 80,
    "AcquisitionNumber": 19,
    "AcquisitionTime": "18:42:53.070000",
    "BodyPartExamined": "BRAIN",
    "CoilString": "SENSE_HEAD_8",
    "ConversionSoftware": "dcm2niix",
    "ConversionSoftwareVersion": "v1.0.20190410  Clang4.0.1",
    "Dcm2bidsVersion": "2.1.4",
    "DeviceSerialNumber": "34072",
    "EchoTime": 0.030001,
    "EchoTrainLength": 39,
    "EffectiveEchoSpacing": 0.0002777,
    "FlipAngle": 82,
    "ImageOrientationPatientDICOM": [
      0.999834,
      0.0083413,
      0.0162295,
      -0.00838896,
      0.999961,
      0.00287066
    ],
    "ImageType": [
      "ORIGINAL",
      "PRIMARY",
      "M",
      "FFE",
      "M",
      "FFE"
    ],
    "ImagingFrequency": 127.735,
    "InPlanePhaseEncodingDirectionDICOM": "COL",
    "InstitutionName": "Az.Osp._Udine",
    "InstitutionalDepartmentName": "Radiologia",
    "MRAcquisitionType": "2D",
    "MagneticFieldStrength": 3,
    "Manufacturer": "Philips",
    "ManufacturersModelName": "Achieva",
    "Modality": "MR",
    "PartialFourier": 0.4875,
    "PatientPosition": "HFS",
    "PercentPhaseFOV": 100,
    "PhaseEncodingAxis": "j",
    "PhaseEncodingDirection": "j",
    "PhaseEncodingSteps": 80,
    "PhilipsRescaleIntercept": 0,
    "PhilipsRescaleSlope": 0.737729,
    "PhilipsScaleSlope": 0.000440977,
    "PixelBandwidth": 3608.02,
    "ProtocolName": "SOCIAL_4run",
    "ReconMatrixPE": 80,
    "RepetitionTime": 2,
    "ScanOptions": "FS",
    "ScanningSequence": "GR",
    "SequenceVariant": "SK",
    "SeriesDescription": "SOCIAL_4run",
    "SeriesNumber": 1901,
    "SliceThickness": 3,
    "SliceTiming": [
      0.0,
      0.378378,
      0.702703,
      1.027027,
      1.351351,
      1.675676,
      0.054054,
      0.432432,
      0.756757,
      1.081081,
      1.405405,
      1.72973,
      0.108108,
      0.486486,
      0.810811,
      1.135135,
      1.459459,
      1.783784,
      0.162162,
      0.540541,
      0.864865,
      1.189189,
      1.513514,
      1.837838,
      0.216216,
      0.594595,
      0.918919,
      1.243243,
      1.567568,
      1.891892,
      0.27027,
      0.648649,
      0.972973,
      1.297297,
      1.621622,
      1.945946,
      0.324324
    ],
    "SoftwareVersions": "5.3.1_5.3.1.2",
    "SpacingBetweenSlices": 3,
    "StationName": "PHILIPS-K5NT78B",
    "TaskName": "ANIM",
    "TotalReadoutTime": 0.0219394,
    "UsePhilipsFloatNotDisplayScaling": 1,
    "dataset": "ds003436",
    "modality": "bold",
    "run_id": 2,
    "subject_id": "15",
    "task_id": "anim"
  },
  "dummy_trs": 0,
  "dvars_nstd": 26.679699916799986,
  "dvars_std": 1.06017318,
  "dvars_vstd": 0.9483551543000002,
  "efc": 0.42181964870461275,
  "fber": 59648.7421875,
  "fd_mean": 0.14009749117276118,
  "fd_num": 15,
  "fd_perc": 14.851485148514852,
  "fwhm_avg": 1.8744922222222222,
  "fwhm_x": 1.79071,
  "fwhm_y": 2.1049933333333333,
  "fwhm_z": 1.7277733333333334,
  "gcor": 0.0142621,
  "gsr_x": -0.01697450317442417,
  "gsr_y": 0.015770263969898224,
  "provenance": {
    "md5sum": "3c1d2385e8d4479299f3a7be2ea35fc3",
    "settings": {
      "fd_thres": 0.2,
      "testing": false
    },
    "software": "mriqc",
    "version": "22.0.6",
    "webapi_port": null,
    "webapi_url": "https://mriqc.nimh.nih.gov/api/v1"
  },
  "size_t": 101,
  "size_x": 80,
  "size_y": 80,
  "size_z": 37,
  "snr": 6.163788943053412,
  "spacing_tr": 2.000000476837158,
  "spacing_x": 3.0,
  "spacing_y": 3.0,
  "spacing_z": 3.0,
  "summary_bg_k": 127.99768366165603,
  "summary_bg_mad": 14894.732979473618,
  "summary_bg_mean": 68293.171875,
  "summary_bg_median": 12828.5986328125,
  "summary_bg_n": 161481.0,
  "summary_bg_p05": 1053.5513916015625,
  "summary_bg_p95": 340940.46875,
  "summary_bg_stdv": 193890.734375,
  "summary_fg_k": 3.759446812004631,
  "summary_fg_mad": 462147.49728870054,
  "summary_fg_mean": 3372513.75,
  "summary_fg_median": 3326790.0,
  "summary_fg_n": 35028.0,
  "summary_fg_p05": 2640682.825,
  "summary_fg_p95": 4216535.550000001,
  "summary_fg_stdv": 539723.625,
  "tsnr": 49.008949279785156
}