{
  "aor": 0.010423465346534655,
  "aqi": 0.013669419207920792,
  "bids_meta": {
    "AcquisitionMatrixPE": 80,
    "AcquisitionNumber": 6,
    "AcquisitionTime": "15:12:32.170000",
    "BodyPartExamined": "BRAIN",
    "CoilString": "SENSE_HEAD_8",
    "ConversionSoftware": "dcm2niix",
    "ConversionSoftwareVersion": "v1.0.20181125  Clang9.0.0",
    "Dcm2bidsVersion": "2.1.4",
    "DeviceSerialNumber": "34072",
    "EchoTime": 0.030001,
    "EchoTrainLength": 39,
    "EffectiveEchoSpacing": 0.0002777,
    "FlipAngle": 82,
    "ImageOrientationPatientDICOM": [
      0.999341,
      0.00292665,
      0.0361685,
      -0.00303132,
      0.999991,
      0.00283941
    ],
    "ImageType": [
      "ORIGINAL",
      "PRIMARY",
      "M",
      "FFE",
      "M",
      "FFE"
    ],
    "ImagingFrequency": 127.733,
    "InPlanePhaseEncodingDirectionDICOM": "COL",
    "InstitutionName": "Az.Osp._Udine",
    "InstitutionalDepartmentName": "Radiologia",
    "MRAcquisitionType": "2D",
    "MagneticFieldStrength": 3,
    "Manufacturer": "Philips",
    "ManufacturersModelName": "Achieva",
    "Modality": "MR",
    "PartialFourier": 0.4875,
    "PatientPosition": "HFS",
    "PercentPhaseFOV": 100,
    "PhaseEncodingAxis": "j",
    "PhaseEncodingDirection": "j",
    "PhaseEncodingSteps": 80,
    "PhilipsRescaleIntercept": 0,
    "PhilipsRescaleSlope": 0.789744,
    "PhilipsScaleSlope": 0.000832958,
    "PixelBandwidth": 3608.02,
    "ProtocolName": "SOCIAL_4run",
    "ReconMatrixPE": 80,
    "RepetitionTime": 2,
    "ScanOptions": "FS",
    "ScanningSequence": "GR",
    "SequenceVariant": "SK",
    "SeriesDescription": "SOCIAL_4run",
    "SeriesNumber": 601,
    "SliceThickness": 3,
    "SliceTiming": [
      0.0,
      0.378378,
      0.702703,
      1.027027,
      1.351351,
      1.675676,
      0.054054,
      0.432432,
      0.756757,
      1.081081,
      1.405405,
      1.72973,
      0.108108,
      0.486486,
      0.810811,
      1.135135,
      1.459459,
      1.783784,
      0.162162,
      0.540541,
      0.864865,
      1.189189,
      1.513514,
      1.837838,
      0.216216,
      0.594595,
      0.918919,
      1.243243,
      1.567568,
      1.891892,
      0.27027,
      0.648649,
      0.972973,
      1.297297,
      1.621622,
      1.945946,
      0.324324
    ],
    "SoftwareVersions": "5.3.1_5.3.1.2",
    "SpacingBetweenSlices": 3,
    "StationName": "PHILIPS-K5NT78B",
    "TaskName": "ANIM",
    "TotalReadoutTime": 0.0219394,
    "UsePhilipsFloatNotDisplayScaling": 1,
    "dataset": "ds003436",
    "modality": "bold",
    "run_id": 3,
    "subject_id": "48",
    "task_id": "anim"
  },
  "dummy_trs": 0,
  "dvars_nstd": 23.8097482493,
  "dvars_std": 1.1938101414,
  "dvars_vstd": 1.0879168599,
  "efc": 0.42333531080731374,
  "fber": 183875.03125,
  "fd_mean": 0.11873891347067266,
  "fd_num": 16,
  "fd_perc": 15.841584158415841,
  "fwhm_avg": 1.822098888888889,
  "fwhm_x": 1.7253800000000001,
  "fwhm_y": 1.9736666666666667,
  "fwhm_z": 1.76725,
  "gcor": 0.037188,
  "gsr_x": -0.017181560397148132,
  "gsr_y": 0.01812720112502575,
  "provenance": {
    "md5sum": "844fa24495877a3804e140768554d4b2",
    "settings": {
      "fd_thres": 0.2,
      "testing": false
    },
    "software": "mriqc",
    "version": "22.0.6",
    "webapi_port": null,
    "webapi_url": "https://mriqc.nimh.nih.gov/api/v1"
  },
  "size_t": 101,
  "size_x": 80,
  "size_y": 80,
  "size_z": 37,
  "snr": 6.913040171001741,
  "spacing_tr": 2.000000476837158,
  "spacing_x": 3.0,
  "spacing_y": 3.0,
  "spacing_z": 3.0,
  "summary_bg_k": 118.8743271028459,
  "summary_bg_mad": 5910.350263215283,
  "summary_bg_mean": 39663.46875,
  "summary_bg_median": 4347.3369140625,
  "summary_bg_n": 160621.0,
  "summary_bg_p05": 142.48590087890625,
  "summary_bg_p95": 179287.5,
  "summary_bg_stdv": 122969.4765625,
  "summary_fg_k": 1.4662800256523232,
  "summary_fg_mad": 277606.4238864512,
  "summary_fg_mean": 2005774.5,
  "summary_fg_median": 1991295.25,
  "summary_fg_n": 35628.0,
  "summary_fg_p05": 1583626.05625,
  "summary_fg_p95": 2471988.925,
  "summary_fg_stdv": 288045.09375,
  "tsnr": 56.532470703125
}