{
  "aor": 0.0011215841584158415,
  "aqi": 0.008982224059405939,
  "bids_meta": {
    "AcquisitionMatrixPE": 80,
    "AcquisitionNumber": 8,
    "AcquisitionTime": "15:21:7.390000",
    "BodyPartExamined": "BRAIN",
    "CoilString": "SENSE_HEAD_8",
    "ConversionSoftware": "dcm2niix",
    "ConversionSoftwareVersion": "v1.0.20181125  Clang9.0.0",
    "Dcm2bidsVersion": "2.1.4",
    "DeviceSerialNumber": "34072",
    "EchoTime": 0.030001,
    "EchoTrainLength": 39,
    "EffectiveEchoSpacing": 0.0002777,
    "FlipAngle": 82,
    "ImageOrientationPatientDICOM": [
      0.999341,
      0.00292665,
      0.0361685,
      -0.00303132,
      0.999991,
      0.00283941
    ],
    "ImageType": [
      "ORIGINAL",
      "PRIMARY",
      "M",
      "FFE",
      "M",
      "FFE"
    ],
    "ImagingFrequency": 127.733,
    "InPlanePhaseEncodingDirectionDICOM": "COL",
    "InstitutionName": "Az.Osp._Udine",
    "InstitutionalDepartmentName": "Radiologia",
    "MRAcquisitionType": "2D",
    "MagneticFieldStrength": 3,
    "Manufacturer": "Philips",
    "ManufacturersModelName": "Achieva",
    "Modality": "MR",
    "PartialFourier": 0.4875,
    "PatientPosition": "HFS",
    "PercentPhaseFOV": 100,
    "PhaseEncodingAxis": "j",
    "PhaseEncodingDirection": "j",
    "PhaseEncodingSteps": 80,
    "PhilipsRescaleIntercept": 0,
    "PhilipsRescaleSlope": 0.771673,
    "PhilipsScaleSlope": 0.00220067,
    "PixelBandwidth": 3608.02,
    "ProtocolName": "SOCIAL_4run",
    "ReconMatrixPE": 80,
    "RepetitionTime": 2,
    "ScanOptions": "FS",
    "ScanningSequence": "GR",
    "SequenceVariant": "SK",
    "SeriesDescription": "SOCIAL_4run",
    "SeriesNumber": 801,
    "SliceThickness": 3,
    "SliceTiming": [
      0.0,
      0.378378,
      0.702703,
      1.027027,
      1.351351,
      1.675676,
      0.054054,
      0.432432,
      0.756757,
      1.081081,
      1.405405,
      1.72973,
      0.108108,
      0.486486,
      0.810811,
      1.135135,
      1.459459,
      1.783784,
      0.162162,
      0.540541,
      0.864865,
      1.189189,
      1.513514,
      1.837838,
      0.216216,
      0.594595,
      0.918919,
      1.243243,
      1.567568,
      1.891892,
      0.27027,
      0.648649,
      0.972973,
      1.297297,
      1.621622,
      1.945946,
      0.324324
    ],
    "SoftwareVersions": "5.3.1_5.3.1.2",
    "SpacingBetweenSlices": 3,
    "StationName": "PHILIPS-K5NT78B",
    "TaskName": "ANIM",
    "TotalReadoutTime": 0.0219394,
    "UsePhilipsFloatNotDisplayScaling": 1,
    "dataset": "ds003436",
    "modality": "bold",
    "run_id": 1,
    "subject_id": "48",
    "task_id": "anim"
  },
  "dummy_trs": 0,
  "dvars_nstd": 23.3290005303,
  "dvars_std": 1.1659309813999998,
  "dvars_vstd": 1.0041008766,
  "efc": 0.42312060045567795,
  "fber": 182334.109375,
  "fd_mean": 0.07836304629412218,
  "fd_num": 5,
  "fd_perc": 4.9504950495049505,
  "fwhm_avg": 1.805831111111111,
  "fwhm_x": 1.72346,
  "fwhm_y": 1.9543866666666665,
  "fwhm_z": 1.7396466666666666,
  "gcor": 0.0163061,
  "gsr_x": -0.017234334722161293,
  "gsr_y": 0.01844441145658493,
  "provenance": {
    "md5sum": "704bb9760647a8d0483cc45c074eeaa3",
    "settings": {
      "fd_thres": 0.2,
      "testing": false
    },
    "software": "mriqc",
    "version": "22.0.6",
    "webapi_port": null,
    "webapi_url": "https://mriqc.nimh.nih.gov/api/v1"
  },
  "size_t": 101,
  "size_x": 80,
  "size_y": 80,
  "size_z": 37,
  "snr": 6.908527714428246,
  "spacing_tr": 2.000000476837158,
  "spacing_x": 3.0,
  "spacing_y": 3.0,
  "spacing_z": 3.0,
  "summary_bg_k": 121.67782704698513,
  "summary_bg_mad": 2306.2083149329583,
  "summary_bg_mean": 15526.1435546875,
  "summary_bg_median": 1686.5361328125,
  "summary_bg_n": 160742.0,
  "summary_bg_p05": 44.37353172302247,
  "summary_bg_p95": 70208.87421874986,
  "summary_bg_stdv": 48346.47265625,
  "summary_fg_k": 1.5193077378524453,
  "summary_fg_mad": 106486.00476007239,
  "summary_fg_mean": 776698.5,
  "summary_fg_median": 770322.5625,
  "summary_fg_n": 35598.0,
  "summary_fg_p05": 613518.740625,
  "summary_fg_p95": 955642.634375,
  "summary_fg_stdv": 111501.578125,
  "tsnr": 67.37930297851562
}