{
  "aor": 0.0015646534653465348,
  "aqi": 0.006426834455445545,
  "bids_meta": {
    "AcquisitionMatrixPE": 80,
    "AcquisitionNumber": 19,
    "AcquisitionTime": "16:51:35.910000",
    "BodyPartExamined": "BRAIN",
    "CoilString": "SENSE_HEAD_8",
    "ConversionSoftware": "dcm2niix",
    "ConversionSoftwareVersion": "v1.0.20181125  Clang9.0.0",
    "Dcm2bidsVersion": "2.1.4",
    "DeviceSerialNumber": "34072",
    "EchoTime": 0.030001,
    "EchoTrainLength": 39,
    "EffectiveEchoSpacing": 0.0002777,
    "FlipAngle": 82,
    "ImageOrientationPatientDICOM": [
      0.993685,
      0.106074,
      0.0365805,
      -0.110173,
      0.984146,
      0.138991
    ],
    "ImageType": [
      "ORIGINAL",
      "PRIMARY",
      "M",
      "FFE",
      "M",
      "FFE"
    ],
    "ImagingFrequency": 127.734,
    "InPlanePhaseEncodingDirectionDICOM": "COL",
    "InstitutionName": "Az.Osp._Udine",
    "InstitutionalDepartmentName": "Radiologia",
    "MRAcquisitionType": "2D",
    "MagneticFieldStrength": 3,
    "Manufacturer": "Philips",
    "ManufacturersModelName": "Achieva",
    "Modality": "MR",
    "PartialFourier": 0.4875,
    "PatientPosition": "HFS",
    "PercentPhaseFOV": 100,
    "PhaseEncodingAxis": "j",
    "PhaseEncodingDirection": "j",
    "PhaseEncodingSteps": 80,
    "PhilipsRescaleIntercept": 0,
    "PhilipsRescaleSlope": 0.837363,
    "PhilipsScaleSlope": 0.00231958,
    "PixelBandwidth": 3608.02,
    "ProtocolName": "SOCIAL_4run",
    "ReconMatrixPE": 80,
    "RepetitionTime": 2,
    "ScanOptions": "FS",
    "ScanningSequence": "GR",
    "SequenceVariant": "SK",
    "SeriesDescription": "SOCIAL_4run",
    "SeriesNumber": 1901,
    "SliceThickness": 3,
    "SliceTiming": [
      0.0,
      0.378378,
      0.702703,
      1.027027,
      1.351351,
      1.675676,
      0.054054,
      0.432432,
      0.756757,
      1.081081,
      1.405405,
      1.72973,
      0.108108,
      0.486486,
      0.810811,
      1.135135,
      1.459459,
      1.783784,
      0.162162,
      0.540541,
      0.864865,
      1.189189,
      1.513514,
      1.837838,
      0.216216,
      0.594595,
      0.918919,
      1.243243,
      1.567568,
      1.891892,
      0.27027,
      0.648649,
      0.972973,
      1.297297,
      1.621622,
      1.945946,
      0.324324
    ],
    "SoftwareVersions": "5.3.1_5.3.1.2",
    "SpacingBetweenSlices": 3,
    "StationName": "PHILIPS-K5NT78B",
    "TaskName": "ANIM",
    "TotalReadoutTime": 0.0219394,
    "UsePhilipsFloatNotDisplayScaling": 1,
    "dataset": "ds003436",
    "modality": "bold",
    "run_id": 3,
    "subject_id": "33",
    "task_id": "anim"
  },
  "dummy_trs": 0,
  "dvars_nstd": 30.943551102199994,
  "dvars_std": 1.4198824376999999,
  "dvars_vstd": 1.0145086275999997,
  "efc": 0.3785237684758802,
  "fber": 179650.234375,
  "fd_mean": 0.15687000803933052,
  "fd_num": 23,
  "fd_perc": 22.77227722772277,
  "fwhm_avg": 1.9263166666666667,
  "fwhm_x": 1.8972433333333332,
  "fwhm_y": 2.0569466666666667,
  "fwhm_z": 1.8247600000000002,
  "gcor": 0.0294247,
  "gsr_x": -0.0190813560038805,
  "gsr_y": 0.007236762437969446,
  "provenance": {
    "md5sum": "f633d008dcd0dc8100b1c760c980e5e4",
    "settings": {
      "fd_thres": 0.2,
      "testing": false
    },
    "software": "mriqc",
    "version": "22.0.6",
    "webapi_port": null,
    "webapi_url": "https://mriqc.nimh.nih.gov/api/v1"
  },
  "size_t": 101,
  "size_x": 80,
  "size_y": 80,
  "size_z": 37,
  "snr": 5.930791673065514,
  "spacing_tr": 2.000000476837158,
  "spacing_x": 3.0,
  "spacing_y": 3.0,
  "spacing_z": 3.0,
  "summary_bg_k": 113.92261201105819,
  "summary_bg_mad": 1943.9049254939073,
  "summary_bg_mean": 10694.986328125,
  "summary_bg_median": 1438.896240234375,
  "summary_bg_n": 170140.0,
  "summary_bg_p05": 31.236385154724122,
  "summary_bg_p95": 45764.539843749946,
  "summary_bg_stdv": 32823.7734375,
  "summary_fg_k": 1.3439525736265745,
  "summary_fg_mad": 103812.2243216362,
  "summary_fg_mean": 656833.0,
  "summary_fg_median": 647671.4375,
  "summary_fg_n": 28114.0,
  "summary_fg_p05": 501966.9875,
  "summary_fg_p95": 845730.571875,
  "summary_fg_stdv": 109202.9453125,
  "tsnr": 72.18077087402344
}