{
  "aor": 0.0029626732673267322,
  "aqi": 0.016842471089108912,
  "bids_meta": {
    "AcquisitionMatrixPE": 80,
    "AcquisitionNumber": 11,
    "AcquisitionTime": "17:28:19.140000",
    "BodyPartExamined": "BRAIN",
    "CoilString": "SENSE_HEAD_8",
    "ConversionSoftware": "dcm2niix",
    "ConversionSoftwareVersion": "v1.0.20181125  Clang9.0.0",
    "Dcm2bidsVersion": "2.1.4",
    "DeviceSerialNumber": "34072",
    "EchoTime": 0.030001,
    "EchoTrainLength": 39,
    "EffectiveEchoSpacing": 0.0002777,
    "FlipAngle": 82,
    "ImageOrientationPatientDICOM": [
      0.999646,
      -0.00598528,
      0.025914,
      0.00659422,
      0.999703,
      -0.0234773
    ],
    "ImageType": [
      "ORIGINAL",
      "PRIMARY",
      "M",
      "FFE",
      "M",
      "FFE"
    ],
    "ImagingFrequency": 127.733,
    "InPlanePhaseEncodingDirectionDICOM": "COL",
    "InstitutionName": "Az.Osp._Udine",
    "InstitutionalDepartmentName": "Radiologia",
    "MRAcquisitionType": "2D",
    "MagneticFieldStrength": 3,
    "Manufacturer": "Philips",
    "ManufacturersModelName": "Achieva",
    "Modality": "MR",
    "PartialFourier": 0.4875,
    "PatientPosition": "HFS",
    "PercentPhaseFOV": 100,
    "PhaseEncodingAxis": "j",
    "PhaseEncodingDirection": "j",
    "PhaseEncodingSteps": 80,
    "PhilipsRescaleIntercept": 0,
    "PhilipsRescaleSlope": 0.792918,
    "PhilipsScaleSlope": 0.000911867,
    "PixelBandwidth": 3608.02,
    "ProtocolName": "SOCIAL_4run",
    "ReconMatrixPE": 80,
    "RepetitionTime": 2,
    "ScanOptions": "FS",
    "ScanningSequence": "GR",
    "SequenceVariant": "SK",
    "SeriesDescription": "SOCIAL_4run",
    "SeriesNumber": 1101,
    "SliceThickness": 3,
    "SliceTiming": [
      0.0,
      0.378378,
      0.702703,
      1.027027,
      1.351351,
      1.675676,
      0.054054,
      0.432432,
      0.756757,
      1.081081,
      1.405405,
      1.72973,
      0.108108,
      0.486486,
      0.810811,
      1.135135,
      1.459459,
      1.783784,
      0.162162,
      0.540541,
      0.864865,
      1.189189,
      1.513514,
      1.837838,
      0.216216,
      0.594595,
      0.918919,
      1.243243,
      1.567568,
      1.891892,
      0.27027,
      0.648649,
      0.972973,
      1.297297,
      1.621622,
      1.945946,
      0.324324
    ],
    "SoftwareVersions": "5.3.1_5.3.1.2",
    "SpacingBetweenSlices": 3,
    "StationName": "PHILIPS-K5NT78B",
    "TaskName": "ANIM",
    "TotalReadoutTime": 0.0219394,
    "UsePhilipsFloatNotDisplayScaling": 1,
    "dataset": "ds003436",
    "modality": "bold",
    "run_id": 3,
    "subject_id": "36",
    "task_id": "anim"
  },
  "dummy_trs": 0,
  "dvars_nstd": 29.360219307299996,
  "dvars_std": 1.0515707823,
  "dvars_vstd": 0.9260533096000002,
  "efc": 0.4370852465868336,
  "fber": 112240.5546875,
  "fd_mean": 0.2655573994568019,
  "fd_num": 44,
  "fd_perc": 43.56435643564357,
  "fwhm_avg": 1.8722611111111112,
  "fwhm_x": 1.8084533333333335,
  "fwhm_y": 2.002693333333333,
  "fwhm_z": 1.8056366666666666,
  "gcor": 0.0195694,
  "gsr_x": -0.007104571908712387,
  "gsr_y": 0.009657801128923893,
  "provenance": {
    "md5sum": "36eb8f4005e5855ce9ffe7a56d09ca29",
    "settings": {
      "fd_thres": 0.2,
      "testing": false
    },
    "software": "mriqc",
    "version": "22.0.6",
    "webapi_port": null,
    "webapi_url": "https://mriqc.nimh.nih.gov/api/v1"
  },
  "size_t": 101,
  "size_x": 80,
  "size_y": 80,
  "size_z": 37,
  "snr": 5.3145953811499105,
  "spacing_tr": 2.000000476837158,
  "spacing_x": 3.0,
  "spacing_y": 3.0,
  "spacing_z": 3.0,
  "summary_bg_k": 62.87631188579208,
  "summary_bg_mad": 5653.283403798092,
  "summary_bg_mean": 37793.49609375,
  "summary_bg_median": 4202.7177734375,
  "summary_bg_n": 159240.0,
  "summary_bg_p05": 210.7360206604004,
  "summary_bg_p95": 177521.78828124987,
  "summary_bg_stdv": 103872.78125,
  "summary_fg_k": 1.235635501053939,
  "summary_fg_mad": 267014.43564953114,
  "summary_fg_mean": 1503136.125,
  "summary_fg_median": 1476058.375,
  "summary_fg_n": 36861.0,
  "summary_fg_p05": 1110959.875,
  "summary_fg_p95": 1972676.25,
  "summary_fg_stdv": 277732.96875,
  "tsnr": 41.82300567626953
}