{
  "aor": 0.0008774257425742573,
  "aqi": 0.006539305346534653,
  "bids_meta": {
    "AcquisitionMatrixPE": 80,
    "AcquisitionNumber": 20,
    "AcquisitionTime": "17:55:31.000000",
    "BodyPartExamined": "BRAIN",
    "CoilString": "SENSE_HEAD_8",
    "ConversionSoftware": "dcm2niix",
    "ConversionSoftwareVersion": "v1.0.20181125  Clang9.0.0",
    "Dcm2bidsVersion": "2.1.4",
    "DeviceSerialNumber": "34072",
    "EchoTime": 0.030001,
    "EchoTrainLength": 39,
    "EffectiveEchoSpacing": 0.0002777,
    "FlipAngle": 82,
    "ImageOrientationPatientDICOM": [
      0.99974,
      0.00652278,
      0.0218396,
      -0.0073409,
      0.999266,
      0.0375927
    ],
    "ImageType": [
      "ORIGINAL",
      "PRIMARY",
      "M",
      "FFE",
      "M",
      "FFE"
    ],
    "ImagingFrequency": 127.733,
    "InPlanePhaseEncodingDirectionDICOM": "COL",
    "InstitutionName": "Az.Osp._Udine",
    "InstitutionalDepartmentName": "Radiologia",
    "MRAcquisitionType": "2D",
    "MagneticFieldStrength": 3,
    "Manufacturer": "Philips",
    "ManufacturersModelName": "Achieva",
    "Modality": "MR",
    "PartialFourier": 0.4875,
    "PatientPosition": "HFS",
    "PercentPhaseFOV": 100,
    "PhaseEncodingAxis": "j",
    "PhaseEncodingDirection": "j",
    "PhaseEncodingSteps": 80,
    "PhilipsRescaleIntercept": 0,
    "PhilipsRescaleSlope": 0.753846,
    "PhilipsScaleSlope": 0.00110323,
    "PixelBandwidth": 3608.02,
    "ProtocolName": "SOCIAL_4run",
    "ReconMatrixPE": 80,
    "RepetitionTime": 2,
    "ScanOptions": "FS",
    "ScanningSequence": "GR",
    "SequenceVariant": "SK",
    "SeriesDescription": "SOCIAL_4run",
    "SeriesNumber": 2001,
    "SliceThickness": 3,
    "SliceTiming": [
      0.0,
      0.378378,
      0.702703,
      1.027027,
      1.351351,
      1.675676,
      0.054054,
      0.432432,
      0.756757,
      1.081081,
      1.405405,
      1.72973,
      0.108108,
      0.486486,
      0.810811,
      1.135135,
      1.459459,
      1.783784,
      0.162162,
      0.540541,
      0.864865,
      1.189189,
      1.513514,
      1.837838,
      0.216216,
      0.594595,
      0.918919,
      1.243243,
      1.567568,
      1.891892,
      0.27027,
      0.648649,
      0.972973,
      1.297297,
      1.621622,
      1.945946,
      0.324324
    ],
    "SoftwareVersions": "5.3.1_5.3.1.2",
    "SpacingBetweenSlices": 3,
    "StationName": "PHILIPS-K5NT78B",
    "TaskName": "ANIM",
    "TotalReadoutTime": 0.0219394,
    "UsePhilipsFloatNotDisplayScaling": 1,
    "dataset": "ds003436",
    "modality": "bold",
    "run_id": 2,
    "subject_id": "51",
    "task_id": "anim"
  },
  "dummy_trs": 0,
  "dvars_nstd": 25.178924179099994,
  "dvars_std": 1.133914309,
  "dvars_vstd": 1.0074362777999994,
  "efc": 0.4394946567450126,
  "fber": 113593.3984375,
  "fd_mean": 0.0763930691762932,
  "fd_num": 0,
  "fd_perc": 0.0,
  "fwhm_avg": 1.811577777777778,
  "fwhm_x": 1.72069,
  "fwhm_y": 1.97785,
  "fwhm_z": 1.7361933333333335,
  "gcor": 0.0183932,
  "gsr_x": -0.008489794097840786,
  "gsr_y": 0.010541502386331558,
  "provenance": {
    "md5sum": "1be6d8788584479b42379061334826ed",
    "settings": {
      "fd_thres": 0.2,
      "testing": false
    },
    "software": "mriqc",
    "version": "22.0.6",
    "webapi_port": null,
    "webapi_url": "https://mriqc.nimh.nih.gov/api/v1"
  },
  "size_t": 101,
  "size_x": 80,
  "size_y": 80,
  "size_z": 37,
  "snr": 5.8823277874800715,
  "spacing_tr": 2.000000476837158,
  "spacing_x": 3.0,
  "spacing_y": 3.0,
  "spacing_z": 3.0,
  "summary_bg_k": 56.17739757776187,
  "summary_bg_mad": 5351.667419879439,
  "summary_bg_mean": 31812.46484375,
  "summary_bg_median": 3874.6806640625,
  "summary_bg_n": 157344.0,
  "summary_bg_p05": 54.79814853668213,
  "summary_bg_p95": 150892.77500000008,
  "summary_bg_stdv": 87717.0078125,
  "summary_fg_k": 1.894792088844416,
  "summary_fg_mad": 213884.82917355097,
  "summary_fg_mean": 1426637.875,
  "summary_fg_median": 1402545.25,
  "summary_fg_n": 37852.0,
  "summary_fg_p05": 1106462.20625,
  "summary_fg_p95": 1831791.3312499998,
  "summary_fg_stdv": 238430.5625,
  "tsnr": 65.88218688964844
}