{
  "aor": 0.0010080198019801982,
  "aqi": 0.006114012772277227,
  "bids_meta": {
    "AcquisitionMatrixPE": 80,
    "AcquisitionNumber": 19,
    "AcquisitionTime": "17:51:23.600000",
    "BodyPartExamined": "BRAIN",
    "CoilString": "SENSE_HEAD_8",
    "ConversionSoftware": "dcm2niix",
    "ConversionSoftwareVersion": "v1.0.20181125  Clang9.0.0",
    "Dcm2bidsVersion": "2.1.4",
    "DeviceSerialNumber": "34072",
    "EchoTime": 0.030001,
    "EchoTrainLength": 39,
    "EffectiveEchoSpacing": 0.0002777,
    "FlipAngle": 82,
    "ImageOrientationPatientDICOM": [
      0.99974,
      0.00652278,
      0.0218396,
      -0.0073409,
      0.999266,
      0.0375927
    ],
    "ImageType": [
      "ORIGINAL",
      "PRIMARY",
      "M",
      "FFE",
      "M",
      "FFE"
    ],
    "ImagingFrequency": 127.733,
    "InPlanePhaseEncodingDirectionDICOM": "COL",
    "InstitutionName": "Az.Osp._Udine",
    "InstitutionalDepartmentName": "Radiologia",
    "MRAcquisitionType": "2D",
    "MagneticFieldStrength": 3,
    "Manufacturer": "Philips",
    "ManufacturersModelName": "Achieva",
    "Modality": "MR",
    "PartialFourier": 0.4875,
    "PatientPosition": "HFS",
    "PercentPhaseFOV": 100,
    "PhaseEncodingAxis": "j",
    "PhaseEncodingDirection": "j",
    "PhaseEncodingSteps": 80,
    "PhilipsRescaleIntercept": 0,
    "PhilipsRescaleSlope": 0.757753,
    "PhilipsScaleSlope": 0.00110471,
    "PixelBandwidth": 3608.02,
    "ProtocolName": "SOCIAL_4run",
    "ReconMatrixPE": 80,
    "RepetitionTime": 2,
    "ScanOptions": "FS",
    "ScanningSequence": "GR",
    "SequenceVariant": "SK",
    "SeriesDescription": "SOCIAL_4run",
    "SeriesNumber": 1901,
    "SliceThickness": 3,
    "SliceTiming": [
      0.0,
      0.378378,
      0.702703,
      1.027027,
      1.351351,
      1.675676,
      0.054054,
      0.432432,
      0.756757,
      1.081081,
      1.405405,
      1.72973,
      0.108108,
      0.486486,
      0.810811,
      1.135135,
      1.459459,
      1.783784,
      0.162162,
      0.540541,
      0.864865,
      1.189189,
      1.513514,
      1.837838,
      0.216216,
      0.594595,
      0.918919,
      1.243243,
      1.567568,
      1.891892,
      0.27027,
      0.648649,
      0.972973,
      1.297297,
      1.621622,
      1.945946,
      0.324324
    ],
    "SoftwareVersions": "5.3.1_5.3.1.2",
    "SpacingBetweenSlices": 3,
    "StationName": "PHILIPS-K5NT78B",
    "TaskName": "ANIM",
    "TotalReadoutTime": 0.0219394,
    "UsePhilipsFloatNotDisplayScaling": 1,
    "dataset": "ds003436",
    "modality": "bold",
    "run_id": 3,
    "subject_id": "51",
    "task_id": "anim"
  },
  "dummy_trs": 0,
  "dvars_nstd": 25.61767581980002,
  "dvars_std": 1.1554571816,
  "dvars_vstd": 1.0123170684000007,
  "efc": 0.4386477346820081,
  "fber": 121344.25,
  "fd_mean": 0.06987759758534715,
  "fd_num": 0,
  "fd_perc": 0.0,
  "fwhm_avg": 1.8159844444444444,
  "fwhm_x": 1.7277366666666667,
  "fwhm_y": 1.9895033333333334,
  "fwhm_z": 1.7307133333333333,
  "gcor": 0.0115585,
  "gsr_x": -0.00831320695579052,
  "gsr_y": 0.010683484375476837,
  "provenance": {
    "md5sum": "8decf8e930d0cd8c80a2a1d03d02e744",
    "settings": {
      "fd_thres": 0.2,
      "testing": false
    },
    "software": "mriqc",
    "version": "22.0.6",
    "webapi_port": null,
    "webapi_url": "https://mriqc.nimh.nih.gov/api/v1"
  },
  "size_t": 101,
  "size_x": 80,
  "size_y": 80,
  "size_z": 37,
  "snr": 5.877067119467752,
  "spacing_tr": 2.000000476837158,
  "spacing_x": 3.0,
  "spacing_y": 3.0,
  "spacing_z": 3.0,
  "summary_bg_k": 56.288022150444064,
  "summary_bg_mad": 5083.15808195103,
  "summary_bg_mean": 31272.056640625,
  "summary_bg_median": 3692.81298828125,
  "summary_bg_n": 157459.0,
  "summary_bg_p05": 61.87516250610352,
  "summary_bg_p95": 147121.92968750015,
  "summary_bg_stdv": 86596.96875,
  "summary_fg_k": 1.8578687122491413,
  "summary_fg_mad": 211214.47725274507,
  "summary_fg_mean": 1413122.0,
  "summary_fg_median": 1388200.0,
  "summary_fg_n": 37763.0,
  "summary_fg_p05": 1095274.5625,
  "summary_fg_p95": 1814423.6625,
  "summary_fg_stdv": 236203.125,
  "tsnr": 68.22856140136719
}