{
  "aor": 0.004158118811881188,
  "aqi": 0.007535984257425743,
  "bids_meta": {
    "AcquisitionMatrixPE": 80,
    "AcquisitionNumber": 15,
    "AcquisitionTime": "16:23:20.130000",
    "BodyPartExamined": "BRAIN",
    "CoilString": "SENSE_HEAD_8",
    "ConversionSoftware": "dcm2niix",
    "ConversionSoftwareVersion": "v1.0.20190410  Clang4.0.1",
    "Dcm2bidsVersion": "2.1.4",
    "DeviceSerialNumber": "34072",
    "EchoTime": 0.030001,
    "EchoTrainLength": 39,
    "EffectiveEchoSpacing": 0.0002777,
    "FlipAngle": 82,
    "ImageOrientationPatientDICOM": [
      0.999795,
      0.0198201,
      -0.00412316,
      -0.0198156,
      0.999803,
      0.00113016
    ],
    "ImageType": [
      "ORIGINAL",
      "PRIMARY",
      "M",
      "FFE",
      "M",
      "FFE"
    ],
    "ImagingFrequency": 127.735,
    "InPlanePhaseEncodingDirectionDICOM": "COL",
    "InstitutionName": "Az.Osp._Udine",
    "InstitutionalDepartmentName": "Radiologia",
    "MRAcquisitionType": "2D",
    "MagneticFieldStrength": 3,
    "Manufacturer": "Philips",
    "ManufacturersModelName": "Achieva",
    "Modality": "MR",
    "PartialFourier": 0.4875,
    "PatientPosition": "HFS",
    "PercentPhaseFOV": 100,
    "PhaseEncodingAxis": "j",
    "PhaseEncodingDirection": "j",
    "PhaseEncodingSteps": 80,
    "PhilipsRescaleIntercept": 0,
    "PhilipsRescaleSlope": 0.763858,
    "PhilipsScaleSlope": 0.00120615,
    "PixelBandwidth": 3608.02,
    "ProtocolName": "SOCIAL_4run",
    "ReconMatrixPE": 80,
    "RepetitionTime": 2,
    "ScanOptions": "FS",
    "ScanningSequence": "GR",
    "SequenceVariant": "SK",
    "SeriesDescription": "SOCIAL_4run",
    "SeriesNumber": 1501,
    "SliceThickness": 3,
    "SliceTiming": [
      0.0,
      0.378378,
      0.702703,
      1.027027,
      1.351351,
      1.675676,
      0.054054,
      0.432432,
      0.756757,
      1.081081,
      1.405405,
      1.72973,
      0.108108,
      0.486486,
      0.810811,
      1.135135,
      1.459459,
      1.783784,
      0.162162,
      0.540541,
      0.864865,
      1.189189,
      1.513514,
      1.837838,
      0.216216,
      0.594595,
      0.918919,
      1.243243,
      1.567568,
      1.891892,
      0.27027,
      0.648649,
      0.972973,
      1.297297,
      1.621622,
      1.945946,
      0.324324
    ],
    "SoftwareVersions": "5.3.1_5.3.1.2",
    "SpacingBetweenSlices": 3,
    "StationName": "PHILIPS-K5NT78B",
    "TaskName": "ANIM",
    "TotalReadoutTime": 0.0219394,
    "UsePhilipsFloatNotDisplayScaling": 1,
    "dataset": "ds003436",
    "modality": "bold",
    "run_id": 2,
    "subject_id": "16",
    "task_id": "anim"
  },
  "dummy_trs": 0,
  "dvars_nstd": 28.529502620299994,
  "dvars_std": 1.2838501514999998,
  "dvars_vstd": 1.0110094168999997,
  "efc": 0.4257790194846551,
  "fber": 129128.46875,
  "fd_mean": 0.12694198937186146,
  "fd_num": 11,
  "fd_perc": 10.891089108910892,
  "fwhm_avg": 1.9610100000000001,
  "fwhm_x": 1.9325133333333333,
  "fwhm_y": 2.0779733333333334,
  "fwhm_z": 1.8725433333333334,
  "gcor": 0.0105574,
  "gsr_x": -0.011225412599742413,
  "gsr_y": 0.007330506108701229,
  "provenance": {
    "md5sum": "acb766945b5ff830904e14e93bccb18a",
    "settings": {
      "fd_thres": 0.2,
      "testing": false
    },
    "software": "mriqc",
    "version": "22.0.6",
    "webapi_port": null,
    "webapi_url": "https://mriqc.nimh.nih.gov/api/v1"
  },
  "size_t": 101,
  "size_x": 80,
  "size_y": 80,
  "size_z": 37,
  "snr": 5.342072215661133,
  "spacing_tr": 2.000000476837158,
  "spacing_x": 3.0,
  "spacing_y": 3.0,
  "spacing_z": 3.0,
  "summary_bg_k": 84.0185028340943,
  "summary_bg_mad": 3638.0263179521903,
  "summary_bg_mean": 19141.65234375,
  "summary_bg_median": 2930.0439453125,
  "summary_bg_n": 158701.0,
  "summary_bg_p05": 178.7690887451172,
  "summary_bg_p95": 84803.71875,
  "summary_bg_stdv": 56866.37109375,
  "summary_fg_k": 2.8572666584955533,
  "summary_fg_mad": 187565.85991591684,
  "summary_fg_mean": 1157635.125,
  "summary_fg_median": 1126972.5,
  "summary_fg_n": 37058.0,
  "summary_fg_p05": 885689.36875,
  "summary_fg_p95": 1509184.30625,
  "summary_fg_stdv": 210958.828125,
  "tsnr": 62.11859130859375
}