{
  "aor": 0.004806435643564358,
  "aqi": 0.008057759207920793,
  "bids_meta": {
    "AcquisitionMatrixPE": 80,
    "AcquisitionNumber": 17,
    "AcquisitionTime": "16:22:19.200000",
    "BodyPartExamined": "BRAIN",
    "CoilString": "SENSE_HEAD_8",
    "ConversionSoftware": "dcm2niix",
    "ConversionSoftwareVersion": "v1.0.20190410  Clang4.0.1",
    "Dcm2bidsVersion": "2.1.4",
    "DeviceSerialNumber": "34072",
    "EchoTime": 0.030001,
    "EchoTrainLength": 39,
    "EffectiveEchoSpacing": 0.0002777,
    "FlipAngle": 82,
    "ImageOrientationPatientDICOM": [
      0.996836,
      0.0624737,
      0.0491364,
      -0.0566919,
      0.992162,
      -0.111355
    ],
    "ImageType": [
      "ORIGINAL",
      "PRIMARY",
      "M",
      "FFE",
      "M",
      "FFE"
    ],
    "ImagingFrequency": 127.734,
    "InPlanePhaseEncodingDirectionDICOM": "COL",
    "InstitutionName": "Az.Osp._Udine",
    "InstitutionalDepartmentName": "Radiologia",
    "MRAcquisitionType": "2D",
    "MagneticFieldStrength": 3,
    "Manufacturer": "Philips",
    "ManufacturersModelName": "Achieva",
    "Modality": "MR",
    "PartialFourier": 0.4875,
    "PatientPosition": "HFS",
    "PercentPhaseFOV": 100,
    "PhaseEncodingAxis": "j",
    "PhaseEncodingDirection": "j",
    "PhaseEncodingSteps": 80,
    "PhilipsRescaleIntercept": 0,
    "PhilipsRescaleSlope": 0.825397,
    "PhilipsScaleSlope": 0.0011095,
    "PixelBandwidth": 3608.02,
    "ProtocolName": "SOCIAL_4run",
    "ReconMatrixPE": 80,
    "RepetitionTime": 2,
    "ScanOptions": "FS",
    "ScanningSequence": "GR",
    "SequenceVariant": "SK",
    "SeriesDescription": "SOCIAL_4run",
    "SeriesNumber": 1701,
    "SliceThickness": 3,
    "SliceTiming": [
      0.0,
      0.378378,
      0.702703,
      1.027027,
      1.351351,
      1.675676,
      0.054054,
      0.432432,
      0.756757,
      1.081081,
      1.405405,
      1.72973,
      0.108108,
      0.486486,
      0.810811,
      1.135135,
      1.459459,
      1.783784,
      0.162162,
      0.540541,
      0.864865,
      1.189189,
      1.513514,
      1.837838,
      0.216216,
      0.594595,
      0.918919,
      1.243243,
      1.567568,
      1.891892,
      0.27027,
      0.648649,
      0.972973,
      1.297297,
      1.621622,
      1.945946,
      0.324324
    ],
    "SoftwareVersions": "5.3.1_5.3.1.2",
    "SpacingBetweenSlices": 3,
    "StationName": "PHILIPS-K5NT78B",
    "TaskName": "ANIM",
    "TotalReadoutTime": 0.0219394,
    "UsePhilipsFloatNotDisplayScaling": 1,
    "dataset": "ds003436",
    "modality": "bold",
    "run_id": 2,
    "subject_id": "28",
    "task_id": "anim"
  },
  "dummy_trs": 0,
  "dvars_nstd": 27.394725075400007,
  "dvars_std": 1.2235009728999997,
  "dvars_vstd": 1.0222290337999997,
  "efc": 0.43693503853305515,
  "fber": 201345.296875,
  "fd_mean": 0.1477152994731755,
  "fd_num": 20,
  "fd_perc": 19.801980198019802,
  "fwhm_avg": 1.8665466666666666,
  "fwhm_x": 1.8033933333333334,
  "fwhm_y": 2.0077766666666665,
  "fwhm_z": 1.78847,
  "gcor": 0.0121403,
  "gsr_x": -0.011231428012251854,
  "gsr_y": 0.01545718777924776,
  "provenance": {
    "md5sum": "f3c7081799091341235c6d2f04fdb90e",
    "settings": {
      "fd_thres": 0.2,
      "testing": false
    },
    "software": "mriqc",
    "version": "22.0.6",
    "webapi_port": null,
    "webapi_url": "https://mriqc.nimh.nih.gov/api/v1"
  },
  "size_t": 101,
  "size_x": 80,
  "size_y": 80,
  "size_z": 37,
  "snr": 5.321753936439528,
  "spacing_tr": 2.000000476837158,
  "spacing_x": 3.0,
  "spacing_y": 3.0,
  "spacing_z": 3.0,
  "summary_bg_k": 76.20701859066659,
  "summary_bg_mad": 3417.4352149072183,
  "summary_bg_mean": 30001.037109375,
  "summary_bg_median": 2518.801513671875,
  "summary_bg_n": 158627.0,
  "summary_bg_p05": 107.9749771118164,
  "summary_bg_p95": 166320.21874999997,
  "summary_bg_stdv": 87661.4609375,
  "summary_fg_k": 3.448736855653162,
  "summary_fg_mad": 197858.64049261465,
  "summary_fg_mean": 1219860.0,
  "summary_fg_median": 1192006.25,
  "summary_fg_n": 37394.0,
  "summary_fg_p05": 924955.759375,
  "summary_fg_p95": 1599074.11875,
  "summary_fg_stdv": 223984.484375,
  "tsnr": 58.393043518066406
}