{
  "aor": 0.0010967326732673269,
  "aqi": 0.00870258079207921,
  "bids_meta": {
    "AcquisitionMatrixPE": 80,
    "AcquisitionNumber": 15,
    "AcquisitionTime": "16:16:37.890000",
    "BodyPartExamined": "BRAIN",
    "CoilString": "SENSE_HEAD_8",
    "ConversionSoftware": "dcm2niix",
    "ConversionSoftwareVersion": "v1.0.20190410  Clang4.0.1",
    "Dcm2bidsVersion": "2.1.4",
    "DeviceSerialNumber": "34072",
    "EchoTime": 0.030001,
    "EchoTrainLength": 39,
    "EffectiveEchoSpacing": 0.0002777,
    "FlipAngle": 82,
    "ImageOrientationPatientDICOM": [
      0.999971,
      0.00691575,
      0.00320025,
      -0.00692225,
      0.999974,
      0.00202482
    ],
    "ImageType": [
      "ORIGINAL",
      "PRIMARY",
      "M",
      "FFE",
      "M",
      "FFE"
    ],
    "ImagingFrequency": 127.735,
    "InPlanePhaseEncodingDirectionDICOM": "COL",
    "InstitutionName": "Az.Osp._Udine",
    "InstitutionalDepartmentName": "Radiologia",
    "MRAcquisitionType": "2D",
    "MagneticFieldStrength": 3,
    "Manufacturer": "Philips",
    "ManufacturersModelName": "Achieva",
    "Modality": "MR",
    "PartialFourier": 0.4875,
    "PatientPosition": "HFS",
    "PercentPhaseFOV": 100,
    "PhaseEncodingAxis": "j",
    "PhaseEncodingDirection": "j",
    "PhaseEncodingSteps": 80,
    "PhilipsRescaleIntercept": 0,
    "PhilipsRescaleSlope": 0.804151,
    "PhilipsScaleSlope": 0.000479837,
    "PixelBandwidth": 3608.02,
    "ProtocolName": "SOCIAL_4run",
    "ReconMatrixPE": 80,
    "RepetitionTime": 2,
    "ScanOptions": "FS",
    "ScanningSequence": "GR",
    "SequenceVariant": "SK",
    "SeriesDescription": "SOCIAL_4run",
    "SeriesNumber": 1501,
    "SliceThickness": 3,
    "SliceTiming": [
      0.0,
      0.378378,
      0.702703,
      1.027027,
      1.351351,
      1.675676,
      0.054054,
      0.432432,
      0.756757,
      1.081081,
      1.405405,
      1.72973,
      0.108108,
      0.486486,
      0.810811,
      1.135135,
      1.459459,
      1.783784,
      0.162162,
      0.540541,
      0.864865,
      1.189189,
      1.513514,
      1.837838,
      0.216216,
      0.594595,
      0.918919,
      1.243243,
      1.567568,
      1.891892,
      0.27027,
      0.648649,
      0.972973,
      1.297297,
      1.621622,
      1.945946,
      0.324324
    ],
    "SoftwareVersions": "5.3.1_5.3.1.1",
    "SpacingBetweenSlices": 3,
    "StationName": "PHILIPS-K5NT78B",
    "TaskName": "ANIM",
    "TotalReadoutTime": 0.0219394,
    "UsePhilipsFloatNotDisplayScaling": 1,
    "dataset": "ds003436",
    "modality": "bold",
    "run_id": 4,
    "subject_id": "02",
    "task_id": "anim"
  },
  "dummy_trs": 0,
  "dvars_nstd": 25.0012046051,
  "dvars_std": 1.1307166488999998,
  "dvars_vstd": 0.9968872151999997,
  "efc": 0.47010462558597027,
  "fber": 108392.4296875,
  "fd_mean": 0.07300890194921855,
  "fd_num": 1,
  "fd_perc": 0.9900990099009901,
  "fwhm_avg": 1.8189311111111113,
  "fwhm_x": 1.7341733333333333,
  "fwhm_y": 1.99484,
  "fwhm_z": 1.72778,
  "gcor": 0.0135748,
  "gsr_x": -0.0009191652643494308,
  "gsr_y": 0.0050951396115124226,
  "provenance": {
    "md5sum": "11aeeed72bc3e7984d91c1fd90f96237",
    "settings": {
      "fd_thres": 0.2,
      "testing": false
    },
    "software": "mriqc",
    "version": "22.0.6",
    "webapi_port": null,
    "webapi_url": "https://mriqc.nimh.nih.gov/api/v1"
  },
  "size_t": 101,
  "size_x": 80,
  "size_y": 80,
  "size_z": 37,
  "snr": 5.654114953988497,
  "spacing_tr": 2.000000476837158,
  "spacing_x": 3.0,
  "spacing_y": 3.0,
  "spacing_z": 3.0,
  "summary_bg_k": 40.09333479935593,
  "summary_bg_mad": 10259.081419191703,
  "summary_bg_mean": 91591.1328125,
  "summary_bg_median": 7976.36376953125,
  "summary_bg_n": 153039.0,
  "summary_bg_p05": 402.1301910400391,
  "summary_bg_p95": 549752.2687500003,
  "summary_bg_stdv": 250144.75,
  "summary_fg_k": 3.056174080632255,
  "summary_fg_mad": 446252.1482535474,
  "summary_fg_mean": 2907147.75,
  "summary_fg_median": 2873895.25,
  "summary_fg_n": 42397.0,
  "summary_fg_p05": 2216700.75,
  "summary_fg_p95": 3708342.0999999996,
  "summary_fg_stdv": 508277.84375,
  "tsnr": 59.448143005371094
}