{
  "aor": 0.002632376237623762,
  "aqi": 0.009884288514851484,
  "bids_meta": {
    "AcquisitionMatrixPE": 80,
    "AcquisitionNumber": 13,
    "AcquisitionTime": "16:07:35.330000",
    "BodyPartExamined": "BRAIN",
    "CoilString": "SENSE_HEAD_8",
    "ConversionSoftware": "dcm2niix",
    "ConversionSoftwareVersion": "v1.0.20190410  Clang4.0.1",
    "Dcm2bidsVersion": "2.1.4",
    "DeviceSerialNumber": "34072",
    "EchoTime": 0.030001,
    "EchoTrainLength": 39,
    "EffectiveEchoSpacing": 0.0002777,
    "FlipAngle": 82,
    "ImageOrientationPatientDICOM": [
      0.999971,
      0.00691575,
      0.00320025,
      -0.00692225,
      0.999974,
      0.00202482
    ],
    "ImageType": [
      "ORIGINAL",
      "PRIMARY",
      "M",
      "FFE",
      "M",
      "FFE"
    ],
    "ImagingFrequency": 127.735,
    "InPlanePhaseEncodingDirectionDICOM": "COL",
    "InstitutionName": "Az.Osp._Udine",
    "InstitutionalDepartmentName": "Radiologia",
    "MRAcquisitionType": "2D",
    "MagneticFieldStrength": 3,
    "Manufacturer": "Philips",
    "ManufacturersModelName": "Achieva",
    "Modality": "MR",
    "PartialFourier": 0.4875,
    "PatientPosition": "HFS",
    "PercentPhaseFOV": 100,
    "PhaseEncodingAxis": "j",
    "PhaseEncodingDirection": "j",
    "PhaseEncodingSteps": 80,
    "PhilipsRescaleIntercept": 0,
    "PhilipsRescaleSlope": 0.792918,
    "PhilipsScaleSlope": 0.000755254,
    "PixelBandwidth": 3608.02,
    "ProtocolName": "SOCIAL_4run",
    "ReconMatrixPE": 80,
    "RepetitionTime": 2,
    "ScanOptions": "FS",
    "ScanningSequence": "GR",
    "SequenceVariant": "SK",
    "SeriesDescription": "SOCIAL_4run",
    "SeriesNumber": 1301,
    "SliceThickness": 3,
    "SliceTiming": [
      0.0,
      0.378378,
      0.702703,
      1.027027,
      1.351351,
      1.675676,
      0.054054,
      0.432432,
      0.756757,
      1.081081,
      1.405405,
      1.72973,
      0.108108,
      0.486486,
      0.810811,
      1.135135,
      1.459459,
      1.783784,
      0.162162,
      0.540541,
      0.864865,
      1.189189,
      1.513514,
      1.837838,
      0.216216,
      0.594595,
      0.918919,
      1.243243,
      1.567568,
      1.891892,
      0.27027,
      0.648649,
      0.972973,
      1.297297,
      1.621622,
      1.945946,
      0.324324
    ],
    "SoftwareVersions": "5.3.1_5.3.1.1",
    "SpacingBetweenSlices": 3,
    "StationName": "PHILIPS-K5NT78B",
    "TaskName": "ANIM",
    "TotalReadoutTime": 0.0219394,
    "UsePhilipsFloatNotDisplayScaling": 1,
    "dataset": "ds003436",
    "modality": "bold",
    "run_id": 1,
    "subject_id": "02",
    "task_id": "anim"
  },
  "dummy_trs": 0,
  "dvars_nstd": 24.790484580799983,
  "dvars_std": 1.1292306705,
  "dvars_vstd": 0.9917209981999995,
  "efc": 0.4697789923638519,
  "fber": 99089.625,
  "fd_mean": 0.0727308230856709,
  "fd_num": 1,
  "fd_perc": 0.9900990099009901,
  "fwhm_avg": 1.815677777777778,
  "fwhm_x": 1.7332033333333332,
  "fwhm_y": 1.9997566666666666,
  "fwhm_z": 1.7140733333333333,
  "gcor": 0.00767663,
  "gsr_x": -0.001233756891451776,
  "gsr_y": 0.0058507234789431095,
  "provenance": {
    "md5sum": "4f728dcc9ae6133cd22ba5fb0a0dfc9c",
    "settings": {
      "fd_thres": 0.2,
      "testing": false
    },
    "software": "mriqc",
    "version": "22.0.6",
    "webapi_port": null,
    "webapi_url": "https://mriqc.nimh.nih.gov/api/v1"
  },
  "size_t": 101,
  "size_x": 80,
  "size_y": 80,
  "size_z": 37,
  "snr": 5.684264696382264,
  "spacing_tr": 2.000000476837158,
  "spacing_x": 3.0,
  "spacing_y": 3.0,
  "spacing_z": 3.0,
  "summary_bg_k": 43.160902090505125,
  "summary_bg_mad": 7060.722942819771,
  "summary_bg_mean": 57076.5625,
  "summary_bg_median": 5312.685546875,
  "summary_bg_n": 153093.0,
  "summary_bg_p05": 145.0065826416016,
  "summary_bg_p95": 342413.20624999964,
  "summary_bg_stdv": 154997.34375,
  "summary_fg_k": 3.106941482822161,
  "summary_fg_mad": 277502.3637432398,
  "summary_fg_mean": 1824262.25,
  "summary_fg_median": 1802598.25,
  "summary_fg_n": 42350.0,
  "summary_fg_p05": 1393778.91875,
  "summary_fg_p95": 2323921.8499999996,
  "summary_fg_stdv": 317117.0,
  "tsnr": 56.13575744628906
}