{
  "aor": 0.011464950495049503,
  "aqi": 0.01086561287128713,
  "bids_meta": {
    "AcquisitionMatrixPE": 80,
    "AcquisitionNumber": 18,
    "AcquisitionTime": "18:15:42.270000",
    "BodyPartExamined": "BRAIN",
    "CoilString": "SENSE_HEAD_8",
    "ConversionSoftware": "dcm2niix",
    "ConversionSoftwareVersion": "v1.0.20181125  Clang9.0.0",
    "Dcm2bidsVersion": "2.1.4",
    "DeviceSerialNumber": "34072",
    "EchoTime": 0.030001,
    "EchoTrainLength": 39,
    "EffectiveEchoSpacing": 0.0002777,
    "FlipAngle": 82,
    "ImageOrientationPatientDICOM": [
      0.999341,
      0.00292665,
      0.0361685,
      -0.00303132,
      0.999991,
      0.00283941
    ],
    "ImageType": [
      "ORIGINAL",
      "PRIMARY",
      "M",
      "FFE",
      "M",
      "FFE"
    ],
    "ImagingFrequency": 127.733,
    "InPlanePhaseEncodingDirectionDICOM": "COL",
    "InstitutionName": "Az.Osp._Udine",
    "InstitutionalDepartmentName": "Radiologia",
    "MRAcquisitionType": "2D",
    "MagneticFieldStrength": 3,
    "Manufacturer": "Philips",
    "ManufacturersModelName": "Achieva",
    "Modality": "MR",
    "PartialFourier": 0.4875,
    "PatientPosition": "HFS",
    "PercentPhaseFOV": 100,
    "PhaseEncodingAxis": "j",
    "PhaseEncodingDirection": "j",
    "PhaseEncodingSteps": 80,
    "PhilipsRescaleIntercept": 0,
    "PhilipsRescaleSlope": 0.788034,
    "PhilipsScaleSlope": 0.00089879,
    "PixelBandwidth": 3608.02,
    "ProtocolName": "SOCIAL_4run",
    "ReconMatrixPE": 80,
    "RepetitionTime": 2,
    "ScanOptions": "FS",
    "ScanningSequence": "GR",
    "SequenceVariant": "SK",
    "SeriesDescription": "SOCIAL_4run",
    "SeriesNumber": 1801,
    "SliceThickness": 3,
    "SliceTiming": [
      0.0,
      0.378378,
      0.702703,
      1.027027,
      1.351351,
      1.675676,
      0.054054,
      0.432432,
      0.756757,
      1.081081,
      1.405405,
      1.72973,
      0.108108,
      0.486486,
      0.810811,
      1.135135,
      1.459459,
      1.783784,
      0.162162,
      0.540541,
      0.864865,
      1.189189,
      1.513514,
      1.837838,
      0.216216,
      0.594595,
      0.918919,
      1.243243,
      1.567568,
      1.891892,
      0.27027,
      0.648649,
      0.972973,
      1.297297,
      1.621622,
      1.945946,
      0.324324
    ],
    "SoftwareVersions": "5.3.1_5.3.1.2",
    "SpacingBetweenSlices": 3,
    "StationName": "PHILIPS-K5NT78B",
    "TaskName": "ANIM",
    "TotalReadoutTime": 0.0219394,
    "UsePhilipsFloatNotDisplayScaling": 1,
    "dataset": "ds003436",
    "modality": "bold",
    "run_id": 1,
    "subject_id": "49",
    "task_id": "anim"
  },
  "dummy_trs": 0,
  "dvars_nstd": 24.9658303452,
  "dvars_std": 1.1835713924,
  "dvars_vstd": 1.1005341227000003,
  "efc": 0.440628980938445,
  "fber": 169898.515625,
  "fd_mean": 0.12723177012874504,
  "fd_num": 17,
  "fd_perc": 16.831683168316832,
  "fwhm_avg": 1.8257611111111112,
  "fwhm_x": 1.7627133333333334,
  "fwhm_y": 1.9939200000000001,
  "fwhm_z": 1.72065,
  "gcor": 0.029288,
  "gsr_x": -0.00840167235583067,
  "gsr_y": 0.012340518645942211,
  "provenance": {
    "md5sum": "8b68f5e5b49be1752cfc7adc24fb12ee",
    "settings": {
      "fd_thres": 0.2,
      "testing": false
    },
    "software": "mriqc",
    "version": "22.0.6",
    "webapi_port": null,
    "webapi_url": "https://mriqc.nimh.nih.gov/api/v1"
  },
  "size_t": 101,
  "size_x": 80,
  "size_y": 80,
  "size_z": 37,
  "snr": 6.03744159758291,
  "spacing_tr": 2.000000476837158,
  "spacing_x": 3.0,
  "spacing_y": 3.0,
  "spacing_z": 3.0,
  "summary_bg_k": 38.74746130841347,
  "summary_bg_mad": 5173.879601211318,
  "summary_bg_mean": 40581.72265625,
  "summary_bg_median": 3785.820068359375,
  "summary_bg_n": 157676.0,
  "summary_bg_p05": 92.21300315856934,
  "summary_bg_p95": 244220.34375,
  "summary_bg_stdv": 109444.6171875,
  "summary_fg_k": 1.4538063592306996,
  "summary_fg_mad": 276679.24152405316,
  "summary_fg_mean": 1706319.5,
  "summary_fg_median": 1684153.875,
  "summary_fg_n": 37962.0,
  "summary_fg_p05": 1310607.95,
  "summary_fg_p95": 2160801.85,
  "summary_fg_stdv": 278947.90625,
  "tsnr": 53.536582946777344
}