{
  "aor": 0.0026303960396039613,
  "aqi": 0.014135202178217822,
  "bids_meta": {
    "AcquisitionMatrixPE": 80,
    "AcquisitionNumber": 21,
    "AcquisitionTime": "18:28:55.410000",
    "BodyPartExamined": "BRAIN",
    "CoilString": "SENSE_HEAD_8",
    "ConversionSoftware": "dcm2niix",
    "ConversionSoftwareVersion": "v1.0.20181125  Clang9.0.0",
    "Dcm2bidsVersion": "2.1.4",
    "DeviceSerialNumber": "34072",
    "EchoTime": 0.030001,
    "EchoTrainLength": 39,
    "EffectiveEchoSpacing": 0.0002777,
    "FlipAngle": 82,
    "ImageOrientationPatientDICOM": [
      0.999341,
      0.00292665,
      0.0361685,
      -0.00303132,
      0.999991,
      0.00283941
    ],
    "ImageType": [
      "ORIGINAL",
      "PRIMARY",
      "M",
      "FFE",
      "M",
      "FFE"
    ],
    "ImagingFrequency": 127.733,
    "InPlanePhaseEncodingDirectionDICOM": "COL",
    "InstitutionName": "Az.Osp._Udine",
    "InstitutionalDepartmentName": "Radiologia",
    "MRAcquisitionType": "2D",
    "MagneticFieldStrength": 3,
    "Manufacturer": "Philips",
    "ManufacturersModelName": "Achieva",
    "Modality": "MR",
    "PartialFourier": 0.4875,
    "PatientPosition": "HFS",
    "PercentPhaseFOV": 100,
    "PhaseEncodingAxis": "j",
    "PhaseEncodingDirection": "j",
    "PhaseEncodingSteps": 80,
    "PhilipsRescaleIntercept": 0,
    "PhilipsRescaleSlope": 0.835409,
    "PhilipsScaleSlope": 0.000928832,
    "PixelBandwidth": 3608.02,
    "ProtocolName": "SOCIAL_4run",
    "ReconMatrixPE": 80,
    "RepetitionTime": 2,
    "ScanOptions": "FS",
    "ScanningSequence": "GR",
    "SequenceVariant": "SK",
    "SeriesDescription": "SOCIAL_4run",
    "SeriesNumber": 2101,
    "SliceThickness": 3,
    "SliceTiming": [
      0.0,
      0.378378,
      0.702703,
      1.027027,
      1.351351,
      1.675676,
      0.054054,
      0.432432,
      0.756757,
      1.081081,
      1.405405,
      1.72973,
      0.108108,
      0.486486,
      0.810811,
      1.135135,
      1.459459,
      1.783784,
      0.162162,
      0.540541,
      0.864865,
      1.189189,
      1.513514,
      1.837838,
      0.216216,
      0.594595,
      0.918919,
      1.243243,
      1.567568,
      1.891892,
      0.27027,
      0.648649,
      0.972973,
      1.297297,
      1.621622,
      1.945946,
      0.324324
    ],
    "SoftwareVersions": "5.3.1_5.3.1.2",
    "SpacingBetweenSlices": 3,
    "StationName": "PHILIPS-K5NT78B",
    "TaskName": "ANIM",
    "TotalReadoutTime": 0.0219394,
    "UsePhilipsFloatNotDisplayScaling": 1,
    "dataset": "ds003436",
    "modality": "bold",
    "run_id": 4,
    "subject_id": "49",
    "task_id": "anim"
  },
  "dummy_trs": 0,
  "dvars_nstd": 27.299942398100015,
  "dvars_std": 1.0590143547000004,
  "dvars_vstd": 0.9855569317,
  "efc": 0.439988701372096,
  "fber": 159650.953125,
  "fd_mean": 0.2402773774634385,
  "fd_num": 42,
  "fd_perc": 41.584158415841586,
  "fwhm_avg": 1.8464822222222221,
  "fwhm_x": 1.7846666666666666,
  "fwhm_y": 2.0063666666666666,
  "fwhm_z": 1.7484133333333334,
  "gcor": 0.0353618,
  "gsr_x": -0.007890081964433193,
  "gsr_y": 0.012784047052264214,
  "provenance": {
    "md5sum": "9ad7fc347288bc6f9c7190d03312b74f",
    "settings": {
      "fd_thres": 0.2,
      "testing": false
    },
    "software": "mriqc",
    "version": "22.0.6",
    "webapi_port": null,
    "webapi_url": "https://mriqc.nimh.nih.gov/api/v1"
  },
  "size_t": 101,
  "size_x": 80,
  "size_y": 80,
  "size_z": 37,
  "snr": 6.02621997775528,
  "spacing_tr": 2.000000476837158,
  "spacing_x": 3.0,
  "spacing_y": 3.0,
  "spacing_z": 3.0,
  "summary_bg_k": 36.84707139974137,
  "summary_bg_mad": 5379.290998552495,
  "summary_bg_mean": 40983.515625,
  "summary_bg_median": 4028.393798828125,
  "summary_bg_n": 157990.0,
  "summary_bg_p05": 135.44010848999022,
  "summary_bg_p95": 247182.66562499994,
  "summary_bg_stdv": 109031.7890625,
  "summary_fg_k": 1.309021621586421,
  "summary_fg_mad": 280310.87565828266,
  "summary_fg_mean": 1728486.875,
  "summary_fg_median": 1708827.5,
  "summary_fg_n": 37836.0,
  "summary_fg_p05": 1326673.9375,
  "summary_fg_p95": 2193921.6875,
  "summary_fg_stdv": 283561.65625,
  "tsnr": 46.59056091308594
}