{
  "aor": 0.0008571287128712873,
  "aqi": 0.004833005247524753,
  "bids_meta": {
    "AcquisitionMatrixPE": 80,
    "AcquisitionNumber": 11,
    "AcquisitionTime": "15:57:22.810000",
    "BodyPartExamined": "BRAIN",
    "CoilString": "SENSE_HEAD_8",
    "ConversionSoftware": "dcm2niix",
    "ConversionSoftwareVersion": "v1.0.20181125  Clang9.0.0",
    "Dcm2bidsVersion": "2.1.4",
    "DeviceSerialNumber": "34072",
    "EchoTime": 0.030001,
    "EchoTrainLength": 39,
    "EffectiveEchoSpacing": 0.0002777,
    "FlipAngle": 82,
    "ImageOrientationPatientDICOM": [
      0.998391,
      0.0356776,
      -0.0440706,
      -0.0300162,
      0.991948,
      0.123039
    ],
    "ImageType": [
      "ORIGINAL",
      "PRIMARY",
      "M",
      "FFE",
      "M",
      "FFE"
    ],
    "ImagingFrequency": 127.733,
    "InPlanePhaseEncodingDirectionDICOM": "COL",
    "InstitutionName": "Az.Osp._Udine",
    "InstitutionalDepartmentName": "Radiologia",
    "MRAcquisitionType": "2D",
    "MagneticFieldStrength": 3,
    "Manufacturer": "Philips",
    "ManufacturersModelName": "Achieva",
    "Modality": "MR",
    "PartialFourier": 0.4875,
    "PatientPosition": "HFS",
    "PercentPhaseFOV": 100,
    "PhaseEncodingAxis": "j",
    "PhaseEncodingDirection": "j",
    "PhaseEncodingSteps": 80,
    "PhilipsRescaleIntercept": 0,
    "PhilipsRescaleSlope": 0.815385,
    "PhilipsScaleSlope": 0.000808972,
    "PixelBandwidth": 3608.02,
    "ProtocolName": "SOCIAL_4run",
    "ReconMatrixPE": 80,
    "RepetitionTime": 2,
    "ScanOptions": "FS",
    "ScanningSequence": "GR",
    "SequenceVariant": "SK",
    "SeriesDescription": "SOCIAL_4run",
    "SeriesNumber": 1101,
    "SliceThickness": 3,
    "SliceTiming": [
      0.0,
      0.378378,
      0.702703,
      1.027027,
      1.351351,
      1.675676,
      0.054054,
      0.432432,
      0.756757,
      1.081081,
      1.405405,
      1.72973,
      0.108108,
      0.486486,
      0.810811,
      1.135135,
      1.459459,
      1.783784,
      0.162162,
      0.540541,
      0.864865,
      1.189189,
      1.513514,
      1.837838,
      0.216216,
      0.594595,
      0.918919,
      1.243243,
      1.567568,
      1.891892,
      0.27027,
      0.648649,
      0.972973,
      1.297297,
      1.621622,
      1.945946,
      0.324324
    ],
    "SoftwareVersions": "5.3.1_5.3.1.2",
    "SpacingBetweenSlices": 3,
    "StationName": "PHILIPS-K5NT78B",
    "TaskName": "ANIM",
    "TotalReadoutTime": 0.0219394,
    "UsePhilipsFloatNotDisplayScaling": 1,
    "dataset": "ds003436",
    "modality": "bold",
    "run_id": 3,
    "subject_id": "54",
    "task_id": "anim"
  },
  "dummy_trs": 0,
  "dvars_nstd": 28.67050897610001,
  "dvars_std": 1.2807114382000007,
  "dvars_vstd": 1.0104009699,
  "efc": 0.42208110396475235,
  "fber": 157890.609375,
  "fd_mean": 0.08883164905057832,
  "fd_num": 0,
  "fd_perc": 0.0,
  "fwhm_avg": 1.8604711111111112,
  "fwhm_x": 1.7810466666666667,
  "fwhm_y": 2.0014066666666666,
  "fwhm_z": 1.7989600000000001,
  "gcor": 0.0309324,
  "gsr_x": -0.017334436997771263,
  "gsr_y": 0.01286337897181511,
  "provenance": {
    "md5sum": "5eac36156afb99721517708270aad4d6",
    "settings": {
      "fd_thres": 0.2,
      "testing": false
    },
    "software": "mriqc",
    "version": "22.0.6",
    "webapi_port": null,
    "webapi_url": "https://mriqc.nimh.nih.gov/api/v1"
  },
  "size_t": 101,
  "size_x": 80,
  "size_y": 80,
  "size_z": 37,
  "snr": 5.235744640648584,
  "spacing_tr": 2.000000476837158,
  "spacing_x": 3.0,
  "spacing_y": 3.0,
  "spacing_z": 3.0,
  "summary_bg_k": 110.46558419069069,
  "summary_bg_mad": 4893.95599529669,
  "summary_bg_mean": 31026.29296875,
  "summary_bg_median": 3877.96630859375,
  "summary_bg_n": 159710.0,
  "summary_bg_p05": 153.48064727783205,
  "summary_bg_p95": 139117.7664062498,
  "summary_bg_stdv": 98927.65625,
  "summary_fg_k": 1.1719054060914225,
  "summary_fg_mad": 301984.48151478416,
  "summary_fg_mean": 1691554.0,
  "summary_fg_median": 1650006.0,
  "summary_fg_n": 36248.0,
  "summary_fg_p05": 1257708.6375,
  "summary_fg_p95": 2238674.4875,
  "summary_fg_stdv": 315138.21875,
  "tsnr": 73.36538696289062
}