{
  "aor": 0.00477108910891089,
  "aqi": 0.017118714356435645,
  "bids_meta": {
    "AcquisitionMatrixPE": 80,
    "AcquisitionNumber": 17,
    "AcquisitionTime": "18:24:2.490000",
    "BodyPartExamined": "BRAIN",
    "CoilString": "SENSE_HEAD_8",
    "ConversionSoftware": "dcm2niix",
    "ConversionSoftwareVersion": "v1.0.20181125  Clang9.0.0",
    "Dcm2bidsVersion": "2.1.4",
    "DeviceSerialNumber": "34072",
    "EchoTime": 0.030001,
    "EchoTrainLength": 39,
    "EffectiveEchoSpacing": 0.0002777,
    "FlipAngle": 82,
    "ImageOrientationPatientDICOM": [
      0.999849,
      0.00480211,
      0.01667,
      -0.0041394,
      0.999208,
      -0.0395643
    ],
    "ImageType": [
      "ORIGINAL",
      "PRIMARY",
      "M",
      "FFE",
      "M",
      "FFE"
    ],
    "ImagingFrequency": 127.733,
    "InPlanePhaseEncodingDirectionDICOM": "COL",
    "InstitutionName": "Az.Osp._Udine",
    "InstitutionalDepartmentName": "Radiologia",
    "MRAcquisitionType": "2D",
    "MagneticFieldStrength": 3,
    "Manufacturer": "Philips",
    "ManufacturersModelName": "Achieva",
    "Modality": "MR",
    "PartialFourier": 0.4875,
    "PatientPosition": "HFS",
    "PercentPhaseFOV": 100,
    "PhaseEncodingAxis": "j",
    "PhaseEncodingDirection": "j",
    "PhaseEncodingSteps": 80,
    "PhilipsRescaleIntercept": 0,
    "PhilipsRescaleSlope": 0.87326,
    "PhilipsScaleSlope": 0.000988904,
    "PixelBandwidth": 3608.02,
    "ProtocolName": "SOCIAL_4run",
    "ReconMatrixPE": 80,
    "RepetitionTime": 2,
    "ScanOptions": "FS",
    "ScanningSequence": "GR",
    "SequenceVariant": "SK",
    "SeriesDescription": "SOCIAL_4run",
    "SeriesNumber": 1701,
    "SliceThickness": 3,
    "SliceTiming": [
      0.0,
      0.378378,
      0.702703,
      1.027027,
      1.351351,
      1.675676,
      0.054054,
      0.432432,
      0.756757,
      1.081081,
      1.405405,
      1.72973,
      0.108108,
      0.486486,
      0.810811,
      1.135135,
      1.459459,
      1.783784,
      0.162162,
      0.540541,
      0.864865,
      1.189189,
      1.513514,
      1.837838,
      0.216216,
      0.594595,
      0.918919,
      1.243243,
      1.567568,
      1.891892,
      0.27027,
      0.648649,
      0.972973,
      1.297297,
      1.621622,
      1.945946,
      0.324324
    ],
    "SoftwareVersions": "5.3.1_5.3.1.2",
    "SpacingBetweenSlices": 3,
    "StationName": "PHILIPS-K5NT78B",
    "TaskName": "ANIM",
    "TotalReadoutTime": 0.0219394,
    "UsePhilipsFloatNotDisplayScaling": 1,
    "dataset": "ds003436",
    "modality": "bold",
    "run_id": 1,
    "subject_id": "40",
    "task_id": "anim"
  },
  "dummy_trs": 0,
  "dvars_nstd": 29.1218991271,
  "dvars_std": 1.0715475404,
  "dvars_vstd": 0.9684358073,
  "efc": 0.4050539973838487,
  "fber": 154412.5,
  "fd_mean": 0.22926402377548658,
  "fd_num": 25,
  "fd_perc": 24.752475247524753,
  "fwhm_avg": 2.0066544444444445,
  "fwhm_x": 1.91256,
  "fwhm_y": 2.1937966666666666,
  "fwhm_z": 1.9136066666666667,
  "gcor": 0.0352545,
  "gsr_x": -0.010900270193815231,
  "gsr_y": 0.011600160971283913,
  "provenance": {
    "md5sum": "47746b57ca340d1f40b103c848e767af",
    "settings": {
      "fd_thres": 0.2,
      "testing": false
    },
    "software": "mriqc",
    "version": "22.0.6",
    "webapi_port": null,
    "webapi_url": "https://mriqc.nimh.nih.gov/api/v1"
  },
  "size_t": 101,
  "size_x": 80,
  "size_y": 80,
  "size_z": 37,
  "snr": 6.135906430695178,
  "spacing_tr": 2.000000476837158,
  "spacing_x": 3.0,
  "spacing_y": 3.0,
  "spacing_z": 3.0,
  "summary_bg_k": 180.81514256168475,
  "summary_bg_mad": 4457.724792901237,
  "summary_bg_mean": 23355.083984375,
  "summary_bg_median": 3242.371337890625,
  "summary_bg_n": 163719.0,
  "summary_bg_p05": 117.260262298584,
  "summary_bg_p95": 97772.86093750004,
  "summary_bg_stdv": 69743.328125,
  "summary_fg_k": 0.5067784030580378,
  "summary_fg_mad": 226779.94729428075,
  "summary_fg_mean": 1394124.0,
  "summary_fg_median": 1387364.875,
  "summary_fg_n": 32741.0,
  "summary_fg_p05": 1047487.1875,
  "summary_fg_p95": 1769808.625,
  "summary_fg_stdv": 226102.484375,
  "tsnr": 46.39057922363281
}