{
  "aor": 0.011045940594059403,
  "aqi": 0.009939346831683168,
  "bids_meta": {
    "AcquisitionMatrixPE": 80,
    "AcquisitionNumber": 5,
    "AcquisitionTime": "16:59:34.660000",
    "BodyPartExamined": "BRAIN",
    "CoilString": "SENSE_HEAD_8",
    "ConversionSoftware": "dcm2niix",
    "ConversionSoftwareVersion": "v1.0.20190410  Clang4.0.1",
    "Dcm2bidsVersion": "2.1.4",
    "DeviceSerialNumber": "34072",
    "EchoTime": 0.030001,
    "EchoTrainLength": 39,
    "EffectiveEchoSpacing": 0.0002777,
    "FlipAngle": 82,
    "ImageOrientationPatientDICOM": [
      0.998402,
      0.0505904,
      -0.0251904,
      -0.0514461,
      0.998077,
      -0.0345659
    ],
    "ImageType": [
      "ORIGINAL",
      "PRIMARY",
      "M",
      "FFE",
      "M",
      "FFE"
    ],
    "ImagingFrequency": 127.734,
    "InPlanePhaseEncodingDirectionDICOM": "COL",
    "InstitutionName": "Az.Osp._Udine",
    "InstitutionalDepartmentName": "Radiologia",
    "MRAcquisitionType": "2D",
    "MagneticFieldStrength": 3,
    "Manufacturer": "Philips",
    "ManufacturersModelName": "Achieva",
    "Modality": "MR",
    "PartialFourier": 0.4875,
    "PatientPosition": "HFS",
    "PercentPhaseFOV": 100,
    "PhaseEncodingAxis": "j",
    "PhaseEncodingDirection": "j",
    "PhaseEncodingSteps": 80,
    "PhilipsRescaleIntercept": 0,
    "PhilipsRescaleSlope": 0.836386,
    "PhilipsScaleSlope": 0.000564853,
    "PixelBandwidth": 3608.02,
    "ProtocolName": "SOCIAL_4run",
    "ReconMatrixPE": 80,
    "RepetitionTime": 2,
    "ScanOptions": "FS",
    "ScanningSequence": "GR",
    "SequenceVariant": "SK",
    "SeriesDescription": "SOCIAL_4run",
    "SeriesNumber": 501,
    "SliceThickness": 3,
    "SliceTiming": [
      0.0,
      0.378378,
      0.702703,
      1.027027,
      1.351351,
      1.675676,
      0.054054,
      0.432432,
      0.756757,
      1.081081,
      1.405405,
      1.72973,
      0.108108,
      0.486486,
      0.810811,
      1.135135,
      1.459459,
      1.783784,
      0.162162,
      0.540541,
      0.864865,
      1.189189,
      1.513514,
      1.837838,
      0.216216,
      0.594595,
      0.918919,
      1.243243,
      1.567568,
      1.891892,
      0.27027,
      0.648649,
      0.972973,
      1.297297,
      1.621622,
      1.945946,
      0.324324
    ],
    "SoftwareVersions": "5.3.1_5.3.1.2",
    "SpacingBetweenSlices": 3,
    "StationName": "PHILIPS-K5NT78B",
    "TaskName": "ANIM",
    "TotalReadoutTime": 0.0219394,
    "UsePhilipsFloatNotDisplayScaling": 1,
    "dataset": "ds003436",
    "modality": "bold",
    "run_id": 4,
    "subject_id": "19",
    "task_id": "anim"
  },
  "dummy_trs": 0,
  "dvars_nstd": 30.39898275400001,
  "dvars_std": 1.3206071963999997,
  "dvars_vstd": 1.0690023585000008,
  "efc": 0.42982198783740755,
  "fber": 108906.8046875,
  "fd_mean": 0.1383684182284238,
  "fd_num": 8,
  "fd_perc": 7.920792079207921,
  "fwhm_avg": 1.784511111111111,
  "fwhm_x": 1.74334,
  "fwhm_y": 1.9336866666666666,
  "fwhm_z": 1.6765066666666666,
  "gcor": 0.0442758,
  "gsr_x": -0.01651417277753353,
  "gsr_y": 0.01136385090649128,
  "provenance": {
    "md5sum": "8a496ff2f45121649765b3ca3a3c0f17",
    "settings": {
      "fd_thres": 0.2,
      "testing": false
    },
    "software": "mriqc",
    "version": "22.0.6",
    "webapi_port": null,
    "webapi_url": "https://mriqc.nimh.nih.gov/api/v1"
  },
  "size_t": 101,
  "size_x": 80,
  "size_y": 80,
  "size_z": 37,
  "snr": 5.80775992140023,
  "spacing_tr": 2.000000476837158,
  "spacing_x": 3.0,
  "spacing_y": 3.0,
  "spacing_z": 3.0,
  "summary_bg_k": 92.04291570140872,
  "summary_bg_mad": 10101.41019334801,
  "summary_bg_mean": 63436.8515625,
  "summary_bg_median": 7644.4736328125,
  "summary_bg_n": 160676.0,
  "summary_bg_p05": 365.49503326416016,
  "summary_bg_p95": 327482.1953125,
  "summary_bg_stdv": 177603.140625,
  "summary_fg_k": 1.4047663036538403,
  "summary_fg_mad": 452971.1161825375,
  "summary_fg_mean": 2717066.25,
  "summary_fg_median": 2673942.0,
  "summary_fg_n": 35448.0,
  "summary_fg_p05": 2078943.31875,
  "summary_fg_p95": 3474500.825,
  "summary_fg_stdv": 460402.0,
  "tsnr": 53.74723434448242
}