{
  "aor": 0.006065049504950495,
  "aqi": 0.008512527722772275,
  "bids_meta": {
    "AcquisitionMatrixPE": 80,
    "AcquisitionNumber": 8,
    "AcquisitionTime": "17:12:2.080000",
    "BodyPartExamined": "BRAIN",
    "CoilString": "SENSE_HEAD_8",
    "ConversionSoftware": "dcm2niix",
    "ConversionSoftwareVersion": "v1.0.20190410  Clang4.0.1",
    "Dcm2bidsVersion": "2.1.4",
    "DeviceSerialNumber": "34072",
    "EchoTime": 0.030001,
    "EchoTrainLength": 39,
    "EffectiveEchoSpacing": 0.0002777,
    "FlipAngle": 82,
    "ImageOrientationPatientDICOM": [
      0.998402,
      0.0505904,
      -0.0251904,
      -0.0514461,
      0.998077,
      -0.0345659
    ],
    "ImageType": [
      "ORIGINAL",
      "PRIMARY",
      "M",
      "FFE",
      "M",
      "FFE"
    ],
    "ImagingFrequency": 127.734,
    "InPlanePhaseEncodingDirectionDICOM": "COL",
    "InstitutionName": "Az.Osp._Udine",
    "InstitutionalDepartmentName": "Radiologia",
    "MRAcquisitionType": "2D",
    "MagneticFieldStrength": 3,
    "Manufacturer": "Philips",
    "ManufacturersModelName": "Achieva",
    "Modality": "MR",
    "PartialFourier": 0.4875,
    "PatientPosition": "HFS",
    "PercentPhaseFOV": 100,
    "PhaseEncodingAxis": "j",
    "PhaseEncodingDirection": "j",
    "PhaseEncodingSteps": 80,
    "PhilipsRescaleIntercept": 0,
    "PhilipsRescaleSlope": 0.826129,
    "PhilipsScaleSlope": 0.000561558,
    "PixelBandwidth": 3608.02,
    "ProtocolName": "SOCIAL_4run",
    "ReconMatrixPE": 80,
    "RepetitionTime": 2,
    "ScanOptions": "FS",
    "ScanningSequence": "GR",
    "SequenceVariant": "SK",
    "SeriesDescription": "SOCIAL_4run",
    "SeriesNumber": 801,
    "SliceThickness": 3,
    "SliceTiming": [
      0.0,
      0.378378,
      0.702703,
      1.027027,
      1.351351,
      1.675676,
      0.054054,
      0.432432,
      0.756757,
      1.081081,
      1.405405,
      1.72973,
      0.108108,
      0.486486,
      0.810811,
      1.135135,
      1.459459,
      1.783784,
      0.162162,
      0.540541,
      0.864865,
      1.189189,
      1.513514,
      1.837838,
      0.216216,
      0.594595,
      0.918919,
      1.243243,
      1.567568,
      1.891892,
      0.27027,
      0.648649,
      0.972973,
      1.297297,
      1.621622,
      1.945946,
      0.324324
    ],
    "SoftwareVersions": "5.3.1_5.3.1.2",
    "SpacingBetweenSlices": 3,
    "StationName": "PHILIPS-K5NT78B",
    "TaskName": "ANIM",
    "TotalReadoutTime": 0.0219394,
    "UsePhilipsFloatNotDisplayScaling": 1,
    "dataset": "ds003436",
    "modality": "bold",
    "run_id": 3,
    "subject_id": "19",
    "task_id": "anim"
  },
  "dummy_trs": 0,
  "dvars_nstd": 27.8643099788,
  "dvars_std": 1.2387236564000004,
  "dvars_vstd": 1.0488841735999999,
  "efc": 0.43182326183434827,
  "fber": 97882.40625,
  "fd_mean": 0.09375665257927081,
  "fd_num": 3,
  "fd_perc": 2.9702970297029703,
  "fwhm_avg": 1.76805,
  "fwhm_x": 1.7225933333333332,
  "fwhm_y": 1.9248866666666666,
  "fwhm_z": 1.65667,
  "gcor": 0.0154068,
  "gsr_x": -0.016691194847226143,
  "gsr_y": 0.011178803630173206,
  "provenance": {
    "md5sum": "9c63cab845910baebf30e731cfcd740e",
    "settings": {
      "fd_thres": 0.2,
      "testing": false
    },
    "software": "mriqc",
    "version": "22.0.6",
    "webapi_port": null,
    "webapi_url": "https://mriqc.nimh.nih.gov/api/v1"
  },
  "size_t": 101,
  "size_x": 80,
  "size_y": 80,
  "size_z": 37,
  "snr": 5.926942013472382,
  "spacing_tr": 2.000000476837158,
  "spacing_x": 3.0,
  "spacing_y": 3.0,
  "spacing_z": 3.0,
  "summary_bg_k": 78.61186150071256,
  "summary_bg_mad": 10455.510060525532,
  "summary_bg_mean": 65631.4609375,
  "summary_bg_median": 7898.11474609375,
  "summary_bg_n": 160702.0,
  "summary_bg_p05": 293.22122650146486,
  "summary_bg_p95": 340961.47812499985,
  "summary_bg_stdv": 181988.234375,
  "summary_fg_k": 1.5045454773377402,
  "summary_fg_mad": 433693.2101858638,
  "summary_fg_mean": 2693382.5,
  "summary_fg_median": 2654650.5,
  "summary_fg_n": 35450.0,
  "summary_fg_p05": 2066953.31875,
  "summary_fg_p95": 3424368.4625,
  "summary_fg_stdv": 447889.15625,
  "tsnr": 59.41741943359375
}