{
  "aor": 0.0007968316831683167,
  "aqi": 0.00729148396039604,
  "bids_meta": {
    "AcquisitionMatrixPE": 80,
    "AcquisitionNumber": 10,
    "AcquisitionTime": "17:14:48.260000",
    "BodyPartExamined": "BRAIN",
    "CoilString": "SENSE_HEAD_8",
    "ConversionSoftware": "dcm2niix",
    "ConversionSoftwareVersion": "v1.0.20181125  Clang9.0.0",
    "Dcm2bidsVersion": "2.1.4",
    "DeviceSerialNumber": "34072",
    "EchoTime": 0.030001,
    "EchoTrainLength": 39,
    "EffectiveEchoSpacing": 0.0002777,
    "FlipAngle": 82,
    "ImageOrientationPatientDICOM": [
      0.999341,
      0.00292665,
      0.0361685,
      -0.00303132,
      0.999991,
      0.00283941
    ],
    "ImageType": [
      "ORIGINAL",
      "PRIMARY",
      "M",
      "FFE",
      "M",
      "FFE"
    ],
    "ImagingFrequency": 127.733,
    "InPlanePhaseEncodingDirectionDICOM": "COL",
    "InstitutionName": "Az.Osp._Udine",
    "InstitutionalDepartmentName": "Radiologia",
    "MRAcquisitionType": "2D",
    "MagneticFieldStrength": 3,
    "Manufacturer": "Philips",
    "ManufacturersModelName": "Achieva",
    "Modality": "MR",
    "PartialFourier": 0.4875,
    "PatientPosition": "HFS",
    "PercentPhaseFOV": 100,
    "PhaseEncodingAxis": "j",
    "PhaseEncodingDirection": "j",
    "PhaseEncodingSteps": 80,
    "PhilipsRescaleIntercept": 0,
    "PhilipsRescaleSlope": 0.757753,
    "PhilipsScaleSlope": 0.000872532,
    "PixelBandwidth": 3608.02,
    "ProtocolName": "SOCIAL_4run",
    "ReconMatrixPE": 80,
    "RepetitionTime": 2,
    "ScanOptions": "FS",
    "ScanningSequence": "GR",
    "SequenceVariant": "SK",
    "SeriesDescription": "SOCIAL_4run",
    "SeriesNumber": 1001,
    "SliceThickness": 3,
    "SliceTiming": [
      0.0,
      0.378378,
      0.702703,
      1.027027,
      1.351351,
      1.675676,
      0.054054,
      0.432432,
      0.756757,
      1.081081,
      1.405405,
      1.72973,
      0.108108,
      0.486486,
      0.810811,
      1.135135,
      1.459459,
      1.783784,
      0.162162,
      0.540541,
      0.864865,
      1.189189,
      1.513514,
      1.837838,
      0.216216,
      0.594595,
      0.918919,
      1.243243,
      1.567568,
      1.891892,
      0.27027,
      0.648649,
      0.972973,
      1.297297,
      1.621622,
      1.945946,
      0.324324
    ],
    "SoftwareVersions": "5.3.1_5.3.1.2",
    "SpacingBetweenSlices": 3,
    "StationName": "PHILIPS-K5NT78B",
    "TaskName": "ANIM",
    "TotalReadoutTime": 0.0219394,
    "UsePhilipsFloatNotDisplayScaling": 1,
    "dataset": "ds003436",
    "modality": "bold",
    "run_id": 4,
    "subject_id": "53",
    "task_id": "anim"
  },
  "dummy_trs": 0,
  "dvars_nstd": 23.4614670754,
  "dvars_std": 1.1359212948,
  "dvars_vstd": 1.0072639724,
  "efc": 0.43046344312131646,
  "fber": 266762.25,
  "fd_mean": 0.07580143027515013,
  "fd_num": 0,
  "fd_perc": 0.0,
  "fwhm_avg": 1.825058888888889,
  "fwhm_x": 1.71804,
  "fwhm_y": 1.9784833333333334,
  "fwhm_z": 1.7786533333333334,
  "gcor": 0.0190991,
  "gsr_x": -0.012605770491063595,
  "gsr_y": 0.022166550159454346,
  "provenance": {
    "md5sum": "3fb43328efda310d916fa4b4445991ab",
    "settings": {
      "fd_thres": 0.2,
      "testing": false
    },
    "software": "mriqc",
    "version": "22.0.6",
    "webapi_port": null,
    "webapi_url": "https://mriqc.nimh.nih.gov/api/v1"
  },
  "size_t": 101,
  "size_x": 80,
  "size_y": 80,
  "size_z": 37,
  "snr": 5.710171621123659,
  "spacing_tr": 2.000000476837158,
  "spacing_x": 3.0,
  "spacing_y": 3.0,
  "spacing_z": 3.0,
  "summary_bg_k": 131.93044944952322,
  "summary_bg_mad": 4141.029604688026,
  "summary_bg_mean": 36117.62109375,
  "summary_bg_median": 3043.79638671875,
  "summary_bg_n": 158718.0,
  "summary_bg_p05": 62.329879951477054,
  "summary_bg_p95": 181382.14843749985,
  "summary_bg_stdv": 126042.46875,
  "summary_fg_k": 1.2141275255969441,
  "summary_fg_mad": 294648.3804123411,
  "summary_fg_mean": 1733347.375,
  "summary_fg_median": 1700410.75,
  "summary_fg_n": 37260.0,
  "summary_fg_p05": 1323766.65,
  "summary_fg_p95": 2232037.0999999996,
  "summary_fg_stdv": 297782.28125,
  "tsnr": 71.62237548828125
}