{
  "aor": 0.00126970297029703,
  "aqi": 0.005137397821782179,
  "bids_meta": {
    "AcquisitionMatrixPE": 80,
    "AcquisitionNumber": 11,
    "AcquisitionTime": "17:19:1.780000",
    "BodyPartExamined": "BRAIN",
    "CoilString": "SENSE_HEAD_8",
    "ConversionSoftware": "dcm2niix",
    "ConversionSoftwareVersion": "v1.0.20181125  Clang9.0.0",
    "Dcm2bidsVersion": "2.1.4",
    "DeviceSerialNumber": "34072",
    "EchoTime": 0.030001,
    "EchoTrainLength": 39,
    "EffectiveEchoSpacing": 0.0002777,
    "FlipAngle": 82,
    "ImageOrientationPatientDICOM": [
      0.999341,
      0.00292665,
      0.0361685,
      -0.00303132,
      0.999991,
      0.00283941
    ],
    "ImageType": [
      "ORIGINAL",
      "PRIMARY",
      "M",
      "FFE",
      "M",
      "FFE"
    ],
    "ImagingFrequency": 127.733,
    "InPlanePhaseEncodingDirectionDICOM": "COL",
    "InstitutionName": "Az.Osp._Udine",
    "InstitutionalDepartmentName": "Radiologia",
    "MRAcquisitionType": "2D",
    "MagneticFieldStrength": 3,
    "Manufacturer": "Philips",
    "ManufacturersModelName": "Achieva",
    "Modality": "MR",
    "PartialFourier": 0.4875,
    "PatientPosition": "HFS",
    "PercentPhaseFOV": 100,
    "PhaseEncodingAxis": "j",
    "PhaseEncodingDirection": "j",
    "PhaseEncodingSteps": 80,
    "PhilipsRescaleIntercept": 0,
    "PhilipsRescaleSlope": 0.756288,
    "PhilipsScaleSlope": 0.000879552,
    "PixelBandwidth": 3608.02,
    "ProtocolName": "SOCIAL_4run",
    "ReconMatrixPE": 80,
    "RepetitionTime": 2,
    "ScanOptions": "FS",
    "ScanningSequence": "GR",
    "SequenceVariant": "SK",
    "SeriesDescription": "SOCIAL_4run",
    "SeriesNumber": 1101,
    "SliceThickness": 3,
    "SliceTiming": [
      0.0,
      0.378378,
      0.702703,
      1.027027,
      1.351351,
      1.675676,
      0.054054,
      0.432432,
      0.756757,
      1.081081,
      1.405405,
      1.72973,
      0.108108,
      0.486486,
      0.810811,
      1.135135,
      1.459459,
      1.783784,
      0.162162,
      0.540541,
      0.864865,
      1.189189,
      1.513514,
      1.837838,
      0.216216,
      0.594595,
      0.918919,
      1.243243,
      1.567568,
      1.891892,
      0.27027,
      0.648649,
      0.972973,
      1.297297,
      1.621622,
      1.945946,
      0.324324
    ],
    "SoftwareVersions": "5.3.1_5.3.1.2",
    "SpacingBetweenSlices": 3,
    "StationName": "PHILIPS-K5NT78B",
    "TaskName": "ANIM",
    "TotalReadoutTime": 0.0219394,
    "UsePhilipsFloatNotDisplayScaling": 1,
    "dataset": "ds003436",
    "modality": "bold",
    "run_id": 2,
    "subject_id": "53",
    "task_id": "anim"
  },
  "dummy_trs": 0,
  "dvars_nstd": 24.090744819699985,
  "dvars_std": 1.1495498753000002,
  "dvars_vstd": 1.0177821751,
  "efc": 0.43067004507598716,
  "fber": 269837.125,
  "fd_mean": 0.08681191121535368,
  "fd_num": 2,
  "fd_perc": 1.9801980198019802,
  "fwhm_avg": 1.8245766666666665,
  "fwhm_x": 1.72086,
  "fwhm_y": 1.9761466666666667,
  "fwhm_z": 1.7767233333333332,
  "gcor": 0.0182504,
  "gsr_x": -0.012366405688226223,
  "gsr_y": 0.020548492670059204,
  "provenance": {
    "md5sum": "2a76904075cbc7158d17a09fad604dc7",
    "settings": {
      "fd_thres": 0.2,
      "testing": false
    },
    "software": "mriqc",
    "version": "22.0.6",
    "webapi_port": null,
    "webapi_url": "https://mriqc.nimh.nih.gov/api/v1"
  },
  "size_t": 101,
  "size_x": 80,
  "size_y": 80,
  "size_z": 37,
  "snr": 5.706753812597243,
  "spacing_tr": 2.000000476837158,
  "spacing_x": 3.0,
  "spacing_y": 3.0,
  "spacing_z": 3.0,
  "summary_bg_k": 124.223638316202,
  "summary_bg_mad": 4137.494748988151,
  "summary_bg_mean": 35924.203125,
  "summary_bg_median": 3029.33837890625,
  "summary_bg_n": 158663.0,
  "summary_bg_p05": 54.37978248596192,
  "summary_bg_p95": 183330.40312499975,
  "summary_bg_stdv": 121838.3046875,
  "summary_fg_k": 1.2204966616319952,
  "summary_fg_mad": 295363.6433201314,
  "summary_fg_mean": 1736215.25,
  "summary_fg_median": 1703524.875,
  "summary_fg_n": 37296.0,
  "summary_fg_p05": 1323733.78125,
  "summary_fg_p95": 2232514.625,
  "summary_fg_stdv": 298506.3125,
  "tsnr": 72.44286346435547
}