{
  "aor": 0.024582970297029706,
  "aqi": 0.027266494950495053,
  "bids_meta": {
    "AcquisitionMatrixPE": 80,
    "AcquisitionNumber": 18,
    "AcquisitionTime": "17:53:55.470000",
    "BodyPartExamined": "BRAIN",
    "CoilString": "SENSE_HEAD_8",
    "ConversionSoftware": "dcm2niix",
    "ConversionSoftwareVersion": "v1.0.20190410  Clang4.0.1",
    "Dcm2bidsVersion": "2.1.4",
    "DeviceSerialNumber": "34072",
    "EchoTime": 0.030001,
    "EchoTrainLength": 39,
    "EffectiveEchoSpacing": 0.0002777,
    "FlipAngle": 82,
    "ImageOrientationPatientDICOM": [
      0.999341,
      0.00292665,
      0.0361685,
      -0.00303132,
      0.999991,
      0.00283941
    ],
    "ImageType": [
      "ORIGINAL",
      "PRIMARY",
      "M",
      "FFE",
      "M",
      "FFE"
    ],
    "ImagingFrequency": 127.735,
    "InPlanePhaseEncodingDirectionDICOM": "COL",
    "InstitutionName": "Az.Osp._Udine",
    "InstitutionalDepartmentName": "Radiologia",
    "MRAcquisitionType": "2D",
    "MagneticFieldStrength": 3,
    "Manufacturer": "Philips",
    "ManufacturersModelName": "Achieva",
    "Modality": "MR",
    "PartialFourier": 0.4875,
    "PatientPosition": "HFS",
    "PercentPhaseFOV": 100,
    "PhaseEncodingAxis": "j",
    "PhaseEncodingDirection": "j",
    "PhaseEncodingSteps": 80,
    "PhilipsRescaleIntercept": 0,
    "PhilipsRescaleSlope": 0.892063,
    "PhilipsScaleSlope": 0.00045574,
    "PixelBandwidth": 3608.02,
    "ProtocolName": "SOCIAL_4run",
    "ReconMatrixPE": 80,
    "RepetitionTime": 2,
    "ScanOptions": "FS",
    "ScanningSequence": "GR",
    "SequenceVariant": "SK",
    "SeriesDescription": "SOCIAL_4run",
    "SeriesNumber": 1801,
    "SliceThickness": 3,
    "SliceTiming": [
      0.0,
      0.378378,
      0.702703,
      1.027027,
      1.351351,
      1.675676,
      0.054054,
      0.432432,
      0.756757,
      1.081081,
      1.405405,
      1.72973,
      0.108108,
      0.486486,
      0.810811,
      1.135135,
      1.459459,
      1.783784,
      0.162162,
      0.540541,
      0.864865,
      1.189189,
      1.513514,
      1.837838,
      0.216216,
      0.594595,
      0.918919,
      1.243243,
      1.567568,
      1.891892,
      0.27027,
      0.648649,
      0.972973,
      1.297297,
      1.621622,
      1.945946,
      0.324324
    ],
    "SoftwareVersions": "5.3.1_5.3.1.2",
    "SpacingBetweenSlices": 3,
    "StationName": "PHILIPS-K5NT78B",
    "TaskName": "ANIM",
    "TotalReadoutTime": 0.0219394,
    "UsePhilipsFloatNotDisplayScaling": 1,
    "dataset": "ds003436",
    "modality": "bold",
    "run_id": 2,
    "subject_id": "09",
    "task_id": "anim"
  },
  "dummy_trs": 0,
  "dvars_nstd": 41.7747744749,
  "dvars_std": 1.1875716213,
  "dvars_vstd": 1.1522383173,
  "efc": 0.46999917588343915,
  "fber": 61613.5078125,
  "fd_mean": 0.6240063262465749,
  "fd_num": 36,
  "fd_perc": 35.64356435643565,
  "fwhm_avg": 1.8272822222222223,
  "fwhm_x": 1.7438733333333334,
  "fwhm_y": 2.0092433333333335,
  "fwhm_z": 1.7287299999999999,
  "gcor": 0.0585818,
  "gsr_x": -0.00213478971272707,
  "gsr_y": 0.02680818736553192,
  "provenance": {
    "md5sum": "3e82353ea871d8b256e89a4834d25ede",
    "settings": {
      "fd_thres": 0.2,
      "testing": false
    },
    "software": "mriqc",
    "version": "22.0.6",
    "webapi_port": null,
    "webapi_url": "https://mriqc.nimh.nih.gov/api/v1"
  },
  "size_t": 101,
  "size_x": 80,
  "size_y": 80,
  "size_z": 37,
  "snr": 5.960767250057661,
  "spacing_tr": 2.000000476837158,
  "spacing_x": 3.0,
  "spacing_y": 3.0,
  "spacing_z": 3.0,
  "summary_bg_k": 55.51973431242245,
  "summary_bg_mad": 16256.319239747429,
  "summary_bg_mean": 112040.2890625,
  "summary_bg_median": 12598.3017578125,
  "summary_bg_n": 153615.0,
  "summary_bg_p05": 805.1912597656253,
  "summary_bg_p95": 584833.5187499996,
  "summary_bg_stdv": 291862.34375,
  "summary_fg_k": 0.9897771177476713,
  "summary_fg_mad": 552805.4724206039,
  "summary_fg_mean": 3346735.75,
  "summary_fg_median": 3304537.0,
  "summary_fg_n": 41298.0,
  "summary_fg_p05": 2559413.35,
  "summary_fg_p95": 4280742.425,
  "summary_fg_stdv": 554374.4375,
  "tsnr": 29.05045509338379
}