{
  "aor": 0.0029211881188118812,
  "aqi": 0.008835717524752477,
  "bids_meta": {
    "AcquisitionMatrixPE": 80,
    "AcquisitionNumber": 8,
    "AcquisitionTime": "15:36:48.250000",
    "BodyPartExamined": "BRAIN",
    "CoilString": "SENSE_HEAD_8",
    "ConversionSoftware": "dcm2niix",
    "ConversionSoftwareVersion": "v1.0.20190410  Clang4.0.1",
    "Dcm2bidsVersion": "2.1.4",
    "DeviceSerialNumber": "34072",
    "EchoTime": 0.030001,
    "EchoTrainLength": 39,
    "EffectiveEchoSpacing": 0.0002777,
    "FlipAngle": 82,
    "ImageOrientationPatientDICOM": [
      0.999697,
      0.016653,
      -0.0181241,
      -0.0165897,
      0.999856,
      0.00363836
    ],
    "ImageType": [
      "ORIGINAL",
      "PRIMARY",
      "M",
      "FFE",
      "M",
      "FFE"
    ],
    "ImagingFrequency": 127.734,
    "InPlanePhaseEncodingDirectionDICOM": "COL",
    "InstitutionName": "Az.Osp._Udine",
    "InstitutionalDepartmentName": "Radiologia",
    "MRAcquisitionType": "2D",
    "MagneticFieldStrength": 3,
    "Manufacturer": "Philips",
    "ManufacturersModelName": "Achieva",
    "Modality": "MR",
    "PartialFourier": 0.4875,
    "PatientPosition": "HFS",
    "PercentPhaseFOV": 100,
    "PhaseEncodingAxis": "j",
    "PhaseEncodingDirection": "j",
    "PhaseEncodingSteps": 80,
    "PhilipsRescaleIntercept": 0,
    "PhilipsRescaleSlope": 0.805861,
    "PhilipsScaleSlope": 0.000461797,
    "PixelBandwidth": 3608.02,
    "ProtocolName": "SOCIAL_4run",
    "ReconMatrixPE": 80,
    "RepetitionTime": 2,
    "ScanOptions": "FS",
    "ScanningSequence": "GR",
    "SequenceVariant": "SK",
    "SeriesDescription": "SOCIAL_4run",
    "SeriesNumber": 801,
    "SliceThickness": 3,
    "SliceTiming": [
      0.0,
      0.378378,
      0.702703,
      1.027027,
      1.351351,
      1.675676,
      0.054054,
      0.432432,
      0.756757,
      1.081081,
      1.405405,
      1.72973,
      0.108108,
      0.486486,
      0.810811,
      1.135135,
      1.459459,
      1.783784,
      0.162162,
      0.540541,
      0.864865,
      1.189189,
      1.513514,
      1.837838,
      0.216216,
      0.594595,
      0.918919,
      1.243243,
      1.567568,
      1.891892,
      0.27027,
      0.648649,
      0.972973,
      1.297297,
      1.621622,
      1.945946,
      0.324324
    ],
    "SoftwareVersions": "5.3.1_5.3.1.2",
    "SpacingBetweenSlices": 3,
    "StationName": "PHILIPS-K5NT78B",
    "TaskName": "ANIM",
    "TotalReadoutTime": 0.0219394,
    "UsePhilipsFloatNotDisplayScaling": 1,
    "dataset": "ds003436",
    "modality": "bold",
    "run_id": 2,
    "subject_id": "20",
    "task_id": "anim"
  },
  "dummy_trs": 0,
  "dvars_nstd": 23.942124042699998,
  "dvars_std": 1.0831962076000001,
  "dvars_vstd": 0.9976000528,
  "efc": 0.4499539212422018,
  "fber": 80343.4765625,
  "fd_mean": 0.13793215559596017,
  "fd_num": 17,
  "fd_perc": 16.831683168316832,
  "fwhm_avg": 1.893688888888889,
  "fwhm_x": 1.8621333333333334,
  "fwhm_y": 1.99983,
  "fwhm_z": 1.8191033333333333,
  "gcor": 0.0197097,
  "gsr_x": -0.009951223619282246,
  "gsr_y": 0.010809729807078838,
  "provenance": {
    "md5sum": "f864dd78be3e759b0b84465f207ef880",
    "settings": {
      "fd_thres": 0.2,
      "testing": false
    },
    "software": "mriqc",
    "version": "22.0.6",
    "webapi_port": null,
    "webapi_url": "https://mriqc.nimh.nih.gov/api/v1"
  },
  "size_t": 101,
  "size_x": 80,
  "size_y": 80,
  "size_z": 37,
  "snr": 5.513528958976374,
  "spacing_tr": 2.000000476837158,
  "spacing_x": 3.0,
  "spacing_y": 3.0,
  "spacing_z": 3.0,
  "summary_bg_k": 80.88018749280201,
  "summary_bg_mad": 13006.759407047957,
  "summary_bg_mean": 69802.265625,
  "summary_bg_median": 9476.3125,
  "summary_bg_n": 155766.0,
  "summary_bg_p05": 275.5134963989258,
  "summary_bg_p95": 330966.625,
  "summary_bg_stdv": 188667.59375,
  "summary_fg_k": 1.2003401663723956,
  "summary_fg_mad": 489405.5097264807,
  "summary_fg_mean": 2907049.25,
  "summary_fg_median": 2850749.0,
  "summary_fg_n": 39534.0,
  "summary_fg_p05": 2185440.4625,
  "summary_fg_p95": 3802262.0374999996,
  "summary_fg_stdv": 517039.625,
  "tsnr": 52.92311477661133
}