{
  "aor": 0.002101089108910891,
  "aqi": 0.00809298306930693,
  "bids_meta": {
    "AcquisitionMatrixPE": 80,
    "AcquisitionNumber": 5,
    "AcquisitionTime": "15:24:22.750000",
    "BodyPartExamined": "BRAIN",
    "CoilString": "SENSE_HEAD_8",
    "ConversionSoftware": "dcm2niix",
    "ConversionSoftwareVersion": "v1.0.20190410  Clang4.0.1",
    "Dcm2bidsVersion": "2.1.4",
    "DeviceSerialNumber": "34072",
    "EchoTime": 0.030001,
    "EchoTrainLength": 39,
    "EffectiveEchoSpacing": 0.0002777,
    "FlipAngle": 82,
    "ImageOrientationPatientDICOM": [
      0.999697,
      0.016653,
      -0.0181241,
      -0.0165897,
      0.999856,
      0.00363836
    ],
    "ImageType": [
      "ORIGINAL",
      "PRIMARY",
      "M",
      "FFE",
      "M",
      "FFE"
    ],
    "ImagingFrequency": 127.734,
    "InPlanePhaseEncodingDirectionDICOM": "COL",
    "InstitutionName": "Az.Osp._Udine",
    "InstitutionalDepartmentName": "Radiologia",
    "MRAcquisitionType": "2D",
    "MagneticFieldStrength": 3,
    "Manufacturer": "Philips",
    "ManufacturersModelName": "Achieva",
    "Modality": "MR",
    "PartialFourier": 0.4875,
    "PatientPosition": "HFS",
    "PercentPhaseFOV": 100,
    "PhaseEncodingAxis": "j",
    "PhaseEncodingDirection": "j",
    "PhaseEncodingSteps": 80,
    "PhilipsRescaleIntercept": 0,
    "PhilipsRescaleSlope": 0.77094,
    "PhilipsScaleSlope": 0.000499806,
    "PixelBandwidth": 3608.02,
    "ProtocolName": "SOCIAL_4run",
    "ReconMatrixPE": 80,
    "RepetitionTime": 2,
    "ScanOptions": "FS",
    "ScanningSequence": "GR",
    "SequenceVariant": "SK",
    "SeriesDescription": "SOCIAL_4run",
    "SeriesNumber": 501,
    "SliceThickness": 3,
    "SliceTiming": [
      0.0,
      0.378378,
      0.702703,
      1.027027,
      1.351351,
      1.675676,
      0.054054,
      0.432432,
      0.756757,
      1.081081,
      1.405405,
      1.72973,
      0.108108,
      0.486486,
      0.810811,
      1.135135,
      1.459459,
      1.783784,
      0.162162,
      0.540541,
      0.864865,
      1.189189,
      1.513514,
      1.837838,
      0.216216,
      0.594595,
      0.918919,
      1.243243,
      1.567568,
      1.891892,
      0.27027,
      0.648649,
      0.972973,
      1.297297,
      1.621622,
      1.945946,
      0.324324
    ],
    "SoftwareVersions": "5.3.1_5.3.1.2",
    "SpacingBetweenSlices": 3,
    "StationName": "PHILIPS-K5NT78B",
    "TaskName": "ANIM",
    "TotalReadoutTime": 0.0219394,
    "UsePhilipsFloatNotDisplayScaling": 1,
    "dataset": "ds003436",
    "modality": "bold",
    "run_id": 4,
    "subject_id": "20",
    "task_id": "anim"
  },
  "dummy_trs": 0,
  "dvars_nstd": 25.842020149299998,
  "dvars_std": 1.1389292223,
  "dvars_vstd": 0.9857494452000001,
  "efc": 0.4504538039151001,
  "fber": 77799.953125,
  "fd_mean": 0.14736733315974523,
  "fd_num": 15,
  "fd_perc": 14.851485148514852,
  "fwhm_avg": 1.9082422222222224,
  "fwhm_x": 1.8576,
  "fwhm_y": 2.0105333333333335,
  "fwhm_z": 1.8565933333333333,
  "gcor": 0.0158432,
  "gsr_x": -0.010260096751153469,
  "gsr_y": 0.010683923028409481,
  "provenance": {
    "md5sum": "d2fee288221e8e93af1cde545b411df9",
    "settings": {
      "fd_thres": 0.2,
      "testing": false
    },
    "software": "mriqc",
    "version": "22.0.6",
    "webapi_port": null,
    "webapi_url": "https://mriqc.nimh.nih.gov/api/v1"
  },
  "size_t": 101,
  "size_x": 80,
  "size_y": 80,
  "size_z": 37,
  "snr": 5.556027241124589,
  "spacing_tr": 2.000000476837158,
  "spacing_x": 3.0,
  "spacing_y": 3.0,
  "spacing_z": 3.0,
  "summary_bg_k": 75.11037931451966,
  "summary_bg_mad": 12558.403266712488,
  "summary_bg_mean": 67573.7890625,
  "summary_bg_median": 9277.5693359375,
  "summary_bg_n": 155805.0,
  "summary_bg_p05": 350.76519775390625,
  "summary_bg_p95": 314537.44375,
  "summary_bg_stdv": 182749.90625,
  "summary_fg_k": 1.2048394092063948,
  "summary_fg_mad": 457271.9598931449,
  "summary_fg_mean": 2775045.5,
  "summary_fg_median": 2719129.5,
  "summary_fg_n": 39496.0,
  "summary_fg_p05": 2084615.8125,
  "summary_fg_p95": 3618865.375,
  "summary_fg_stdv": 489395.5625,
  "tsnr": 54.76176834106445
}