{
  "aor": 0.0008315841584158415,
  "aqi": 0.004559042475247525,
  "bids_meta": {
    "AcquisitionMatrixPE": 80,
    "AcquisitionNumber": 9,
    "AcquisitionTime": "17:36:7.180000",
    "BodyPartExamined": "BRAIN",
    "CoilString": "SENSE_HEAD_8",
    "ConversionSoftware": "dcm2niix",
    "ConversionSoftwareVersion": "v1.0.20190410  Clang4.0.1",
    "Dcm2bidsVersion": "2.1.4",
    "DeviceSerialNumber": "34072",
    "EchoTime": 0.030001,
    "EchoTrainLength": 39,
    "EffectiveEchoSpacing": 0.0002777,
    "FlipAngle": 82,
    "ImageOrientationPatientDICOM": [
      0.999958,
      0.0090591,
      0.00165401,
      -0.00906499,
      0.999952,
      0.00359128
    ],
    "ImageType": [
      "ORIGINAL",
      "PRIMARY",
      "M",
      "FFE",
      "M",
      "FFE"
    ],
    "ImagingFrequency": 127.735,
    "InPlanePhaseEncodingDirectionDICOM": "COL",
    "InstitutionName": "Az.Osp._Udine",
    "InstitutionalDepartmentName": "Radiologia",
    "MRAcquisitionType": "2D",
    "MagneticFieldStrength": 3,
    "Manufacturer": "Philips",
    "ManufacturersModelName": "Achieva",
    "Modality": "MR",
    "PartialFourier": 0.4875,
    "PatientPosition": "HFS",
    "PercentPhaseFOV": 100,
    "PhaseEncodingAxis": "j",
    "PhaseEncodingDirection": "j",
    "PhaseEncodingSteps": 80,
    "PhilipsRescaleIntercept": 0,
    "PhilipsRescaleSlope": 0.759219,
    "PhilipsScaleSlope": 0.000827143,
    "PixelBandwidth": 3608.02,
    "ProtocolName": "SOCIAL_4run",
    "ReconMatrixPE": 80,
    "RepetitionTime": 2,
    "ScanOptions": "FS",
    "ScanningSequence": "GR",
    "SequenceVariant": "SK",
    "SeriesDescription": "SOCIAL_4run",
    "SeriesNumber": 901,
    "SliceThickness": 3,
    "SliceTiming": [
      0.0,
      0.378378,
      0.702703,
      1.027027,
      1.351351,
      1.675676,
      0.054054,
      0.432432,
      0.756757,
      1.081081,
      1.405405,
      1.72973,
      0.108108,
      0.486486,
      0.810811,
      1.135135,
      1.459459,
      1.783784,
      0.162162,
      0.540541,
      0.864865,
      1.189189,
      1.513514,
      1.837838,
      0.216216,
      0.594595,
      0.918919,
      1.243243,
      1.567568,
      1.891892,
      0.27027,
      0.648649,
      0.972973,
      1.297297,
      1.621622,
      1.945946,
      0.324324
    ],
    "SoftwareVersions": "5.3.1_5.3.1.2",
    "SpacingBetweenSlices": 3,
    "StationName": "PHILIPS-K5NT78B",
    "TaskName": "ANIM",
    "TotalReadoutTime": 0.0219394,
    "UsePhilipsFloatNotDisplayScaling": 1,
    "dataset": "ds003436",
    "modality": "bold",
    "run_id": 4,
    "subject_id": "17",
    "task_id": "anim"
  },
  "dummy_trs": 0,
  "dvars_nstd": 22.6532889552,
  "dvars_std": 1.1416561471000002,
  "dvars_vstd": 1.011889317,
  "efc": 0.41084019000012767,
  "fber": 210099.34375,
  "fd_mean": 0.047560545501705916,
  "fd_num": 0,
  "fd_perc": 0.0,
  "fwhm_avg": 1.8663766666666666,
  "fwhm_x": 1.7983333333333331,
  "fwhm_y": 2.0602,
  "fwhm_z": 1.7405966666666668,
  "gcor": 0.020741,
  "gsr_x": -0.018544631078839302,
  "gsr_y": 0.010495809838175774,
  "provenance": {
    "md5sum": "135d6ebcbd0a424d8d6af00df2a54b94",
    "settings": {
      "fd_thres": 0.2,
      "testing": false
    },
    "software": "mriqc",
    "version": "22.0.6",
    "webapi_port": null,
    "webapi_url": "https://mriqc.nimh.nih.gov/api/v1"
  },
  "size_t": 101,
  "size_x": 80,
  "size_y": 80,
  "size_z": 37,
  "snr": 5.461026892339348,
  "spacing_tr": 2.000000476837158,
  "spacing_x": 3.0,
  "spacing_y": 3.0,
  "spacing_z": 3.0,
  "summary_bg_k": 130.79543522387934,
  "summary_bg_mad": 4378.337932294786,
  "summary_bg_mean": 28590.6796875,
  "summary_bg_median": 3308.240966796875,
  "summary_bg_n": 162186.0,
  "summary_bg_p05": 65.01964569091797,
  "summary_bg_p95": 133726.3125,
  "summary_bg_stdv": 93768.140625,
  "summary_fg_k": 2.8384237147264066,
  "summary_fg_mad": 264024.86093855323,
  "summary_fg_mean": 1667687.375,
  "summary_fg_median": 1631671.75,
  "summary_fg_n": 34112.0,
  "summary_fg_p05": 1273226.31875,
  "summary_fg_p95": 2159401.8749999995,
  "summary_fg_stdv": 298780.40625,
  "tsnr": 76.10255432128906
}