{
  "bids_meta": {
    "AcquisitionMatrixPE": 240,
    "AcquisitionNumber": 2,
    "AcquisitionTime": "15:14:32.640000",
    "BodyPartExamined": "BRAIN",
    "CoilString": "SENSE_HEAD_8",
    "ConversionSoftware": "dcm2niix",
    "ConversionSoftwareVersion": "v1.0.20190410  Clang4.0.1",
    "Dcm2bidsVersion": "2.1.4",
    "DeviceSerialNumber": "34072",
    "EchoTime": 0.003705,
    "EchoTrainLength": 240,
    "FlipAngle": 12,
    "ImageOrientationPatientDICOM": [
      -0.0346625,
      0.999397,
      0.00184481,
      0.0147237,
      0.00235638,
      -0.999889
    ],
    "ImageType": [
      "ORIGINAL",
      "PRIMARY",
      "M",
      "FFE",
      "M",
      "FFE"
    ],
    "ImagingFrequency": 127.734,
    "InPlanePhaseEncodingDirectionDICOM": "ROW",
    "InstitutionName": "Az.Osp._Udine",
    "InstitutionalDepartmentName": "Radiologia",
    "MRAcquisitionType": "3D",
    "MagneticFieldStrength": 3,
    "Manufacturer": "Philips",
    "ManufacturersModelName": "Achieva",
    "Modality": "MR",
    "PatientPosition": "HFS",
    "PercentPhaseFOV": 100,
    "PhaseEncodingSteps": 240,
    "PhilipsRescaleIntercept": 0,
    "PhilipsRescaleSlope": 3.18046,
    "PhilipsScaleSlope": 0.000161306,
    "PixelBandwidth": 191.38,
    "ProtocolName": "T1W_3D_VBM",
    "ReconMatrixPE": 256,
    "RepetitionTime": 0.0081039,
    "ScanOptions": "OTHER",
    "ScanningSequence": "GR",
    "SequenceVariant": "MP",
    "SeriesDescription": "T1W_3D_VBM",
    "SeriesNumber": 201,
    "SliceThickness": 1,
    "SoftwareVersions": "5.3.1_5.3.1.2",
    "SpacingBetweenSlices": 1,
    "StationName": "PHILIPS-K5NT78B",
    "UsePhilipsFloatNotDisplayScaling": 1,
    "dataset": "ds003436",
    "modality": "T1w",
    "subject_id": "10"
  },
  "cjv": 0.3612079197061964,
  "cnr": 3.765384389449186,
  "efc": 0.5806335392208706,
  "fber": -1.0,
  "fwhm_avg": 4.333936222222223,
  "fwhm_x": 4.26231,
  "fwhm_y": 4.672362666666667,
  "fwhm_z": 4.0671360000000005,
  "icvs_csf": 0.205080487337612,
  "icvs_gm": 0.4351336047340233,
  "icvs_wm": 0.3597859079283647,
  "inu_med": 0.30051423609256744,
  "inu_range": 0.07776131480932236,
  "provenance": {
    "md5sum": "6cb64cfa0a386eabcee863e66ee7366b",
    "settings": {
      "testing": false
    },
    "software": "mriqc",
    "version": "22.0.6",
    "warnings": {
      "large_rot_frame": true,
      "small_air_mask": false
    },
    "webapi_port": null,
    "webapi_url": "https://mriqc.nimh.nih.gov/api/v1"
  },
  "qi_1": 0.0013726190700035727,
  "qi_2": 6.488243634411221e-07,
  "rpve_csf": 24.95561845482633,
  "rpve_gm": 12.173596313437512,
  "rpve_wm": 16.492466498725534,
  "size_x": 170,
  "size_y": 256,
  "size_z": 256,
  "snr_csf": 2.9140873589718037,
  "snr_gm": 15.387951878809632,
  "snr_total": 15.853387875794747,
  "snr_wm": 29.258124389602806,
  "snrd_csf": 41.86197563670755,
  "snrd_gm": 93.85026673883497,
  "snrd_total": 85.824405732344,
  "snrd_wm": 121.76097482148947,
  "spacing_x": 1.0,
  "spacing_y": 0.9375,
  "spacing_z": 0.9375,
  "summary_bg_k": 24.73156417828984,
  "summary_bg_mad": 0.0,
  "summary_bg_mean": 2.125572076753117,
  "summary_bg_median": 0.0,
  "summary_bg_n": 941591.0,
  "summary_bg_p05": 0.0,
  "summary_bg_p95": 12.686550378799438,
  "summary_bg_stdv": 5.380632464724638,
  "summary_csf_k": 0.37074919741255696,
  "summary_csf_mad": 107.21523140266127,
  "summary_csf_mean": 346.0747369339456,
  "summary_csf_median": 343.81222772598267,
  "summary_csf_n": 50953.0,
  "summary_csf_p05": 148.09925389289856,
  "summary_csf_p95": 551.0303588867183,
  "summary_csf_stdv": 117.98165653256808,
  "summary_gm_k": -0.03409180678054424,
  "summary_gm_mad": 50.29031274951562,
  "summary_gm_mean": 771.5744191081147,
  "summary_gm_median": 770.7918412685394,
  "summary_gm_n": 40745.0,
  "summary_gm_p05": 690.4929135799408,
  "summary_gm_p95": 854.6080982685089,
  "summary_gm_stdv": 50.08999173845501,
  "summary_wm_k": 0.45952109164150645,
  "summary_wm_mad": 32.50956892778714,
  "summary_wm_mean": 1001.1112203465956,
  "summary_wm_median": 1000.0223679542542,
  "summary_wm_n": 214974.0,
  "summary_wm_p05": 946.9044303894043,
  "summary_wm_p95": 1059.0248959064484,
  "summary_wm_stdv": 34.17922586972903,
  "tpm_overlap_csf": 0.12075893836321343,
  "tpm_overlap_gm": 0.46555727157564314,
  "tpm_overlap_wm": 0.49926269584431177,
  "wm2max": 0.7938278296598869
}