{
  "bids_meta": {
    "AcquisitionMatrixPE": 240,
    "AcquisitionNumber": 2,
    "AcquisitionTime": "15:01:55.340000",
    "BodyPartExamined": "BRAIN",
    "CoilString": "SENSE_HEAD_8",
    "ConversionSoftware": "dcm2niix",
    "ConversionSoftwareVersion": "v1.0.20190410  Clang4.0.1",
    "Dcm2bidsVersion": "2.1.4",
    "DeviceSerialNumber": "34072",
    "EchoTime": 0.003716,
    "EchoTrainLength": 240,
    "FlipAngle": 12,
    "ImageOrientationPatientDICOM": [
      -0.0320419,
      0.999485,
      0.00156193,
      0.0348009,
      0.00267744,
      -0.999391
    ],
    "ImageType": [
      "ORIGINAL",
      "PRIMARY",
      "M",
      "FFE",
      "M",
      "FFE"
    ],
    "ImagingFrequency": 127.735,
    "InPlanePhaseEncodingDirectionDICOM": "ROW",
    "InstitutionName": "Az.Osp._Udine",
    "InstitutionalDepartmentName": "Radiologia",
    "MRAcquisitionType": "3D",
    "MagneticFieldStrength": 3,
    "Manufacturer": "Philips",
    "ManufacturersModelName": "Achieva",
    "Modality": "MR",
    "PatientPosition": "HFS",
    "PercentPhaseFOV": 100,
    "PhaseEncodingSteps": 240,
    "PhilipsRescaleIntercept": 0,
    "PhilipsRescaleSlope": 3.15043,
    "PhilipsScaleSlope": 0.000156907,
    "PixelBandwidth": 191.38,
    "ProtocolName": "T1W_3D_VBM",
    "ReconMatrixPE": 256,
    "RepetitionTime": 0.0081257,
    "ScanOptions": "OTHER",
    "ScanningSequence": "GR",
    "SequenceVariant": "MP",
    "SeriesDescription": "T1W_3D_VBM",
    "SeriesNumber": 201,
    "SliceThickness": 1,
    "SoftwareVersions": "5.3.1_5.3.1.2",
    "SpacingBetweenSlices": 1,
    "StationName": "PHILIPS-K5NT78B",
    "UsePhilipsFloatNotDisplayScaling": 1,
    "dataset": "ds003436",
    "modality": "T1w",
    "subject_id": "12"
  },
  "cjv": 0.3594412893855137,
  "cnr": 3.686736269904005,
  "efc": 0.5927108484809976,
  "fber": -1.0,
  "fwhm_avg": 4.156765777777778,
  "fwhm_x": 4.03178,
  "fwhm_y": 4.538122666666666,
  "fwhm_z": 3.9003946666666667,
  "icvs_csf": 0.21470759865356617,
  "icvs_gm": 0.44366776639980926,
  "icvs_wm": 0.34162463494662454,
  "inu_med": 0.34405601024627686,
  "inu_range": 0.09121723473072052,
  "provenance": {
    "md5sum": "e8f6d46b9b6492f6de0e7b0a229f55ee",
    "settings": {
      "testing": false
    },
    "software": "mriqc",
    "version": "22.0.6",
    "warnings": {
      "large_rot_frame": true,
      "small_air_mask": false
    },
    "webapi_port": null,
    "webapi_url": "https://mriqc.nimh.nih.gov/api/v1"
  },
  "qi_1": 0.0032377971359717444,
  "qi_2": 1.2634235161263703e-06,
  "rpve_csf": 23.80119343289359,
  "rpve_gm": 12.057112239167441,
  "rpve_wm": 17.302439787300596,
  "size_x": 170,
  "size_y": 256,
  "size_z": 256,
  "snr_csf": 2.892388661328813,
  "snr_gm": 16.272733960438515,
  "snr_total": 15.524873843263586,
  "snr_wm": 27.409498908023437,
  "snrd_csf": 37.909350023719796,
  "snrd_gm": 86.67987725368266,
  "snrd_total": 78.69904898653208,
  "snrd_wm": 111.50791968219376,
  "spacing_x": 1.0,
  "spacing_y": 0.9375,
  "spacing_z": 0.9375,
  "summary_bg_k": 19.870724736474784,
  "summary_bg_mad": 0.0,
  "summary_bg_mean": 2.6321122415238145,
  "summary_bg_median": 0.0,
  "summary_bg_n": 1180355.0,
  "summary_bg_p05": 0.0,
  "summary_bg_p95": 14.586456507444382,
  "summary_bg_stdv": 5.8755085256207185,
  "summary_csf_k": 1.2451483962999443,
  "summary_csf_mad": 80.73231856108666,
  "summary_csf_mean": 337.8816912206165,
  "summary_csf_median": 339.9852446988225,
  "summary_csf_n": 43091.0,
  "summary_csf_p05": 98.71585788205266,
  "summary_csf_p95": 529.1617419794202,
  "summary_csf_stdv": 117.54343538036005,
  "summary_gm_k": 0.30418680349599647,
  "summary_gm_mad": 45.540457429898105,
  "summary_gm_mean": 777.0034485162074,
  "summary_gm_median": 777.3775931298733,
  "summary_gm_n": 37351.0,
  "summary_gm_p05": 697.0737808085978,
  "summary_gm_p95": 855.4554048031569,
  "summary_gm_stdv": 47.77114826356255,
  "summary_wm_k": 0.6028399140592859,
  "summary_wm_mad": 34.49532099569849,
  "summary_wm_mean": 1001.1023694552856,
  "summary_wm_median": 1000.0447735264897,
  "summary_wm_n": 190830.0,
  "summary_wm_p05": 943.3544655665755,
  "summary_wm_p95": 1062.283304207027,
  "summary_wm_stdv": 36.485240267559384,
  "tpm_overlap_csf": 0.1517454648746745,
  "tpm_overlap_gm": 0.47866150110682,
  "tpm_overlap_wm": 0.5111055296494338,
  "wm2max": 0.7791778969850616
}