{
  "aor": 0.014138118811881189,
  "aqi": 0.013110659603960396,
  "bids_meta": {
    "AcquisitionMatrixPE": 80,
    "AcquisitionNumber": 16,
    "AcquisitionTime": "16:02:20.000000",
    "BodyPartExamined": "BRAIN",
    "CoilString": "SENSE_HEAD_8",
    "ConversionSoftware": "dcm2niix",
    "ConversionSoftwareVersion": "v1.0.20190410  Clang4.0.1",
    "Dcm2bidsVersion": "2.1.4",
    "DeviceSerialNumber": "34072",
    "EchoTime": 0.030001,
    "EchoTrainLength": 39,
    "EffectiveEchoSpacing": 0.0002777,
    "FlipAngle": 82,
    "ImageOrientationPatientDICOM": [
      0.999627,
      0.00303819,
      0.0271245,
      -0.00199117,
      0.999255,
      -0.0385445
    ],
    "ImageType": [
      "ORIGINAL",
      "PRIMARY",
      "M",
      "FFE",
      "M",
      "FFE"
    ],
    "ImagingFrequency": 127.734,
    "InPlanePhaseEncodingDirectionDICOM": "COL",
    "InstitutionName": "Az.Osp._Udine",
    "InstitutionalDepartmentName": "Radiologia",
    "MRAcquisitionType": "2D",
    "MagneticFieldStrength": 3,
    "Manufacturer": "Philips",
    "ManufacturersModelName": "Achieva",
    "Modality": "MR",
    "PartialFourier": 0.4875,
    "PatientPosition": "HFS",
    "PercentPhaseFOV": 100,
    "PhaseEncodingAxis": "j",
    "PhaseEncodingDirection": "j",
    "PhaseEncodingSteps": 80,
    "PhilipsRescaleIntercept": 0,
    "PhilipsRescaleSlope": 0.754823,
    "PhilipsScaleSlope": 0.000562976,
    "PixelBandwidth": 3608.02,
    "ProtocolName": "SOCIAL_4run",
    "ReconMatrixPE": 80,
    "RepetitionTime": 2,
    "ScanOptions": "FS",
    "ScanningSequence": "GR",
    "SequenceVariant": "SK",
    "SeriesDescription": "SOCIAL_4run",
    "SeriesNumber": 1601,
    "SliceThickness": 3,
    "SliceTiming": [
      0.0,
      0.378378,
      0.702703,
      1.027027,
      1.351351,
      1.675676,
      0.054054,
      0.432432,
      0.756757,
      1.081081,
      1.405405,
      1.72973,
      0.108108,
      0.486486,
      0.810811,
      1.135135,
      1.459459,
      1.783784,
      0.162162,
      0.540541,
      0.864865,
      1.189189,
      1.513514,
      1.837838,
      0.216216,
      0.594595,
      0.918919,
      1.243243,
      1.567568,
      1.891892,
      0.27027,
      0.648649,
      0.972973,
      1.297297,
      1.621622,
      1.945946,
      0.324324
    ],
    "SoftwareVersions": "5.3.1_5.3.1.2",
    "SpacingBetweenSlices": 3,
    "StationName": "PHILIPS-K5NT78B",
    "TaskName": "ANIM",
    "TotalReadoutTime": 0.0219394,
    "UsePhilipsFloatNotDisplayScaling": 1,
    "dataset": "ds003436",
    "modality": "bold",
    "run_id": 2,
    "subject_id": "26",
    "task_id": "anim"
  },
  "dummy_trs": 0,
  "dvars_nstd": 31.260480556800008,
  "dvars_std": 1.3034053668,
  "dvars_vstd": 1.0642449584,
  "efc": 0.4327592140960296,
  "fber": 158867.65625,
  "fd_mean": 0.15427701973253688,
  "fd_num": 13,
  "fd_perc": 12.871287128712872,
  "fwhm_avg": 1.976441111111111,
  "fwhm_x": 1.8527933333333333,
  "fwhm_y": 2.19625,
  "fwhm_z": 1.88028,
  "gcor": 0.0142091,
  "gsr_x": -0.013465838506817818,
  "gsr_y": 0.01705523580312729,
  "provenance": {
    "md5sum": "22c0f9884a92bea24f141c3c044a5870",
    "settings": {
      "fd_thres": 0.2,
      "testing": false
    },
    "software": "mriqc",
    "version": "22.0.6",
    "webapi_port": null,
    "webapi_url": "https://mriqc.nimh.nih.gov/api/v1"
  },
  "size_t": 101,
  "size_x": 80,
  "size_y": 80,
  "size_z": 37,
  "snr": 5.496779545732799,
  "spacing_tr": 2.000000476837158,
  "spacing_x": 3.0,
  "spacing_y": 3.0,
  "spacing_z": 3.0,
  "summary_bg_k": 73.58840834963334,
  "summary_bg_mad": 7777.47790912324,
  "summary_bg_mean": 65258.03515625,
  "summary_bg_median": 5574.78271484375,
  "summary_bg_n": 161065.0,
  "summary_bg_p05": 115.86625976562502,
  "summary_bg_p95": 337032.0687499993,
  "summary_bg_stdv": 186397.9375,
  "summary_fg_k": 3.3135924638290275,
  "summary_fg_mad": 370538.9888094579,
  "summary_fg_mean": 2442182.75,
  "summary_fg_median": 2411988.75,
  "summary_fg_n": 35285.0,
  "summary_fg_p05": 1830234.15,
  "summary_fg_p95": 3130498.75,
  "summary_fg_stdv": 438794.125,
  "tsnr": 51.22087860107422
}