{
  "bids_meta": {
    "AcquisitionMatrixPE": 240,
    "AcquisitionNumber": 2,
    "AcquisitionTime": "16:39:19.360000",
    "BodyPartExamined": "BRAIN",
    "CoilString": "SENSE_HEAD_8",
    "ConversionSoftware": "dcm2niix",
    "ConversionSoftwareVersion": "v1.0.20181125  Clang9.0.0",
    "Dcm2bidsVersion": "2.1.4",
    "DeviceSerialNumber": "34072",
    "EchoTime": 0.003698,
    "EchoTrainLength": 240,
    "FlipAngle": 12,
    "ImageOrientationPatientDICOM": [
      -0.0361055,
      0.999348,
      0.000732448,
      0.00429886,
      0.000888233,
      -0.99999
    ],
    "ImageType": [
      "ORIGINAL",
      "PRIMARY",
      "M",
      "FFE",
      "M",
      "FFE"
    ],
    "ImagingFrequency": 127.733,
    "InPlanePhaseEncodingDirectionDICOM": "ROW",
    "InstitutionName": "Az.Osp._Udine",
    "InstitutionalDepartmentName": "Radiologia",
    "MRAcquisitionType": "3D",
    "MagneticFieldStrength": 3,
    "Manufacturer": "Philips",
    "ManufacturersModelName": "Achieva",
    "Modality": "MR",
    "PatientPosition": "HFS",
    "PercentPhaseFOV": 100,
    "PhaseEncodingSteps": 240,
    "PhilipsRescaleIntercept": 0,
    "PhilipsRescaleSlope": 2.89035,
    "PhilipsScaleSlope": 0.000330378,
    "PixelBandwidth": 191.38,
    "ProtocolName": "T1W_3D_VBM",
    "ReconMatrixPE": 256,
    "RepetitionTime": 0.0080901,
    "ScanOptions": "OTHER",
    "ScanningSequence": "GR",
    "SequenceVariant": "MP",
    "SeriesDescription": "T1W_3D_VBM",
    "SeriesNumber": 201,
    "SliceThickness": 1,
    "SoftwareVersions": "5.3.1_5.3.1.2",
    "SpacingBetweenSlices": 1,
    "StationName": "PHILIPS-K5NT78B",
    "UsePhilipsFloatNotDisplayScaling": 1,
    "dataset": "ds003436",
    "modality": "T1w",
    "subject_id": "42"
  },
  "cjv": 0.3257972108106537,
  "cnr": 4.046056279128216,
  "efc": 0.6293878736123983,
  "fber": -1.0,
  "fwhm_avg": 4.442338666666667,
  "fwhm_x": 4.3626,
  "fwhm_y": 4.763221333333333,
  "fwhm_z": 4.201194666666667,
  "icvs_csf": 0.21513244865802586,
  "icvs_gm": 0.4322109870934781,
  "icvs_wm": 0.352656564248496,
  "inu_med": 0.3075316548347473,
  "inu_range": 0.08468063175678248,
  "provenance": {
    "md5sum": "352e397c3f76a2cf6f1f583ad561360a",
    "settings": {
      "testing": false
    },
    "software": "mriqc",
    "version": "22.0.6",
    "warnings": {
      "large_rot_frame": true,
      "small_air_mask": false
    },
    "webapi_port": null,
    "webapi_url": "https://mriqc.nimh.nih.gov/api/v1"
  },
  "qi_1": 0.0019759954232405155,
  "qi_2": 2.2752317600228892e-06,
  "rpve_csf": 17.571152389620472,
  "rpve_gm": 9.073783837107703,
  "rpve_wm": 12.616288954754554,
  "size_x": 170,
  "size_y": 256,
  "size_z": 256,
  "snr_csf": 2.8295119426777746,
  "snr_gm": 15.438322410088459,
  "snr_total": 16.198442108216465,
  "snr_wm": 30.32749197188316,
  "snrd_csf": 42.70666486918844,
  "snrd_gm": 98.1358967988775,
  "snrd_total": 90.01784126962447,
  "snrd_wm": 129.21096214080748,
  "spacing_x": 1.0,
  "spacing_y": 0.9375,
  "spacing_z": 0.9375,
  "summary_bg_k": 177.46845070977588,
  "summary_bg_mad": 0.0,
  "summary_bg_mean": 2.334894215002351,
  "summary_bg_median": 0.0,
  "summary_bg_n": 942556.0,
  "summary_bg_p05": 0.0,
  "summary_bg_p95": 11.945961875841022,
  "summary_bg_stdv": 5.07039074613608,
  "summary_csf_k": 0.7353404348465897,
  "summary_csf_mad": 77.92270026078275,
  "summary_csf_mean": 320.8748476465931,
  "summary_csf_median": 330.52579333260655,
  "summary_csf_n": 87558.0,
  "summary_csf_p05": 86.74582106648013,
  "summary_csf_p95": 511.7583353687078,
  "summary_csf_stdv": 116.81304498991467,
  "summary_gm_k": 0.2613254891398209,
  "summary_gm_mad": 47.04416890000449,
  "summary_gm_mean": 759.180464985542,
  "summary_gm_median": 759.5171677116305,
  "summary_gm_n": 71971.0,
  "summary_gm_p05": 677.8551560752094,
  "summary_gm_p95": 840.2410148028284,
  "summary_gm_stdv": 49.196529970570616,
  "summary_wm_k": 0.5045577759829678,
  "summary_wm_mad": 31.311263532000364,
  "summary_wm_mean": 1000.6415629195475,
  "summary_wm_median": 1000.0208609048277,
  "summary_wm_n": 294678.0,
  "summary_wm_p05": 947.9631526954472,
  "summary_wm_p95": 1056.3315817192197,
  "summary_wm_stdv": 32.97401463424006,
  "tpm_overlap_csf": 0.15944677721356773,
  "tpm_overlap_gm": 0.4732775513302224,
  "tpm_overlap_wm": 0.5086399203807929,
  "wm2max": 0.8950069037578834
}