{
  "bids_meta": {
    "AcquisitionMatrixPE": 240,
    "AcquisitionNumber": 2,
    "AcquisitionTime": "15:01:30.130000",
    "BodyPartExamined": "BRAIN",
    "CoilString": "SENSE_HEAD_8",
    "ConversionSoftware": "dcm2niix",
    "ConversionSoftwareVersion": "v1.0.20181125  Clang9.0.0",
    "Dcm2bidsVersion": "2.1.4",
    "DeviceSerialNumber": "34072",
    "EchoTime": 0.003695,
    "EchoTrainLength": 240,
    "FlipAngle": 12,
    "ImageOrientationPatientDICOM": [
      -0.0102612,
      0.999945,
      0.00221465,
      -0.00936182,
      0.0021186,
      -0.999954
    ],
    "ImageType": [
      "ORIGINAL",
      "PRIMARY",
      "M",
      "FFE",
      "M",
      "FFE"
    ],
    "ImagingFrequency": 127.733,
    "InPlanePhaseEncodingDirectionDICOM": "ROW",
    "InstitutionName": "Az.Osp._Udine",
    "InstitutionalDepartmentName": "Radiologia",
    "MRAcquisitionType": "3D",
    "MagneticFieldStrength": 3,
    "Manufacturer": "Philips",
    "ManufacturersModelName": "Achieva",
    "Modality": "MR",
    "PatientPosition": "HFS",
    "PercentPhaseFOV": 100,
    "PhaseEncodingSteps": 240,
    "PhilipsRescaleIntercept": 0,
    "PhilipsRescaleSlope": 2.69744,
    "PhilipsScaleSlope": 0.000281616,
    "PixelBandwidth": 191.38,
    "ProtocolName": "T1W_3D_VBM",
    "ReconMatrixPE": 256,
    "RepetitionTime": 0.008073,
    "ScanOptions": "OTHER",
    "ScanningSequence": "GR",
    "SequenceVariant": "MP",
    "SeriesDescription": "T1W_3D_VBM",
    "SeriesNumber": 201,
    "SliceThickness": 1,
    "SoftwareVersions": "5.3.1_5.3.1.2",
    "SpacingBetweenSlices": 1,
    "StationName": "PHILIPS-K5NT78B",
    "UsePhilipsFloatNotDisplayScaling": 1,
    "dataset": "ds003436",
    "modality": "T1w",
    "subject_id": "34"
  },
  "cjv": 0.34860394382275817,
  "cnr": 3.8544412875141196,
  "efc": 0.5771523938434513,
  "fber": -1.0,
  "fwhm_avg": 4.202674888888889,
  "fwhm_x": 4.06411,
  "fwhm_y": 4.497205333333333,
  "fwhm_z": 4.046709333333333,
  "icvs_csf": 0.1790739582609155,
  "icvs_gm": 0.47255173500113257,
  "icvs_wm": 0.34837430673795194,
  "inu_med": 0.30345794558525085,
  "inu_range": 0.07847099900245663,
  "provenance": {
    "md5sum": "b1f45665072f1ae609032fdf8843c35a",
    "settings": {
      "testing": false
    },
    "software": "mriqc",
    "version": "22.0.6",
    "warnings": {
      "large_rot_frame": true,
      "small_air_mask": false
    },
    "webapi_port": null,
    "webapi_url": "https://mriqc.nimh.nih.gov/api/v1"
  },
  "qi_1": 0.0002486207582402092,
  "qi_2": 7.883664927891603e-07,
  "rpve_csf": 25.17910291558124,
  "rpve_gm": 10.595703860117778,
  "rpve_wm": 15.521118097033003,
  "size_x": 170,
  "size_y": 256,
  "size_z": 256,
  "snr_csf": 2.618071133620457,
  "snr_gm": 18.032158588882243,
  "snr_total": 16.23291851640506,
  "snr_wm": 28.048525826712485,
  "snrd_csf": 42.923159964980776,
  "snrd_gm": 97.04161911064935,
  "snrd_total": 87.98996706772711,
  "snrd_wm": 124.0051221275512,
  "spacing_x": 1.0,
  "spacing_y": 0.9375,
  "spacing_z": 0.9375,
  "summary_bg_k": 23.156511901107848,
  "summary_bg_mad": 0.0,
  "summary_bg_mean": 2.2633188462629095,
  "summary_bg_median": 0.0,
  "summary_bg_n": 1610414.0,
  "summary_bg_p05": 0.0,
  "summary_bg_p95": 12.933762377128005,
  "summary_bg_stdv": 5.283273734830526,
  "summary_csf_k": 0.5984002556487482,
  "summary_csf_mad": 109.38737039995439,
  "summary_csf_mean": 339.2107902518508,
  "summary_csf_median": 346.1489907428622,
  "summary_csf_n": 30613.0,
  "summary_csf_p05": 91.69050408490003,
  "summary_csf_p95": 558.6929754506796,
  "summary_csf_stdv": 132.21311393118137,
  "summary_gm_k": 0.2184308460278599,
  "summary_gm_mad": 42.14134372526544,
  "summary_gm_mean": 781.9833585229233,
  "summary_gm_median": 782.5812112297863,
  "summary_gm_n": 58244.0,
  "summary_gm_p05": 710.1167069524527,
  "summary_gm_p95": 852.6880247724242,
  "summary_gm_stdv": 43.398824894772275,
  "summary_wm_k": 0.5157695920444296,
  "summary_wm_mad": 33.66053902187276,
  "summary_wm_mean": 1000.3961951297543,
  "summary_wm_median": 1000.025345440954,
  "summary_wm_n": 216386.0,
  "summary_wm_p05": 942.7978762928396,
  "summary_wm_p95": 1059.454844582826,
  "summary_wm_stdv": 35.65331885434763,
  "tpm_overlap_csf": 0.13766543375523935,
  "tpm_overlap_gm": 0.4796128609973888,
  "tpm_overlap_wm": 0.5044631588001947,
  "wm2max": 0.7279535575579463
}