{
  "aor": 0.006713861386138616,
  "aqi": 0.00918969891089109,
  "bids_meta": {
    "AcquisitionMatrixPE": 80,
    "AcquisitionNumber": 20,
    "AcquisitionTime": "16:30:37.550000",
    "BodyPartExamined": "BRAIN",
    "CoilString": "SENSE_HEAD_8",
    "ConversionSoftware": "dcm2niix",
    "ConversionSoftwareVersion": "v1.0.20181125  Clang9.0.0",
    "Dcm2bidsVersion": "2.1.4",
    "DeviceSerialNumber": "34072",
    "EchoTime": 0.030001,
    "EchoTrainLength": 39,
    "EffectiveEchoSpacing": 0.0002777,
    "FlipAngle": 82,
    "ImageOrientationPatientDICOM": [
      0.999604,
      0.0040415,
      0.0278468,
      -0.0041186,
      0.999988,
      0.00271174
    ],
    "ImageType": [
      "ORIGINAL",
      "PRIMARY",
      "M",
      "FFE",
      "M",
      "FFE"
    ],
    "ImagingFrequency": 127.733,
    "InPlanePhaseEncodingDirectionDICOM": "COL",
    "InstitutionName": "Az.Osp._Udine",
    "InstitutionalDepartmentName": "Radiologia",
    "MRAcquisitionType": "2D",
    "MagneticFieldStrength": 3,
    "Manufacturer": "Philips",
    "ManufacturersModelName": "Achieva",
    "Modality": "MR",
    "PartialFourier": 0.4875,
    "PatientPosition": "HFS",
    "PercentPhaseFOV": 100,
    "PhaseEncodingAxis": "j",
    "PhaseEncodingDirection": "j",
    "PhaseEncodingSteps": 80,
    "PhilipsRescaleIntercept": 0,
    "PhilipsRescaleSlope": 0.791453,
    "PhilipsScaleSlope": 0.000892723,
    "PixelBandwidth": 3608.02,
    "ProtocolName": "SOCIAL_4run",
    "ReconMatrixPE": 80,
    "RepetitionTime": 2,
    "ScanOptions": "FS",
    "ScanningSequence": "GR",
    "SequenceVariant": "SK",
    "SeriesDescription": "SOCIAL_4run",
    "SeriesNumber": 2001,
    "SliceThickness": 3,
    "SliceTiming": [
      0.0,
      0.378378,
      0.702703,
      1.027027,
      1.351351,
      1.675676,
      0.054054,
      0.432432,
      0.756757,
      1.081081,
      1.405405,
      1.72973,
      0.108108,
      0.486486,
      0.810811,
      1.135135,
      1.459459,
      1.783784,
      0.162162,
      0.540541,
      0.864865,
      1.189189,
      1.513514,
      1.837838,
      0.216216,
      0.594595,
      0.918919,
      1.243243,
      1.567568,
      1.891892,
      0.27027,
      0.648649,
      0.972973,
      1.297297,
      1.621622,
      1.945946,
      0.324324
    ],
    "SoftwareVersions": "5.3.1_5.3.1.2",
    "SpacingBetweenSlices": 3,
    "StationName": "PHILIPS-K5NT78B",
    "TaskName": "ANIM",
    "TotalReadoutTime": 0.0219394,
    "UsePhilipsFloatNotDisplayScaling": 1,
    "dataset": "ds003436",
    "modality": "bold",
    "run_id": 2,
    "subject_id": "37",
    "task_id": "anim"
  },
  "dummy_trs": 0,
  "dvars_nstd": 29.222025318,
  "dvars_std": 1.1711029126000003,
  "dvars_vstd": 1.0668214713,
  "efc": 0.47350066548686237,
  "fber": 87954.8125,
  "fd_mean": 0.1585307028232049,
  "fd_num": 16,
  "fd_perc": 15.841584158415841,
  "fwhm_avg": 1.8024544444444446,
  "fwhm_x": 1.74488,
  "fwhm_y": 1.9941033333333333,
  "fwhm_z": 1.66838,
  "gcor": 0.0218743,
  "gsr_x": -0.011113373562693596,
  "gsr_y": 0.021362919360399246,
  "provenance": {
    "md5sum": "e8067e63134fcf8b9ce458862a66e2fc",
    "settings": {
      "fd_thres": 0.2,
      "testing": false
    },
    "software": "mriqc",
    "version": "22.0.6",
    "webapi_port": null,
    "webapi_url": "https://mriqc.nimh.nih.gov/api/v1"
  },
  "size_t": 101,
  "size_x": 80,
  "size_y": 80,
  "size_z": 37,
  "snr": 6.200306791597237,
  "spacing_tr": 2.000000476837158,
  "spacing_x": 3.0,
  "spacing_y": 3.0,
  "spacing_z": 3.0,
  "summary_bg_k": 28.620340850251907,
  "summary_bg_mad": 7602.821436107534,
  "summary_bg_mean": 63773.60546875,
  "summary_bg_median": 5304.13623046875,
  "summary_bg_n": 154641.0,
  "summary_bg_p05": 84.65604400634766,
  "summary_bg_p95": 358350.09375,
  "summary_bg_stdv": 153929.015625,
  "summary_fg_k": 2.4528074972288296,
  "summary_fg_mad": 252010.03788506117,
  "summary_fg_mean": 1690771.625,
  "summary_fg_median": 1672927.125,
  "summary_fg_n": 40594.0,
  "summary_fg_p05": 1309041.46875,
  "summary_fg_p95": 2113308.2375,
  "summary_fg_stdv": 269810.28125,
  "tsnr": 54.22237014770508
}