{
  "aor": 0.00548168316831683,
  "aqi": 0.008375794752475248,
  "bids_meta": {
    "AcquisitionMatrixPE": 80,
    "AcquisitionNumber": 18,
    "AcquisitionTime": "16:21:40.980000",
    "BodyPartExamined": "BRAIN",
    "CoilString": "SENSE_HEAD_8",
    "ConversionSoftware": "dcm2niix",
    "ConversionSoftwareVersion": "v1.0.20181125  Clang9.0.0",
    "Dcm2bidsVersion": "2.1.4",
    "DeviceSerialNumber": "34072",
    "EchoTime": 0.030001,
    "EchoTrainLength": 39,
    "EffectiveEchoSpacing": 0.0002777,
    "FlipAngle": 82,
    "ImageOrientationPatientDICOM": [
      0.999604,
      0.0040415,
      0.0278468,
      -0.0041186,
      0.999988,
      0.00271174
    ],
    "ImageType": [
      "ORIGINAL",
      "PRIMARY",
      "M",
      "FFE",
      "M",
      "FFE"
    ],
    "ImagingFrequency": 127.733,
    "InPlanePhaseEncodingDirectionDICOM": "COL",
    "InstitutionName": "Az.Osp._Udine",
    "InstitutionalDepartmentName": "Radiologia",
    "MRAcquisitionType": "2D",
    "MagneticFieldStrength": 3,
    "Manufacturer": "Philips",
    "ManufacturersModelName": "Achieva",
    "Modality": "MR",
    "PartialFourier": 0.4875,
    "PatientPosition": "HFS",
    "PercentPhaseFOV": 100,
    "PhaseEncodingAxis": "j",
    "PhaseEncodingDirection": "j",
    "PhaseEncodingSteps": 80,
    "PhilipsRescaleIntercept": 0,
    "PhilipsRescaleSlope": 0.78315,
    "PhilipsScaleSlope": 0.000880921,
    "PixelBandwidth": 3608.02,
    "ProtocolName": "SOCIAL_4run",
    "ReconMatrixPE": 80,
    "RepetitionTime": 2,
    "ScanOptions": "FS",
    "ScanningSequence": "GR",
    "SequenceVariant": "SK",
    "SeriesDescription": "SOCIAL_4run",
    "SeriesNumber": 1801,
    "SliceThickness": 3,
    "SliceTiming": [
      0.0,
      0.378378,
      0.702703,
      1.027027,
      1.351351,
      1.675676,
      0.054054,
      0.432432,
      0.756757,
      1.081081,
      1.405405,
      1.72973,
      0.108108,
      0.486486,
      0.810811,
      1.135135,
      1.459459,
      1.783784,
      0.162162,
      0.540541,
      0.864865,
      1.189189,
      1.513514,
      1.837838,
      0.216216,
      0.594595,
      0.918919,
      1.243243,
      1.567568,
      1.891892,
      0.27027,
      0.648649,
      0.972973,
      1.297297,
      1.621622,
      1.945946,
      0.324324
    ],
    "SoftwareVersions": "5.3.1_5.3.1.2",
    "SpacingBetweenSlices": 3,
    "StationName": "PHILIPS-K5NT78B",
    "TaskName": "ANIM",
    "TotalReadoutTime": 0.0219394,
    "UsePhilipsFloatNotDisplayScaling": 1,
    "dataset": "ds003436",
    "modality": "bold",
    "run_id": 3,
    "subject_id": "37",
    "task_id": "anim"
  },
  "dummy_trs": 0,
  "dvars_nstd": 28.535357208100002,
  "dvars_std": 1.1640160353000002,
  "dvars_vstd": 1.0587594570999999,
  "efc": 0.47336857970030094,
  "fber": 88881.9140625,
  "fd_mean": 0.11864882363648153,
  "fd_num": 11,
  "fd_perc": 10.891089108910892,
  "fwhm_avg": 1.7986377777777778,
  "fwhm_x": 1.74031,
  "fwhm_y": 1.98675,
  "fwhm_z": 1.6688533333333335,
  "gcor": 0.0220348,
  "gsr_x": -0.011207399889826775,
  "gsr_y": 0.020988723263144493,
  "provenance": {
    "md5sum": "2d224d5b0cddd192742c9ef987bfa295",
    "settings": {
      "fd_thres": 0.2,
      "testing": false
    },
    "software": "mriqc",
    "version": "22.0.6",
    "webapi_port": null,
    "webapi_url": "https://mriqc.nimh.nih.gov/api/v1"
  },
  "size_t": 101,
  "size_x": 80,
  "size_y": 80,
  "size_z": 37,
  "snr": 6.214912872495992,
  "spacing_tr": 2.000000476837158,
  "spacing_x": 3.0,
  "spacing_y": 3.0,
  "spacing_z": 3.0,
  "summary_bg_k": 28.796104673225503,
  "summary_bg_mad": 7685.623093667926,
  "summary_bg_mean": 64327.9140625,
  "summary_bg_median": 5350.658203125,
  "summary_bg_n": 154634.0,
  "summary_bg_p05": 68.74804611206055,
  "summary_bg_p95": 360772.70937500073,
  "summary_bg_stdv": 155151.9375,
  "summary_fg_k": 2.4178310823022864,
  "summary_fg_mad": 256825.99320396065,
  "summary_fg_mean": 1717100.625,
  "summary_fg_median": 1699154.625,
  "summary_fg_n": 40561.0,
  "summary_fg_p05": 1329757.625,
  "summary_fg_p95": 2145500.25,
  "summary_fg_stdv": 273396.21875,
  "tsnr": 55.9352912902832
}