{
  "aor": 0.005498910891089107,
  "aqi": 0.009210563960396038,
  "bids_meta": {
    "AcquisitionMatrixPE": 80,
    "AcquisitionNumber": 21,
    "AcquisitionTime": "18:07:11.560000",
    "BodyPartExamined": "BRAIN",
    "CoilString": "SENSE_HEAD_8",
    "ConversionSoftware": "dcm2niix",
    "ConversionSoftwareVersion": "v1.0.20190410  Clang4.0.1",
    "Dcm2bidsVersion": "2.1.4",
    "DeviceSerialNumber": "34072",
    "EchoTime": 0.030001,
    "EchoTrainLength": 39,
    "EffectiveEchoSpacing": 0.0002777,
    "FlipAngle": 82,
    "ImageOrientationPatientDICOM": [
      0.999341,
      0.00292665,
      0.0361685,
      -0.00303132,
      0.999991,
      0.00283941
    ],
    "ImageType": [
      "ORIGINAL",
      "PRIMARY",
      "M",
      "FFE",
      "M",
      "FFE"
    ],
    "ImagingFrequency": 127.735,
    "InPlanePhaseEncodingDirectionDICOM": "COL",
    "InstitutionName": "Az.Osp._Udine",
    "InstitutionalDepartmentName": "Radiologia",
    "MRAcquisitionType": "2D",
    "MagneticFieldStrength": 3,
    "Manufacturer": "Philips",
    "ManufacturersModelName": "Achieva",
    "Modality": "MR",
    "PartialFourier": 0.4875,
    "PatientPosition": "HFS",
    "PercentPhaseFOV": 100,
    "PhaseEncodingAxis": "j",
    "PhaseEncodingDirection": "j",
    "PhaseEncodingSteps": 80,
    "PhilipsRescaleIntercept": 0,
    "PhilipsRescaleSlope": 0.763858,
    "PhilipsScaleSlope": 0.00074983,
    "PixelBandwidth": 3608.02,
    "ProtocolName": "SOCIAL_4run",
    "ReconMatrixPE": 80,
    "RepetitionTime": 2,
    "ScanOptions": "FS",
    "ScanningSequence": "GR",
    "SequenceVariant": "SK",
    "SeriesDescription": "SOCIAL_4run",
    "SeriesNumber": 2101,
    "SliceThickness": 3,
    "SliceTiming": [
      0.0,
      0.378378,
      0.702703,
      1.027027,
      1.351351,
      1.675676,
      0.054054,
      0.432432,
      0.756757,
      1.081081,
      1.405405,
      1.72973,
      0.108108,
      0.486486,
      0.810811,
      1.135135,
      1.459459,
      1.783784,
      0.162162,
      0.540541,
      0.864865,
      1.189189,
      1.513514,
      1.837838,
      0.216216,
      0.594595,
      0.918919,
      1.243243,
      1.567568,
      1.891892,
      0.27027,
      0.648649,
      0.972973,
      1.297297,
      1.621622,
      1.945946,
      0.324324
    ],
    "SoftwareVersions": "5.3.1_5.3.1.2",
    "SpacingBetweenSlices": 3,
    "StationName": "PHILIPS-K5NT78B",
    "TaskName": "ANIM",
    "TotalReadoutTime": 0.0219394,
    "UsePhilipsFloatNotDisplayScaling": 1,
    "dataset": "ds003436",
    "modality": "bold",
    "run_id": 4,
    "subject_id": "09",
    "task_id": "anim"
  },
  "dummy_trs": 0,
  "dvars_nstd": 27.325677566799985,
  "dvars_std": 1.1886133000000005,
  "dvars_vstd": 1.0526660931,
  "efc": 0.47224787761376985,
  "fber": 71700.40625,
  "fd_mean": 0.10200802914939375,
  "fd_num": 8,
  "fd_perc": 7.920792079207921,
  "fwhm_avg": 1.7873355555555552,
  "fwhm_x": 1.7102333333333333,
  "fwhm_y": 1.9748599999999998,
  "fwhm_z": 1.6769133333333333,
  "gcor": 0.025518,
  "gsr_x": -0.002988760359585285,
  "gsr_y": 0.02615562453866005,
  "provenance": {
    "md5sum": "b41510bd98b95f80e387f8170cdf3822",
    "settings": {
      "fd_thres": 0.2,
      "testing": false
    },
    "software": "mriqc",
    "version": "22.0.6",
    "webapi_port": null,
    "webapi_url": "https://mriqc.nimh.nih.gov/api/v1"
  },
  "size_t": 101,
  "size_x": 80,
  "size_y": 80,
  "size_z": 37,
  "snr": 5.901872100883648,
  "spacing_tr": 2.000000476837158,
  "spacing_x": 3.0,
  "spacing_y": 3.0,
  "spacing_z": 3.0,
  "summary_bg_k": 54.666683734657944,
  "summary_bg_mad": 9497.81354735271,
  "summary_bg_mean": 70369.1640625,
  "summary_bg_median": 7087.93212890625,
  "summary_bg_n": 152814.0,
  "summary_bg_p05": 266.5959716796875,
  "summary_bg_p95": 369504.44062500045,
  "summary_bg_stdv": 187308.84375,
  "summary_fg_k": 1.2102545479933422,
  "summary_fg_mad": 347078.56929174124,
  "summary_fg_mean": 2081476.75,
  "summary_fg_median": 2056421.5,
  "summary_fg_n": 41726.0,
  "summary_fg_p05": 1590391.8125,
  "summary_fg_p95": 2660152.0,
  "summary_fg_stdv": 348431.28125,
  "tsnr": 55.412742614746094
}