{
  "aor": 0.0008696039603960395,
  "aqi": 0.005596803465346536,
  "bids_meta": {
    "AcquisitionMatrixPE": 80,
    "AcquisitionNumber": 9,
    "AcquisitionTime": "15:40:15.590000",
    "BodyPartExamined": "BRAIN",
    "CoilString": "SENSE_HEAD_8",
    "ConversionSoftware": "dcm2niix",
    "ConversionSoftwareVersion": "v1.0.20181125  Clang9.0.0",
    "Dcm2bidsVersion": "2.1.4",
    "DeviceSerialNumber": "34072",
    "EchoTime": 0.030001,
    "EchoTrainLength": 39,
    "EffectiveEchoSpacing": 0.0002777,
    "FlipAngle": 82,
    "ImageOrientationPatientDICOM": [
      0.99898,
      0.0254585,
      0.0372908,
      -0.0217672,
      0.995119,
      -0.0962481
    ],
    "ImageType": [
      "ORIGINAL",
      "PRIMARY",
      "M",
      "FFE",
      "M",
      "FFE"
    ],
    "ImagingFrequency": 127.733,
    "InPlanePhaseEncodingDirectionDICOM": "COL",
    "InstitutionName": "Az.Osp._Udine",
    "InstitutionalDepartmentName": "Radiologia",
    "MRAcquisitionType": "2D",
    "MagneticFieldStrength": 3,
    "Manufacturer": "Philips",
    "ManufacturersModelName": "Achieva",
    "Modality": "MR",
    "PartialFourier": 0.4875,
    "PatientPosition": "HFS",
    "PercentPhaseFOV": 100,
    "PhaseEncodingAxis": "j",
    "PhaseEncodingDirection": "j",
    "PhaseEncodingSteps": 80,
    "PhilipsRescaleIntercept": 0,
    "PhilipsRescaleSlope": 0.753114,
    "PhilipsScaleSlope": 0.000963946,
    "PixelBandwidth": 3608.02,
    "ProtocolName": "SOCIAL_4run",
    "ReconMatrixPE": 80,
    "RepetitionTime": 2,
    "ScanOptions": "FS",
    "ScanningSequence": "GR",
    "SequenceVariant": "SK",
    "SeriesDescription": "SOCIAL_4run",
    "SeriesNumber": 901,
    "SliceThickness": 3,
    "SliceTiming": [
      0.0,
      0.378378,
      0.702703,
      1.027027,
      1.351351,
      1.675676,
      0.054054,
      0.432432,
      0.756757,
      1.081081,
      1.405405,
      1.72973,
      0.108108,
      0.486486,
      0.810811,
      1.135135,
      1.459459,
      1.783784,
      0.162162,
      0.540541,
      0.864865,
      1.189189,
      1.513514,
      1.837838,
      0.216216,
      0.594595,
      0.918919,
      1.243243,
      1.567568,
      1.891892,
      0.27027,
      0.648649,
      0.972973,
      1.297297,
      1.621622,
      1.945946,
      0.324324
    ],
    "SoftwareVersions": "5.3.1_5.3.1.2",
    "SpacingBetweenSlices": 3,
    "StationName": "PHILIPS-K5NT78B",
    "TaskName": "ANIM",
    "TotalReadoutTime": 0.0219394,
    "UsePhilipsFloatNotDisplayScaling": 1,
    "dataset": "ds003436",
    "modality": "bold",
    "run_id": 2,
    "subject_id": "35",
    "task_id": "anim"
  },
  "dummy_trs": 0,
  "dvars_nstd": 22.654525489799997,
  "dvars_std": 1.1677610221999997,
  "dvars_vstd": 1.0081366612,
  "efc": 0.42438928078682203,
  "fber": 174920.265625,
  "fd_mean": 0.07893552071222837,
  "fd_num": 0,
  "fd_perc": 0.0,
  "fwhm_avg": 1.9473588888888889,
  "fwhm_x": 1.9078833333333334,
  "fwhm_y": 2.0705533333333332,
  "fwhm_z": 1.86364,
  "gcor": 0.0123941,
  "gsr_x": -0.012254334054887295,
  "gsr_y": 0.01624411530792713,
  "provenance": {
    "md5sum": "4573995939dca0862f45e24e3e8ba984",
    "settings": {
      "fd_thres": 0.2,
      "testing": false
    },
    "software": "mriqc",
    "version": "22.0.6",
    "webapi_port": null,
    "webapi_url": "https://mriqc.nimh.nih.gov/api/v1"
  },
  "size_t": 101,
  "size_x": 80,
  "size_y": 80,
  "size_z": 37,
  "snr": 6.0371006021853475,
  "spacing_tr": 2.000000476837158,
  "spacing_x": 3.0,
  "spacing_y": 3.0,
  "spacing_z": 3.0,
  "summary_bg_k": 159.18401222286607,
  "summary_bg_mad": 4490.197935016895,
  "summary_bg_mean": 28614.62890625,
  "summary_bg_median": 3329.5830078125,
  "summary_bg_n": 159816.0,
  "summary_bg_p05": 86.92639923095703,
  "summary_bg_p95": 122534.40234375,
  "summary_bg_stdv": 95918.2265625,
  "summary_fg_k": 1.0022299429044237,
  "summary_fg_mad": 243024.6344771693,
  "summary_fg_mean": 1515652.375,
  "summary_fg_median": 1499746.25,
  "summary_fg_n": 36295.0,
  "summary_fg_p05": 1140484.15,
  "summary_fg_p95": 1923813.7874999994,
  "summary_fg_stdv": 248418.1875,
  "tsnr": 75.83163452148438
}