{
  "aor": 0.0008863366336633662,
  "aqi": 0.006826256039603961,
  "bids_meta": {
    "AcquisitionMatrixPE": 80,
    "AcquisitionNumber": 11,
    "AcquisitionTime": "15:49:9.080000",
    "BodyPartExamined": "BRAIN",
    "CoilString": "SENSE_HEAD_8",
    "ConversionSoftware": "dcm2niix",
    "ConversionSoftwareVersion": "v1.0.20181125  Clang9.0.0",
    "Dcm2bidsVersion": "2.1.4",
    "DeviceSerialNumber": "34072",
    "EchoTime": 0.030001,
    "EchoTrainLength": 39,
    "EffectiveEchoSpacing": 0.0002777,
    "FlipAngle": 82,
    "ImageOrientationPatientDICOM": [
      0.99898,
      0.0254585,
      0.0372908,
      -0.0217672,
      0.995119,
      -0.0962481
    ],
    "ImageType": [
      "ORIGINAL",
      "PRIMARY",
      "M",
      "FFE",
      "M",
      "FFE"
    ],
    "ImagingFrequency": 127.733,
    "InPlanePhaseEncodingDirectionDICOM": "COL",
    "InstitutionName": "Az.Osp._Udine",
    "InstitutionalDepartmentName": "Radiologia",
    "MRAcquisitionType": "2D",
    "MagneticFieldStrength": 3,
    "Manufacturer": "Philips",
    "ManufacturersModelName": "Achieva",
    "Modality": "MR",
    "PartialFourier": 0.4875,
    "PatientPosition": "HFS",
    "PercentPhaseFOV": 100,
    "PhaseEncodingAxis": "j",
    "PhaseEncodingDirection": "j",
    "PhaseEncodingSteps": 80,
    "PhilipsRescaleIntercept": 0,
    "PhilipsRescaleSlope": 0.790476,
    "PhilipsScaleSlope": 0.00154958,
    "PixelBandwidth": 3608.02,
    "ProtocolName": "SOCIAL_4run",
    "ReconMatrixPE": 80,
    "RepetitionTime": 2,
    "ScanOptions": "FS",
    "ScanningSequence": "GR",
    "SequenceVariant": "SK",
    "SeriesDescription": "SOCIAL_4run",
    "SeriesNumber": 1101,
    "SliceThickness": 3,
    "SliceTiming": [
      0.0,
      0.378378,
      0.702703,
      1.027027,
      1.351351,
      1.675676,
      0.054054,
      0.432432,
      0.756757,
      1.081081,
      1.405405,
      1.72973,
      0.108108,
      0.486486,
      0.810811,
      1.135135,
      1.459459,
      1.783784,
      0.162162,
      0.540541,
      0.864865,
      1.189189,
      1.513514,
      1.837838,
      0.216216,
      0.594595,
      0.918919,
      1.243243,
      1.567568,
      1.891892,
      0.27027,
      0.648649,
      0.972973,
      1.297297,
      1.621622,
      1.945946,
      0.324324
    ],
    "SoftwareVersions": "5.3.1_5.3.1.2",
    "SpacingBetweenSlices": 3,
    "StationName": "PHILIPS-K5NT78B",
    "TaskName": "ANIM",
    "TotalReadoutTime": 0.0219394,
    "UsePhilipsFloatNotDisplayScaling": 1,
    "dataset": "ds003436",
    "modality": "bold",
    "run_id": 1,
    "subject_id": "35",
    "task_id": "anim"
  },
  "dummy_trs": 0,
  "dvars_nstd": 20.943817272,
  "dvars_std": 1.1037387113999997,
  "dvars_vstd": 1.0048011922999998,
  "efc": 0.42450283888631823,
  "fber": 174245.640625,
  "fd_mean": 0.09599928679802366,
  "fd_num": 1,
  "fd_perc": 0.9900990099009901,
  "fwhm_avg": 1.9501288888888888,
  "fwhm_x": 1.9093366666666667,
  "fwhm_y": 2.0762766666666668,
  "fwhm_z": 1.8647733333333332,
  "gcor": 0.0131109,
  "gsr_x": -0.012198499403893948,
  "gsr_y": 0.016830282285809517,
  "provenance": {
    "md5sum": "92f353e67b6c99e29d1b989f534ec606",
    "settings": {
      "fd_thres": 0.2,
      "testing": false
    },
    "software": "mriqc",
    "version": "22.0.6",
    "webapi_port": null,
    "webapi_url": "https://mriqc.nimh.nih.gov/api/v1"
  },
  "size_t": 101,
  "size_x": 80,
  "size_y": 80,
  "size_z": 37,
  "snr": 6.062082337150692,
  "spacing_tr": 2.000000476837158,
  "spacing_x": 3.0,
  "spacing_y": 3.0,
  "spacing_z": 3.0,
  "summary_bg_k": 166.5830907549211,
  "summary_bg_mad": 2753.514670824038,
  "summary_bg_mean": 17393.08203125,
  "summary_bg_median": 2043.0323486328125,
  "summary_bg_n": 159745.0,
  "summary_bg_p05": 60.19749069213868,
  "summary_bg_p95": 74642.88593749978,
  "summary_bg_stdv": 58488.390625,
  "summary_fg_k": 1.0130089636696793,
  "summary_fg_mad": 149670.36188563635,
  "summary_fg_mean": 933198.875,
  "summary_fg_median": 923316.5,
  "summary_fg_n": 36426.0,
  "summary_fg_p05": 704826.984375,
  "summary_fg_p95": 1182152.3125,
  "summary_fg_stdv": 152308.03125,
  "tsnr": 70.00711059570312
}