{
  "aor": 0.0009450495049504949,
  "aqi": 0.006217242277227724,
  "bids_meta": {
    "AcquisitionMatrixPE": 80,
    "AcquisitionNumber": 10,
    "AcquisitionTime": "15:44:59.610000",
    "BodyPartExamined": "BRAIN",
    "CoilString": "SENSE_HEAD_8",
    "ConversionSoftware": "dcm2niix",
    "ConversionSoftwareVersion": "v1.0.20181125  Clang9.0.0",
    "Dcm2bidsVersion": "2.1.4",
    "DeviceSerialNumber": "34072",
    "EchoTime": 0.030001,
    "EchoTrainLength": 39,
    "EffectiveEchoSpacing": 0.0002777,
    "FlipAngle": 82,
    "ImageOrientationPatientDICOM": [
      0.99898,
      0.0254585,
      0.0372908,
      -0.0217672,
      0.995119,
      -0.0962481
    ],
    "ImageType": [
      "ORIGINAL",
      "PRIMARY",
      "M",
      "FFE",
      "M",
      "FFE"
    ],
    "ImagingFrequency": 127.733,
    "InPlanePhaseEncodingDirectionDICOM": "COL",
    "InstitutionName": "Az.Osp._Udine",
    "InstitutionalDepartmentName": "Radiologia",
    "MRAcquisitionType": "2D",
    "MagneticFieldStrength": 3,
    "Manufacturer": "Philips",
    "ManufacturersModelName": "Achieva",
    "Modality": "MR",
    "PartialFourier": 0.4875,
    "PatientPosition": "HFS",
    "PercentPhaseFOV": 100,
    "PhaseEncodingAxis": "j",
    "PhaseEncodingDirection": "j",
    "PhaseEncodingSteps": 80,
    "PhilipsRescaleIntercept": 0,
    "PhilipsRescaleSlope": 0.767033,
    "PhilipsScaleSlope": 0.00154697,
    "PixelBandwidth": 3608.02,
    "ProtocolName": "SOCIAL_4run",
    "ReconMatrixPE": 80,
    "RepetitionTime": 2,
    "ScanOptions": "FS",
    "ScanningSequence": "GR",
    "SequenceVariant": "SK",
    "SeriesDescription": "SOCIAL_4run",
    "SeriesNumber": 1001,
    "SliceThickness": 3,
    "SliceTiming": [
      0.0,
      0.378378,
      0.702703,
      1.027027,
      1.351351,
      1.675676,
      0.054054,
      0.432432,
      0.756757,
      1.081081,
      1.405405,
      1.72973,
      0.108108,
      0.486486,
      0.810811,
      1.135135,
      1.459459,
      1.783784,
      0.162162,
      0.540541,
      0.864865,
      1.189189,
      1.513514,
      1.837838,
      0.216216,
      0.594595,
      0.918919,
      1.243243,
      1.567568,
      1.891892,
      0.27027,
      0.648649,
      0.972973,
      1.297297,
      1.621622,
      1.945946,
      0.324324
    ],
    "SoftwareVersions": "5.3.1_5.3.1.2",
    "SpacingBetweenSlices": 3,
    "StationName": "PHILIPS-K5NT78B",
    "TaskName": "ANIM",
    "TotalReadoutTime": 0.0219394,
    "UsePhilipsFloatNotDisplayScaling": 1,
    "dataset": "ds003436",
    "modality": "bold",
    "run_id": 4,
    "subject_id": "35",
    "task_id": "anim"
  },
  "dummy_trs": 0,
  "dvars_nstd": 21.963227157600002,
  "dvars_std": 1.1280156208000003,
  "dvars_vstd": 1.0089475377,
  "efc": 0.423803611274033,
  "fber": 186856.546875,
  "fd_mean": 0.10937108894538353,
  "fd_num": 7,
  "fd_perc": 6.930693069306931,
  "fwhm_avg": 1.9466077777777777,
  "fwhm_x": 1.9108366666666667,
  "fwhm_y": 2.0644766666666667,
  "fwhm_z": 1.8645100000000001,
  "gcor": 0.0259206,
  "gsr_x": -0.012339211069047451,
  "gsr_y": 0.016348866745829582,
  "provenance": {
    "md5sum": "740f839d297e826efa3d96b4bf75bd4a",
    "settings": {
      "fd_thres": 0.2,
      "testing": false
    },
    "software": "mriqc",
    "version": "22.0.6",
    "webapi_port": null,
    "webapi_url": "https://mriqc.nimh.nih.gov/api/v1"
  },
  "size_t": 101,
  "size_x": 80,
  "size_y": 80,
  "size_z": 37,
  "snr": 6.0343795083599465,
  "spacing_tr": 2.000000476837158,
  "spacing_x": 3.0,
  "spacing_y": 3.0,
  "spacing_z": 3.0,
  "summary_bg_k": 162.47061181484364,
  "summary_bg_mad": 2671.3547404949572,
  "summary_bg_mean": 17220.8984375,
  "summary_bg_median": 1973.2020263671875,
  "summary_bg_n": 159895.0,
  "summary_bg_p05": 51.2672355651856,
  "summary_bg_p95": 73881.94843749989,
  "summary_bg_stdv": 57621.21875,
  "summary_fg_k": 1.0861544756285753,
  "summary_fg_mad": 148717.9752855238,
  "summary_fg_mean": 927235.25,
  "summary_fg_median": 917729.75,
  "summary_fg_n": 36303.0,
  "summary_fg_p05": 698085.6875,
  "summary_fg_p95": 1176226.9,
  "summary_fg_stdv": 152081.4375,
  "tsnr": 72.18414306640625
}