{
  "bids_meta": {
    "AcquisitionMatrixPE": 240,
    "AcquisitionNumber": 2,
    "AcquisitionTime": "16:52:5.430000",
    "BodyPartExamined": "BRAIN",
    "CoilString": "SENSE_HEAD_8",
    "ConversionSoftware": "dcm2niix",
    "ConversionSoftwareVersion": "v1.0.20181125  Clang9.0.0",
    "Dcm2bidsVersion": "2.1.4",
    "DeviceSerialNumber": "34072",
    "EchoTime": 0.003721,
    "EchoTrainLength": 240,
    "FlipAngle": 12,
    "ImageOrientationPatientDICOM": [
      -0.0140813,
      0.9999,
      0.00103338,
      -0.0462643,
      0.000380849,
      -0.998929
    ],
    "ImageType": [
      "ORIGINAL",
      "PRIMARY",
      "M",
      "FFE",
      "M",
      "FFE"
    ],
    "ImagingFrequency": 127.733,
    "InPlanePhaseEncodingDirectionDICOM": "ROW",
    "InstitutionName": "Az.Osp._Udine",
    "InstitutionalDepartmentName": "Radiologia",
    "MRAcquisitionType": "3D",
    "MagneticFieldStrength": 3,
    "Manufacturer": "Philips",
    "ManufacturersModelName": "Achieva",
    "Modality": "MR",
    "PatientPosition": "HFS",
    "PercentPhaseFOV": 100,
    "PhaseEncodingSteps": 240,
    "PhilipsRescaleIntercept": 0,
    "PhilipsRescaleSlope": 2.70867,
    "PhilipsScaleSlope": 0.000277403,
    "PixelBandwidth": 191.38,
    "ProtocolName": "T1W_3D_VBM",
    "ReconMatrixPE": 256,
    "RepetitionTime": 0.0081257,
    "ScanOptions": "OTHER",
    "ScanningSequence": "GR",
    "SequenceVariant": "MP",
    "SeriesDescription": "T1W_3D_VBM",
    "SeriesNumber": 201,
    "SliceThickness": 1,
    "SoftwareVersions": "5.3.1_5.3.1.2",
    "SpacingBetweenSlices": 1,
    "StationName": "PHILIPS-K5NT78B",
    "UsePhilipsFloatNotDisplayScaling": 1,
    "dataset": "ds003436",
    "modality": "T1w",
    "subject_id": "38"
  },
  "cjv": 0.3477898642560565,
  "cnr": 3.9007401480409163,
  "efc": 0.5738570314282938,
  "fber": -1.0,
  "fwhm_avg": 4.151825333333333,
  "fwhm_x": 3.99922,
  "fwhm_y": 4.497621333333333,
  "fwhm_z": 3.9586346666666667,
  "icvs_csf": 0.20484490418728335,
  "icvs_gm": 0.46277320793827365,
  "icvs_wm": 0.332381887874443,
  "inu_med": 0.3405417203903198,
  "inu_range": 0.09434689581394196,
  "provenance": {
    "md5sum": "3e0d1a0289b0cf7885287fc40105056c",
    "settings": {
      "testing": false
    },
    "software": "mriqc",
    "version": "22.0.6",
    "warnings": {
      "large_rot_frame": true,
      "small_air_mask": false
    },
    "webapi_port": null,
    "webapi_url": "https://mriqc.nimh.nih.gov/api/v1"
  },
  "qi_1": 0.001711019714653058,
  "qi_2": 4.969106980767815e-07,
  "rpve_csf": 24.156526939833935,
  "rpve_gm": 11.549417022072657,
  "rpve_wm": 17.469923072428156,
  "size_x": 170,
  "size_y": 256,
  "size_z": 256,
  "snr_csf": 2.522552950963292,
  "snr_gm": 17.63632056560615,
  "snr_total": 16.531277364421918,
  "snr_wm": 29.43495857669631,
  "snrd_csf": 41.932397425031986,
  "snrd_gm": 93.11011601137069,
  "snrd_total": 84.74382124312973,
  "snrd_wm": 119.1889502929865,
  "spacing_x": 1.0,
  "spacing_y": 0.9375,
  "spacing_z": 0.9375,
  "summary_bg_k": 20.2668084819689,
  "summary_bg_mad": 0.0,
  "summary_bg_mean": 2.411718545203039,
  "summary_bg_median": 0.0,
  "summary_bg_n": 1396834.0,
  "summary_bg_p05": 0.0,
  "summary_bg_p95": 13.540792571380734,
  "summary_bg_stdv": 5.49674497371322,
  "summary_csf_k": 0.20196730028159626,
  "summary_csf_mad": 113.92992236740572,
  "summary_csf_mean": 337.46165126468753,
  "summary_csf_median": 351.82245221268386,
  "summary_csf_n": 38070.0,
  "summary_csf_p05": 72.21756038069725,
  "summary_csf_p95": 552.5210403988136,
  "summary_csf_stdv": 139.46895795272442,
  "summary_gm_k": 0.16194259753622608,
  "summary_gm_mad": 43.21131943391864,
  "summary_gm_mean": 781.2895889354047,
  "summary_gm_median": 781.2152739297599,
  "summary_gm_n": 46413.0,
  "summary_gm_p05": 708.8752340182662,
  "summary_gm_p95": 854.090594753623,
  "summary_gm_stdv": 44.295342391189166,
  "summary_wm_k": 0.36181990005515585,
  "summary_wm_mad": 32.88768125009528,
  "summary_wm_mean": 1000.045327836576,
  "summary_wm_median": 1000.0226875580847,
  "summary_wm_n": 183697.0,
  "summary_wm_p05": 944.3580089505762,
  "summary_wm_p95": 1055.5467415191233,
  "summary_wm_stdv": 33.97388730863799,
  "tpm_overlap_csf": 0.1458634582236551,
  "tpm_overlap_gm": 0.4826646087134263,
  "tpm_overlap_wm": 0.49939168969750386,
  "wm2max": 0.7761034013351992
}