{
  "aor": 0.003046732673267327,
  "aqi": 0.009927247722772276,
  "bids_meta": {
    "AcquisitionMatrixPE": 80,
    "AcquisitionNumber": 19,
    "AcquisitionTime": "17:59:53.420000",
    "BodyPartExamined": "BRAIN",
    "CoilString": "SENSE_HEAD_8",
    "ConversionSoftware": "dcm2niix",
    "ConversionSoftwareVersion": "v1.0.20190410  Clang4.0.1",
    "Dcm2bidsVersion": "2.1.4",
    "DeviceSerialNumber": "34072",
    "EchoTime": 0.030001,
    "EchoTrainLength": 39,
    "EffectiveEchoSpacing": 0.0002777,
    "FlipAngle": 82,
    "ImageOrientationPatientDICOM": [
      0.996398,
      -0.00920139,
      0.0842941,
      0.0135544,
      0.998596,
      -0.0512152
    ],
    "ImageType": [
      "ORIGINAL",
      "PRIMARY",
      "M",
      "FFE",
      "M",
      "FFE"
    ],
    "ImagingFrequency": 127.735,
    "InPlanePhaseEncodingDirectionDICOM": "COL",
    "InstitutionName": "Az.Osp._Udine",
    "InstitutionalDepartmentName": "Radiologia",
    "MRAcquisitionType": "2D",
    "MagneticFieldStrength": 3,
    "Manufacturer": "Philips",
    "ManufacturersModelName": "Achieva",
    "Modality": "MR",
    "PartialFourier": 0.4875,
    "PatientPosition": "HFS",
    "PercentPhaseFOV": 100,
    "PhaseEncodingAxis": "j",
    "PhaseEncodingDirection": "j",
    "PhaseEncodingSteps": 80,
    "PhilipsRescaleIntercept": 0,
    "PhilipsRescaleSlope": 0.767766,
    "PhilipsScaleSlope": 0.000621539,
    "PixelBandwidth": 3608.02,
    "ProtocolName": "SOCIAL_4run",
    "ReconMatrixPE": 80,
    "RepetitionTime": 2,
    "ScanOptions": "FS",
    "ScanningSequence": "GR",
    "SequenceVariant": "SK",
    "SeriesDescription": "SOCIAL_4run",
    "SeriesNumber": 1901,
    "SliceThickness": 3,
    "SliceTiming": [
      0.0,
      0.378378,
      0.702703,
      1.027027,
      1.351351,
      1.675676,
      0.054054,
      0.432432,
      0.756757,
      1.081081,
      1.405405,
      1.72973,
      0.108108,
      0.486486,
      0.810811,
      1.135135,
      1.459459,
      1.783784,
      0.162162,
      0.540541,
      0.864865,
      1.189189,
      1.513514,
      1.837838,
      0.216216,
      0.594595,
      0.918919,
      1.243243,
      1.567568,
      1.891892,
      0.27027,
      0.648649,
      0.972973,
      1.297297,
      1.621622,
      1.945946,
      0.324324
    ],
    "SoftwareVersions": "5.3.1_5.3.1.2",
    "SpacingBetweenSlices": 3,
    "StationName": "PHILIPS-K5NT78B",
    "TaskName": "ANIM",
    "TotalReadoutTime": 0.0219394,
    "UsePhilipsFloatNotDisplayScaling": 1,
    "dataset": "ds003436",
    "modality": "bold",
    "run_id": 1,
    "subject_id": "13",
    "task_id": "anim"
  },
  "dummy_trs": 0,
  "dvars_nstd": 28.234449519699993,
  "dvars_std": 1.2493780200000006,
  "dvars_vstd": 1.0156771523000006,
  "efc": 0.434165575007641,
  "fber": 105397.828125,
  "fd_mean": 0.09402036574469369,
  "fd_num": 12,
  "fd_perc": 11.881188118811881,
  "fwhm_avg": 1.8979400000000002,
  "fwhm_x": 1.8721500000000002,
  "fwhm_y": 2.0221633333333333,
  "fwhm_z": 1.7995066666666668,
  "gcor": 0.0250564,
  "gsr_x": -0.01218382641673088,
  "gsr_y": 0.007672556210309267,
  "provenance": {
    "md5sum": "4bbe875a3065824d37298068c932221f",
    "settings": {
      "fd_thres": 0.2,
      "testing": false
    },
    "software": "mriqc",
    "version": "22.0.6",
    "webapi_port": null,
    "webapi_url": "https://mriqc.nimh.nih.gov/api/v1"
  },
  "size_t": 101,
  "size_x": 80,
  "size_y": 80,
  "size_z": 37,
  "snr": 6.398100028161219,
  "spacing_tr": 2.000000476837158,
  "spacing_x": 3.0,
  "spacing_y": 3.0,
  "spacing_z": 3.0,
  "summary_bg_k": 104.68236102528655,
  "summary_bg_mad": 10313.28698151608,
  "summary_bg_mean": 62172.203125,
  "summary_bg_median": 7664.82666015625,
  "summary_bg_n": 159291.0,
  "summary_bg_p05": 298.8604736328125,
  "summary_bg_p95": 284188.9375,
  "summary_bg_stdv": 183037.078125,
  "summary_fg_k": 1.3001144399130657,
  "summary_fg_mad": 418739.86953529355,
  "summary_fg_mean": 2747826.25,
  "summary_fg_median": 2715353.5,
  "summary_fg_n": 36266.0,
  "summary_fg_p05": 2136205.9375,
  "summary_fg_p95": 3450857.1875,
  "summary_fg_stdv": 424394.125,
  "tsnr": 56.473236083984375
}