{
  "aor": 0.0017775247524752474,
  "aqi": 0.0079410800990099,
  "bids_meta": {
    "AcquisitionMatrixPE": 80,
    "AcquisitionNumber": 21,
    "AcquisitionTime": "18:08:10.350000",
    "BodyPartExamined": "BRAIN",
    "CoilString": "SENSE_HEAD_8",
    "ConversionSoftware": "dcm2niix",
    "ConversionSoftwareVersion": "v1.0.20190410  Clang4.0.1",
    "Dcm2bidsVersion": "2.1.4",
    "DeviceSerialNumber": "34072",
    "EchoTime": 0.030001,
    "EchoTrainLength": 39,
    "EffectiveEchoSpacing": 0.0002777,
    "FlipAngle": 82,
    "ImageOrientationPatientDICOM": [
      0.996398,
      -0.00920139,
      0.0842941,
      0.0135544,
      0.998596,
      -0.0512152
    ],
    "ImageType": [
      "ORIGINAL",
      "PRIMARY",
      "M",
      "FFE",
      "M",
      "FFE"
    ],
    "ImagingFrequency": 127.735,
    "InPlanePhaseEncodingDirectionDICOM": "COL",
    "InstitutionName": "Az.Osp._Udine",
    "InstitutionalDepartmentName": "Radiologia",
    "MRAcquisitionType": "2D",
    "MagneticFieldStrength": 3,
    "Manufacturer": "Philips",
    "ManufacturersModelName": "Achieva",
    "Modality": "MR",
    "PartialFourier": 0.4875,
    "PatientPosition": "HFS",
    "PercentPhaseFOV": 100,
    "PhaseEncodingAxis": "j",
    "PhaseEncodingDirection": "j",
    "PhaseEncodingSteps": 80,
    "PhilipsRescaleIntercept": 0,
    "PhilipsRescaleSlope": 0.778266,
    "PhilipsScaleSlope": 0.000651487,
    "PixelBandwidth": 3608.02,
    "ProtocolName": "SOCIAL_4run",
    "ReconMatrixPE": 80,
    "RepetitionTime": 2,
    "ScanOptions": "FS",
    "ScanningSequence": "GR",
    "SequenceVariant": "SK",
    "SeriesDescription": "SOCIAL_4run",
    "SeriesNumber": 2101,
    "SliceThickness": 3,
    "SliceTiming": [
      0.0,
      0.378378,
      0.702703,
      1.027027,
      1.351351,
      1.675676,
      0.054054,
      0.432432,
      0.756757,
      1.081081,
      1.405405,
      1.72973,
      0.108108,
      0.486486,
      0.810811,
      1.135135,
      1.459459,
      1.783784,
      0.162162,
      0.540541,
      0.864865,
      1.189189,
      1.513514,
      1.837838,
      0.216216,
      0.594595,
      0.918919,
      1.243243,
      1.567568,
      1.891892,
      0.27027,
      0.648649,
      0.972973,
      1.297297,
      1.621622,
      1.945946,
      0.324324
    ],
    "SoftwareVersions": "5.3.1_5.3.1.2",
    "SpacingBetweenSlices": 3,
    "StationName": "PHILIPS-K5NT78B",
    "TaskName": "ANIM",
    "TotalReadoutTime": 0.0219394,
    "UsePhilipsFloatNotDisplayScaling": 1,
    "dataset": "ds003436",
    "modality": "bold",
    "run_id": 4,
    "subject_id": "13",
    "task_id": "anim"
  },
  "dummy_trs": 0,
  "dvars_nstd": 25.66730726249999,
  "dvars_std": 1.2397597249999999,
  "dvars_vstd": 1.0179564107000003,
  "efc": 0.43459738768801737,
  "fber": 108459.0859375,
  "fd_mean": 0.0670986450541975,
  "fd_num": 4,
  "fd_perc": 3.9603960396039604,
  "fwhm_avg": 1.8815055555555558,
  "fwhm_x": 1.8511866666666668,
  "fwhm_y": 2.0035766666666666,
  "fwhm_z": 1.7897533333333333,
  "gcor": 0.020439,
  "gsr_x": -0.012028812430799007,
  "gsr_y": 0.007304925937205553,
  "provenance": {
    "md5sum": "c1eafeb2c8d0d1396e31ae8f7e4fb20e",
    "settings": {
      "fd_thres": 0.2,
      "testing": false
    },
    "software": "mriqc",
    "version": "22.0.6",
    "webapi_port": null,
    "webapi_url": "https://mriqc.nimh.nih.gov/api/v1"
  },
  "size_t": 101,
  "size_x": 80,
  "size_y": 80,
  "size_z": 37,
  "snr": 6.462472011402385,
  "spacing_tr": 2.000000476837158,
  "spacing_x": 3.0,
  "spacing_y": 3.0,
  "spacing_z": 3.0,
  "summary_bg_k": 103.54386869945442,
  "summary_bg_mad": 9871.006397390966,
  "summary_bg_mean": 60313.50390625,
  "summary_bg_median": 7325.37158203125,
  "summary_bg_n": 159231.0,
  "summary_bg_p05": 268.2307586669922,
  "summary_bg_p95": 277803.5,
  "summary_bg_stdv": 177783.734375,
  "summary_fg_k": 1.3109177117462476,
  "summary_fg_mad": 401736.8313176394,
  "summary_fg_mean": 2654955.0,
  "summary_fg_median": 2624102.5,
  "summary_fg_n": 36308.0,
  "summary_fg_p05": 2068521.0125,
  "summary_fg_p95": 3324533.1875,
  "summary_fg_stdv": 406046.84375,
  "tsnr": 63.5410270690918
}