{
  "aor": 0.0011775247524752474,
  "aqi": 0.00941232099009901,
  "bids_meta": {
    "AcquisitionMatrixPE": 80,
    "AcquisitionNumber": 18,
    "AcquisitionTime": "17:55:39.790000",
    "BodyPartExamined": "BRAIN",
    "CoilString": "SENSE_HEAD_8",
    "ConversionSoftware": "dcm2niix",
    "ConversionSoftwareVersion": "v1.0.20190410  Clang4.0.1",
    "Dcm2bidsVersion": "2.1.4",
    "DeviceSerialNumber": "34072",
    "EchoTime": 0.030001,
    "EchoTrainLength": 39,
    "EffectiveEchoSpacing": 0.0002777,
    "FlipAngle": 82,
    "ImageOrientationPatientDICOM": [
      0.996398,
      -0.00920139,
      0.0842941,
      0.0135544,
      0.998596,
      -0.0512152
    ],
    "ImageType": [
      "ORIGINAL",
      "PRIMARY",
      "M",
      "FFE",
      "M",
      "FFE"
    ],
    "ImagingFrequency": 127.735,
    "InPlanePhaseEncodingDirectionDICOM": "COL",
    "InstitutionName": "Az.Osp._Udine",
    "InstitutionalDepartmentName": "Radiologia",
    "MRAcquisitionType": "2D",
    "MagneticFieldStrength": 3,
    "Manufacturer": "Philips",
    "ManufacturersModelName": "Achieva",
    "Modality": "MR",
    "PartialFourier": 0.4875,
    "PatientPosition": "HFS",
    "PercentPhaseFOV": 100,
    "PhaseEncodingAxis": "j",
    "PhaseEncodingDirection": "j",
    "PhaseEncodingSteps": 80,
    "PhilipsRescaleIntercept": 0,
    "PhilipsRescaleSlope": 0.764591,
    "PhilipsScaleSlope": 0.000613206,
    "PixelBandwidth": 3608.02,
    "ProtocolName": "SOCIAL_4run",
    "ReconMatrixPE": 80,
    "RepetitionTime": 2,
    "ScanOptions": "FS",
    "ScanningSequence": "GR",
    "SequenceVariant": "SK",
    "SeriesDescription": "SOCIAL_4run",
    "SeriesNumber": 1801,
    "SliceThickness": 3,
    "SliceTiming": [
      0.0,
      0.378378,
      0.702703,
      1.027027,
      1.351351,
      1.675676,
      0.054054,
      0.432432,
      0.756757,
      1.081081,
      1.405405,
      1.72973,
      0.108108,
      0.486486,
      0.810811,
      1.135135,
      1.459459,
      1.783784,
      0.162162,
      0.540541,
      0.864865,
      1.189189,
      1.513514,
      1.837838,
      0.216216,
      0.594595,
      0.918919,
      1.243243,
      1.567568,
      1.891892,
      0.27027,
      0.648649,
      0.972973,
      1.297297,
      1.621622,
      1.945946,
      0.324324
    ],
    "SoftwareVersions": "5.3.1_5.3.1.2",
    "SpacingBetweenSlices": 3,
    "StationName": "PHILIPS-K5NT78B",
    "TaskName": "ANIM",
    "TotalReadoutTime": 0.0219394,
    "UsePhilipsFloatNotDisplayScaling": 1,
    "dataset": "ds003436",
    "modality": "bold",
    "run_id": 3,
    "subject_id": "13",
    "task_id": "anim"
  },
  "dummy_trs": 0,
  "dvars_nstd": 26.820977534999983,
  "dvars_std": 1.2217535542000006,
  "dvars_vstd": 0.9866327966000005,
  "efc": 0.4346337943903906,
  "fber": 106652.4765625,
  "fd_mean": 0.06924208426299329,
  "fd_num": 4,
  "fd_perc": 3.9603960396039604,
  "fwhm_avg": 1.8912633333333335,
  "fwhm_x": 1.8677166666666667,
  "fwhm_y": 2.016696666666667,
  "fwhm_z": 1.7893766666666666,
  "gcor": 0.0164628,
  "gsr_x": -0.012016043066978455,
  "gsr_y": 0.007465323433279991,
  "provenance": {
    "md5sum": "590f8fbd840c4252a418543dcc8e9249",
    "settings": {
      "fd_thres": 0.2,
      "testing": false
    },
    "software": "mriqc",
    "version": "22.0.6",
    "webapi_port": null,
    "webapi_url": "https://mriqc.nimh.nih.gov/api/v1"
  },
  "size_t": 101,
  "size_x": 80,
  "size_y": 80,
  "size_z": 37,
  "snr": 6.462966852572896,
  "spacing_tr": 2.000000476837158,
  "spacing_x": 3.0,
  "spacing_y": 3.0,
  "spacing_z": 3.0,
  "summary_bg_k": 101.69721334523838,
  "summary_bg_mad": 10245.10456321871,
  "summary_bg_mean": 62285.96875,
  "summary_bg_median": 7617.3662109375,
  "summary_bg_n": 159197.0,
  "summary_bg_p05": 295.27744140625003,
  "summary_bg_p95": 284957.6437499999,
  "summary_bg_stdv": 183097.90625,
  "summary_fg_k": 1.31325884323714,
  "summary_fg_mad": 416428.86332719796,
  "summary_fg_mean": 2750547.25,
  "summary_fg_median": 2719112.0,
  "summary_fg_n": 36325.0,
  "summary_fg_p05": 2139433.05,
  "summary_fg_p95": 3442124.5,
  "summary_fg_stdv": 420716.15625,
  "tsnr": 59.46617126464844
}