{
  "bids_meta": {
    "AcquisitionMatrixPE": 240,
    "AcquisitionNumber": 2,
    "AcquisitionTime": "16:58:37.520000",
    "BodyPartExamined": "BRAIN",
    "CoilString": "SENSE_HEAD_8",
    "ConversionSoftware": "dcm2niix",
    "ConversionSoftwareVersion": "v1.0.20190410  Clang4.0.1",
    "Dcm2bidsVersion": "2.1.4",
    "DeviceSerialNumber": "34072",
    "EchoTime": 0.003704,
    "EchoTrainLength": 240,
    "FlipAngle": 12,
    "ImageOrientationPatientDICOM": [
      -0.00723641,
      0.999969,
      0.00323305,
      0.0204321,
      0.00338032,
      -0.999786
    ],
    "ImageType": [
      "ORIGINAL",
      "PRIMARY",
      "M",
      "FFE",
      "M",
      "FFE"
    ],
    "ImagingFrequency": 127.734,
    "InPlanePhaseEncodingDirectionDICOM": "ROW",
    "InstitutionName": "Az.Osp._Udine",
    "InstitutionalDepartmentName": "Radiologia",
    "MRAcquisitionType": "3D",
    "MagneticFieldStrength": 3,
    "Manufacturer": "Philips",
    "ManufacturersModelName": "Achieva",
    "Modality": "MR",
    "PatientPosition": "HFS",
    "PercentPhaseFOV": 100,
    "PhaseEncodingSteps": 240,
    "PhilipsRescaleIntercept": 0,
    "PhilipsRescaleSlope": 2.87228,
    "PhilipsScaleSlope": 0.00029377,
    "PixelBandwidth": 191.38,
    "ProtocolName": "T1W_3D_VBM",
    "ReconMatrixPE": 256,
    "RepetitionTime": 0.0080881,
    "ScanOptions": "OTHER",
    "ScanningSequence": "GR",
    "SequenceVariant": "MP",
    "SeriesDescription": "T1W_3D_VBM",
    "SeriesNumber": 201,
    "SliceThickness": 1,
    "SoftwareVersions": "5.3.1_5.3.1.2",
    "SpacingBetweenSlices": 1,
    "StationName": "PHILIPS-K5NT78B",
    "UsePhilipsFloatNotDisplayScaling": 1,
    "dataset": "ds003436",
    "modality": "T1w",
    "subject_id": "29"
  },
  "cjv": 0.33390948235266577,
  "cnr": 3.974192668594152,
  "efc": 0.5789094730124588,
  "fber": -1.0,
  "fwhm_avg": 4.254533111111111,
  "fwhm_x": 4.06409,
  "fwhm_y": 4.619722666666666,
  "fwhm_z": 4.079786666666667,
  "icvs_csf": 0.1760971074856111,
  "icvs_gm": 0.45749433967170156,
  "icvs_wm": 0.3664085528426873,
  "inu_med": 0.25648802518844604,
  "inu_range": 0.05734351724386216,
  "provenance": {
    "md5sum": "42819d99179502b00430a63c59b9f98c",
    "settings": {
      "testing": false
    },
    "software": "mriqc",
    "version": "22.0.6",
    "warnings": {
      "large_rot_frame": true,
      "small_air_mask": false
    },
    "webapi_port": null,
    "webapi_url": "https://mriqc.nimh.nih.gov/api/v1"
  },
  "qi_1": 2.835106653168409e-05,
  "qi_2": 6.582107681979287e-06,
  "rpve_csf": 24.5646937905682,
  "rpve_gm": 10.414234026728998,
  "rpve_wm": 14.34217277728105,
  "size_x": 170,
  "size_y": 256,
  "size_z": 256,
  "snr_csf": 2.2404137173428156,
  "snr_gm": 17.368408653019983,
  "snr_total": 16.817602049139182,
  "snr_wm": 30.84398377705475,
  "snrd_csf": 59.5205810943509,
  "snrd_gm": 133.39264705439163,
  "snrd_total": 121.35001157179784,
  "snrd_wm": 171.13680656665093,
  "spacing_x": 1.0,
  "spacing_y": 0.9375,
  "spacing_z": 0.9375,
  "summary_bg_k": 20.59791352053134,
  "summary_bg_mad": 0.0,
  "summary_bg_mean": 1.6686659193650846,
  "summary_bg_median": 0.0,
  "summary_bg_n": 1244449.0,
  "summary_bg_p05": 0.0,
  "summary_bg_p95": 8.367686033248901,
  "summary_bg_stdv": 3.828222897515441,
  "summary_csf_k": -0.5498406826253914,
  "summary_csf_mad": 152.23134327809817,
  "summary_csf_mean": 328.61358696689086,
  "summary_csf_median": 347.8024597913027,
  "summary_csf_n": 39342.0,
  "summary_csf_p05": 59.45671616345644,
  "summary_csf_p95": 570.457766251266,
  "summary_csf_stdv": 155.2383101510168,
  "summary_gm_k": 0.3719476303843665,
  "summary_gm_mad": 42.08292801296072,
  "summary_gm_mean": 779.3389007663922,
  "summary_gm_median": 779.4663612246513,
  "summary_gm_n": 68524.0,
  "summary_gm_p05": 705.3262018859386,
  "summary_gm_p95": 854.0987373888493,
  "summary_gm_stdv": 44.8780708257692,
  "summary_wm_k": 0.23694015209886743,
  "summary_wm_mad": 31.56219600972054,
  "summary_wm_mean": 1000.1917227598843,
  "summary_wm_median": 1000.0205171108246,
  "summary_wm_n": 254416.0,
  "summary_wm_p05": 947.1072083711624,
  "summary_wm_p95": 1053.5080788135529,
  "summary_wm_stdv": 32.42183496826037,
  "tpm_overlap_csf": 0.13062513356071834,
  "tpm_overlap_gm": 0.4783736362624464,
  "tpm_overlap_wm": 0.5224079813233432,
  "wm2max": 0.8705743719759325
}