{
  "aor": 0.0009241584158415843,
  "aqi": 0.0053285365346534665,
  "bids_meta": {
    "AcquisitionMatrixPE": 80,
    "AcquisitionNumber": 5,
    "AcquisitionTime": "15:23:50.930000",
    "BodyPartExamined": "BRAIN",
    "CoilString": "SENSE_HEAD_8",
    "ConversionSoftware": "dcm2niix",
    "ConversionSoftwareVersion": "v1.0.20190410  Clang4.0.1",
    "Dcm2bidsVersion": "2.1.4",
    "DeviceSerialNumber": "34072",
    "EchoTime": 0.030001,
    "EchoTrainLength": 39,
    "EffectiveEchoSpacing": 0.0002777,
    "FlipAngle": 82,
    "ImageOrientationPatientDICOM": [
      0.999926,
      0.0121755,
      0.00011249,
      -0.0121757,
      0.999924,
      0.00203083
    ],
    "ImageType": [
      "ORIGINAL",
      "PRIMARY",
      "M",
      "FFE",
      "M",
      "FFE"
    ],
    "ImagingFrequency": 127.734,
    "InPlanePhaseEncodingDirectionDICOM": "COL",
    "InstitutionName": "Az.Osp._Udine",
    "InstitutionalDepartmentName": "Radiologia",
    "MRAcquisitionType": "2D",
    "MagneticFieldStrength": 3,
    "Manufacturer": "Philips",
    "ManufacturersModelName": "Achieva",
    "Modality": "MR",
    "PartialFourier": 0.4875,
    "PatientPosition": "HFS",
    "PercentPhaseFOV": 100,
    "PhaseEncodingAxis": "j",
    "PhaseEncodingDirection": "j",
    "PhaseEncodingSteps": 80,
    "PhilipsRescaleIntercept": 0,
    "PhilipsRescaleSlope": 0.754823,
    "PhilipsScaleSlope": 0.000516388,
    "PixelBandwidth": 3608.02,
    "ProtocolName": "SOCIAL_4run",
    "ReconMatrixPE": 80,
    "RepetitionTime": 2,
    "ScanOptions": "FS",
    "ScanningSequence": "GR",
    "SequenceVariant": "SK",
    "SeriesDescription": "SOCIAL_4run",
    "SeriesNumber": 501,
    "SliceThickness": 3,
    "SliceTiming": [
      0.0,
      0.378378,
      0.702703,
      1.027027,
      1.351351,
      1.675676,
      0.054054,
      0.432432,
      0.756757,
      1.081081,
      1.405405,
      1.72973,
      0.108108,
      0.486486,
      0.810811,
      1.135135,
      1.459459,
      1.783784,
      0.162162,
      0.540541,
      0.864865,
      1.189189,
      1.513514,
      1.837838,
      0.216216,
      0.594595,
      0.918919,
      1.243243,
      1.567568,
      1.891892,
      0.27027,
      0.648649,
      0.972973,
      1.297297,
      1.621622,
      1.945946,
      0.324324
    ],
    "SoftwareVersions": "5.3.1_5.3.1.2",
    "SpacingBetweenSlices": 3,
    "StationName": "PHILIPS-K5NT78B",
    "TaskName": "ANIM",
    "TotalReadoutTime": 0.0219394,
    "UsePhilipsFloatNotDisplayScaling": 1,
    "dataset": "ds003436",
    "modality": "bold",
    "run_id": 4,
    "subject_id": "23",
    "task_id": "anim"
  },
  "dummy_trs": 0,
  "dvars_nstd": 24.8178681564,
  "dvars_std": 1.1698216027000004,
  "dvars_vstd": 1.0086366217000005,
  "efc": 0.4580359253751787,
  "fber": 79638.625,
  "fd_mean": 0.04568417873300578,
  "fd_num": 0,
  "fd_perc": 0.0,
  "fwhm_avg": 1.9182088888888889,
  "fwhm_x": 1.8109,
  "fwhm_y": 2.0919766666666666,
  "fwhm_z": 1.85175,
  "gcor": 0.0207117,
  "gsr_x": -0.01000884361565113,
  "gsr_y": 0.013461030088365078,
  "provenance": {
    "md5sum": "c625aa0061a5882eef0ccf3edf468d57",
    "settings": {
      "fd_thres": 0.2,
      "testing": false
    },
    "software": "mriqc",
    "version": "22.0.6",
    "webapi_port": null,
    "webapi_url": "https://mriqc.nimh.nih.gov/api/v1"
  },
  "size_t": 101,
  "size_x": 80,
  "size_y": 80,
  "size_z": 37,
  "snr": 5.51766629773226,
  "spacing_tr": 2.000000476837158,
  "spacing_x": 3.0,
  "spacing_y": 3.0,
  "spacing_z": 3.0,
  "summary_bg_k": 41.42596695643079,
  "summary_bg_mad": 12084.461560186544,
  "summary_bg_mean": 78311.453125,
  "summary_bg_median": 9309.427734375,
  "summary_bg_n": 154242.0,
  "summary_bg_p05": 422.0671844482422,
  "summary_bg_p95": 399416.02968749707,
  "summary_bg_stdv": 208382.578125,
  "summary_fg_k": 1.6118787629535216,
  "summary_fg_mad": 485236.61761332024,
  "summary_fg_mean": 2940637.0,
  "summary_fg_median": 2890240.25,
  "summary_fg_n": 40588.0,
  "summary_fg_p05": 2230443.8875,
  "summary_fg_p95": 3837579.875,
  "summary_fg_stdv": 523809.25,
  "tsnr": 68.88874816894531
}