{
  "aor": 0.0009773267326732673,
  "aqi": 0.005205038514851484,
  "bids_meta": {
    "AcquisitionMatrixPE": 80,
    "AcquisitionNumber": 6,
    "AcquisitionTime": "15:28:7.470000",
    "BodyPartExamined": "BRAIN",
    "CoilString": "SENSE_HEAD_8",
    "ConversionSoftware": "dcm2niix",
    "ConversionSoftwareVersion": "v1.0.20190410  Clang4.0.1",
    "Dcm2bidsVersion": "2.1.4",
    "DeviceSerialNumber": "34072",
    "EchoTime": 0.030001,
    "EchoTrainLength": 39,
    "EffectiveEchoSpacing": 0.0002777,
    "FlipAngle": 82,
    "ImageOrientationPatientDICOM": [
      0.999926,
      0.0121755,
      0.00011249,
      -0.0121757,
      0.999924,
      0.00203083
    ],
    "ImageType": [
      "ORIGINAL",
      "PRIMARY",
      "M",
      "FFE",
      "M",
      "FFE"
    ],
    "ImagingFrequency": 127.734,
    "InPlanePhaseEncodingDirectionDICOM": "COL",
    "InstitutionName": "Az.Osp._Udine",
    "InstitutionalDepartmentName": "Radiologia",
    "MRAcquisitionType": "2D",
    "MagneticFieldStrength": 3,
    "Manufacturer": "Philips",
    "ManufacturersModelName": "Achieva",
    "Modality": "MR",
    "PartialFourier": 0.4875,
    "PatientPosition": "HFS",
    "PercentPhaseFOV": 100,
    "PhaseEncodingAxis": "j",
    "PhaseEncodingDirection": "j",
    "PhaseEncodingSteps": 80,
    "PhilipsRescaleIntercept": 0,
    "PhilipsRescaleSlope": 0.758486,
    "PhilipsScaleSlope": 0.000515388,
    "PixelBandwidth": 3608.02,
    "ProtocolName": "SOCIAL_4run",
    "ReconMatrixPE": 80,
    "RepetitionTime": 2,
    "ScanOptions": "FS",
    "ScanningSequence": "GR",
    "SequenceVariant": "SK",
    "SeriesDescription": "SOCIAL_4run",
    "SeriesNumber": 601,
    "SliceThickness": 3,
    "SliceTiming": [
      0.0,
      0.378378,
      0.702703,
      1.027027,
      1.351351,
      1.675676,
      0.054054,
      0.432432,
      0.756757,
      1.081081,
      1.405405,
      1.72973,
      0.108108,
      0.486486,
      0.810811,
      1.135135,
      1.459459,
      1.783784,
      0.162162,
      0.540541,
      0.864865,
      1.189189,
      1.513514,
      1.837838,
      0.216216,
      0.594595,
      0.918919,
      1.243243,
      1.567568,
      1.891892,
      0.27027,
      0.648649,
      0.972973,
      1.297297,
      1.621622,
      1.945946,
      0.324324
    ],
    "SoftwareVersions": "5.3.1_5.3.1.2",
    "SpacingBetweenSlices": 3,
    "StationName": "PHILIPS-K5NT78B",
    "TaskName": "ANIM",
    "TotalReadoutTime": 0.0219394,
    "UsePhilipsFloatNotDisplayScaling": 1,
    "dataset": "ds003436",
    "modality": "bold",
    "run_id": 3,
    "subject_id": "23",
    "task_id": "anim"
  },
  "dummy_trs": 0,
  "dvars_nstd": 26.563335857399984,
  "dvars_std": 1.224059687,
  "dvars_vstd": 1.0130747130000002,
  "efc": 0.4576551550536977,
  "fber": 86653.1796875,
  "fd_mean": 0.04262957559198375,
  "fd_num": 0,
  "fd_perc": 0.0,
  "fwhm_avg": 1.9222600000000003,
  "fwhm_x": 1.8129666666666668,
  "fwhm_y": 2.10051,
  "fwhm_z": 1.8533033333333335,
  "gcor": 0.0192576,
  "gsr_x": -0.009755820967257023,
  "gsr_y": 0.013317983597517014,
  "provenance": {
    "md5sum": "a8b920f892016202811ae365e0f1943c",
    "settings": {
      "fd_thres": 0.2,
      "testing": false
    },
    "software": "mriqc",
    "version": "22.0.6",
    "webapi_port": null,
    "webapi_url": "https://mriqc.nimh.nih.gov/api/v1"
  },
  "size_t": 101,
  "size_x": 80,
  "size_y": 80,
  "size_z": 37,
  "snr": 5.496176107796574,
  "spacing_tr": 2.000000476837158,
  "spacing_x": 3.0,
  "spacing_y": 3.0,
  "spacing_z": 3.0,
  "summary_bg_k": 41.31275796889382,
  "summary_bg_mad": 11853.900898327047,
  "summary_bg_mean": 78364.7890625,
  "summary_bg_median": 9112.0068359375,
  "summary_bg_n": 154238.0,
  "summary_bg_p05": 375.1947158813477,
  "summary_bg_p95": 403644.40156249993,
  "summary_bg_stdv": 208660.953125,
  "summary_fg_k": 1.6111223882197772,
  "summary_fg_mad": 488432.92267114104,
  "summary_fg_mean": 2952243.75,
  "summary_fg_median": 2903859.0,
  "summary_fg_n": 40596.0,
  "summary_fg_p05": 2236845.625,
  "summary_fg_p95": 3857685.1875,
  "summary_fg_stdv": 528335.1875,
  "tsnr": 70.4075698852539
}