{
  "aor": 0.0007993069306930694,
  "aqi": 0.004096973465346535,
  "bids_meta": {
    "AcquisitionMatrixPE": 80,
    "AcquisitionNumber": 8,
    "AcquisitionTime": "17:31:29.320000",
    "BodyPartExamined": "BRAIN",
    "CoilString": "SENSE_HEAD_8",
    "ConversionSoftware": "dcm2niix",
    "ConversionSoftwareVersion": "v1.0.20190410  Clang4.0.1",
    "Dcm2bidsVersion": "2.1.4",
    "DeviceSerialNumber": "34072",
    "EchoTime": 0.030001,
    "EchoTrainLength": 39,
    "EffectiveEchoSpacing": 0.0002777,
    "FlipAngle": 82,
    "ImageOrientationPatientDICOM": [
      0.999958,
      0.0090591,
      0.00165401,
      -0.00906499,
      0.999952,
      0.00359128
    ],
    "ImageType": [
      "ORIGINAL",
      "PRIMARY",
      "M",
      "FFE",
      "M",
      "FFE"
    ],
    "ImagingFrequency": 127.735,
    "InPlanePhaseEncodingDirectionDICOM": "COL",
    "InstitutionName": "Az.Osp._Udine",
    "InstitutionalDepartmentName": "Radiologia",
    "MRAcquisitionType": "2D",
    "MagneticFieldStrength": 3,
    "Manufacturer": "Philips",
    "ManufacturersModelName": "Achieva",
    "Modality": "MR",
    "PartialFourier": 0.4875,
    "PatientPosition": "HFS",
    "PercentPhaseFOV": 100,
    "PhaseEncodingAxis": "j",
    "PhaseEncodingDirection": "j",
    "PhaseEncodingSteps": 80,
    "PhilipsRescaleIntercept": 0,
    "PhilipsRescaleSlope": 0.750916,
    "PhilipsScaleSlope": 0.000813668,
    "PixelBandwidth": 3608.02,
    "ProtocolName": "SOCIAL_4run",
    "ReconMatrixPE": 80,
    "RepetitionTime": 2,
    "ScanOptions": "FS",
    "ScanningSequence": "GR",
    "SequenceVariant": "SK",
    "SeriesDescription": "SOCIAL_4run",
    "SeriesNumber": 801,
    "SliceThickness": 3,
    "SliceTiming": [
      0.0,
      0.378378,
      0.702703,
      1.027027,
      1.351351,
      1.675676,
      0.054054,
      0.432432,
      0.756757,
      1.081081,
      1.405405,
      1.72973,
      0.108108,
      0.486486,
      0.810811,
      1.135135,
      1.459459,
      1.783784,
      0.162162,
      0.540541,
      0.864865,
      1.189189,
      1.513514,
      1.837838,
      0.216216,
      0.594595,
      0.918919,
      1.243243,
      1.567568,
      1.891892,
      0.27027,
      0.648649,
      0.972973,
      1.297297,
      1.621622,
      1.945946,
      0.324324
    ],
    "SoftwareVersions": "5.3.1_5.3.1.2",
    "SpacingBetweenSlices": 3,
    "StationName": "PHILIPS-K5NT78B",
    "TaskName": "ANIM",
    "TotalReadoutTime": 0.0219394,
    "UsePhilipsFloatNotDisplayScaling": 1,
    "dataset": "ds003436",
    "modality": "bold",
    "run_id": 3,
    "subject_id": "17",
    "task_id": "anim"
  },
  "dummy_trs": 0,
  "dvars_nstd": 22.534726542800005,
  "dvars_std": 1.1504259300000002,
  "dvars_vstd": 1.0111462216000002,
  "efc": 0.4108022021603462,
  "fber": 204945.265625,
  "fd_mean": 0.048204321305801656,
  "fd_num": 0,
  "fd_perc": 0.0,
  "fwhm_avg": 1.8684555555555555,
  "fwhm_x": 1.8060133333333335,
  "fwhm_y": 2.0575633333333334,
  "fwhm_z": 1.74179,
  "gcor": 0.021099,
  "gsr_x": -0.01870320737361908,
  "gsr_y": 0.009835686534643173,
  "provenance": {
    "md5sum": "e1db39bf31e2ae33ee6125001caf30b6",
    "settings": {
      "fd_thres": 0.2,
      "testing": false
    },
    "software": "mriqc",
    "version": "22.0.6",
    "webapi_port": null,
    "webapi_url": "https://mriqc.nimh.nih.gov/api/v1"
  },
  "size_t": 101,
  "size_x": 80,
  "size_y": 80,
  "size_z": 37,
  "snr": 5.447299299606226,
  "spacing_tr": 2.000000476837158,
  "spacing_x": 3.0,
  "spacing_y": 3.0,
  "spacing_z": 3.0,
  "summary_bg_k": 125.37525565004148,
  "summary_bg_mad": 4504.3444387260415,
  "summary_bg_mean": 29232.556640625,
  "summary_bg_median": 3434.4853515625,
  "summary_bg_n": 162175.0,
  "summary_bg_p05": 83.34020156860352,
  "summary_bg_p95": 136452.06249999994,
  "summary_bg_stdv": 95002.359375,
  "summary_fg_k": 2.821707980516294,
  "summary_fg_mad": 272386.4594630089,
  "summary_fg_mean": 1714878.125,
  "summary_fg_median": 1677022.5,
  "summary_fg_n": 34089.0,
  "summary_fg_p05": 1307635.625,
  "summary_fg_p95": 2220720.75,
  "summary_fg_stdv": 307858.59375,
  "tsnr": 76.45578002929688
}