{
  "aor": 0.0006903960396039604,
  "aqi": 0.005843677326732673,
  "bids_meta": {
    "AcquisitionMatrixPE": 80,
    "AcquisitionNumber": 10,
    "AcquisitionTime": "17:40:13.600000",
    "BodyPartExamined": "BRAIN",
    "CoilString": "SENSE_HEAD_8",
    "ConversionSoftware": "dcm2niix",
    "ConversionSoftwareVersion": "v1.0.20190410  Clang4.0.1",
    "Dcm2bidsVersion": "2.1.4",
    "DeviceSerialNumber": "34072",
    "EchoTime": 0.030001,
    "EchoTrainLength": 39,
    "EffectiveEchoSpacing": 0.0002777,
    "FlipAngle": 82,
    "ImageOrientationPatientDICOM": [
      0.999958,
      0.0090591,
      0.00165401,
      -0.00906499,
      0.999952,
      0.00359128
    ],
    "ImageType": [
      "ORIGINAL",
      "PRIMARY",
      "M",
      "FFE",
      "M",
      "FFE"
    ],
    "ImagingFrequency": 127.735,
    "InPlanePhaseEncodingDirectionDICOM": "COL",
    "InstitutionName": "Az.Osp._Udine",
    "InstitutionalDepartmentName": "Radiologia",
    "MRAcquisitionType": "2D",
    "MagneticFieldStrength": 3,
    "Manufacturer": "Philips",
    "ManufacturersModelName": "Achieva",
    "Modality": "MR",
    "PartialFourier": 0.4875,
    "PatientPosition": "HFS",
    "PercentPhaseFOV": 100,
    "PhaseEncodingAxis": "j",
    "PhaseEncodingDirection": "j",
    "PhaseEncodingSteps": 80,
    "PhilipsRescaleIntercept": 0,
    "PhilipsRescaleSlope": 0.763126,
    "PhilipsScaleSlope": 0.00212232,
    "PixelBandwidth": 3608.02,
    "ProtocolName": "SOCIAL_4run",
    "ReconMatrixPE": 80,
    "RepetitionTime": 2,
    "ScanOptions": "FS",
    "ScanningSequence": "GR",
    "SequenceVariant": "SK",
    "SeriesDescription": "SOCIAL_4run",
    "SeriesNumber": 1001,
    "SliceThickness": 3,
    "SliceTiming": [
      0.0,
      0.378378,
      0.702703,
      1.027027,
      1.351351,
      1.675676,
      0.054054,
      0.432432,
      0.756757,
      1.081081,
      1.405405,
      1.72973,
      0.108108,
      0.486486,
      0.810811,
      1.135135,
      1.459459,
      1.783784,
      0.162162,
      0.540541,
      0.864865,
      1.189189,
      1.513514,
      1.837838,
      0.216216,
      0.594595,
      0.918919,
      1.243243,
      1.567568,
      1.891892,
      0.27027,
      0.648649,
      0.972973,
      1.297297,
      1.621622,
      1.945946,
      0.324324
    ],
    "SoftwareVersions": "5.3.1_5.3.1.2",
    "SpacingBetweenSlices": 3,
    "StationName": "PHILIPS-K5NT78B",
    "TaskName": "ANIM",
    "TotalReadoutTime": 0.0219394,
    "UsePhilipsFloatNotDisplayScaling": 1,
    "dataset": "ds003436",
    "modality": "bold",
    "run_id": 1,
    "subject_id": "17",
    "task_id": "anim"
  },
  "dummy_trs": 0,
  "dvars_nstd": 22.8368653487,
  "dvars_std": 1.1152564607000002,
  "dvars_vstd": 0.996624761,
  "efc": 0.41077929593891976,
  "fber": 193362.65625,
  "fd_mean": 0.05873435400491842,
  "fd_num": 0,
  "fd_perc": 0.0,
  "fwhm_avg": 1.8680266666666665,
  "fwhm_x": 1.8044233333333333,
  "fwhm_y": 2.0624333333333333,
  "fwhm_z": 1.7372233333333333,
  "gcor": 0.0228587,
  "gsr_x": -0.018794860690832138,
  "gsr_y": 0.010589182376861572,
  "provenance": {
    "md5sum": "727de60a79748dc282c28ee836edc76a",
    "settings": {
      "fd_thres": 0.2,
      "testing": false
    },
    "software": "mriqc",
    "version": "22.0.6",
    "webapi_port": null,
    "webapi_url": "https://mriqc.nimh.nih.gov/api/v1"
  },
  "size_t": 101,
  "size_x": 80,
  "size_y": 80,
  "size_z": 37,
  "snr": 5.4242762431774025,
  "spacing_tr": 2.000000476837158,
  "spacing_x": 3.0,
  "spacing_y": 3.0,
  "spacing_z": 3.0,
  "summary_bg_k": 140.34227758798437,
  "summary_bg_mad": 1740.9944748981281,
  "summary_bg_mean": 11029.0732421875,
  "summary_bg_median": 1338.677734375,
  "summary_bg_n": 162272.0,
  "summary_bg_p05": 42.336467552185056,
  "summary_bg_p95": 51836.02519531245,
  "summary_bg_stdv": 35701.53515625,
  "summary_fg_k": 2.9144792605116514,
  "summary_fg_mad": 102119.55590129609,
  "summary_fg_mean": 644015.0625,
  "summary_fg_median": 629730.375,
  "summary_fg_n": 34086.0,
  "summary_fg_p05": 492104.5546875,
  "summary_fg_p95": 836305.625,
  "summary_fg_stdv": 116093.1171875,
  "tsnr": 68.73188018798828
}