{
  "bids_meta": {
    "AcquisitionMatrixPE": 240,
    "AcquisitionNumber": 2,
    "AcquisitionTime": "14:55:16.870000",
    "BodyPartExamined": "BRAIN",
    "CoilString": "SENSE_HEAD_8",
    "ConversionSoftware": "dcm2niix",
    "ConversionSoftwareVersion": "v1.0.20181125  Clang9.0.0",
    "Dcm2bidsVersion": "2.1.4",
    "DeviceSerialNumber": "34072",
    "EchoTime": 0.003695,
    "EchoTrainLength": 240,
    "FlipAngle": 12,
    "ImageOrientationPatientDICOM": [
      -0.00777319,
      0.999964,
      0.003337,
      0.00830269,
      0.00340153,
      -0.99996
    ],
    "ImageType": [
      "ORIGINAL",
      "PRIMARY",
      "M",
      "FFE",
      "M",
      "FFE"
    ],
    "ImagingFrequency": 127.733,
    "InPlanePhaseEncodingDirectionDICOM": "ROW",
    "InstitutionName": "Az.Osp._Udine",
    "InstitutionalDepartmentName": "Radiologia",
    "MRAcquisitionType": "3D",
    "MagneticFieldStrength": 3,
    "Manufacturer": "Philips",
    "ManufacturersModelName": "Achieva",
    "Modality": "MR",
    "PatientPosition": "HFS",
    "PercentPhaseFOV": 100,
    "PhaseEncodingSteps": 240,
    "PhilipsRescaleIntercept": 0,
    "PhilipsRescaleSlope": 2.6381,
    "PhilipsScaleSlope": 0.000287146,
    "PixelBandwidth": 191.38,
    "ProtocolName": "T1W_3D_VBM",
    "ReconMatrixPE": 256,
    "RepetitionTime": 0.0080711,
    "ScanOptions": "OTHER",
    "ScanningSequence": "GR",
    "SequenceVariant": "MP",
    "SeriesDescription": "T1W_3D_VBM",
    "SeriesNumber": 201,
    "SliceThickness": 1,
    "SoftwareVersions": "5.3.1_5.3.1.2",
    "SpacingBetweenSlices": 1,
    "StationName": "PHILIPS-K5NT78B",
    "UsePhilipsFloatNotDisplayScaling": 1,
    "dataset": "ds003436",
    "modality": "T1w",
    "subject_id": "46"
  },
  "cjv": 0.34280841904545745,
  "cnr": 3.8645177204020844,
  "efc": 0.5339808417461014,
  "fber": -1.0,
  "fwhm_avg": 4.176127777777778,
  "fwhm_x": 4.07857,
  "fwhm_y": 4.549941333333334,
  "fwhm_z": 3.8998720000000002,
  "icvs_csf": 0.2096816211777974,
  "icvs_gm": 0.4582292659759508,
  "icvs_wm": 0.3320891128462518,
  "inu_med": 0.3445521891117096,
  "inu_range": 0.08558715581893916,
  "provenance": {
    "md5sum": "f8cecd14477725d1673fe831add6441f",
    "settings": {
      "testing": false
    },
    "software": "mriqc",
    "version": "22.0.6",
    "warnings": {
      "large_rot_frame": true,
      "small_air_mask": false
    },
    "webapi_port": null,
    "webapi_url": "https://mriqc.nimh.nih.gov/api/v1"
  },
  "qi_1": 0.0016550539248526357,
  "qi_2": 2.275971256313269e-06,
  "rpve_csf": 25.71357792411414,
  "rpve_gm": 12.52118582791034,
  "rpve_wm": 18.94805859739548,
  "size_x": 170,
  "size_y": 256,
  "size_z": 256,
  "snr_csf": 2.4986122604720835,
  "snr_gm": 16.716476565230582,
  "snr_total": 16.251528468711996,
  "snr_wm": 29.539496580433326,
  "snrd_csf": 47.2423891982525,
  "snrd_gm": 102.72859830125532,
  "snrd_total": 94.06285060610439,
  "snrd_wm": 132.21756431880536,
  "spacing_x": 1.0,
  "spacing_y": 0.9375,
  "spacing_z": 0.9375,
  "summary_bg_k": 21.586082703577148,
  "summary_bg_mad": 0.0,
  "summary_bg_mean": 2.0423081989657206,
  "summary_bg_median": 0.0,
  "summary_bg_n": 1540836.0,
  "summary_bg_p05": 0.0,
  "summary_bg_p95": 12.008019281551242,
  "summary_bg_stdv": 4.955089147818656,
  "summary_csf_k": 0.3391494075496113,
  "summary_csf_mad": 97.14374894970186,
  "summary_csf_mean": 333.7708835651487,
  "summary_csf_median": 357.31528584472835,
  "summary_csf_n": 39753.0,
  "summary_csf_p05": 46.796498992294076,
  "summary_csf_p95": 538.552504970506,
  "summary_csf_stdv": 143.00369740291038,
  "summary_gm_k": 0.2392532124619131,
  "summary_gm_mad": 45.06887634694254,
  "summary_gm_mean": 775.489038574435,
  "summary_gm_median": 776.9822629503906,
  "summary_gm_n": 35431.0,
  "summary_gm_p05": 697.4981762068346,
  "summary_gm_p95": 849.991838445887,
  "summary_gm_stdv": 46.47936992686679,
  "summary_wm_k": 0.6151963321392606,
  "summary_wm_mad": 31.390502704633597,
  "summary_wm_mean": 1000.8982138641674,
  "summary_wm_median": 1000.0204813946038,
  "summary_wm_n": 161912.0,
  "summary_wm_p05": 946.0263306404464,
  "summary_wm_p95": 1057.4012208916247,
  "summary_wm_stdv": 33.853569254519755,
  "tpm_overlap_csf": 0.129568533800547,
  "tpm_overlap_gm": 0.4682711113175803,
  "tpm_overlap_wm": 0.484983528542808,
  "wm2max": 0.8731959131180337
}