{
  "bids_meta": {
    "AcquisitionMatrixPE": 240,
    "AcquisitionNumber": 2,
    "AcquisitionTime": "16:51:14.600000",
    "BodyPartExamined": "BRAIN",
    "CoilString": "SENSE_HEAD_8",
    "ConversionSoftware": "dcm2niix",
    "ConversionSoftwareVersion": "v1.0.20190410  Clang4.0.1",
    "Dcm2bidsVersion": "2.1.4",
    "DeviceSerialNumber": "34072",
    "EchoTime": 0.003713,
    "EchoTrainLength": 240,
    "FlipAngle": 12,
    "ImageOrientationPatientDICOM": [
      -0.011285,
      0.999934,
      0.00222464,
      0.036869,
      0.00263936,
      -0.999317
    ],
    "ImageType": [
      "ORIGINAL",
      "PRIMARY",
      "M",
      "FFE",
      "M",
      "FFE"
    ],
    "ImagingFrequency": 127.734,
    "InPlanePhaseEncodingDirectionDICOM": "ROW",
    "InstitutionName": "Az.Osp._Udine",
    "InstitutionalDepartmentName": "Radiologia",
    "MRAcquisitionType": "3D",
    "MagneticFieldStrength": 3,
    "Manufacturer": "Philips",
    "ManufacturersModelName": "Achieva",
    "Modality": "MR",
    "PatientPosition": "HFS",
    "PercentPhaseFOV": 100,
    "PhaseEncodingSteps": 240,
    "PhilipsRescaleIntercept": 0,
    "PhilipsRescaleSlope": 4.01929,
    "PhilipsScaleSlope": 0.000100893,
    "PixelBandwidth": 191.38,
    "ProtocolName": "T1W_3D_VBM",
    "ReconMatrixPE": 256,
    "RepetitionTime": 0.0081096,
    "ScanOptions": "OTHER",
    "ScanningSequence": "GR",
    "SequenceVariant": "MP",
    "SeriesDescription": "T1W_3D_VBM",
    "SeriesNumber": 201,
    "SliceThickness": 1,
    "SoftwareVersions": "5.3.1_5.3.1.2",
    "SpacingBetweenSlices": 1,
    "StationName": "PHILIPS-K5NT78B",
    "UsePhilipsFloatNotDisplayScaling": 1,
    "dataset": "ds003436",
    "modality": "T1w",
    "subject_id": "21"
  },
  "cjv": 0.35669346768167476,
  "cnr": 3.8622656148283547,
  "efc": 0.589585105842368,
  "fber": -1.0,
  "fwhm_avg": 4.171874444444445,
  "fwhm_x": 4.08085,
  "fwhm_y": 4.454997333333334,
  "fwhm_z": 3.979776,
  "icvs_csf": 0.17037283688035557,
  "icvs_gm": 0.4713122400670388,
  "icvs_wm": 0.3583149230526056,
  "inu_med": 0.34373827278614044,
  "inu_range": 0.1005839854478836,
  "provenance": {
    "md5sum": "55d34a67cae0d7ad0e3ffccdbb9657a6",
    "settings": {
      "testing": false
    },
    "software": "mriqc",
    "version": "22.0.6",
    "warnings": {
      "large_rot_frame": true,
      "small_air_mask": false
    },
    "webapi_port": null,
    "webapi_url": "https://mriqc.nimh.nih.gov/api/v1"
  },
  "qi_1": 0.0004790384844194135,
  "qi_2": 2.1038999746169035e-07,
  "rpve_csf": 25.650753728073735,
  "rpve_gm": 10.319993790748216,
  "rpve_wm": 14.651251061345786,
  "size_x": 170,
  "size_y": 256,
  "size_z": 256,
  "snr_csf": 2.3613913001531746,
  "snr_gm": 17.51660602916013,
  "snr_total": 15.233885475167158,
  "snr_wm": 25.82365909618817,
  "snrd_csf": 35.94498292717964,
  "snrd_gm": 84.05515879286862,
  "snrd_total": 76.28439895423331,
  "snrd_wm": 108.85305514265167,
  "spacing_x": 1.0,
  "spacing_y": 0.9375,
  "spacing_z": 0.9375,
  "summary_bg_k": 14.909430426452143,
  "summary_bg_mad": 0.0,
  "summary_bg_mean": 3.370809497314123,
  "summary_bg_median": 0.0,
  "summary_bg_n": 1169187.0,
  "summary_bg_p05": 0.0,
  "summary_bg_p95": 14.94679781794548,
  "summary_bg_stdv": 6.018608041099818,
  "summary_csf_k": 0.02615321030660045,
  "summary_csf_mad": 118.40144114872639,
  "summary_csf_mean": 314.5492890033611,
  "summary_csf_median": 330.2194219138473,
  "summary_csf_n": 33201.0,
  "summary_csf_p05": 66.21249155327678,
  "summary_csf_p95": 539.1783895790577,
  "summary_csf_stdv": 139.83893682538164,
  "summary_gm_k": 0.2161476850698354,
  "summary_gm_mad": 43.2393280086647,
  "summary_gm_mean": 771.4971309497258,
  "summary_gm_median": 772.1980561707169,
  "summary_gm_n": 56231.0,
  "summary_gm_p05": 697.7830536197871,
  "summary_gm_p95": 841.9421844035387,
  "summary_gm_stdv": 44.083379425940535,
  "summary_wm_k": 0.22527754941611677,
  "summary_wm_mad": 38.02020599511884,
  "summary_wm_mean": 1000.7539255024208,
  "summary_wm_median": 1000.0114067541435,
  "summary_wm_n": 216798.0,
  "summary_wm_p05": 938.8685226924717,
  "summary_wm_p95": 1065.3922548312694,
  "summary_wm_stdv": 38.72453151220733,
  "tpm_overlap_csf": 0.14722059541636134,
  "tpm_overlap_gm": 0.4853582154303028,
  "tpm_overlap_wm": 0.5096681920231785,
  "wm2max": 0.8254647705010097
}