{
  "bids_meta": {
    "AcquisitionMatrixPE": 240,
    "AcquisitionNumber": 2,
    "AcquisitionTime": "15:01:5.300000",
    "BodyPartExamined": "BRAIN",
    "CoilString": "SENSE_HEAD_8",
    "ConversionSoftware": "dcm2niix",
    "ConversionSoftwareVersion": "v1.0.20181125  Clang9.0.0",
    "Dcm2bidsVersion": "2.1.4",
    "DeviceSerialNumber": "34072",
    "EchoTime": 0.003694,
    "EchoTrainLength": 240,
    "FlipAngle": 12,
    "ImageOrientationPatientDICOM": [
      -0.0266479,
      0.999644,
      0.00107927,
      0.00625519,
      0.00124638,
      -0.99998
    ],
    "ImageType": [
      "ORIGINAL",
      "PRIMARY",
      "M",
      "FFE",
      "M",
      "FFE"
    ],
    "ImagingFrequency": 127.733,
    "InPlanePhaseEncodingDirectionDICOM": "ROW",
    "InstitutionName": "Az.Osp._Udine",
    "InstitutionalDepartmentName": "Radiologia",
    "MRAcquisitionType": "3D",
    "MagneticFieldStrength": 3,
    "Manufacturer": "Philips",
    "ManufacturersModelName": "Achieva",
    "Modality": "MR",
    "PatientPosition": "HFS",
    "PercentPhaseFOV": 100,
    "PhaseEncodingSteps": 240,
    "PhilipsRescaleIntercept": 0,
    "PhilipsRescaleSlope": 2.68571,
    "PhilipsScaleSlope": 0.000416242,
    "PixelBandwidth": 191.38,
    "ProtocolName": "T1W_3D_VBM",
    "ReconMatrixPE": 256,
    "RepetitionTime": 0.0080812,
    "ScanOptions": "OTHER",
    "ScanningSequence": "GR",
    "SequenceVariant": "MP",
    "SeriesDescription": "T1W_3D_VBM",
    "SeriesNumber": 201,
    "SliceThickness": 1,
    "SoftwareVersions": "5.3.1_5.3.1.2",
    "SpacingBetweenSlices": 1,
    "StationName": "PHILIPS-K5NT78B",
    "UsePhilipsFloatNotDisplayScaling": 1,
    "dataset": "ds003436",
    "modality": "T1w",
    "subject_id": "41"
  },
  "cjv": 0.32817982774008597,
  "cnr": 4.005139816160463,
  "efc": 0.5604103416736488,
  "fber": -1.0,
  "fwhm_avg": 4.398237333333333,
  "fwhm_x": 4.33404,
  "fwhm_y": 4.711093333333333,
  "fwhm_z": 4.149578666666667,
  "icvs_csf": 0.20167758485095824,
  "icvs_gm": 0.453134344258806,
  "icvs_wm": 0.3451880708902358,
  "inu_med": 0.36943307518959045,
  "inu_range": 0.12697681784629822,
  "provenance": {
    "md5sum": "88ca036fc82def613079d7f9c0e8b02a",
    "settings": {
      "testing": false
    },
    "software": "mriqc",
    "version": "22.0.6",
    "warnings": {
      "large_rot_frame": true,
      "small_air_mask": false
    },
    "webapi_port": null,
    "webapi_url": "https://mriqc.nimh.nih.gov/api/v1"
  },
  "qi_1": 0.000499676794153726,
  "qi_2": 4.6807702196405735e-06,
  "rpve_csf": 23.96080464896745,
  "rpve_gm": 11.36875697836977,
  "rpve_wm": 16.489920728516413,
  "size_x": 170,
  "size_y": 256,
  "size_z": 256,
  "snr_csf": 2.6007558410615,
  "snr_gm": 15.262851239061757,
  "snr_total": 16.002154086843134,
  "snr_wm": 30.14285518040615,
  "snrd_csf": 45.9187740622657,
  "snrd_gm": 109.82758263926881,
  "snrd_total": 100.10244351329028,
  "snrd_wm": 144.56097383833637,
  "spacing_x": 1.0,
  "spacing_y": 0.9375,
  "spacing_z": 0.9375,
  "summary_bg_k": 19.892000774189903,
  "summary_bg_mad": 0.0,
  "summary_bg_mean": 1.8907380020073004,
  "summary_bg_median": 0.0,
  "summary_bg_n": 1379430.0,
  "summary_bg_p05": 0.0,
  "summary_bg_p95": 11.113051399588585,
  "summary_bg_stdv": 4.532002384793797,
  "summary_csf_k": 0.6542021938334726,
  "summary_csf_mad": 106.59379318937864,
  "summary_csf_mean": 321.2315094835741,
  "summary_csf_median": 317.64987193048,
  "summary_csf_n": 46914.0,
  "summary_csf_p05": 100.1626527570188,
  "summary_csf_p95": 528.4998266138136,
  "summary_csf_stdv": 122.13621957460802,
  "summary_gm_k": 0.27917175668014593,
  "summary_gm_mad": 47.90732278174321,
  "summary_gm_mean": 759.4167096383308,
  "summary_gm_median": 759.7484530508518,
  "summary_gm_n": 51935.0,
  "summary_gm_p05": 677.8306360542774,
  "summary_gm_p95": 841.6226038336754,
  "summary_gm_stdv": 49.77714364762015,
  "summary_wm_k": 0.6238206210404482,
  "summary_wm_mad": 30.945540931990884,
  "summary_wm_mean": 1000.140877244519,
  "summary_wm_median": 1000.0217942148447,
  "summary_wm_n": 203436.0,
  "summary_wm_p05": 946.3068930245936,
  "summary_wm_p95": 1055.0193904340267,
  "summary_wm_stdv": 33.17599910153455,
  "tpm_overlap_csf": 0.13112086557071484,
  "tpm_overlap_gm": 0.4818515599695151,
  "tpm_overlap_wm": 0.5107159729586805,
  "wm2max": 0.8778557191045692
}