{
  "bids_meta": {
    "AcquisitionMatrixPE": 240,
    "AcquisitionNumber": 2,
    "AcquisitionTime": "15:12:41.790000",
    "BodyPartExamined": "BRAIN",
    "CoilString": "SENSE_HEAD_8",
    "ConversionSoftware": "dcm2niix",
    "ConversionSoftwareVersion": "v1.0.20190410  Clang4.0.1",
    "Dcm2bidsVersion": "2.1.4",
    "DeviceSerialNumber": "34072",
    "EchoTime": 0.003689,
    "EchoTrainLength": 240,
    "FlipAngle": 12,
    "ImageOrientationPatientDICOM": [
      -0.0121757,
      0.999924,
      0.00203083,
      8.77549e-05,
      0.00203205,
      -0.999998
    ],
    "ImageType": [
      "ORIGINAL",
      "PRIMARY",
      "M",
      "FFE",
      "M",
      "FFE"
    ],
    "ImagingFrequency": 127.734,
    "InPlanePhaseEncodingDirectionDICOM": "ROW",
    "InstitutionName": "Az.Osp._Udine",
    "InstitutionalDepartmentName": "Radiologia",
    "MRAcquisitionType": "3D",
    "MagneticFieldStrength": 3,
    "Manufacturer": "Philips",
    "ManufacturersModelName": "Achieva",
    "Modality": "MR",
    "PatientPosition": "HFS",
    "PercentPhaseFOV": 100,
    "PhaseEncodingSteps": 240,
    "PhilipsRescaleIntercept": 0,
    "PhilipsRescaleSlope": 3.89939,
    "PhilipsScaleSlope": 0.000123301,
    "PixelBandwidth": 191.38,
    "ProtocolName": "T1W_3D_VBM",
    "ReconMatrixPE": 256,
    "RepetitionTime": 0.0080631,
    "ScanOptions": "OTHER",
    "ScanningSequence": "GR",
    "SequenceVariant": "MP",
    "SeriesDescription": "T1W_3D_VBM",
    "SeriesNumber": 201,
    "SliceThickness": 1,
    "SoftwareVersions": "5.3.1_5.3.1.2",
    "SpacingBetweenSlices": 1,
    "StationName": "PHILIPS-K5NT78B",
    "UsePhilipsFloatNotDisplayScaling": 1,
    "dataset": "ds003436",
    "modality": "T1w",
    "subject_id": "23"
  },
  "cjv": 0.3475041266693787,
  "cnr": 3.801794401100572,
  "efc": 0.6282626377040673,
  "fber": 69571.82006920416,
  "fwhm_avg": 4.214532888888889,
  "fwhm_x": 4.10394,
  "fwhm_y": 4.52576,
  "fwhm_z": 4.013898666666667,
  "icvs_csf": 0.22803794172237168,
  "icvs_gm": 0.42046719948074057,
  "icvs_wm": 0.35149485879688774,
  "inu_med": 0.320446640253067,
  "inu_range": 0.08599483966827393,
  "provenance": {
    "md5sum": "ba0784f04166c435e508f0632a0a9e5a",
    "settings": {
      "testing": false
    },
    "software": "mriqc",
    "version": "22.0.6",
    "warnings": {
      "large_rot_frame": true,
      "small_air_mask": false
    },
    "webapi_port": null,
    "webapi_url": "https://mriqc.nimh.nih.gov/api/v1"
  },
  "qi_1": 0.0549191211803275,
  "qi_2": 3.30559764941182e-07,
  "rpve_csf": 18.19039340991476,
  "rpve_gm": 9.991562589162085,
  "rpve_wm": 13.662603113687167,
  "size_x": 170,
  "size_y": 256,
  "size_z": 256,
  "snr_csf": 3.133288004801023,
  "snr_gm": 15.682212186324403,
  "snr_total": 16.223781722839323,
  "snr_wm": 29.855844977392547,
  "snrd_csf": 38.225624723685335,
  "snrd_gm": 86.65872038350322,
  "snrd_total": 79.02332805234617,
  "snrd_wm": 112.18563904984995,
  "spacing_x": 1.0,
  "spacing_y": 0.9375,
  "spacing_z": 0.9375,
  "summary_bg_k": 118.31302716308417,
  "summary_bg_mad": 0.0,
  "summary_bg_mean": 2.325886782162663,
  "summary_bg_median": 0.0,
  "summary_bg_n": 773295.0,
  "summary_bg_p05": 0.0,
  "summary_bg_p95": 12.068929290398955,
  "summary_bg_stdv": 5.839875356824289,
  "summary_csf_k": 1.7968220787659268,
  "summary_csf_mad": 82.68316609192742,
  "summary_csf_mean": 337.452241269814,
  "summary_csf_median": 340.7426053918898,
  "summary_csf_n": 80529.0,
  "summary_csf_p05": 122.3054799567908,
  "summary_csf_p95": 512.671324702352,
  "summary_csf_stdv": 108.74853802512878,
  "summary_gm_k": 0.20820457371281487,
  "summary_gm_mad": 47.425346301880836,
  "summary_gm_mean": 772.858328370947,
  "summary_gm_median": 772.4744429122657,
  "summary_gm_n": 44988.0,
  "summary_gm_p05": 692.2318052127957,
  "summary_gm_p95": 855.1938347965479,
  "summary_gm_stdv": 49.25745477410336,
  "summary_wm_k": 0.4537447244172106,
  "summary_wm_mad": 31.648016528223632,
  "summary_wm_mean": 1001.2641004370141,
  "summary_wm_median": 1000.0209862813354,
  "summary_wm_n": 263408.0,
  "summary_wm_p05": 948.2820111494511,
  "summary_wm_p95": 1058.5395512580872,
  "summary_wm_stdv": 33.494918291576674,
  "tpm_overlap_csf": 0.1609132565800644,
  "tpm_overlap_gm": 0.474683748239893,
  "tpm_overlap_wm": 0.5158034165897399,
  "wm2max": 0.8798685109604979
}