{
  "aor": 0.001076938775510204,
  "aqi": 0.007096250816326532,
  "bids_meta": {
    "AcquisitionMatrixPE": 80,
    "AcquisitionNumber": 6,
    "AcquisitionTime": "15:28:33.320000",
    "BodyPartExamined": "BRAIN",
    "CoilString": "SENSE_HEAD_8",
    "ConversionSoftware": "dcm2niix",
    "ConversionSoftwareVersion": "v1.0.20190410  Clang4.0.1",
    "Dcm2bidsVersion": "2.1.4",
    "DeviceSerialNumber": "34072",
    "EchoTime": 0.030001,
    "EchoTrainLength": 39,
    "EffectiveEchoSpacing": 0.0002777,
    "FlipAngle": 82,
    "ImageOrientationPatientDICOM": [
      0.999697,
      0.016653,
      -0.0181241,
      -0.0165897,
      0.999856,
      0.00363836
    ],
    "ImageType": [
      "ORIGINAL",
      "PRIMARY",
      "M",
      "FFE",
      "M",
      "FFE"
    ],
    "ImagingFrequency": 127.734,
    "InPlanePhaseEncodingDirectionDICOM": "COL",
    "InstitutionName": "Az.Osp._Udine",
    "InstitutionalDepartmentName": "Radiologia",
    "MRAcquisitionType": "2D",
    "MagneticFieldStrength": 3,
    "Manufacturer": "Philips",
    "ManufacturersModelName": "Achieva",
    "Modality": "MR",
    "PartialFourier": 0.4875,
    "PatientPosition": "HFS",
    "PercentPhaseFOV": 100,
    "PhaseEncodingAxis": "j",
    "PhaseEncodingDirection": "j",
    "PhaseEncodingSteps": 80,
    "PhilipsRescaleIntercept": 0,
    "PhilipsRescaleSlope": 0.773382,
    "PhilipsScaleSlope": 0.000478835,
    "PixelBandwidth": 3608.02,
    "ProtocolName": "SOCIAL_4run",
    "ReconMatrixPE": 80,
    "RepetitionTime": 2,
    "ScanOptions": "FS",
    "ScanningSequence": "GR",
    "SequenceVariant": "SK",
    "SeriesDescription": "SOCIAL_4run",
    "SeriesNumber": 601,
    "SliceThickness": 3,
    "SliceTiming": [
      0.0,
      0.378378,
      0.702703,
      1.027027,
      1.351351,
      1.675676,
      0.054054,
      0.432432,
      0.756757,
      1.081081,
      1.405405,
      1.72973,
      0.108108,
      0.486486,
      0.810811,
      1.135135,
      1.459459,
      1.783784,
      0.162162,
      0.540541,
      0.864865,
      1.189189,
      1.513514,
      1.837838,
      0.216216,
      0.594595,
      0.918919,
      1.243243,
      1.567568,
      1.891892,
      0.27027,
      0.648649,
      0.972973,
      1.297297,
      1.621622,
      1.945946,
      0.324324
    ],
    "SoftwareVersions": "5.3.1_5.3.1.2",
    "SpacingBetweenSlices": 3,
    "StationName": "PHILIPS-K5NT78B",
    "TaskName": "ANIM",
    "TotalReadoutTime": 0.0219394,
    "UsePhilipsFloatNotDisplayScaling": 1,
    "dataset": "ds003436",
    "modality": "bold",
    "run_id": 1,
    "subject_id": "20",
    "task_id": "anim"
  },
  "dummy_trs": 3,
  "dvars_nstd": 24.71390482319588,
  "dvars_std": 1.147230637525773,
  "dvars_vstd": 0.9953823388659792,
  "efc": 0.45051611694577687,
  "fber": 88784.0859375,
  "fd_mean": 0.11404344087737525,
  "fd_num": 7,
  "fd_perc": 7.142857142857143,
  "fwhm_avg": 1.8957766666666667,
  "fwhm_x": 1.85448,
  "fwhm_y": 1.9923833333333334,
  "fwhm_z": 1.8404666666666667,
  "gcor": 0.0151762,
  "gsr_x": -0.010901187546551228,
  "gsr_y": 0.01104376744478941,
  "provenance": {
    "md5sum": "7a517ada9a556ce2d936c9bcf2c8c6b7",
    "settings": {
      "fd_thres": 0.2,
      "testing": false
    },
    "software": "mriqc",
    "version": "22.0.6",
    "webapi_port": null,
    "webapi_url": "https://mriqc.nimh.nih.gov/api/v1"
  },
  "size_t": 98,
  "size_x": 80,
  "size_y": 80,
  "size_z": 37,
  "snr": 5.499283095773388,
  "spacing_tr": 2.000000476837158,
  "spacing_x": 3.0,
  "spacing_y": 3.0,
  "spacing_z": 3.0,
  "summary_bg_k": 76.97346433541115,
  "summary_bg_mad": 11906.113173275438,
  "summary_bg_mean": 70016.4921875,
  "summary_bg_median": 8794.1982421875,
  "summary_bg_n": 155788.0,
  "summary_bg_p05": 391.0127304077149,
  "summary_bg_p95": 331219.1109374998,
  "summary_bg_stdv": 191046.671875,
  "summary_fg_k": 1.2965543527782089,
  "summary_fg_mad": 474312.24849153904,
  "summary_fg_mean": 2846290.5,
  "summary_fg_median": 2789187.5,
  "summary_fg_n": 39483.0,
  "summary_fg_p05": 2142481.15,
  "summary_fg_p95": 3729606.225,
  "summary_fg_stdv": 507184.6875,
  "tsnr": 58.41851043701172
}