{
  "bids_meta": {
    "AcquisitionMatrixPE": 240,
    "AcquisitionNumber": 2,
    "AcquisitionTime": "16:47:59.360000",
    "BodyPartExamined": "BRAIN",
    "CoilString": "SENSE_HEAD_8",
    "ConversionSoftware": "dcm2niix",
    "ConversionSoftwareVersion": "v1.0.20190410  Clang4.0.1",
    "Dcm2bidsVersion": "2.1.4",
    "DeviceSerialNumber": "34072",
    "EchoTime": 0.003723,
    "EchoTrainLength": 240,
    "FlipAngle": 12,
    "ImageOrientationPatientDICOM": [
      -0.0505186,
      0.998723,
      -0.000499863,
      -0.0258914,
      -0.00181001,
      -0.999663
    ],
    "ImageType": [
      "ORIGINAL",
      "PRIMARY",
      "M",
      "FFE",
      "M",
      "FFE"
    ],
    "ImagingFrequency": 127.735,
    "InPlanePhaseEncodingDirectionDICOM": "ROW",
    "InstitutionName": "Az.Osp._Udine",
    "InstitutionalDepartmentName": "Radiologia",
    "MRAcquisitionType": "3D",
    "MagneticFieldStrength": 3,
    "Manufacturer": "Philips",
    "ManufacturersModelName": "Achieva",
    "Modality": "MR",
    "PatientPosition": "HFS",
    "PercentPhaseFOV": 100,
    "PhaseEncodingSteps": 240,
    "PhilipsRescaleIntercept": 0,
    "PhilipsRescaleSlope": 3.67692,
    "PhilipsScaleSlope": 0.000134654,
    "PixelBandwidth": 191.38,
    "ProtocolName": "T1W_3D_VBM",
    "ReconMatrixPE": 256,
    "RepetitionTime": 0.0081387,
    "ScanOptions": "OTHER",
    "ScanningSequence": "GR",
    "SequenceVariant": "MP",
    "SeriesDescription": "T1W_3D_VBM",
    "SeriesNumber": 201,
    "SliceThickness": 1,
    "SoftwareVersions": "5.3.1_5.3.1.2",
    "SpacingBetweenSlices": 1,
    "StationName": "PHILIPS-K5NT78B",
    "UsePhilipsFloatNotDisplayScaling": 1,
    "dataset": "ds003436",
    "modality": "T1w",
    "subject_id": "19"
  },
  "cjv": 0.39215705509508336,
  "cnr": 3.454849919677119,
  "efc": 0.5812319657029347,
  "fber": -1.0,
  "fwhm_avg": 4.314816888888889,
  "fwhm_x": 4.2414,
  "fwhm_y": 4.669642666666666,
  "fwhm_z": 4.033408,
  "icvs_csf": 0.21774132358806275,
  "icvs_gm": 0.4287871167974361,
  "icvs_wm": 0.35347155961450116,
  "inu_med": 0.3025098294019699,
  "inu_range": 0.0682294428348541,
  "provenance": {
    "md5sum": "9ca3a25f474dd26b4976eeaeabda7e4c",
    "settings": {
      "testing": false
    },
    "software": "mriqc",
    "version": "22.0.6",
    "warnings": {
      "large_rot_frame": true,
      "small_air_mask": false
    },
    "webapi_port": null,
    "webapi_url": "https://mriqc.nimh.nih.gov/api/v1"
  },
  "qi_1": 0.0008430587347256873,
  "qi_2": 8.882281236760915e-07,
  "rpve_csf": 21.433283265337764,
  "rpve_gm": 11.270319662831945,
  "rpve_wm": 15.5300947804069,
  "size_x": 170,
  "size_y": 256,
  "size_z": 256,
  "snr_csf": 2.3556771701875348,
  "snr_gm": 16.14779531419866,
  "snr_total": 15.460678613242079,
  "snr_wm": 27.87856335534004,
  "snrd_csf": 35.64806390935714,
  "snrd_gm": 80.1334537526632,
  "snrd_total": 72.43340821273837,
  "snrd_wm": 101.51870697619475,
  "spacing_x": 1.0,
  "spacing_y": 0.9375,
  "spacing_z": 0.9375,
  "summary_bg_k": 18.375942622875932,
  "summary_bg_mad": 0.0,
  "summary_bg_mean": 2.806306255590068,
  "summary_bg_median": 0.0,
  "summary_bg_n": 1174768.0,
  "summary_bg_p05": 0.0,
  "summary_bg_p95": 16.323647379875183,
  "summary_bg_stdv": 6.453482909627417,
  "summary_csf_k": -0.5249176423587611,
  "summary_csf_mad": 141.2819327588235,
  "summary_csf_mean": 330.0392792666821,
  "summary_csf_median": 351.1546163521707,
  "summary_csf_n": 52834.0,
  "summary_csf_p05": 66.05289357146249,
  "summary_csf_p95": 556.4431209341623,
  "summary_csf_stdv": 149.06596608083444,
  "summary_gm_k": 0.16143505261152624,
  "summary_gm_mad": 47.61756720736958,
  "summary_gm_mean": 788.6393835459119,
  "summary_gm_median": 789.3621454741806,
  "summary_gm_n": 37141.0,
  "summary_gm_p05": 707.4103725105524,
  "summary_gm_p95": 868.1158961746842,
  "summary_gm_stdv": 48.88292819443715,
  "summary_wm_k": 0.23925846586889543,
  "summary_wm_mad": 34.99323967652145,
  "summary_wm_mean": 1001.180997747191,
  "summary_wm_median": 1000.0195997022092,
  "summary_wm_n": 227995.0,
  "summary_wm_p05": 944.0640199817717,
  "summary_wm_p95": 1061.959208810702,
  "summary_wm_stdv": 35.87047847050279,
  "tpm_overlap_csf": 0.15396966792213665,
  "tpm_overlap_gm": 0.47882829545080463,
  "tpm_overlap_wm": 0.5183956669288586,
  "wm2max": 0.8874620701157467
}