{
  "aor": 0.002557326732673268,
  "aqi": 0.008260339702970297,
  "bids_meta": {
    "AcquisitionMatrixPE": 80,
    "AcquisitionNumber": 16,
    "AcquisitionTime": "15:54:47.840000",
    "BodyPartExamined": "BRAIN",
    "CoilString": "SENSE_HEAD_8",
    "ConversionSoftware": "dcm2niix",
    "ConversionSoftwareVersion": "v1.0.20181125  Clang9.0.0",
    "Dcm2bidsVersion": "2.1.4",
    "DeviceSerialNumber": "34072",
    "EchoTime": 0.030001,
    "EchoTrainLength": 39,
    "EffectiveEchoSpacing": 0.0002777,
    "FlipAngle": 82,
    "ImageOrientationPatientDICOM": [
      0.998621,
      0.0197695,
      0.0486282,
      -0.018623,
      0.99954,
      -0.023919
    ],
    "ImageType": [
      "ORIGINAL",
      "PRIMARY",
      "M",
      "FFE",
      "M",
      "FFE"
    ],
    "ImagingFrequency": 127.733,
    "InPlanePhaseEncodingDirectionDICOM": "COL",
    "InstitutionName": "Az.Osp._Udine",
    "InstitutionalDepartmentName": "Radiologia",
    "MRAcquisitionType": "2D",
    "MagneticFieldStrength": 3,
    "Manufacturer": "Philips",
    "ManufacturersModelName": "Achieva",
    "Modality": "MR",
    "PartialFourier": 0.4875,
    "PatientPosition": "HFS",
    "PercentPhaseFOV": 100,
    "PhaseEncodingAxis": "j",
    "PhaseEncodingDirection": "j",
    "PhaseEncodingSteps": 80,
    "PhilipsRescaleIntercept": 0,
    "PhilipsRescaleSlope": 0.820757,
    "PhilipsScaleSlope": 0.00100712,
    "PixelBandwidth": 3608.02,
    "ProtocolName": "SOCIAL_4run",
    "ReconMatrixPE": 80,
    "RepetitionTime": 2,
    "ScanOptions": "FS",
    "ScanningSequence": "GR",
    "SequenceVariant": "SK",
    "SeriesDescription": "SOCIAL_4run",
    "SeriesNumber": 1601,
    "SliceThickness": 3,
    "SliceTiming": [
      0.0,
      0.378378,
      0.702703,
      1.027027,
      1.351351,
      1.675676,
      0.054054,
      0.432432,
      0.756757,
      1.081081,
      1.405405,
      1.72973,
      0.108108,
      0.486486,
      0.810811,
      1.135135,
      1.459459,
      1.783784,
      0.162162,
      0.540541,
      0.864865,
      1.189189,
      1.513514,
      1.837838,
      0.216216,
      0.594595,
      0.918919,
      1.243243,
      1.567568,
      1.891892,
      0.27027,
      0.648649,
      0.972973,
      1.297297,
      1.621622,
      1.945946,
      0.324324
    ],
    "SoftwareVersions": "5.3.1_5.3.1.2",
    "SpacingBetweenSlices": 3,
    "StationName": "PHILIPS-K5NT78B",
    "TaskName": "ANIM",
    "TotalReadoutTime": 0.0219394,
    "UsePhilipsFloatNotDisplayScaling": 1,
    "dataset": "ds003436",
    "modality": "bold",
    "run_id": 2,
    "subject_id": "50",
    "task_id": "anim"
  },
  "dummy_trs": 0,
  "dvars_nstd": 27.1457495119,
  "dvars_std": 1.2329348213,
  "dvars_vstd": 1.0226458655000001,
  "efc": 0.39796320423787024,
  "fber": 205713.53125,
  "fd_mean": 0.10869212806795234,
  "fd_num": 5,
  "fd_perc": 4.9504950495049505,
  "fwhm_avg": 1.8613655555555557,
  "fwhm_x": 1.8226433333333334,
  "fwhm_y": 1.9896066666666667,
  "fwhm_z": 1.7718466666666668,
  "gcor": 0.0206747,
  "gsr_x": -0.020935457199811935,
  "gsr_y": 0.015799740329384804,
  "provenance": {
    "md5sum": "a3d9adcdb7631f9b6dd64aedbf374d3f",
    "settings": {
      "fd_thres": 0.2,
      "testing": false
    },
    "software": "mriqc",
    "version": "22.0.6",
    "webapi_port": null,
    "webapi_url": "https://mriqc.nimh.nih.gov/api/v1"
  },
  "size_t": 101,
  "size_x": 80,
  "size_y": 80,
  "size_z": 37,
  "snr": 6.125565803092177,
  "spacing_tr": 2.000000476837158,
  "spacing_x": 3.0,
  "spacing_y": 3.0,
  "spacing_z": 3.0,
  "summary_bg_k": 226.8097262218415,
  "summary_bg_mad": 4020.3050043964836,
  "summary_bg_mean": 27003.150390625,
  "summary_bg_median": 2921.206298828125,
  "summary_bg_n": 166708.0,
  "summary_bg_p05": 66.08861312866212,
  "summary_bg_p95": 120151.17617187499,
  "summary_bg_stdv": 93383.3046875,
  "summary_fg_k": 1.6198878330260271,
  "summary_fg_mad": 220615.4725950118,
  "summary_fg_mean": 1416909.875,
  "summary_fg_median": 1405109.0,
  "summary_fg_n": 30825.0,
  "summary_fg_p05": 1082660.225,
  "summary_fg_p95": 1783990.9249999998,
  "summary_fg_stdv": 229380.640625,
  "tsnr": 62.960601806640625
}