{
  "bids_meta": {
    "AcquisitionMatrixPE": 240,
    "AcquisitionNumber": 2,
    "AcquisitionTime": "16:35:31.970000",
    "BodyPartExamined": "BRAIN",
    "CoilString": "SENSE_HEAD_8",
    "ConversionSoftware": "dcm2niix",
    "ConversionSoftwareVersion": "v1.0.20181125  Clang9.0.0",
    "Dcm2bidsVersion": "2.1.4",
    "DeviceSerialNumber": "34072",
    "EchoTime": 0.003705,
    "EchoTrainLength": 240,
    "FlipAngle": 12,
    "ImageOrientationPatientDICOM": [
      -0.00604878,
      0.999978,
      0.00259355,
      0.0219694,
      0.00272587,
      -0.999755
    ],
    "ImageType": [
      "ORIGINAL",
      "PRIMARY",
      "M",
      "FFE",
      "M",
      "FFE"
    ],
    "ImagingFrequency": 127.733,
    "InPlanePhaseEncodingDirectionDICOM": "ROW",
    "InstitutionName": "Az.Osp._Udine",
    "InstitutionalDepartmentName": "Radiologia",
    "MRAcquisitionType": "3D",
    "MagneticFieldStrength": 3,
    "Manufacturer": "Philips",
    "ManufacturersModelName": "Achieva",
    "Modality": "MR",
    "PatientPosition": "HFS",
    "PercentPhaseFOV": 100,
    "PhaseEncodingSteps": 240,
    "PhilipsRescaleIntercept": 0,
    "PhilipsRescaleSlope": 2.64005,
    "PhilipsScaleSlope": 0.000325232,
    "PixelBandwidth": 191.38,
    "ProtocolName": "T1W_3D_VBM",
    "ReconMatrixPE": 256,
    "RepetitionTime": 0.0080893,
    "ScanOptions": "OTHER",
    "ScanningSequence": "GR",
    "SequenceVariant": "MP",
    "SeriesDescription": "T1W_3D_VBM",
    "SeriesNumber": 201,
    "SliceThickness": 1,
    "SoftwareVersions": "5.3.1_5.3.1.2",
    "SpacingBetweenSlices": 1,
    "StationName": "PHILIPS-K5NT78B",
    "UsePhilipsFloatNotDisplayScaling": 1,
    "dataset": "ds003436",
    "modality": "T1w",
    "subject_id": "51"
  },
  "cjv": 0.3123734660282375,
  "cnr": 4.2013262766045925,
  "efc": 0.6005395193030562,
  "fber": -1.0,
  "fwhm_avg": 4.3293095555555565,
  "fwhm_x": 4.21115,
  "fwhm_y": 4.625162666666667,
  "fwhm_z": 4.151616,
  "icvs_csf": 0.22281748932174186,
  "icvs_gm": 0.4189912065357376,
  "icvs_wm": 0.3581913041425205,
  "inu_med": 0.30554986000061035,
  "inu_range": 0.07796671986579895,
  "provenance": {
    "md5sum": "cbe83faa88dacc20bcbcb52038557651",
    "settings": {
      "testing": false
    },
    "software": "mriqc",
    "version": "22.0.6",
    "warnings": {
      "large_rot_frame": true,
      "small_air_mask": false
    },
    "webapi_port": null,
    "webapi_url": "https://mriqc.nimh.nih.gov/api/v1"
  },
  "qi_1": 0.00012867487954761837,
  "qi_2": 1.3607017031152197e-06,
  "rpve_csf": 19.657126094493087,
  "rpve_gm": 10.608771804265492,
  "rpve_wm": 14.164169119786134,
  "size_x": 170,
  "size_y": 256,
  "size_z": 256,
  "snr_csf": 2.969652563139106,
  "snr_gm": 16.03414943445344,
  "snr_total": 16.177198163282856,
  "snr_wm": 29.52779249225602,
  "snrd_csf": 43.628478989237685,
  "snrd_gm": 98.34327141070325,
  "snrd_total": 90.72334380629194,
  "snrd_wm": 130.19828101893484,
  "spacing_x": 1.0,
  "spacing_y": 0.9375,
  "spacing_z": 0.9375,
  "summary_bg_k": 21.786987301822066,
  "summary_bg_mad": 0.0,
  "summary_bg_mean": 2.2013933923388698,
  "summary_bg_median": 0.0,
  "summary_bg_n": 1296692.0,
  "summary_bg_p05": 0.0,
  "summary_bg_p95": 12.443979747593403,
  "summary_bg_stdv": 5.031950653872765,
  "summary_csf_k": 1.092186220096231,
  "summary_csf_mad": 88.2674006833783,
  "summary_csf_mean": 333.8130277395674,
  "summary_csf_median": 335.100222453475,
  "summary_csf_n": 64907.0,
  "summary_csf_p05": 107.45274139270187,
  "summary_csf_p95": 518.5067393183708,
  "summary_csf_stdv": 112.84068891275446,
  "summary_gm_k": 0.46680194949881715,
  "summary_gm_mad": 43.94819376784177,
  "summary_gm_mean": 756.6222661820213,
  "summary_gm_median": 755.3518456295133,
  "summary_gm_n": 41947.0,
  "summary_gm_p05": 681.6889454051852,
  "summary_gm_p95": 837.0908204615116,
  "summary_gm_stdv": 47.10838233222314,
  "summary_wm_k": 0.4737371121225853,
  "summary_wm_mad": 32.480514657276764,
  "summary_wm_mean": 1001.1565895074459,
  "summary_wm_median": 1000.0227819830179,
  "summary_wm_n": 256872.0,
  "summary_wm_p05": 947.6989183276892,
  "summary_wm_p95": 1058.5572607591748,
  "summary_wm_stdv": 33.86710454919014,
  "tpm_overlap_csf": 0.1728825683932447,
  "tpm_overlap_gm": 0.47746791562626284,
  "tpm_overlap_wm": 0.5270706336914961,
  "wm2max": 0.7800472024559474
}