{
  "aor": 0.0021505940594059403,
  "aqi": 0.0066832125742574255,
  "bids_meta": {
    "AcquisitionMatrixPE": 80,
    "AcquisitionNumber": 9,
    "AcquisitionTime": "17:13:10.660000",
    "BodyPartExamined": "BRAIN",
    "CoilString": "SENSE_HEAD_8",
    "ConversionSoftware": "dcm2niix",
    "ConversionSoftwareVersion": "v1.0.20181125  Clang9.0.0",
    "Dcm2bidsVersion": "2.1.4",
    "DeviceSerialNumber": "34072",
    "EchoTime": 0.030001,
    "EchoTrainLength": 39,
    "EffectiveEchoSpacing": 0.0002777,
    "FlipAngle": 82,
    "ImageOrientationPatientDICOM": [
      0.999371,
      0.0352105,
      0.00420635,
      -0.0349058,
      0.997689,
      -0.0582979
    ],
    "ImageType": [
      "ORIGINAL",
      "PRIMARY",
      "M",
      "FFE",
      "M",
      "FFE"
    ],
    "ImagingFrequency": 127.733,
    "InPlanePhaseEncodingDirectionDICOM": "COL",
    "InstitutionName": "Az.Osp._Udine",
    "InstitutionalDepartmentName": "Radiologia",
    "MRAcquisitionType": "2D",
    "MagneticFieldStrength": 3,
    "Manufacturer": "Philips",
    "ManufacturersModelName": "Achieva",
    "Modality": "MR",
    "PartialFourier": 0.4875,
    "PatientPosition": "HFS",
    "PercentPhaseFOV": 100,
    "PhaseEncodingAxis": "j",
    "PhaseEncodingDirection": "j",
    "PhaseEncodingSteps": 80,
    "PhilipsRescaleIntercept": 0,
    "PhilipsRescaleSlope": 0.762393,
    "PhilipsScaleSlope": 0.000882512,
    "PixelBandwidth": 3608.02,
    "ProtocolName": "SOCIAL_4run",
    "ReconMatrixPE": 80,
    "RepetitionTime": 2,
    "ScanOptions": "FS",
    "ScanningSequence": "GR",
    "SequenceVariant": "SK",
    "SeriesDescription": "SOCIAL_4run",
    "SeriesNumber": 901,
    "SliceThickness": 3,
    "SliceTiming": [
      0.0,
      0.378378,
      0.702703,
      1.027027,
      1.351351,
      1.675676,
      0.054054,
      0.432432,
      0.756757,
      1.081081,
      1.405405,
      1.72973,
      0.108108,
      0.486486,
      0.810811,
      1.135135,
      1.459459,
      1.783784,
      0.162162,
      0.540541,
      0.864865,
      1.189189,
      1.513514,
      1.837838,
      0.216216,
      0.594595,
      0.918919,
      1.243243,
      1.567568,
      1.891892,
      0.27027,
      0.648649,
      0.972973,
      1.297297,
      1.621622,
      1.945946,
      0.324324
    ],
    "SoftwareVersions": "5.3.1_5.3.1.2",
    "SpacingBetweenSlices": 3,
    "StationName": "PHILIPS-K5NT78B",
    "TaskName": "ANIM",
    "TotalReadoutTime": 0.0219394,
    "UsePhilipsFloatNotDisplayScaling": 1,
    "dataset": "ds003436",
    "modality": "bold",
    "run_id": 4,
    "subject_id": "42",
    "task_id": "anim"
  },
  "dummy_trs": 0,
  "dvars_nstd": 28.6682872964,
  "dvars_std": 1.2742490502999997,
  "dvars_vstd": 1.0215668818,
  "efc": 0.4744573752447743,
  "fber": 96253.703125,
  "fd_mean": 0.07472984176866293,
  "fd_num": 6,
  "fd_perc": 5.9405940594059405,
  "fwhm_avg": 2.0296588888888887,
  "fwhm_x": 1.92547,
  "fwhm_y": 2.2358233333333333,
  "fwhm_z": 1.9276833333333334,
  "gcor": 0.0136246,
  "gsr_x": -0.013903440907597542,
  "gsr_y": 0.018426919355988503,
  "provenance": {
    "md5sum": "c929a918d927e2b1ee0759e143c24d7c",
    "settings": {
      "fd_thres": 0.2,
      "testing": false
    },
    "software": "mriqc",
    "version": "22.0.6",
    "webapi_port": null,
    "webapi_url": "https://mriqc.nimh.nih.gov/api/v1"
  },
  "size_t": 101,
  "size_x": 80,
  "size_y": 80,
  "size_z": 37,
  "snr": 4.687587278586222,
  "spacing_tr": 2.000000476837158,
  "spacing_x": 3.0,
  "spacing_y": 3.0,
  "spacing_z": 3.0,
  "summary_bg_k": 71.72243068445093,
  "summary_bg_mad": 6221.431093187615,
  "summary_bg_mean": 39650.3125,
  "summary_bg_median": 4342.98583984375,
  "summary_bg_n": 149471.0,
  "summary_bg_p05": 62.53307342529297,
  "summary_bg_p95": 187466.109375,
  "summary_bg_stdv": 108594.6015625,
  "summary_fg_k": 3.466816388887805,
  "summary_fg_mad": 263401.79735622625,
  "summary_fg_mean": 1521138.75,
  "summary_fg_median": 1473493.875,
  "summary_fg_n": 44814.0,
  "summary_fg_p05": 1127245.8125,
  "summary_fg_p95": 2036826.48125,
  "summary_fg_stdv": 314336.0,
  "tsnr": 63.84123229980469
}