{
  "aor": 0.003799999999999999,
  "aqi": 0.008294722178217822,
  "bids_meta": {
    "AcquisitionMatrixPE": 80,
    "AcquisitionNumber": 11,
    "AcquisitionTime": "17:21:28.680000",
    "BodyPartExamined": "BRAIN",
    "CoilString": "SENSE_HEAD_8",
    "ConversionSoftware": "dcm2niix",
    "ConversionSoftwareVersion": "v1.0.20181125  Clang9.0.0",
    "Dcm2bidsVersion": "2.1.4",
    "DeviceSerialNumber": "34072",
    "EchoTime": 0.030001,
    "EchoTrainLength": 39,
    "EffectiveEchoSpacing": 0.0002777,
    "FlipAngle": 82,
    "ImageOrientationPatientDICOM": [
      0.999371,
      0.0352105,
      0.00420635,
      -0.0349058,
      0.997689,
      -0.0582979
    ],
    "ImageType": [
      "ORIGINAL",
      "PRIMARY",
      "M",
      "FFE",
      "M",
      "FFE"
    ],
    "ImagingFrequency": 127.733,
    "InPlanePhaseEncodingDirectionDICOM": "COL",
    "InstitutionName": "Az.Osp._Udine",
    "InstitutionalDepartmentName": "Radiologia",
    "MRAcquisitionType": "2D",
    "MagneticFieldStrength": 3,
    "Manufacturer": "Philips",
    "ManufacturersModelName": "Achieva",
    "Modality": "MR",
    "PartialFourier": 0.4875,
    "PatientPosition": "HFS",
    "PercentPhaseFOV": 100,
    "PhaseEncodingAxis": "j",
    "PhaseEncodingDirection": "j",
    "PhaseEncodingSteps": 80,
    "PhilipsRescaleIntercept": 0,
    "PhilipsRescaleSlope": 0.778266,
    "PhilipsScaleSlope": 0.00221071,
    "PixelBandwidth": 3608.02,
    "ProtocolName": "SOCIAL_4run",
    "ReconMatrixPE": 80,
    "RepetitionTime": 2,
    "ScanOptions": "FS",
    "ScanningSequence": "GR",
    "SequenceVariant": "SK",
    "SeriesDescription": "SOCIAL_4run",
    "SeriesNumber": 1101,
    "SliceThickness": 3,
    "SliceTiming": [
      0.0,
      0.378378,
      0.702703,
      1.027027,
      1.351351,
      1.675676,
      0.054054,
      0.432432,
      0.756757,
      1.081081,
      1.405405,
      1.72973,
      0.108108,
      0.486486,
      0.810811,
      1.135135,
      1.459459,
      1.783784,
      0.162162,
      0.540541,
      0.864865,
      1.189189,
      1.513514,
      1.837838,
      0.216216,
      0.594595,
      0.918919,
      1.243243,
      1.567568,
      1.891892,
      0.27027,
      0.648649,
      0.972973,
      1.297297,
      1.621622,
      1.945946,
      0.324324
    ],
    "SoftwareVersions": "5.3.1_5.3.1.2",
    "SpacingBetweenSlices": 3,
    "StationName": "PHILIPS-K5NT78B",
    "TaskName": "ANIM",
    "TotalReadoutTime": 0.0219394,
    "UsePhilipsFloatNotDisplayScaling": 1,
    "dataset": "ds003436",
    "modality": "bold",
    "run_id": 1,
    "subject_id": "42",
    "task_id": "anim"
  },
  "dummy_trs": 0,
  "dvars_nstd": 28.817374648700014,
  "dvars_std": 1.2320581751,
  "dvars_vstd": 1.0165757853999997,
  "efc": 0.4746322328253267,
  "fber": 103564.453125,
  "fd_mean": 0.10270292952930278,
  "fd_num": 10,
  "fd_perc": 9.900990099009901,
  "fwhm_avg": 2.0285011111111113,
  "fwhm_x": 1.92512,
  "fwhm_y": 2.2446566666666667,
  "fwhm_z": 1.9157266666666668,
  "gcor": 0.0305115,
  "gsr_x": -0.014038712717592716,
  "gsr_y": 0.018521860241889954,
  "provenance": {
    "md5sum": "f362e27e56b5090a3e026c1e2fd9f3c9",
    "settings": {
      "fd_thres": 0.2,
      "testing": false
    },
    "software": "mriqc",
    "version": "22.0.6",
    "webapi_port": null,
    "webapi_url": "https://mriqc.nimh.nih.gov/api/v1"
  },
  "size_t": 101,
  "size_x": 80,
  "size_y": 80,
  "size_z": 37,
  "snr": 4.698192775780201,
  "spacing_tr": 2.000000476837158,
  "spacing_x": 3.0,
  "spacing_y": 3.0,
  "spacing_z": 3.0,
  "summary_bg_k": 71.64299843169825,
  "summary_bg_mad": 2314.9003577474223,
  "summary_bg_mean": 15493.0693359375,
  "summary_bg_median": 1617.3515625,
  "summary_bg_n": 149491.0,
  "summary_bg_p05": 26.330181121826172,
  "summary_bg_p95": 73690.515625,
  "summary_bg_stdv": 42397.734375,
  "summary_fg_k": 3.4756919422091412,
  "summary_fg_mad": 102461.06405606499,
  "summary_fg_mean": 589480.75,
  "summary_fg_median": 571190.25,
  "summary_fg_n": 44890.0,
  "summary_fg_p05": 437690.4375,
  "summary_fg_p95": 790252.8374999999,
  "summary_fg_stdv": 121575.234375,
  "tsnr": 57.29951095581055
}