{
  "aor": 0.006684554455445544,
  "aqi": 0.013655359405940594,
  "bids_meta": {
    "AcquisitionMatrixPE": 80,
    "AcquisitionNumber": 14,
    "AcquisitionTime": "15:59:49.560000",
    "BodyPartExamined": "BRAIN",
    "CoilString": "SENSE_HEAD_8",
    "ConversionSoftware": "dcm2niix",
    "ConversionSoftwareVersion": "v1.0.20190410  Clang4.0.1",
    "Dcm2bidsVersion": "2.1.4",
    "DeviceSerialNumber": "34072",
    "EchoTime": 0.030001,
    "EchoTrainLength": 39,
    "EffectiveEchoSpacing": 0.0002777,
    "FlipAngle": 82,
    "ImageOrientationPatientDICOM": [
      0.999988,
      0.00474777,
      -0.00113725,
      -0.00474246,
      0.999978,
      0.00462547
    ],
    "ImageType": [
      "ORIGINAL",
      "PRIMARY",
      "M",
      "FFE",
      "M",
      "FFE"
    ],
    "ImagingFrequency": 127.735,
    "InPlanePhaseEncodingDirectionDICOM": "COL",
    "InstitutionName": "Az.Osp._Udine",
    "InstitutionalDepartmentName": "Radiologia",
    "MRAcquisitionType": "2D",
    "MagneticFieldStrength": 3,
    "Manufacturer": "Philips",
    "ManufacturersModelName": "Achieva",
    "Modality": "MR",
    "PartialFourier": 0.4875,
    "PatientPosition": "HFS",
    "PercentPhaseFOV": 100,
    "PhaseEncodingAxis": "j",
    "PhaseEncodingDirection": "j",
    "PhaseEncodingSteps": 80,
    "PhilipsRescaleIntercept": 0,
    "PhilipsRescaleSlope": 0.823443,
    "PhilipsScaleSlope": 0.000545464,
    "PixelBandwidth": 3608.02,
    "ProtocolName": "SOCIAL_4run",
    "ReconMatrixPE": 80,
    "RepetitionTime": 2,
    "ScanOptions": "FS",
    "ScanningSequence": "GR",
    "SequenceVariant": "SK",
    "SeriesDescription": "SOCIAL_4run",
    "SeriesNumber": 1401,
    "SliceThickness": 3,
    "SliceTiming": [
      0.0,
      0.378378,
      0.702703,
      1.027027,
      1.351351,
      1.675676,
      0.054054,
      0.432432,
      0.756757,
      1.081081,
      1.405405,
      1.72973,
      0.108108,
      0.486486,
      0.810811,
      1.135135,
      1.459459,
      1.783784,
      0.162162,
      0.540541,
      0.864865,
      1.189189,
      1.513514,
      1.837838,
      0.216216,
      0.594595,
      0.918919,
      1.243243,
      1.567568,
      1.891892,
      0.27027,
      0.648649,
      0.972973,
      1.297297,
      1.621622,
      1.945946,
      0.324324
    ],
    "SoftwareVersions": "5.3.1_5.3.1.2",
    "SpacingBetweenSlices": 3,
    "StationName": "PHILIPS-K5NT78B",
    "TaskName": "ANIM",
    "TotalReadoutTime": 0.0219394,
    "UsePhilipsFloatNotDisplayScaling": 1,
    "dataset": "ds003436",
    "modality": "bold",
    "run_id": 2,
    "subject_id": "06",
    "task_id": "anim"
  },
  "dummy_trs": 0,
  "dvars_nstd": 34.27256464010001,
  "dvars_std": 1.2554259379000001,
  "dvars_vstd": 1.0517868279,
  "efc": 0.46722792851069267,
  "fber": 61741.91015625,
  "fd_mean": 0.18171920706119132,
  "fd_num": 12,
  "fd_perc": 11.881188118811881,
  "fwhm_avg": 1.7462,
  "fwhm_x": 1.66422,
  "fwhm_y": 1.9326333333333334,
  "fwhm_z": 1.6417466666666665,
  "gcor": 0.0298132,
  "gsr_x": -0.0183198694139719,
  "gsr_y": 0.02434096671640873,
  "provenance": {
    "md5sum": "d6bf8ac577b151cb14713a259ea814e2",
    "settings": {
      "fd_thres": 0.2,
      "testing": false
    },
    "software": "mriqc",
    "version": "22.0.6",
    "webapi_port": null,
    "webapi_url": "https://mriqc.nimh.nih.gov/api/v1"
  },
  "size_t": 101,
  "size_x": 80,
  "size_y": 80,
  "size_z": 37,
  "snr": 6.485359096403026,
  "spacing_tr": 2.000000476837158,
  "spacing_x": 3.0,
  "spacing_y": 3.0,
  "spacing_z": 3.0,
  "summary_bg_k": 95.13487441056559,
  "summary_bg_mad": 12942.042245669258,
  "summary_bg_mean": 76502.1484375,
  "summary_bg_median": 9619.236328125,
  "summary_bg_n": 153214.0,
  "summary_bg_p05": 447.2021606445313,
  "summary_bg_p95": 351741.6953125,
  "summary_bg_stdv": 212011.671875,
  "summary_fg_k": 1.2644515673658212,
  "summary_fg_mad": 409204.5133669748,
  "summary_fg_mean": 2577605.0,
  "summary_fg_median": 2562019.5,
  "summary_fg_n": 41758.0,
  "summary_fg_p05": 2008840.98125,
  "summary_fg_p95": 3203699.2625,
  "summary_fg_stdv": 395041.9375,
  "tsnr": 47.22787094116211
}