{
  "aor": 0.0020010891089108913,
  "aqi": 0.009014925940594058,
  "bids_meta": {
    "AcquisitionMatrixPE": 80,
    "AcquisitionNumber": 13,
    "AcquisitionTime": "15:55:32.950000",
    "BodyPartExamined": "BRAIN",
    "CoilString": "SENSE_HEAD_8",
    "ConversionSoftware": "dcm2niix",
    "ConversionSoftwareVersion": "v1.0.20190410  Clang4.0.1",
    "Dcm2bidsVersion": "2.1.4",
    "DeviceSerialNumber": "34072",
    "EchoTime": 0.030001,
    "EchoTrainLength": 39,
    "EffectiveEchoSpacing": 0.0002777,
    "FlipAngle": 82,
    "ImageOrientationPatientDICOM": [
      0.999988,
      0.00474777,
      -0.00113725,
      -0.00474246,
      0.999978,
      0.00462547
    ],
    "ImageType": [
      "ORIGINAL",
      "PRIMARY",
      "M",
      "FFE",
      "M",
      "FFE"
    ],
    "ImagingFrequency": 127.735,
    "InPlanePhaseEncodingDirectionDICOM": "COL",
    "InstitutionName": "Az.Osp._Udine",
    "InstitutionalDepartmentName": "Radiologia",
    "MRAcquisitionType": "2D",
    "MagneticFieldStrength": 3,
    "Manufacturer": "Philips",
    "ManufacturersModelName": "Achieva",
    "Modality": "MR",
    "PartialFourier": 0.4875,
    "PatientPosition": "HFS",
    "PercentPhaseFOV": 100,
    "PhaseEncodingAxis": "j",
    "PhaseEncodingDirection": "j",
    "PhaseEncodingSteps": 80,
    "PhilipsRescaleIntercept": 0,
    "PhilipsRescaleSlope": 0.857387,
    "PhilipsScaleSlope": 0.000527721,
    "PixelBandwidth": 3608.02,
    "ProtocolName": "SOCIAL_4run",
    "ReconMatrixPE": 80,
    "RepetitionTime": 2,
    "ScanOptions": "FS",
    "ScanningSequence": "GR",
    "SequenceVariant": "SK",
    "SeriesDescription": "SOCIAL_4run",
    "SeriesNumber": 1301,
    "SliceThickness": 3,
    "SliceTiming": [
      0.0,
      0.378378,
      0.702703,
      1.027027,
      1.351351,
      1.675676,
      0.054054,
      0.432432,
      0.756757,
      1.081081,
      1.405405,
      1.72973,
      0.108108,
      0.486486,
      0.810811,
      1.135135,
      1.459459,
      1.783784,
      0.162162,
      0.540541,
      0.864865,
      1.189189,
      1.513514,
      1.837838,
      0.216216,
      0.594595,
      0.918919,
      1.243243,
      1.567568,
      1.891892,
      0.27027,
      0.648649,
      0.972973,
      1.297297,
      1.621622,
      1.945946,
      0.324324
    ],
    "SoftwareVersions": "5.3.1_5.3.1.2",
    "SpacingBetweenSlices": 3,
    "StationName": "PHILIPS-K5NT78B",
    "TaskName": "ANIM",
    "TotalReadoutTime": 0.0219394,
    "UsePhilipsFloatNotDisplayScaling": 1,
    "dataset": "ds003436",
    "modality": "bold",
    "run_id": 3,
    "subject_id": "06",
    "task_id": "anim"
  },
  "dummy_trs": 0,
  "dvars_nstd": 32.13840433179998,
  "dvars_std": 1.2592148794000004,
  "dvars_vstd": 1.0194258356,
  "efc": 0.4661316326990266,
  "fber": 69018.15625,
  "fd_mean": 0.10536885961492372,
  "fd_num": 5,
  "fd_perc": 4.9504950495049505,
  "fwhm_avg": 1.740451111111111,
  "fwhm_x": 1.6628533333333333,
  "fwhm_y": 1.9197033333333333,
  "fwhm_z": 1.6387966666666667,
  "gcor": 0.0204375,
  "gsr_x": -0.01787184178829193,
  "gsr_y": 0.023391585797071457,
  "provenance": {
    "md5sum": "2a061b59e1f74ec86cbc81664f8c3f65",
    "settings": {
      "fd_thres": 0.2,
      "testing": false
    },
    "software": "mriqc",
    "version": "22.0.6",
    "webapi_port": null,
    "webapi_url": "https://mriqc.nimh.nih.gov/api/v1"
  },
  "size_t": 101,
  "size_x": 80,
  "size_y": 80,
  "size_z": 37,
  "snr": 6.4405273325749315,
  "spacing_tr": 2.000000476837158,
  "spacing_x": 3.0,
  "spacing_y": 3.0,
  "spacing_z": 3.0,
  "summary_bg_k": 92.40468857967062,
  "summary_bg_mad": 12611.473892695036,
  "summary_bg_mean": 75782.5859375,
  "summary_bg_median": 9123.291015625,
  "summary_bg_n": 153231.0,
  "summary_bg_p05": 242.8417510986328,
  "summary_bg_p95": 351018.3125,
  "summary_bg_stdv": 210666.46875,
  "summary_fg_k": 1.2933952018858816,
  "summary_fg_mad": 416444.43065049226,
  "summary_fg_mean": 2599482.25,
  "summary_fg_median": 2585958.25,
  "summary_fg_n": 41741.0,
  "summary_fg_p05": 2017412.25,
  "summary_fg_p95": 3234761.25,
  "summary_fg_stdv": 401508.625,
  "tsnr": 56.581443786621094
}