{
  "bids_meta": {
    "AcquisitionMatrixPE": 240,
    "AcquisitionNumber": 2,
    "AcquisitionTime": "15:21:10.900000",
    "BodyPartExamined": "BRAIN",
    "CoilString": "SENSE_HEAD_8",
    "ConversionSoftware": "dcm2niix",
    "ConversionSoftwareVersion": "v1.0.20190410  Clang4.0.1",
    "Dcm2bidsVersion": "2.1.4",
    "DeviceSerialNumber": "34072",
    "EchoTime": 0.003737,
    "EchoTrainLength": 240,
    "FlipAngle": 12,
    "ImageOrientationPatientDICOM": [
      -0.0655271,
      0.997848,
      -0.00229058,
      0.0313059,
      -0.000238587,
      -0.99951
    ],
    "ImageType": [
      "ORIGINAL",
      "PRIMARY",
      "M",
      "FFE",
      "M",
      "FFE"
    ],
    "ImagingFrequency": 127.734,
    "InPlanePhaseEncodingDirectionDICOM": "ROW",
    "InstitutionName": "Az.Osp._Udine",
    "InstitutionalDepartmentName": "Radiologia",
    "MRAcquisitionType": "3D",
    "MagneticFieldStrength": 3,
    "Manufacturer": "Philips",
    "ManufacturersModelName": "Achieva",
    "Modality": "MR",
    "PatientPosition": "HFS",
    "PercentPhaseFOV": 100,
    "PhaseEncodingSteps": 240,
    "PhilipsRescaleIntercept": 0,
    "PhilipsRescaleSlope": 2.82076,
    "PhilipsScaleSlope": 0.000268449,
    "PixelBandwidth": 191.38,
    "ProtocolName": "T1W_3D_VBM",
    "ReconMatrixPE": 256,
    "RepetitionTime": 0.0081658,
    "ScanOptions": "OTHER",
    "ScanningSequence": "GR",
    "SequenceVariant": "MP",
    "SeriesDescription": "T1W_3D_VBM",
    "SeriesNumber": 201,
    "SliceThickness": 1,
    "SoftwareVersions": "5.3.1_5.3.1.2",
    "SpacingBetweenSlices": 1,
    "StationName": "PHILIPS-K5NT78B",
    "UsePhilipsFloatNotDisplayScaling": 1,
    "dataset": "ds003436",
    "modality": "T1w",
    "subject_id": "28"
  },
  "cjv": 0.3794304142679203,
  "cnr": 3.5962961139770093,
  "efc": 0.5846848430394426,
  "fber": -1.0,
  "fwhm_avg": 4.3970924444444455,
  "fwhm_x": 4.28204,
  "fwhm_y": 4.741706666666667,
  "fwhm_z": 4.167530666666667,
  "icvs_csf": 0.21251401495645136,
  "icvs_gm": 0.41908812827252667,
  "icvs_wm": 0.36839785677102194,
  "inu_med": 0.28698064386844635,
  "inu_range": 0.07399939745664597,
  "provenance": {
    "md5sum": "62942d1ad118ad0b831f64808fb1a677",
    "settings": {
      "testing": false
    },
    "software": "mriqc",
    "version": "22.0.6",
    "warnings": {
      "large_rot_frame": true,
      "small_air_mask": false
    },
    "webapi_port": null,
    "webapi_url": "https://mriqc.nimh.nih.gov/api/v1"
  },
  "qi_1": 0.05723923373985928,
  "qi_2": 3.502053188194543e-06,
  "rpve_csf": 20.59275997026942,
  "rpve_gm": 10.692294709813872,
  "rpve_wm": 13.984678103437362,
  "size_x": 170,
  "size_y": 256,
  "size_z": 256,
  "snr_csf": 3.1113010600871793,
  "snr_gm": 16.4878905705537,
  "snr_total": 16.172364427799653,
  "snr_wm": 28.91790165275809,
  "snrd_csf": 65.17871034590331,
  "snrd_gm": 149.13727483650052,
  "snrd_total": 134.5603675499791,
  "snrd_wm": 189.36511746753348,
  "spacing_x": 1.0,
  "spacing_y": 0.9375,
  "spacing_z": 0.9375,
  "summary_bg_k": 37.42193592474348,
  "summary_bg_mad": 0.0,
  "summary_bg_mean": 1.0487579527178754,
  "summary_bg_median": 0.0,
  "summary_bg_n": 1313306.0,
  "summary_bg_p05": 0.0,
  "summary_bg_p95": 7.8502412885427475,
  "summary_bg_stdv": 3.4597162054434425,
  "summary_csf_k": 0.8583613791332638,
  "summary_csf_mad": 90.63330897730917,
  "summary_csf_mean": 341.5179332258827,
  "summary_csf_median": 344.2028872668743,
  "summary_csf_n": 55894.0,
  "summary_csf_p05": 135.7618715558201,
  "summary_csf_p95": 528.0464802738279,
  "summary_csf_stdv": 110.62889818035043,
  "summary_gm_k": 0.044430826189518324,
  "summary_gm_mad": 47.71901911581079,
  "summary_gm_mean": 788.2916878440224,
  "summary_gm_median": 787.5804894790053,
  "summary_gm_n": 34757.0,
  "summary_gm_p05": 710.8292842656374,
  "summary_gm_p95": 868.0394240394234,
  "summary_gm_stdv": 47.766520296595665,
  "summary_wm_k": 0.567771660991776,
  "summary_wm_mad": 32.887028809020315,
  "summary_wm_mean": 1001.4226456082724,
  "summary_wm_median": 1000.0200960412621,
  "summary_wm_n": 242955.0,
  "summary_wm_p05": 947.222191169858,
  "summary_wm_p95": 1060.22540807724,
  "summary_wm_stdv": 34.581279444531546,
  "tpm_overlap_csf": 0.15080993751739455,
  "tpm_overlap_gm": 0.459013501191368,
  "tpm_overlap_wm": 0.5020692258554063,
  "wm2max": 0.8879852720383213
}