{
  "bids_meta": {
    "AcquisitionMatrixPE": 240,
    "AcquisitionNumber": 2,
    "AcquisitionTime": "15:20:44.200000",
    "BodyPartExamined": "BRAIN",
    "CoilString": "SENSE_HEAD_8",
    "ConversionSoftware": "dcm2niix",
    "ConversionSoftwareVersion": "v1.0.20181125  Clang9.0.0",
    "Dcm2bidsVersion": "2.1.4",
    "DeviceSerialNumber": "34072",
    "EchoTime": 0.003729,
    "EchoTrainLength": 240,
    "FlipAngle": 12,
    "ImageOrientationPatientDICOM": [
      -0.0346865,
      0.99938,
      0.00595922,
      -0.0483596,
      0.00427742,
      -0.998821
    ],
    "ImageType": [
      "ORIGINAL",
      "PRIMARY",
      "M",
      "FFE",
      "M",
      "FFE"
    ],
    "ImagingFrequency": 127.733,
    "InPlanePhaseEncodingDirectionDICOM": "ROW",
    "InstitutionName": "Az.Osp._Udine",
    "InstitutionalDepartmentName": "Radiologia",
    "MRAcquisitionType": "3D",
    "MagneticFieldStrength": 3,
    "Manufacturer": "Philips",
    "ManufacturersModelName": "Achieva",
    "Modality": "MR",
    "PatientPosition": "HFS",
    "PercentPhaseFOV": 100,
    "PhaseEncodingSteps": 240,
    "PhilipsRescaleIntercept": 0,
    "PhilipsRescaleSlope": 2.9768,
    "PhilipsScaleSlope": 0.000291762,
    "PixelBandwidth": 191.38,
    "ProtocolName": "T1W_3D_VBM",
    "ReconMatrixPE": 256,
    "RepetitionTime": 0.0081487,
    "ScanOptions": "OTHER",
    "ScanningSequence": "GR",
    "SequenceVariant": "MP",
    "SeriesDescription": "T1W_3D_VBM",
    "SeriesNumber": 201,
    "SliceThickness": 1,
    "SoftwareVersions": "5.3.1_5.3.1.2",
    "SpacingBetweenSlices": 1,
    "StationName": "PHILIPS-K5NT78B",
    "UsePhilipsFloatNotDisplayScaling": 1,
    "dataset": "ds003436",
    "modality": "T1w",
    "subject_id": "54"
  },
  "cjv": 0.3142417037628828,
  "cnr": 4.197215354744637,
  "efc": 0.5678983823118623,
  "fber": -1.0,
  "fwhm_avg": 4.502534666666667,
  "fwhm_x": 4.35906,
  "fwhm_y": 4.829834666666667,
  "fwhm_z": 4.3187093333333335,
  "icvs_csf": 0.22274324790172825,
  "icvs_gm": 0.4361460449712565,
  "icvs_wm": 0.3411107071270153,
  "inu_med": 0.3142010420560837,
  "inu_range": 0.07811717092990877,
  "provenance": {
    "md5sum": "61ffa8a21e66d23c61e54567b376ed17",
    "settings": {
      "testing": false
    },
    "software": "mriqc",
    "version": "22.0.6",
    "warnings": {
      "large_rot_frame": true,
      "small_air_mask": false
    },
    "webapi_port": null,
    "webapi_url": "https://mriqc.nimh.nih.gov/api/v1"
  },
  "qi_1": 0.04675503913594724,
  "qi_2": 1.3009378989940789e-06,
  "rpve_csf": 20.90584812127308,
  "rpve_gm": 11.095211863250386,
  "rpve_wm": 16.040723023680158,
  "size_x": 170,
  "size_y": 256,
  "size_z": 256,
  "snr_csf": 2.715146857381218,
  "snr_gm": 16.73727407758619,
  "snr_total": 17.351817695641994,
  "snr_wm": 32.60303215195857,
  "snrd_csf": 63.041803965587256,
  "snrd_gm": 147.31521950317816,
  "snrd_total": 134.06464420395048,
  "snrd_wm": 191.83690914308602,
  "spacing_x": 1.0,
  "spacing_y": 0.9375,
  "spacing_z": 0.9375,
  "summary_bg_k": 28.58486536516488,
  "summary_bg_mad": 0.0,
  "summary_bg_mean": 1.1090385666797544,
  "summary_bg_median": 0.0,
  "summary_bg_n": 1055087.0,
  "summary_bg_p05": 0.0,
  "summary_bg_p95": 7.971075534820557,
  "summary_bg_stdv": 3.4150695136470057,
  "summary_csf_k": 0.3138416566814408,
  "summary_csf_mad": 104.96645333985303,
  "summary_csf_mean": 323.3300472490481,
  "summary_csf_median": 328.62186074256897,
  "summary_csf_n": 58494.0,
  "summary_csf_p05": 93.05120656490327,
  "summary_csf_p95": 518.9445037841797,
  "summary_csf_stdv": 121.03177801054996,
  "summary_gm_k": 0.28784670973705095,
  "summary_gm_mad": 43.74516518911898,
  "summary_gm_mean": 768.1811504552234,
  "summary_gm_median": 767.9190394878387,
  "summary_gm_n": 46260.0,
  "summary_gm_p05": 693.6315755844116,
  "summary_gm_p95": 844.9773507356642,
  "summary_gm_stdv": 45.88027511830511,
  "summary_wm_k": 0.3933756127782777,
  "summary_wm_mad": 29.18434166325315,
  "summary_wm_mean": 1000.2317349198406,
  "summary_wm_median": 999.9999694824219,
  "summary_wm_n": 218263.0,
  "summary_wm_p05": 950.0591726303101,
  "summary_wm_p95": 1051.0825119018555,
  "summary_wm_stdv": 30.671922599245168,
  "tpm_overlap_csf": 0.14212602968957452,
  "tpm_overlap_gm": 0.4732921691072782,
  "tpm_overlap_wm": 0.5053221142815157,
  "wm2max": 0.8733450281599113
}