{
  "aor": 0.0009346534653465348,
  "aqi": 0.00579893504950495,
  "bids_meta": {
    "AcquisitionMatrixPE": 80,
    "AcquisitionNumber": 5,
    "AcquisitionTime": "15:40:31.360000",
    "BodyPartExamined": "BRAIN",
    "CoilString": "SENSE_HEAD_8",
    "ConversionSoftware": "dcm2niix",
    "ConversionSoftwareVersion": "v1.0.20190410  Clang4.0.1",
    "Dcm2bidsVersion": "2.1.4",
    "DeviceSerialNumber": "34072",
    "EchoTime": 0.030001,
    "EchoTrainLength": 39,
    "EffectiveEchoSpacing": 0.0002777,
    "FlipAngle": 82,
    "ImageOrientationPatientDICOM": [
      0.998081,
      0.000630994,
      0.0619182,
      0.00195311,
      0.99913,
      -0.0416647
    ],
    "ImageType": [
      "ORIGINAL",
      "PRIMARY",
      "M",
      "FFE",
      "M",
      "FFE"
    ],
    "ImagingFrequency": 127.734,
    "InPlanePhaseEncodingDirectionDICOM": "COL",
    "InstitutionName": "Az.Osp._Udine",
    "InstitutionalDepartmentName": "Radiologia",
    "MRAcquisitionType": "2D",
    "MagneticFieldStrength": 3,
    "Manufacturer": "Philips",
    "ManufacturersModelName": "Achieva",
    "Modality": "MR",
    "PartialFourier": 0.4875,
    "PatientPosition": "HFS",
    "PercentPhaseFOV": 100,
    "PhaseEncodingAxis": "j",
    "PhaseEncodingDirection": "j",
    "PhaseEncodingSteps": 80,
    "PhilipsRescaleIntercept": 0,
    "PhilipsRescaleSlope": 0.815385,
    "PhilipsScaleSlope": 0.00100376,
    "PixelBandwidth": 3608.02,
    "ProtocolName": "SOCIAL_4run",
    "ReconMatrixPE": 80,
    "RepetitionTime": 2,
    "ScanOptions": "FS",
    "ScanningSequence": "GR",
    "SequenceVariant": "SK",
    "SeriesDescription": "SOCIAL_4run",
    "SeriesNumber": 501,
    "SliceThickness": 3,
    "SliceTiming": [
      0.0,
      0.378378,
      0.702703,
      1.027027,
      1.351351,
      1.675676,
      0.054054,
      0.432432,
      0.756757,
      1.081081,
      1.405405,
      1.72973,
      0.108108,
      0.486486,
      0.810811,
      1.135135,
      1.459459,
      1.783784,
      0.162162,
      0.540541,
      0.864865,
      1.189189,
      1.513514,
      1.837838,
      0.216216,
      0.594595,
      0.918919,
      1.243243,
      1.567568,
      1.891892,
      0.27027,
      0.648649,
      0.972973,
      1.297297,
      1.621622,
      1.945946,
      0.324324
    ],
    "SoftwareVersions": "5.3.1_5.3.1.2",
    "SpacingBetweenSlices": 3,
    "StationName": "PHILIPS-K5NT78B",
    "TaskName": "ANIM",
    "TotalReadoutTime": 0.0219394,
    "UsePhilipsFloatNotDisplayScaling": 1,
    "dataset": "ds003436",
    "modality": "bold",
    "run_id": 4,
    "subject_id": "24",
    "task_id": "anim"
  },
  "dummy_trs": 0,
  "dvars_nstd": 23.929828186099993,
  "dvars_std": 1.1516550275000004,
  "dvars_vstd": 1.0042772871,
  "efc": 0.4335339308840599,
  "fber": 168372.546875,
  "fd_mean": 0.07053438511369517,
  "fd_num": 1,
  "fd_perc": 0.9900990099009901,
  "fwhm_avg": 1.8195378763779964,
  "fwhm_x": 1.73658,
  "fwhm_y": 2.009663493047038,
  "fwhm_z": 1.7123701360869514,
  "gcor": 0.016514,
  "gsr_x": -0.007394564803689718,
  "gsr_y": 0.009015880525112152,
  "provenance": {
    "md5sum": "35e48a64b2381adf7fe3ad6b8cb92701",
    "settings": {
      "fd_thres": 0.2,
      "testing": false
    },
    "software": "mriqc",
    "version": "22.0.6",
    "webapi_port": null,
    "webapi_url": "https://mriqc.nimh.nih.gov/api/v1"
  },
  "size_t": 101,
  "size_x": 80,
  "size_y": 80,
  "size_z": 37,
  "snr": 6.527817497021096,
  "spacing_tr": 2.000000476837158,
  "spacing_x": 3.0,
  "spacing_y": 2.999999761581421,
  "spacing_z": 2.999999761581421,
  "summary_bg_k": 43.1547063886928,
  "summary_bg_mad": 5381.65541156011,
  "summary_bg_mean": 45911.07421875,
  "summary_bg_median": 3777.580322265625,
  "summary_bg_n": 160463.0,
  "summary_bg_p05": 53.13258857727051,
  "summary_bg_p95": 225898.75937499973,
  "summary_bg_stdv": 131713.6875,
  "summary_fg_k": 1.264276735272066,
  "summary_fg_mad": 253253.29250791678,
  "summary_fg_mean": 1680073.75,
  "summary_fg_median": 1666520.875,
  "summary_fg_n": 34077.0,
  "summary_fg_p05": 1307521.3,
  "summary_fg_p95": 2097528.8,
  "summary_fg_stdv": 255291.515625,
  "tsnr": 68.01713562011719
}