{
  "aor": 0.0008503960396039603,
  "aqi": 0.004747399603960397,
  "bids_meta": {
    "AcquisitionMatrixPE": 80,
    "AcquisitionNumber": 8,
    "AcquisitionTime": "15:53:35.230000",
    "BodyPartExamined": "BRAIN",
    "CoilString": "SENSE_HEAD_8",
    "ConversionSoftware": "dcm2niix",
    "ConversionSoftwareVersion": "v1.0.20190410  Clang4.0.1",
    "Dcm2bidsVersion": "2.1.4",
    "DeviceSerialNumber": "34072",
    "EchoTime": 0.030001,
    "EchoTrainLength": 39,
    "EffectiveEchoSpacing": 0.0002777,
    "FlipAngle": 82,
    "ImageOrientationPatientDICOM": [
      0.998081,
      0.000630994,
      0.0619182,
      0.00195311,
      0.99913,
      -0.0416647
    ],
    "ImageType": [
      "ORIGINAL",
      "PRIMARY",
      "M",
      "FFE",
      "M",
      "FFE"
    ],
    "ImagingFrequency": 127.734,
    "InPlanePhaseEncodingDirectionDICOM": "COL",
    "InstitutionName": "Az.Osp._Udine",
    "InstitutionalDepartmentName": "Radiologia",
    "MRAcquisitionType": "2D",
    "MagneticFieldStrength": 3,
    "Manufacturer": "Philips",
    "ManufacturersModelName": "Achieva",
    "Modality": "MR",
    "PartialFourier": 0.4875,
    "PatientPosition": "HFS",
    "PercentPhaseFOV": 100,
    "PhaseEncodingAxis": "j",
    "PhaseEncodingDirection": "j",
    "PhaseEncodingSteps": 80,
    "PhilipsRescaleIntercept": 0,
    "PhilipsRescaleSlope": 0.795604,
    "PhilipsScaleSlope": 0.000966144,
    "PixelBandwidth": 3608.02,
    "ProtocolName": "SOCIAL_4run",
    "ReconMatrixPE": 80,
    "RepetitionTime": 2,
    "ScanOptions": "FS",
    "ScanningSequence": "GR",
    "SequenceVariant": "SK",
    "SeriesDescription": "SOCIAL_4run",
    "SeriesNumber": 801,
    "SliceThickness": 3,
    "SliceTiming": [
      0.0,
      0.378378,
      0.702703,
      1.027027,
      1.351351,
      1.675676,
      0.054054,
      0.432432,
      0.756757,
      1.081081,
      1.405405,
      1.72973,
      0.108108,
      0.486486,
      0.810811,
      1.135135,
      1.459459,
      1.783784,
      0.162162,
      0.540541,
      0.864865,
      1.189189,
      1.513514,
      1.837838,
      0.216216,
      0.594595,
      0.918919,
      1.243243,
      1.567568,
      1.891892,
      0.27027,
      0.648649,
      0.972973,
      1.297297,
      1.621622,
      1.945946,
      0.324324
    ],
    "SoftwareVersions": "5.3.1_5.3.1.2",
    "SpacingBetweenSlices": 3,
    "StationName": "PHILIPS-K5NT78B",
    "TaskName": "ANIM",
    "TotalReadoutTime": 0.0219394,
    "UsePhilipsFloatNotDisplayScaling": 1,
    "dataset": "ds003436",
    "modality": "bold",
    "run_id": 1,
    "subject_id": "24",
    "task_id": "anim"
  },
  "dummy_trs": 0,
  "dvars_nstd": 20.8571139719,
  "dvars_std": 1.0982784466999995,
  "dvars_vstd": 1.0090955637000005,
  "efc": 0.43202033642258497,
  "fber": 201714.140625,
  "fd_mean": 0.07380353457763135,
  "fd_num": 0,
  "fd_perc": 0.0,
  "fwhm_avg": 1.8188656540506936,
  "fwhm_x": 1.73853,
  "fwhm_y": 2.003363492546359,
  "fwhm_z": 1.7147034696057217,
  "gcor": 0.0117387,
  "gsr_x": -0.010457687079906464,
  "gsr_y": 0.010982555337250233,
  "provenance": {
    "md5sum": "fb74188afdc54f3d87d9e333ab280b05",
    "settings": {
      "fd_thres": 0.2,
      "testing": false
    },
    "software": "mriqc",
    "version": "22.0.6",
    "webapi_port": null,
    "webapi_url": "https://mriqc.nimh.nih.gov/api/v1"
  },
  "size_t": 101,
  "size_x": 80,
  "size_y": 80,
  "size_z": 37,
  "snr": 6.2327252655274075,
  "spacing_tr": 2.000000476837158,
  "spacing_x": 3.0,
  "spacing_y": 2.999999761581421,
  "spacing_z": 2.999999761581421,
  "summary_bg_k": 54.14453405809239,
  "summary_bg_mad": 5085.190619736699,
  "summary_bg_mean": 47522.56640625,
  "summary_bg_median": 3560.0849609375,
  "summary_bg_n": 160719.0,
  "summary_bg_p05": 51.398488235473636,
  "summary_bg_p95": 237611.95468750002,
  "summary_bg_stdv": 136187.734375,
  "summary_fg_k": 1.2934932771168546,
  "summary_fg_mad": 273988.4111601042,
  "summary_fg_mean": 1745923.625,
  "summary_fg_median": 1725072.625,
  "summary_fg_n": 34117.0,
  "summary_fg_p05": 1357820.35,
  "summary_fg_p95": 2206719.6999999997,
  "summary_fg_stdv": 276772.5625,
  "tsnr": 74.45442199707031
}