{
  "aor": 0.0009304950495049507,
  "aqi": 0.005941674158415841,
  "bids_meta": {
    "AcquisitionMatrixPE": 80,
    "AcquisitionNumber": 16,
    "AcquisitionTime": "16:03:2.640000",
    "BodyPartExamined": "BRAIN",
    "CoilString": "SENSE_HEAD_8",
    "ConversionSoftware": "dcm2niix",
    "ConversionSoftwareVersion": "v1.0.20181125  Clang9.0.0",
    "Dcm2bidsVersion": "2.1.4",
    "DeviceSerialNumber": "34072",
    "EchoTime": 0.030001,
    "EchoTrainLength": 39,
    "EffectiveEchoSpacing": 0.0002777,
    "FlipAngle": 82,
    "ImageOrientationPatientDICOM": [
      0.999904,
      0.0102815,
      -0.00933956,
      -0.0102612,
      0.999945,
      0.00221465
    ],
    "ImageType": [
      "ORIGINAL",
      "PRIMARY",
      "M",
      "FFE",
      "M",
      "FFE"
    ],
    "ImagingFrequency": 127.733,
    "InPlanePhaseEncodingDirectionDICOM": "COL",
    "InstitutionName": "Az.Osp._Udine",
    "InstitutionalDepartmentName": "Radiologia",
    "MRAcquisitionType": "2D",
    "MagneticFieldStrength": 3,
    "Manufacturer": "Philips",
    "ManufacturersModelName": "Achieva",
    "Modality": "MR",
    "PartialFourier": 0.4875,
    "PatientPosition": "HFS",
    "PercentPhaseFOV": 100,
    "PhaseEncodingAxis": "j",
    "PhaseEncodingDirection": "j",
    "PhaseEncodingSteps": 80,
    "PhilipsRescaleIntercept": 0,
    "PhilipsRescaleSlope": 0.792186,
    "PhilipsScaleSlope": 0.000799953,
    "PixelBandwidth": 3595.57,
    "ProtocolName": "SOCIAL_4run",
    "ReconMatrixPE": 80,
    "RepetitionTime": 2,
    "ScanOptions": "FS",
    "ScanningSequence": "GR",
    "SequenceVariant": "SK",
    "SeriesDescription": "SOCIAL_4run",
    "SeriesNumber": 1601,
    "SliceThickness": 3,
    "SliceTiming": [
      0.0,
      0.378378,
      0.702703,
      1.027027,
      1.351351,
      1.675676,
      0.054054,
      0.432432,
      0.756757,
      1.081081,
      1.405405,
      1.72973,
      0.108108,
      0.486486,
      0.810811,
      1.135135,
      1.459459,
      1.783784,
      0.162162,
      0.540541,
      0.864865,
      1.189189,
      1.513514,
      1.837838,
      0.216216,
      0.594595,
      0.918919,
      1.243243,
      1.567568,
      1.891892,
      0.27027,
      0.648649,
      0.972973,
      1.297297,
      1.621622,
      1.945946,
      0.324324
    ],
    "SoftwareVersions": "5.3.1_5.3.1.2",
    "SpacingBetweenSlices": 3,
    "StationName": "PHILIPS-K5NT78B",
    "TaskName": "ANIM",
    "TotalReadoutTime": 0.0219394,
    "UsePhilipsFloatNotDisplayScaling": 1,
    "dataset": "ds003436",
    "modality": "bold",
    "run_id": 4,
    "subject_id": "34",
    "task_id": "anim"
  },
  "dummy_trs": 0,
  "dvars_nstd": 24.0381172373,
  "dvars_std": 1.2207269781999996,
  "dvars_vstd": 1.0006907573999997,
  "efc": 0.4228876867528555,
  "fber": 125470.6015625,
  "fd_mean": 0.06341908165415434,
  "fd_num": 0,
  "fd_perc": 0.0,
  "fwhm_avg": 1.9252805718493573,
  "fwhm_x": 1.8666157810292225,
  "fwhm_y": 2.0834659345188498,
  "fwhm_z": 1.82576,
  "gcor": 0.0254697,
  "gsr_x": -0.010559899732470512,
  "gsr_y": 0.008296001702547073,
  "provenance": {
    "md5sum": "216bbdb26923dd12bb1c881c34ade9ea",
    "settings": {
      "fd_thres": 0.2,
      "testing": false
    },
    "software": "mriqc",
    "version": "22.0.6",
    "webapi_port": null,
    "webapi_url": "https://mriqc.nimh.nih.gov/api/v1"
  },
  "size_t": 101,
  "size_x": 80,
  "size_y": 80,
  "size_z": 37,
  "snr": 6.3926546475968635,
  "spacing_tr": 2.000000476837158,
  "spacing_x": 2.987454652786255,
  "spacing_y": 2.987454652786255,
  "spacing_z": 3.0,
  "summary_bg_k": 74.53222515329925,
  "summary_bg_mad": 7245.154894382172,
  "summary_bg_mean": 40900.87890625,
  "summary_bg_median": 5261.810546875,
  "summary_bg_n": 161179.0,
  "summary_bg_p05": 121.33127517700196,
  "summary_bg_p95": 188728.95,
  "summary_bg_stdv": 113221.2578125,
  "summary_fg_k": 1.3429462528095542,
  "summary_fg_mad": 301353.35628289403,
  "summary_fg_mean": 2033658.375,
  "summary_fg_median": 2008401.75,
  "summary_fg_n": 34831.0,
  "summary_fg_p05": 1584545.5,
  "summary_fg_p95": 2566193.0,
  "summary_fg_stdv": 314168.84375,
  "tsnr": 71.8073959350586
}