{
  "aor": 0.001892079207920792,
  "aqi": 0.006721979801980199,
  "bids_meta": {
    "AcquisitionMatrixPE": 80,
    "AcquisitionNumber": 21,
    "AcquisitionTime": "17:59:37.470000",
    "BodyPartExamined": "BRAIN",
    "CoilString": "SENSE_HEAD_8",
    "ConversionSoftware": "dcm2niix",
    "ConversionSoftwareVersion": "v1.0.20181125  Clang9.0.0",
    "Dcm2bidsVersion": "2.1.4",
    "DeviceSerialNumber": "34072",
    "EchoTime": 0.030001,
    "EchoTrainLength": 39,
    "EffectiveEchoSpacing": 0.0002777,
    "FlipAngle": 82,
    "ImageOrientationPatientDICOM": [
      0.99974,
      0.00652278,
      0.0218396,
      -0.0073409,
      0.999266,
      0.0375927
    ],
    "ImageType": [
      "ORIGINAL",
      "PRIMARY",
      "M",
      "FFE",
      "M",
      "FFE"
    ],
    "ImagingFrequency": 127.733,
    "InPlanePhaseEncodingDirectionDICOM": "COL",
    "InstitutionName": "Az.Osp._Udine",
    "InstitutionalDepartmentName": "Radiologia",
    "MRAcquisitionType": "2D",
    "MagneticFieldStrength": 3,
    "Manufacturer": "Philips",
    "ManufacturersModelName": "Achieva",
    "Modality": "MR",
    "PartialFourier": 0.4875,
    "PatientPosition": "HFS",
    "PercentPhaseFOV": 100,
    "PhaseEncodingAxis": "j",
    "PhaseEncodingDirection": "j",
    "PhaseEncodingSteps": 80,
    "PhilipsRescaleIntercept": 0,
    "PhilipsRescaleSlope": 0.788034,
    "PhilipsScaleSlope": 0.00108741,
    "PixelBandwidth": 3608.02,
    "ProtocolName": "SOCIAL_4run",
    "ReconMatrixPE": 80,
    "RepetitionTime": 2,
    "ScanOptions": "FS",
    "ScanningSequence": "GR",
    "SequenceVariant": "SK",
    "SeriesDescription": "SOCIAL_4run",
    "SeriesNumber": 2101,
    "SliceThickness": 3,
    "SliceTiming": [
      0.0,
      0.378378,
      0.702703,
      1.027027,
      1.351351,
      1.675676,
      0.054054,
      0.432432,
      0.756757,
      1.081081,
      1.405405,
      1.72973,
      0.108108,
      0.486486,
      0.810811,
      1.135135,
      1.459459,
      1.783784,
      0.162162,
      0.540541,
      0.864865,
      1.189189,
      1.513514,
      1.837838,
      0.216216,
      0.594595,
      0.918919,
      1.243243,
      1.567568,
      1.891892,
      0.27027,
      0.648649,
      0.972973,
      1.297297,
      1.621622,
      1.945946,
      0.324324
    ],
    "SoftwareVersions": "5.3.1_5.3.1.2",
    "SpacingBetweenSlices": 3,
    "StationName": "PHILIPS-K5NT78B",
    "TaskName": "ANIM",
    "TotalReadoutTime": 0.0219394,
    "UsePhilipsFloatNotDisplayScaling": 1,
    "dataset": "ds003436",
    "modality": "bold",
    "run_id": 4,
    "subject_id": "51",
    "task_id": "anim"
  },
  "dummy_trs": 0,
  "dvars_nstd": 25.361325759499987,
  "dvars_std": 1.1461207756,
  "dvars_vstd": 1.0213774742000004,
  "efc": 0.43985852105882134,
  "fber": 119216.3828125,
  "fd_mean": 0.08549930325674263,
  "fd_num": 5,
  "fd_perc": 4.9504950495049505,
  "fwhm_avg": 1.807022222222222,
  "fwhm_x": 1.7128466666666666,
  "fwhm_y": 1.97506,
  "fwhm_z": 1.73316,
  "gcor": 0.0168475,
  "gsr_x": -0.008710342459380627,
  "gsr_y": 0.010559139773249626,
  "provenance": {
    "md5sum": "6d639133d79b5a30a1e528d1ead52f3f",
    "settings": {
      "fd_thres": 0.2,
      "testing": false
    },
    "software": "mriqc",
    "version": "22.0.6",
    "webapi_port": null,
    "webapi_url": "https://mriqc.nimh.nih.gov/api/v1"
  },
  "size_t": 101,
  "size_x": 80,
  "size_y": 80,
  "size_z": 37,
  "snr": 5.863954277908298,
  "spacing_tr": 2.000000476837158,
  "spacing_x": 3.0,
  "spacing_y": 3.0,
  "spacing_z": 3.0,
  "summary_bg_k": 57.69938313506653,
  "summary_bg_mad": 5188.429400052137,
  "summary_bg_mean": 32009.150390625,
  "summary_bg_median": 3787.9697265625,
  "summary_bg_n": 157275.0,
  "summary_bg_p05": 68.41800613403322,
  "summary_bg_p95": 151353.65468749998,
  "summary_bg_stdv": 88462.515625,
  "summary_fg_k": 1.999546514958972,
  "summary_fg_mad": 213632.6014711277,
  "summary_fg_mean": 1430531.125,
  "summary_fg_median": 1404818.375,
  "summary_fg_n": 37929.0,
  "summary_fg_p05": 1109617.675,
  "summary_fg_p95": 1831876.425,
  "summary_fg_stdv": 239565.28125,
  "tsnr": 64.91596221923828
}