{
  "aor": 0.0018587128712871288,
  "aqi": 0.0060358536633663366,
  "bids_meta": {
    "AcquisitionMatrixPE": 80,
    "AcquisitionNumber": 21,
    "AcquisitionTime": "11:33:57.900000",
    "BodyPartExamined": "BRAIN",
    "CoilString": "SENSE_HEAD_8",
    "ConversionSoftware": "dcm2niix",
    "ConversionSoftwareVersion": "v1.0.20190410  Clang4.0.1",
    "Dcm2bidsVersion": "2.1.4",
    "DeviceSerialNumber": "34072",
    "EchoTime": 0.030001,
    "EchoTrainLength": 39,
    "EffectiveEchoSpacing": 0.0002777,
    "FlipAngle": 82,
    "ImageOrientationPatientDICOM": [
      0.999341,
      0.00292665,
      0.0361685,
      -0.00303132,
      0.999991,
      0.00283941
    ],
    "ImageType": [
      "ORIGINAL",
      "PRIMARY",
      "M",
      "FFE",
      "M",
      "FFE"
    ],
    "ImagingFrequency": 127.735,
    "InPlanePhaseEncodingDirectionDICOM": "COL",
    "InstitutionName": "Az.Osp._Udine",
    "InstitutionalDepartmentName": "Radiologia",
    "MRAcquisitionType": "2D",
    "MagneticFieldStrength": 3,
    "Manufacturer": "Philips",
    "ManufacturersModelName": "Achieva",
    "Modality": "MR",
    "PartialFourier": 0.4875,
    "PatientPosition": "HFS",
    "PercentPhaseFOV": 100,
    "PhaseEncodingAxis": "j",
    "PhaseEncodingDirection": "j",
    "PhaseEncodingSteps": 80,
    "PhilipsRescaleIntercept": 0,
    "PhilipsRescaleSlope": 0.841026,
    "PhilipsScaleSlope": 0.00042417,
    "PixelBandwidth": 3608.02,
    "ProtocolName": "SOCIAL_4run",
    "ReconMatrixPE": 80,
    "RepetitionTime": 2,
    "ScanOptions": "FS",
    "ScanningSequence": "GR",
    "SequenceVariant": "SK",
    "SeriesDescription": "SOCIAL_4run",
    "SeriesNumber": 2101,
    "SliceThickness": 3,
    "SliceTiming": [
      0.0,
      0.378378,
      0.702703,
      1.027027,
      1.351351,
      1.675676,
      0.054054,
      0.432432,
      0.756757,
      1.081081,
      1.405405,
      1.72973,
      0.108108,
      0.486486,
      0.810811,
      1.135135,
      1.459459,
      1.783784,
      0.162162,
      0.540541,
      0.864865,
      1.189189,
      1.513514,
      1.837838,
      0.216216,
      0.594595,
      0.918919,
      1.243243,
      1.567568,
      1.891892,
      0.27027,
      0.648649,
      0.972973,
      1.297297,
      1.621622,
      1.945946,
      0.324324
    ],
    "SoftwareVersions": "5.3.1_5.3.1.1",
    "SpacingBetweenSlices": 3,
    "StationName": "PHILIPS-K5NT78B",
    "TaskName": "ANIM",
    "TotalReadoutTime": 0.0219394,
    "UsePhilipsFloatNotDisplayScaling": 1,
    "dataset": "ds003436",
    "modality": "bold",
    "run_id": 4,
    "subject_id": "01",
    "task_id": "anim"
  },
  "dummy_trs": 0,
  "dvars_nstd": 23.96235292370001,
  "dvars_std": 1.1565797563000004,
  "dvars_vstd": 1.0186248874000001,
  "efc": 0.41811540863507723,
  "fber": 168635.3125,
  "fd_mean": 0.09347796152688716,
  "fd_num": 1,
  "fd_perc": 0.9900990099009901,
  "fwhm_avg": 1.8641744444444444,
  "fwhm_x": 1.8120033333333332,
  "fwhm_y": 2.04299,
  "fwhm_z": 1.7375299999999998,
  "gcor": 0.015941,
  "gsr_x": -0.022062042728066444,
  "gsr_y": 0.013404620811343193,
  "provenance": {
    "md5sum": "93ac83a36f43221c16e4b9dfb653165d",
    "settings": {
      "fd_thres": 0.2,
      "testing": false
    },
    "software": "mriqc",
    "version": "22.0.6",
    "webapi_port": null,
    "webapi_url": "https://mriqc.nimh.nih.gov/api/v1"
  },
  "size_t": 101,
  "size_x": 80,
  "size_y": 80,
  "size_z": 37,
  "snr": 6.0332051991063445,
  "spacing_tr": 2.000000476837158,
  "spacing_x": 3.0,
  "spacing_y": 3.0,
  "spacing_z": 3.0,
  "summary_bg_k": 121.52912393609552,
  "summary_bg_mad": 8952.763355388503,
  "summary_bg_mean": 65798.1015625,
  "summary_bg_median": 6787.81591796875,
  "summary_bg_n": 162103.0,
  "summary_bg_p05": 196.72749328613284,
  "summary_bg_p95": 313530.84687499976,
  "summary_bg_stdv": 204324.640625,
  "summary_fg_k": 2.365491457795688,
  "summary_fg_mad": 487822.831858226,
  "summary_fg_mean": 3116168.0,
  "summary_fg_median": 3078303.75,
  "summary_fg_n": 33641.0,
  "summary_fg_p05": 2408411.75,
  "summary_fg_p95": 3946036.5,
  "summary_fg_stdv": 510219.34375,
  "tsnr": 67.59896850585938
}