{
  "bids_meta": {
    "AcquisitionMatrixPE": 240,
    "AcquisitionNumber": 2,
    "AcquisitionTime": "16:45:51.510000",
    "BodyPartExamined": "BRAIN",
    "CoilString": "SENSE_HEAD_8",
    "ConversionSoftware": "dcm2niix",
    "ConversionSoftwareVersion": "v1.0.20181125  Clang9.0.0",
    "Dcm2bidsVersion": "2.1.4",
    "DeviceSerialNumber": "34072",
    "EchoTime": 0.003707,
    "EchoTrainLength": 240,
    "FlipAngle": 12,
    "ImageOrientationPatientDICOM": [
      0.00604411,
      0.999977,
      0.00309606,
      0.0250497,
      0.00294374,
      -0.999682
    ],
    "ImageType": [
      "ORIGINAL",
      "PRIMARY",
      "M",
      "FFE",
      "M",
      "FFE"
    ],
    "ImagingFrequency": 127.734,
    "InPlanePhaseEncodingDirectionDICOM": "ROW",
    "InstitutionName": "Az.Osp._Udine",
    "InstitutionalDepartmentName": "Radiologia",
    "MRAcquisitionType": "3D",
    "MagneticFieldStrength": 3,
    "Manufacturer": "Philips",
    "ManufacturersModelName": "Achieva",
    "Modality": "MR",
    "PatientPosition": "HFS",
    "PercentPhaseFOV": 100,
    "PhaseEncodingSteps": 240,
    "PhilipsRescaleIntercept": 0,
    "PhilipsRescaleSlope": 2.37827,
    "PhilipsScaleSlope": 0.000296135,
    "PixelBandwidth": 191.38,
    "ProtocolName": "T1W_3D_VBM",
    "ReconMatrixPE": 256,
    "RepetitionTime": 0.0080928,
    "ScanOptions": "OTHER",
    "ScanningSequence": "GR",
    "SequenceVariant": "MP",
    "SeriesDescription": "T1W_3D_VBM",
    "SeriesNumber": 201,
    "SliceThickness": 1,
    "SoftwareVersions": "5.3.1_5.3.1.2",
    "SpacingBetweenSlices": 1,
    "StationName": "PHILIPS-K5NT78B",
    "UsePhilipsFloatNotDisplayScaling": 1,
    "dataset": "ds003436",
    "modality": "T1w",
    "subject_id": "36"
  },
  "cjv": 0.363153545632051,
  "cnr": 3.7700717526806393,
  "efc": 0.6218726785632642,
  "fber": -1.0,
  "fwhm_avg": 4.834350666666667,
  "fwhm_x": 4.81742,
  "fwhm_y": 5.061557333333334,
  "fwhm_z": 4.624074666666667,
  "icvs_csf": 0.22162236380839195,
  "icvs_gm": 0.4055589479692066,
  "icvs_wm": 0.3728186882224014,
  "inu_med": 0.5230874717235565,
  "inu_range": 0.22406952679157255,
  "provenance": {
    "md5sum": "42ff43b81d98255656695d8505110626",
    "settings": {
      "testing": false
    },
    "software": "mriqc",
    "version": "22.0.6",
    "warnings": {
      "large_rot_frame": true,
      "small_air_mask": false
    },
    "webapi_port": null,
    "webapi_url": "https://mriqc.nimh.nih.gov/api/v1"
  },
  "qi_1": 4.949935286875441e-05,
  "qi_2": 6.331815224585374e-07,
  "rpve_csf": 20.74710197156028,
  "rpve_gm": 10.964656647973479,
  "rpve_wm": 13.781151441238361,
  "size_x": 170,
  "size_y": 256,
  "size_z": 256,
  "snr_csf": 3.041913717768921,
  "snr_gm": 14.213478319103105,
  "snr_total": 12.798444198721645,
  "snr_wm": 21.139940559292906,
  "snrd_csf": 26.066210073736972,
  "snrd_gm": 58.304054341821896,
  "snrd_total": 54.59660162652157,
  "snrd_wm": 79.41954046400583,
  "spacing_x": 1.0,
  "spacing_y": 0.9375,
  "spacing_z": 0.9375,
  "summary_bg_k": 27.412456011813575,
  "summary_bg_mad": 0.0,
  "summary_bg_mean": 3.5805019522887496,
  "summary_bg_median": 0.0,
  "summary_bg_n": 1596828.0,
  "summary_bg_p05": 0.0,
  "summary_bg_p95": 18.020046949386597,
  "summary_bg_stdv": 8.24929015658246,
  "summary_csf_k": 0.9419543743382652,
  "summary_csf_mad": 108.41079755556022,
  "summary_csf_mean": 325.43603920310323,
  "summary_csf_median": 328.2182613890618,
  "summary_csf_n": 72092.0,
  "summary_csf_p05": 149.7508135979064,
  "summary_csf_p95": 500.60394333479917,
  "summary_csf_stdv": 107.89786149395731,
  "summary_gm_k": 0.15100694024654393,
  "summary_gm_mad": 51.42938105061617,
  "summary_gm_mean": 734.4054996234787,
  "summary_gm_median": 734.1479752473533,
  "summary_gm_n": 33740.0,
  "summary_gm_p05": 649.8197867888957,
  "summary_gm_p95": 818.4494151986204,
  "summary_gm_stdv": 51.65076972680198,
  "summary_wm_k": 0.45698242916708276,
  "summary_wm_mad": 45.1259423017176,
  "summary_wm_mean": 1003.5007885392159,
  "summary_wm_median": 1000.0281367208809,
  "summary_wm_n": 224643.0,
  "summary_wm_p05": 931.9179905168712,
  "summary_wm_p95": 1087.2845828086138,
  "summary_wm_stdv": 47.30504837973282,
  "tpm_overlap_csf": 0.14287955660430415,
  "tpm_overlap_gm": 0.4456921604825765,
  "tpm_overlap_wm": 0.4875661803333957,
  "wm2max": 0.701536551112033
}