{
  "aor": 0.0025115841584158415,
  "aqi": 0.007085126534653464,
  "bids_meta": {
    "AcquisitionMatrixPE": 80,
    "AcquisitionNumber": 16,
    "AcquisitionTime": "16:18:10.710000",
    "BodyPartExamined": "BRAIN",
    "CoilString": "SENSE_HEAD_8",
    "ConversionSoftware": "dcm2niix",
    "ConversionSoftwareVersion": "v1.0.20190410  Clang4.0.1",
    "Dcm2bidsVersion": "2.1.4",
    "DeviceSerialNumber": "34072",
    "EchoTime": 0.030001,
    "EchoTrainLength": 39,
    "EffectiveEchoSpacing": 0.0002777,
    "FlipAngle": 82,
    "ImageOrientationPatientDICOM": [
      0.996836,
      0.0624737,
      0.0491364,
      -0.0566919,
      0.992162,
      -0.111355
    ],
    "ImageType": [
      "ORIGINAL",
      "PRIMARY",
      "M",
      "FFE",
      "M",
      "FFE"
    ],
    "ImagingFrequency": 127.734,
    "InPlanePhaseEncodingDirectionDICOM": "COL",
    "InstitutionName": "Az.Osp._Udine",
    "InstitutionalDepartmentName": "Radiologia",
    "MRAcquisitionType": "2D",
    "MagneticFieldStrength": 3,
    "Manufacturer": "Philips",
    "ManufacturersModelName": "Achieva",
    "Modality": "MR",
    "PartialFourier": 0.4875,
    "PatientPosition": "HFS",
    "PercentPhaseFOV": 100,
    "PhaseEncodingAxis": "j",
    "PhaseEncodingDirection": "j",
    "PhaseEncodingSteps": 80,
    "PhilipsRescaleIntercept": 0,
    "PhilipsRescaleSlope": 0.839072,
    "PhilipsScaleSlope": 0.000701749,
    "PixelBandwidth": 3608.02,
    "ProtocolName": "SOCIAL_4run",
    "ReconMatrixPE": 80,
    "RepetitionTime": 2,
    "ScanOptions": "FS",
    "ScanningSequence": "GR",
    "SequenceVariant": "SK",
    "SeriesDescription": "SOCIAL_4run",
    "SeriesNumber": 1601,
    "SliceThickness": 3,
    "SliceTiming": [
      0.0,
      0.378378,
      0.702703,
      1.027027,
      1.351351,
      1.675676,
      0.054054,
      0.432432,
      0.756757,
      1.081081,
      1.405405,
      1.72973,
      0.108108,
      0.486486,
      0.810811,
      1.135135,
      1.459459,
      1.783784,
      0.162162,
      0.540541,
      0.864865,
      1.189189,
      1.513514,
      1.837838,
      0.216216,
      0.594595,
      0.918919,
      1.243243,
      1.567568,
      1.891892,
      0.27027,
      0.648649,
      0.972973,
      1.297297,
      1.621622,
      1.945946,
      0.324324
    ],
    "SoftwareVersions": "5.3.1_5.3.1.2",
    "SpacingBetweenSlices": 3,
    "StationName": "PHILIPS-K5NT78B",
    "TaskName": "ANIM",
    "TotalReadoutTime": 0.0219394,
    "UsePhilipsFloatNotDisplayScaling": 1,
    "dataset": "ds003436",
    "modality": "bold",
    "run_id": 4,
    "subject_id": "28",
    "task_id": "anim"
  },
  "dummy_trs": 0,
  "dvars_nstd": 26.704155407200005,
  "dvars_std": 1.2218012510000003,
  "dvars_vstd": 1.0239326328,
  "efc": 0.4354852976976804,
  "fber": 194477.125,
  "fd_mean": 0.1064726579476705,
  "fd_num": 6,
  "fd_perc": 5.9405940594059405,
  "fwhm_avg": 1.8728744444444443,
  "fwhm_x": 1.7944933333333333,
  "fwhm_y": 2.004356666666667,
  "fwhm_z": 1.8197733333333332,
  "gcor": 0.0146411,
  "gsr_x": -0.01071879081428051,
  "gsr_y": 0.01575617305934429,
  "provenance": {
    "md5sum": "2190d83839d1a34b4c3b1004944bf57f",
    "settings": {
      "fd_thres": 0.2,
      "testing": false
    },
    "software": "mriqc",
    "version": "22.0.6",
    "webapi_port": null,
    "webapi_url": "https://mriqc.nimh.nih.gov/api/v1"
  },
  "size_t": 101,
  "size_x": 80,
  "size_y": 80,
  "size_z": 37,
  "snr": 5.345356732648352,
  "spacing_tr": 2.000000476837158,
  "spacing_x": 3.0,
  "spacing_y": 3.0,
  "spacing_z": 3.0,
  "summary_bg_k": 82.73464402384744,
  "summary_bg_mad": 5749.348295113434,
  "summary_bg_mean": 48068.8515625,
  "summary_bg_median": 4134.57861328125,
  "summary_bg_n": 158799.0,
  "summary_bg_p05": 86.37451782226563,
  "summary_bg_p95": 266408.4843750003,
  "summary_bg_stdv": 142306.3125,
  "summary_fg_k": 3.345722908686313,
  "summary_fg_mad": 318982.0526367576,
  "summary_fg_mean": 1972562.75,
  "summary_fg_median": 1926351.0,
  "summary_fg_n": 37162.0,
  "summary_fg_p05": 1496143.19375,
  "summary_fg_p95": 2584373.0124999997,
  "summary_fg_stdv": 360373.53125,
  "tsnr": 62.153385162353516
}