{
  "aor": 0.0014947524752475247,
  "aqi": 0.006816397821782178,
  "bids_meta": {
    "AcquisitionMatrixPE": 80,
    "AcquisitionNumber": 14,
    "AcquisitionTime": "16:09:21.350000",
    "BodyPartExamined": "BRAIN",
    "CoilString": "SENSE_HEAD_8",
    "ConversionSoftware": "dcm2niix",
    "ConversionSoftwareVersion": "v1.0.20190410  Clang4.0.1",
    "Dcm2bidsVersion": "2.1.4",
    "DeviceSerialNumber": "34072",
    "EchoTime": 0.030001,
    "EchoTrainLength": 39,
    "EffectiveEchoSpacing": 0.0002777,
    "FlipAngle": 82,
    "ImageOrientationPatientDICOM": [
      0.996836,
      0.0624737,
      0.0491364,
      -0.0566919,
      0.992162,
      -0.111355
    ],
    "ImageType": [
      "ORIGINAL",
      "PRIMARY",
      "M",
      "FFE",
      "M",
      "FFE"
    ],
    "ImagingFrequency": 127.734,
    "InPlanePhaseEncodingDirectionDICOM": "COL",
    "InstitutionName": "Az.Osp._Udine",
    "InstitutionalDepartmentName": "Radiologia",
    "MRAcquisitionType": "2D",
    "MagneticFieldStrength": 3,
    "Manufacturer": "Philips",
    "ManufacturersModelName": "Achieva",
    "Modality": "MR",
    "PartialFourier": 0.4875,
    "PatientPosition": "HFS",
    "PercentPhaseFOV": 100,
    "PhaseEncodingAxis": "j",
    "PhaseEncodingDirection": "j",
    "PhaseEncodingSteps": 80,
    "PhilipsRescaleIntercept": 0,
    "PhilipsRescaleSlope": 0.842002,
    "PhilipsScaleSlope": 0.000666897,
    "PixelBandwidth": 3608.02,
    "ProtocolName": "SOCIAL_4run",
    "ReconMatrixPE": 80,
    "RepetitionTime": 2,
    "ScanOptions": "FS",
    "ScanningSequence": "GR",
    "SequenceVariant": "SK",
    "SeriesDescription": "SOCIAL_4run",
    "SeriesNumber": 1401,
    "SliceThickness": 3,
    "SliceTiming": [
      0.0,
      0.378378,
      0.702703,
      1.027027,
      1.351351,
      1.675676,
      0.054054,
      0.432432,
      0.756757,
      1.081081,
      1.405405,
      1.72973,
      0.108108,
      0.486486,
      0.810811,
      1.135135,
      1.459459,
      1.783784,
      0.162162,
      0.540541,
      0.864865,
      1.189189,
      1.513514,
      1.837838,
      0.216216,
      0.594595,
      0.918919,
      1.243243,
      1.567568,
      1.891892,
      0.27027,
      0.648649,
      0.972973,
      1.297297,
      1.621622,
      1.945946,
      0.324324
    ],
    "SoftwareVersions": "5.3.1_5.3.1.2",
    "SpacingBetweenSlices": 3,
    "StationName": "PHILIPS-K5NT78B",
    "TaskName": "ANIM",
    "TotalReadoutTime": 0.0219394,
    "UsePhilipsFloatNotDisplayScaling": 1,
    "dataset": "ds003436",
    "modality": "bold",
    "run_id": 1,
    "subject_id": "28",
    "task_id": "anim"
  },
  "dummy_trs": 0,
  "dvars_nstd": 27.37958457969998,
  "dvars_std": 1.2267247921999997,
  "dvars_vstd": 1.0061435699,
  "efc": 0.4361384290732191,
  "fber": 180268.859375,
  "fd_mean": 0.10178664515284286,
  "fd_num": 5,
  "fd_perc": 4.9504950495049505,
  "fwhm_avg": 1.876302222222222,
  "fwhm_x": 1.7963766666666665,
  "fwhm_y": 1.9996766666666668,
  "fwhm_z": 1.8328533333333334,
  "gcor": 0.0204241,
  "gsr_x": -0.011029024608433247,
  "gsr_y": 0.015567858703434467,
  "provenance": {
    "md5sum": "e1270c0a586e48ff124640e9d3838469",
    "settings": {
      "fd_thres": 0.2,
      "testing": false
    },
    "software": "mriqc",
    "version": "22.0.6",
    "webapi_port": null,
    "webapi_url": "https://mriqc.nimh.nih.gov/api/v1"
  },
  "size_t": 101,
  "size_x": 80,
  "size_y": 80,
  "size_z": 37,
  "snr": 5.341455166719428,
  "spacing_tr": 2.000000476837158,
  "spacing_x": 3.0,
  "spacing_y": 3.0,
  "spacing_z": 3.0,
  "summary_bg_k": 79.2010831527202,
  "summary_bg_mad": 6012.91187781712,
  "summary_bg_mean": 48389.47265625,
  "summary_bg_median": 4333.16162109375,
  "summary_bg_n": 158730.0,
  "summary_bg_p05": 97.729012298584,
  "summary_bg_p95": 265123.6578124993,
  "summary_bg_stdv": 142506.03125,
  "summary_fg_k": 3.289389096658141,
  "summary_fg_mad": 322210.78961810813,
  "summary_fg_mean": 1980246.375,
  "summary_fg_median": 1935687.875,
  "summary_fg_n": 37254.0,
  "summary_fg_p05": 1501876.425,
  "summary_fg_p95": 2589131.75,
  "summary_fg_stdv": 362384.75,
  "tsnr": 63.84242630004883
}