{
  "aor": 0.000881881188118812,
  "aqi": 0.004526804455445546,
  "bids_meta": {
    "AcquisitionMatrixPE": 80,
    "AcquisitionNumber": 6,
    "AcquisitionTime": "15:28:44.950000",
    "BodyPartExamined": "BRAIN",
    "CoilString": "SENSE_HEAD_8",
    "ConversionSoftware": "dcm2niix",
    "ConversionSoftwareVersion": "v1.0.20190410  Clang4.0.1",
    "Dcm2bidsVersion": "2.1.4",
    "DeviceSerialNumber": "34072",
    "EchoTime": 0.030001,
    "EchoTrainLength": 39,
    "EffectiveEchoSpacing": 0.0002777,
    "FlipAngle": 82,
    "ImageOrientationPatientDICOM": [
      0.99787,
      0.0576672,
      0.0305007,
      -0.0576782,
      0.998335,
      -0.000521355
    ],
    "ImageType": [
      "ORIGINAL",
      "PRIMARY",
      "M",
      "FFE",
      "M",
      "FFE"
    ],
    "ImagingFrequency": 127.734,
    "InPlanePhaseEncodingDirectionDICOM": "COL",
    "InstitutionName": "Az.Osp._Udine",
    "InstitutionalDepartmentName": "Radiologia",
    "MRAcquisitionType": "2D",
    "MagneticFieldStrength": 3,
    "Manufacturer": "Philips",
    "ManufacturersModelName": "Achieva",
    "Modality": "MR",
    "PartialFourier": 0.4875,
    "PatientPosition": "HFS",
    "PercentPhaseFOV": 100,
    "PhaseEncodingAxis": "j",
    "PhaseEncodingDirection": "j",
    "PhaseEncodingSteps": 80,
    "PhilipsRescaleIntercept": 0,
    "PhilipsRescaleSlope": 0.736264,
    "PhilipsScaleSlope": 0.000495464,
    "PixelBandwidth": 3608.02,
    "ProtocolName": "SOCIAL_4run",
    "ReconMatrixPE": 80,
    "RepetitionTime": 2,
    "ScanOptions": "FS",
    "ScanningSequence": "GR",
    "SequenceVariant": "SK",
    "SeriesDescription": "SOCIAL_4run",
    "SeriesNumber": 601,
    "SliceThickness": 3,
    "SliceTiming": [
      0.0,
      0.378378,
      0.702703,
      1.027027,
      1.351351,
      1.675676,
      0.054054,
      0.432432,
      0.756757,
      1.081081,
      1.405405,
      1.72973,
      0.108108,
      0.486486,
      0.810811,
      1.135135,
      1.459459,
      1.783784,
      0.162162,
      0.540541,
      0.864865,
      1.189189,
      1.513514,
      1.837838,
      0.216216,
      0.594595,
      0.918919,
      1.243243,
      1.567568,
      1.891892,
      0.27027,
      0.648649,
      0.972973,
      1.297297,
      1.621622,
      1.945946,
      0.324324
    ],
    "SoftwareVersions": "5.3.1_5.3.1.2",
    "SpacingBetweenSlices": 3,
    "StationName": "PHILIPS-K5NT78B",
    "TaskName": "ANIM",
    "TotalReadoutTime": 0.0219394,
    "UsePhilipsFloatNotDisplayScaling": 1,
    "dataset": "ds003436",
    "modality": "bold",
    "run_id": 2,
    "subject_id": "22",
    "task_id": "anim"
  },
  "dummy_trs": 0,
  "dvars_nstd": 22.148166275099992,
  "dvars_std": 1.1082088967000001,
  "dvars_vstd": 1.0093529863000006,
  "efc": 0.42490270448265205,
  "fber": 111046.546875,
  "fd_mean": 0.05918108424747033,
  "fd_num": 0,
  "fd_perc": 0.0,
  "fwhm_avg": 1.8738566666666667,
  "fwhm_x": 1.7719166666666668,
  "fwhm_y": 2.05417,
  "fwhm_z": 1.7954833333333333,
  "gcor": 0.0104934,
  "gsr_x": -0.02193344198167324,
  "gsr_y": 0.01950346678495407,
  "provenance": {
    "md5sum": "8055eb03c9402704e70b9d0b1fedb66c",
    "settings": {
      "fd_thres": 0.2,
      "testing": false
    },
    "software": "mriqc",
    "version": "22.0.6",
    "webapi_port": null,
    "webapi_url": "https://mriqc.nimh.nih.gov/api/v1"
  },
  "size_t": 101,
  "size_x": 80,
  "size_y": 80,
  "size_z": 37,
  "snr": 5.133880745713331,
  "spacing_tr": 2.000000476837158,
  "spacing_x": 3.0,
  "spacing_y": 3.0,
  "spacing_z": 3.0,
  "summary_bg_k": 65.62220487952482,
  "summary_bg_mad": 10109.74869969138,
  "summary_bg_mean": 50460.58203125,
  "summary_bg_median": 7593.0185546875,
  "summary_bg_n": 159519.0,
  "summary_bg_p05": 202.6645050048828,
  "summary_bg_p95": 236826.65625000006,
  "summary_bg_stdv": 129028.546875,
  "summary_fg_k": 2.0703461982239775,
  "summary_fg_mad": 493569.7687077083,
  "summary_fg_mean": 2781762.5,
  "summary_fg_median": 2733530.0,
  "summary_fg_n": 36089.0,
  "summary_fg_p05": 2039925.1,
  "summary_fg_p95": 3677607.2,
  "summary_fg_stdv": 532441.6875,
  "tsnr": 70.77041625976562
}