{
  "bids_meta": {
    "AcquisitionMatrixPE": 240,
    "AcquisitionNumber": 2,
    "AcquisitionTime": "14:59:7.150000",
    "BodyPartExamined": "BRAIN",
    "CoilString": "SENSE_HEAD_8",
    "ConversionSoftware": "dcm2niix",
    "ConversionSoftwareVersion": "v1.0.20181125  Clang9.0.0",
    "Dcm2bidsVersion": "2.1.4",
    "DeviceSerialNumber": "34072",
    "EchoTime": 0.003689,
    "EchoTrainLength": 240,
    "FlipAngle": 12,
    "ImageOrientationPatientDICOM": [
      -0.00902385,
      0.999957,
      0.00209553,
      -0.000268126,
      0.0020932,
      -0.999998
    ],
    "ImageType": [
      "ORIGINAL",
      "PRIMARY",
      "M",
      "FFE",
      "M",
      "FFE"
    ],
    "ImagingFrequency": 127.733,
    "InPlanePhaseEncodingDirectionDICOM": "ROW",
    "InstitutionName": "Az.Osp._Udine",
    "InstitutionalDepartmentName": "Radiologia",
    "MRAcquisitionType": "3D",
    "MagneticFieldStrength": 3,
    "Manufacturer": "Philips",
    "ManufacturersModelName": "Achieva",
    "Modality": "MR",
    "PatientPosition": "HFS",
    "PercentPhaseFOV": 100,
    "PhaseEncodingSteps": 240,
    "PhilipsRescaleIntercept": 0,
    "PhilipsRescaleSlope": 2.65104,
    "PhilipsScaleSlope": 0.000267828,
    "PixelBandwidth": 191.38,
    "ProtocolName": "T1W_3D_VBM",
    "ReconMatrixPE": 256,
    "RepetitionTime": 0.0080605,
    "ScanOptions": "OTHER",
    "ScanningSequence": "GR",
    "SequenceVariant": "MP",
    "SeriesDescription": "T1W_3D_VBM",
    "SeriesNumber": 201,
    "SliceThickness": 1,
    "SoftwareVersions": "5.3.1_5.3.1.2",
    "SpacingBetweenSlices": 1,
    "StationName": "PHILIPS-K5NT78B",
    "UsePhilipsFloatNotDisplayScaling": 1,
    "dataset": "ds003436",
    "modality": "T1w",
    "subject_id": "43"
  },
  "cjv": 0.3285926615666032,
  "cnr": 4.0668281743873695,
  "efc": 0.5607277269108111,
  "fber": -1.0,
  "fwhm_avg": 4.218165777777778,
  "fwhm_x": 4.10622,
  "fwhm_y": 4.476309333333333,
  "fwhm_z": 4.071968,
  "icvs_csf": 0.18769333465999768,
  "icvs_gm": 0.45680445614660314,
  "icvs_wm": 0.35550220919339914,
  "inu_med": 0.3199519217014313,
  "inu_range": 0.07214101552963259,
  "provenance": {
    "md5sum": "9d7c3ea33361a7fe89df18989f309a41",
    "settings": {
      "testing": false
    },
    "software": "mriqc",
    "version": "22.0.6",
    "warnings": {
      "large_rot_frame": true,
      "small_air_mask": false
    },
    "webapi_port": null,
    "webapi_url": "https://mriqc.nimh.nih.gov/api/v1"
  },
  "qi_1": 0.0010555734633081956,
  "qi_2": 1.417124944747824e-06,
  "rpve_csf": 25.257546538987313,
  "rpve_gm": 11.279184324807792,
  "rpve_wm": 15.983001354514059,
  "size_x": 170,
  "size_y": 256,
  "size_z": 256,
  "snr_csf": 2.2390734452753183,
  "snr_gm": 16.26751315027058,
  "snr_total": 15.946319197483001,
  "snr_wm": 29.332370996903105,
  "snrd_csf": 33.377961493692275,
  "snrd_gm": 75.9549088855589,
  "snrd_total": 69.6385854784852,
  "snrd_wm": 99.58288605620443,
  "spacing_x": 1.0,
  "spacing_y": 0.9375,
  "spacing_z": 0.9375,
  "summary_bg_k": 18.869225383628432,
  "summary_bg_mad": 0.0,
  "summary_bg_mean": 2.946794117784476,
  "summary_bg_median": 0.0,
  "summary_bg_n": 1501874.0,
  "summary_bg_p05": 0.0,
  "summary_bg_p95": 16.98193877004087,
  "summary_bg_stdv": 6.578953225597233,
  "summary_csf_k": -0.28899297123557943,
  "summary_csf_mad": 149.94761498955964,
  "summary_csf_mean": 314.4501120685367,
  "summary_csf_median": 335.1852338425815,
  "summary_csf_n": 33598.0,
  "summary_csf_p05": 61.854743864387274,
  "summary_csf_p95": 543.5794890802354,
  "summary_csf_stdv": 149.69595854048978,
  "summary_gm_k": 0.20870517159630664,
  "summary_gm_mad": 45.752947351423515,
  "summary_gm_mean": 763.2742716197074,
  "summary_gm_median": 762.7477160673589,
  "summary_gm_n": 49167.0,
  "summary_gm_p05": 687.2691837089136,
  "summary_gm_p95": 841.0445754826069,
  "summary_gm_stdv": 46.887311679313704,
  "summary_wm_k": 0.5512909200822325,
  "summary_wm_mad": 32.21380986987982,
  "summary_wm_mean": 1000.9760965525569,
  "summary_wm_median": 1000.0225135311484,
  "summary_wm_n": 213911.0,
  "summary_wm_p05": 946.7824485395104,
  "summary_wm_p95": 1058.2109580319375,
  "summary_wm_stdv": 34.092715388083406,
  "tpm_overlap_csf": 0.14131347712308573,
  "tpm_overlap_gm": 0.47254058812317523,
  "tpm_overlap_wm": 0.5022400569769145,
  "wm2max": 0.7747264236425734
}