{
  "bids_meta": {
    "AcquisitionMatrixPE": 240,
    "AcquisitionNumber": 2,
    "AcquisitionTime": "14:51:22.800000",
    "BodyPartExamined": "BRAIN",
    "CoilString": "SENSE_HEAD_8",
    "ConversionSoftware": "dcm2niix",
    "ConversionSoftwareVersion": "v1.0.20190410  Clang4.0.1",
    "Dcm2bidsVersion": "2.1.4",
    "DeviceSerialNumber": "34072",
    "EchoTime": 0.0037,
    "EchoTrainLength": 240,
    "FlipAngle": 12,
    "ImageOrientationPatientDICOM": [
      -0.00823043,
      0.999962,
      0.00272607,
      0.0161741,
      0.00285893,
      -0.999865
    ],
    "ImageType": [
      "ORIGINAL",
      "PRIMARY",
      "M",
      "FFE",
      "M",
      "FFE"
    ],
    "ImagingFrequency": 127.734,
    "InPlanePhaseEncodingDirectionDICOM": "ROW",
    "InstitutionName": "Az.Osp._Udine",
    "InstitutionalDepartmentName": "Radiologia",
    "MRAcquisitionType": "3D",
    "MagneticFieldStrength": 3,
    "Manufacturer": "Philips",
    "ManufacturersModelName": "Achieva",
    "Modality": "MR",
    "PatientPosition": "HFS",
    "PercentPhaseFOV": 100,
    "PhaseEncodingSteps": 240,
    "PhilipsRescaleIntercept": 0,
    "PhilipsRescaleSlope": 4.60391,
    "PhilipsScaleSlope": 8.05664e-05,
    "PixelBandwidth": 191.38,
    "ProtocolName": "T1W_3D_VBM",
    "ReconMatrixPE": 256,
    "RepetitionTime": 0.0080815,
    "ScanOptions": "OTHER",
    "ScanningSequence": "GR",
    "SequenceVariant": "MP",
    "SeriesDescription": "T1W_3D_VBM",
    "SeriesNumber": 201,
    "SliceThickness": 1,
    "SoftwareVersions": "5.3.1_5.3.1.2",
    "SpacingBetweenSlices": 1,
    "StationName": "PHILIPS-K5NT78B",
    "UsePhilipsFloatNotDisplayScaling": 1,
    "dataset": "ds003436",
    "modality": "T1w",
    "subject_id": "08"
  },
  "cjv": 0.3758264351409662,
  "cnr": 3.693653636300939,
  "efc": 0.5844135575688443,
  "fber": -1.0,
  "fwhm_avg": 4.419308,
  "fwhm_x": 4.35162,
  "fwhm_y": 4.8056746666666665,
  "fwhm_z": 4.100629333333333,
  "icvs_csf": 0.21190733027934233,
  "icvs_gm": 0.42614843265032143,
  "icvs_wm": 0.36194423707033624,
  "inu_med": 0.43706727027893066,
  "inu_range": 0.1469524502754212,
  "provenance": {
    "md5sum": "ecdffed8a0973120bdc235f546204604",
    "settings": {
      "testing": false
    },
    "software": "mriqc",
    "version": "22.0.6",
    "warnings": {
      "large_rot_frame": true,
      "small_air_mask": false
    },
    "webapi_port": null,
    "webapi_url": "https://mriqc.nimh.nih.gov/api/v1"
  },
  "qi_1": 0.05407012994989192,
  "qi_2": 1.7337183561168522e-07,
  "rpve_csf": 25.090210688766664,
  "rpve_gm": 12.514645600735728,
  "rpve_wm": 16.507129882468227,
  "size_x": 170,
  "size_y": 256,
  "size_z": 256,
  "snr_csf": 2.5819078919561944,
  "snr_gm": 15.543282442684335,
  "snr_total": 14.087812538128025,
  "snr_wm": 24.138247279743545,
  "snrd_csf": 22.393606058062918,
  "snrd_gm": 50.56481191311502,
  "snrd_total": 46.48444642369058,
  "snrd_wm": 66.49492129989379,
  "spacing_x": 1.0,
  "spacing_y": 0.9375,
  "spacing_z": 0.9375,
  "summary_bg_k": 29.81996948862337,
  "summary_bg_mad": 0.0,
  "summary_bg_mean": 3.688381485122859,
  "summary_bg_median": 0.0,
  "summary_bg_n": 811805.0,
  "summary_bg_p05": 0.0,
  "summary_bg_p95": 20.90932298451662,
  "summary_bg_stdv": 9.852656411300456,
  "summary_csf_k": -0.14091991367848955,
  "summary_csf_mad": 127.78974896703627,
  "summary_csf_mean": 328.5094765557961,
  "summary_csf_median": 336.77949553728104,
  "summary_csf_n": 47157.0,
  "summary_csf_p05": 93.4646737407893,
  "summary_csf_p95": 535.7711991228163,
  "summary_csf_stdv": 130.4368470056845,
  "summary_gm_k": -0.028915933312524178,
  "summary_gm_mad": 49.91033591731417,
  "summary_gm_mean": 760.7058864222437,
  "summary_gm_median": 760.4488443657756,
  "summary_gm_n": 28969.0,
  "summary_gm_p05": 680.9330123137682,
  "summary_gm_p95": 840.0111415799707,
  "summary_gm_stdv": 48.923753514691946,
  "summary_wm_k": 0.33554278640884894,
  "summary_wm_mad": 40.12804785622568,
  "summary_wm_mean": 1001.1907299124465,
  "summary_wm_median": 1000.0232206061482,
  "summary_wm_n": 178176.0,
  "summary_wm_p05": 935.1578541919589,
  "summary_wm_p95": 1071.0045639933087,
  "summary_wm_stdv": 41.42887438070826,
  "tpm_overlap_csf": 0.14762645335642044,
  "tpm_overlap_gm": 0.46431764463102043,
  "tpm_overlap_wm": 0.5009109439623525,
  "wm2max": 0.7683547241213117
}