{
  "aor": 0.008279009900990099,
  "aqi": 0.00958192207920792,
  "bids_meta": {
    "AcquisitionMatrixPE": 80,
    "AcquisitionNumber": 11,
    "AcquisitionTime": "15:42:24.990000",
    "BodyPartExamined": "BRAIN",
    "CoilString": "SENSE_HEAD_8",
    "ConversionSoftware": "dcm2niix",
    "ConversionSoftwareVersion": "v1.0.20190410  Clang4.0.1",
    "Dcm2bidsVersion": "2.1.4",
    "DeviceSerialNumber": "34072",
    "EchoTime": 0.030001,
    "EchoTrainLength": 39,
    "EffectiveEchoSpacing": 0.0002777,
    "FlipAngle": 82,
    "ImageOrientationPatientDICOM": [
      0.999466,
      0.00303991,
      0.0325287,
      -0.00546787,
      0.997182,
      0.0748143
    ],
    "ImageType": [
      "ORIGINAL",
      "PRIMARY",
      "M",
      "FFE",
      "M",
      "FFE"
    ],
    "ImagingFrequency": 127.734,
    "InPlanePhaseEncodingDirectionDICOM": "COL",
    "InstitutionName": "Az.Osp._Udine",
    "InstitutionalDepartmentName": "Radiologia",
    "MRAcquisitionType": "2D",
    "MagneticFieldStrength": 3,
    "Manufacturer": "Philips",
    "ManufacturersModelName": "Achieva",
    "Modality": "MR",
    "PartialFourier": 0.4875,
    "PatientPosition": "HFS",
    "PercentPhaseFOV": 100,
    "PhaseEncodingAxis": "j",
    "PhaseEncodingDirection": "j",
    "PhaseEncodingSteps": 80,
    "PhilipsRescaleIntercept": 0,
    "PhilipsRescaleSlope": 0.753846,
    "PhilipsScaleSlope": 0.00141747,
    "PixelBandwidth": 3608.02,
    "ProtocolName": "SOCIAL_4run",
    "ReconMatrixPE": 80,
    "RepetitionTime": 2,
    "ScanOptions": "FS",
    "ScanningSequence": "GR",
    "SequenceVariant": "SK",
    "SeriesDescription": "SOCIAL_4run",
    "SeriesNumber": 1101,
    "SliceThickness": 3,
    "SliceTiming": [
      0.0,
      0.378378,
      0.702703,
      1.027027,
      1.351351,
      1.675676,
      0.054054,
      0.432432,
      0.756757,
      1.081081,
      1.405405,
      1.72973,
      0.108108,
      0.486486,
      0.810811,
      1.135135,
      1.459459,
      1.783784,
      0.162162,
      0.540541,
      0.864865,
      1.189189,
      1.513514,
      1.837838,
      0.216216,
      0.594595,
      0.918919,
      1.243243,
      1.567568,
      1.891892,
      0.27027,
      0.648649,
      0.972973,
      1.297297,
      1.621622,
      1.945946,
      0.324324
    ],
    "SoftwareVersions": "5.3.1_5.3.1.2",
    "SpacingBetweenSlices": 3,
    "StationName": "PHILIPS-K5NT78B",
    "TaskName": "ANIM",
    "TotalReadoutTime": 0.0219394,
    "UsePhilipsFloatNotDisplayScaling": 1,
    "dataset": "ds003436",
    "modality": "bold",
    "run_id": 1,
    "subject_id": "18",
    "task_id": "anim"
  },
  "dummy_trs": 0,
  "dvars_nstd": 35.8310068512,
  "dvars_std": 1.4299958524000003,
  "dvars_vstd": 1.0797648273000002,
  "efc": 0.42773873794714967,
  "fber": 84398.640625,
  "fd_mean": 0.19029664842666075,
  "fd_num": 25,
  "fd_perc": 24.752475247524753,
  "fwhm_avg": 1.9285500000000002,
  "fwhm_x": 1.91794,
  "fwhm_y": 2.00752,
  "fwhm_z": 1.86019,
  "gcor": 0.0221334,
  "gsr_x": -0.01582246460020542,
  "gsr_y": 0.012128216214478016,
  "provenance": {
    "md5sum": "bd7788ec3926034a2650168bf23e7dd8",
    "settings": {
      "fd_thres": 0.2,
      "testing": false
    },
    "software": "mriqc",
    "version": "22.0.6",
    "webapi_port": null,
    "webapi_url": "https://mriqc.nimh.nih.gov/api/v1"
  },
  "size_t": 101,
  "size_x": 80,
  "size_y": 80,
  "size_z": 37,
  "snr": 5.877054457994108,
  "spacing_tr": 2.000000476837158,
  "spacing_x": 3.0,
  "spacing_y": 3.0,
  "spacing_z": 3.0,
  "summary_bg_k": 127.97341670085737,
  "summary_bg_mad": 5333.785091586017,
  "summary_bg_mean": 28706.923828125,
  "summary_bg_median": 4067.21875,
  "summary_bg_n": 161118.0,
  "summary_bg_p05": 198.70744552612305,
  "summary_bg_p95": 133998.27734374997,
  "summary_bg_stdv": 84056.2578125,
  "summary_fg_k": 0.8863892560470688,
  "summary_fg_mad": 213721.74292951534,
  "summary_fg_mean": 1274581.75,
  "summary_fg_median": 1255105.25,
  "summary_fg_n": 35348.0,
  "summary_fg_p05": 976243.084375,
  "summary_fg_p95": 1635596.01875,
  "summary_fg_stdv": 213557.234375,
  "tsnr": 54.654727935791016
}