{
  "aor": 0.0058184158415841595,
  "aqi": 0.007648085742574258,
  "bids_meta": {
    "AcquisitionMatrixPE": 80,
    "AcquisitionNumber": 8,
    "AcquisitionTime": "15:28:36.370000",
    "BodyPartExamined": "BRAIN",
    "CoilString": "SENSE_HEAD_8",
    "ConversionSoftware": "dcm2niix",
    "ConversionSoftwareVersion": "v1.0.20190410  Clang4.0.1",
    "Dcm2bidsVersion": "2.1.4",
    "DeviceSerialNumber": "34072",
    "EchoTime": 0.030001,
    "EchoTrainLength": 39,
    "EffectiveEchoSpacing": 0.0002777,
    "FlipAngle": 82,
    "ImageOrientationPatientDICOM": [
      0.999466,
      0.00303991,
      0.0325287,
      -0.00546787,
      0.997182,
      0.0748143
    ],
    "ImageType": [
      "ORIGINAL",
      "PRIMARY",
      "M",
      "FFE",
      "M",
      "FFE"
    ],
    "ImagingFrequency": 127.734,
    "InPlanePhaseEncodingDirectionDICOM": "COL",
    "InstitutionName": "Az.Osp._Udine",
    "InstitutionalDepartmentName": "Radiologia",
    "MRAcquisitionType": "2D",
    "MagneticFieldStrength": 3,
    "Manufacturer": "Philips",
    "ManufacturersModelName": "Achieva",
    "Modality": "MR",
    "PartialFourier": 0.4875,
    "PatientPosition": "HFS",
    "PercentPhaseFOV": 100,
    "PhaseEncodingAxis": "j",
    "PhaseEncodingDirection": "j",
    "PhaseEncodingSteps": 80,
    "PhilipsRescaleIntercept": 0,
    "PhilipsRescaleSlope": 0.80757,
    "PhilipsScaleSlope": 0.000543115,
    "PixelBandwidth": 3608.02,
    "ProtocolName": "SOCIAL_4run",
    "ReconMatrixPE": 80,
    "RepetitionTime": 2,
    "ScanOptions": "FS",
    "ScanningSequence": "GR",
    "SequenceVariant": "SK",
    "SeriesDescription": "SOCIAL_4run",
    "SeriesNumber": 801,
    "SliceThickness": 3,
    "SliceTiming": [
      0.0,
      0.378378,
      0.702703,
      1.027027,
      1.351351,
      1.675676,
      0.054054,
      0.432432,
      0.756757,
      1.081081,
      1.405405,
      1.72973,
      0.108108,
      0.486486,
      0.810811,
      1.135135,
      1.459459,
      1.783784,
      0.162162,
      0.540541,
      0.864865,
      1.189189,
      1.513514,
      1.837838,
      0.216216,
      0.594595,
      0.918919,
      1.243243,
      1.567568,
      1.891892,
      0.27027,
      0.648649,
      0.972973,
      1.297297,
      1.621622,
      1.945946,
      0.324324
    ],
    "SoftwareVersions": "5.3.1_5.3.1.2",
    "SpacingBetweenSlices": 3,
    "StationName": "PHILIPS-K5NT78B",
    "TaskName": "ANIM",
    "TotalReadoutTime": 0.0219394,
    "UsePhilipsFloatNotDisplayScaling": 1,
    "dataset": "ds003436",
    "modality": "bold",
    "run_id": 3,
    "subject_id": "18",
    "task_id": "anim"
  },
  "dummy_trs": 0,
  "dvars_nstd": 32.6461950683,
  "dvars_std": 1.4104402462,
  "dvars_vstd": 1.0521804572999995,
  "efc": 0.42697837302174757,
  "fber": 88946.359375,
  "fd_mean": 0.12649281537332235,
  "fd_num": 8,
  "fd_perc": 7.920792079207921,
  "fwhm_avg": 1.9135222222222221,
  "fwhm_x": 1.9155033333333333,
  "fwhm_y": 1.9934966666666665,
  "fwhm_z": 1.8315666666666666,
  "gcor": 0.0131629,
  "gsr_x": -0.01569369249045849,
  "gsr_y": 0.010616255924105644,
  "provenance": {
    "md5sum": "78470a52322c0d83b6a36f436f54588d",
    "settings": {
      "fd_thres": 0.2,
      "testing": false
    },
    "software": "mriqc",
    "version": "22.0.6",
    "webapi_port": null,
    "webapi_url": "https://mriqc.nimh.nih.gov/api/v1"
  },
  "size_t": 101,
  "size_x": 80,
  "size_y": 80,
  "size_z": 37,
  "snr": 5.908745034127943,
  "spacing_tr": 2.000000476837158,
  "spacing_x": 3.0,
  "spacing_y": 3.0,
  "spacing_z": 3.0,
  "summary_bg_k": 125.38103441235742,
  "summary_bg_mad": 13174.307212349515,
  "summary_bg_mean": 71728.3359375,
  "summary_bg_median": 10062.23828125,
  "summary_bg_n": 160968.0,
  "summary_bg_p05": 500.12925109863284,
  "summary_bg_p95": 331470.3843749998,
  "summary_bg_stdv": 212719.78125,
  "summary_fg_k": 0.8733436794984097,
  "summary_fg_mad": 539896.8255546303,
  "summary_fg_mean": 3212132.25,
  "summary_fg_median": 3164456.75,
  "summary_fg_n": 35188.0,
  "summary_fg_p05": 2464481.775,
  "summary_fg_p95": 4115124.1,
  "summary_fg_stdv": 535547.1875,
  "tsnr": 61.96406173706055
}