{
  "aor": 0.00852920792079208,
  "aqi": 0.011485764356435642,
  "bids_meta": {
    "AcquisitionMatrixPE": 80,
    "AcquisitionNumber": 9,
    "AcquisitionTime": "15:33:17.300000",
    "BodyPartExamined": "BRAIN",
    "CoilString": "SENSE_HEAD_8",
    "ConversionSoftware": "dcm2niix",
    "ConversionSoftwareVersion": "v1.0.20190410  Clang4.0.1",
    "Dcm2bidsVersion": "2.1.4",
    "DeviceSerialNumber": "34072",
    "EchoTime": 0.030001,
    "EchoTrainLength": 39,
    "EffectiveEchoSpacing": 0.0002777,
    "FlipAngle": 82,
    "ImageOrientationPatientDICOM": [
      0.999466,
      0.00303991,
      0.0325287,
      -0.00546787,
      0.997182,
      0.0748143
    ],
    "ImageType": [
      "ORIGINAL",
      "PRIMARY",
      "M",
      "FFE",
      "M",
      "FFE"
    ],
    "ImagingFrequency": 127.734,
    "InPlanePhaseEncodingDirectionDICOM": "COL",
    "InstitutionName": "Az.Osp._Udine",
    "InstitutionalDepartmentName": "Radiologia",
    "MRAcquisitionType": "2D",
    "MagneticFieldStrength": 3,
    "Manufacturer": "Philips",
    "ManufacturersModelName": "Achieva",
    "Modality": "MR",
    "PartialFourier": 0.4875,
    "PatientPosition": "HFS",
    "PercentPhaseFOV": 100,
    "PhaseEncodingAxis": "j",
    "PhaseEncodingDirection": "j",
    "PhaseEncodingSteps": 80,
    "PhilipsRescaleIntercept": 0,
    "PhilipsRescaleSlope": 0.756288,
    "PhilipsScaleSlope": 0.000567113,
    "PixelBandwidth": 3608.02,
    "ProtocolName": "SOCIAL_4run",
    "ReconMatrixPE": 80,
    "RepetitionTime": 2,
    "ScanOptions": "FS",
    "ScanningSequence": "GR",
    "SequenceVariant": "SK",
    "SeriesDescription": "SOCIAL_4run",
    "SeriesNumber": 901,
    "SliceThickness": 3,
    "SliceTiming": [
      0.0,
      0.378378,
      0.702703,
      1.027027,
      1.351351,
      1.675676,
      0.054054,
      0.432432,
      0.756757,
      1.081081,
      1.405405,
      1.72973,
      0.108108,
      0.486486,
      0.810811,
      1.135135,
      1.459459,
      1.783784,
      0.162162,
      0.540541,
      0.864865,
      1.189189,
      1.513514,
      1.837838,
      0.216216,
      0.594595,
      0.918919,
      1.243243,
      1.567568,
      1.891892,
      0.27027,
      0.648649,
      0.972973,
      1.297297,
      1.621622,
      1.945946,
      0.324324
    ],
    "SoftwareVersions": "5.3.1_5.3.1.2",
    "SpacingBetweenSlices": 3,
    "StationName": "PHILIPS-K5NT78B",
    "TaskName": "ANIM",
    "TotalReadoutTime": 0.0219394,
    "UsePhilipsFloatNotDisplayScaling": 1,
    "dataset": "ds003436",
    "modality": "bold",
    "run_id": 4,
    "subject_id": "18",
    "task_id": "anim"
  },
  "dummy_trs": 0,
  "dvars_nstd": 34.861791248200014,
  "dvars_std": 1.3397557265999998,
  "dvars_vstd": 1.0521759069000005,
  "efc": 0.42717694766342285,
  "fber": 92942.8046875,
  "fd_mean": 0.21533798993819508,
  "fd_num": 28,
  "fd_perc": 27.722772277227723,
  "fwhm_avg": 1.9286377777777777,
  "fwhm_x": 1.92736,
  "fwhm_y": 2.0115766666666666,
  "fwhm_z": 1.8469766666666667,
  "gcor": 0.0241737,
  "gsr_x": -0.015568038448691368,
  "gsr_y": 0.011352140456438065,
  "provenance": {
    "md5sum": "3b154fc01a8b59f52ada9c04fae0ffd3",
    "settings": {
      "fd_thres": 0.2,
      "testing": false
    },
    "software": "mriqc",
    "version": "22.0.6",
    "webapi_port": null,
    "webapi_url": "https://mriqc.nimh.nih.gov/api/v1"
  },
  "size_t": 101,
  "size_x": 80,
  "size_y": 80,
  "size_z": 37,
  "snr": 5.878355429455288,
  "spacing_tr": 2.000000476837158,
  "spacing_x": 3.0,
  "spacing_y": 3.0,
  "spacing_z": 3.0,
  "summary_bg_k": 124.4857134059961,
  "summary_bg_mad": 12945.125540676041,
  "summary_bg_mean": 71721.953125,
  "summary_bg_median": 9894.701171875,
  "summary_bg_n": 161032.0,
  "summary_bg_p05": 526.3946929931641,
  "summary_bg_p95": 336542.19843749993,
  "summary_bg_stdv": 210251.21875,
  "summary_fg_k": 0.8639060688014997,
  "summary_fg_mad": 534329.4688988643,
  "summary_fg_mean": 3212764.0,
  "summary_fg_median": 3162676.75,
  "summary_fg_n": 35343.0,
  "summary_fg_p05": 2453124.975,
  "summary_fg_p95": 4121963.8000000003,
  "summary_fg_stdv": 538013.0625,
  "tsnr": 50.127201080322266
}