{
  "aor": 0.0044296039603960394,
  "aqi": 0.012827390990099007,
  "bids_meta": {
    "AcquisitionMatrixPE": 80,
    "AcquisitionNumber": 12,
    "AcquisitionTime": "17:32:29.630000",
    "BodyPartExamined": "BRAIN",
    "CoilString": "SENSE_HEAD_8",
    "ConversionSoftware": "dcm2niix",
    "ConversionSoftwareVersion": "v1.0.20181125  Clang9.0.0",
    "Dcm2bidsVersion": "2.1.4",
    "DeviceSerialNumber": "34072",
    "EchoTime": 0.030001,
    "EchoTrainLength": 39,
    "EffectiveEchoSpacing": 0.0002777,
    "FlipAngle": 82,
    "ImageOrientationPatientDICOM": [
      0.999646,
      -0.00598528,
      0.025914,
      0.00659422,
      0.999703,
      -0.0234773
    ],
    "ImageType": [
      "ORIGINAL",
      "PRIMARY",
      "M",
      "FFE",
      "M",
      "FFE"
    ],
    "ImagingFrequency": 127.733,
    "InPlanePhaseEncodingDirectionDICOM": "COL",
    "InstitutionName": "Az.Osp._Udine",
    "InstitutionalDepartmentName": "Radiologia",
    "MRAcquisitionType": "2D",
    "MagneticFieldStrength": 3,
    "Manufacturer": "Philips",
    "ManufacturersModelName": "Achieva",
    "Modality": "MR",
    "PartialFourier": 0.4875,
    "PatientPosition": "HFS",
    "PercentPhaseFOV": 100,
    "PhaseEncodingAxis": "j",
    "PhaseEncodingDirection": "j",
    "PhaseEncodingSteps": 80,
    "PhilipsRescaleIntercept": 0,
    "PhilipsRescaleSlope": 0.77265,
    "PhilipsScaleSlope": 0.00148712,
    "PixelBandwidth": 3608.02,
    "ProtocolName": "SOCIAL_4run",
    "ReconMatrixPE": 80,
    "RepetitionTime": 2,
    "ScanOptions": "FS",
    "ScanningSequence": "GR",
    "SequenceVariant": "SK",
    "SeriesDescription": "SOCIAL_4run",
    "SeriesNumber": 1201,
    "SliceThickness": 3,
    "SliceTiming": [
      0.0,
      0.378378,
      0.702703,
      1.027027,
      1.351351,
      1.675676,
      0.054054,
      0.432432,
      0.756757,
      1.081081,
      1.405405,
      1.72973,
      0.108108,
      0.486486,
      0.810811,
      1.135135,
      1.459459,
      1.783784,
      0.162162,
      0.540541,
      0.864865,
      1.189189,
      1.513514,
      1.837838,
      0.216216,
      0.594595,
      0.918919,
      1.243243,
      1.567568,
      1.891892,
      0.27027,
      0.648649,
      0.972973,
      1.297297,
      1.621622,
      1.945946,
      0.324324
    ],
    "SoftwareVersions": "5.3.1_5.3.1.2",
    "SpacingBetweenSlices": 3,
    "StationName": "PHILIPS-K5NT78B",
    "TaskName": "ANIM",
    "TotalReadoutTime": 0.0219394,
    "UsePhilipsFloatNotDisplayScaling": 1,
    "dataset": "ds003436",
    "modality": "bold",
    "run_id": 1,
    "subject_id": "36",
    "task_id": "anim"
  },
  "dummy_trs": 0,
  "dvars_nstd": 32.1384593019,
  "dvars_std": 1.1738829986000001,
  "dvars_vstd": 0.9926093921000002,
  "efc": 0.4388319574610551,
  "fber": 105311.1875,
  "fd_mean": 0.32833721603589844,
  "fd_num": 62,
  "fd_perc": 61.386138613861384,
  "fwhm_avg": 1.8657388888888888,
  "fwhm_x": 1.7990966666666666,
  "fwhm_y": 1.9987833333333331,
  "fwhm_z": 1.7993366666666668,
  "gcor": 0.0261596,
  "gsr_x": -0.007845274172723293,
  "gsr_y": 0.009509231895208359,
  "provenance": {
    "md5sum": "94166fc049a96416d44e37ec8681d83e",
    "settings": {
      "fd_thres": 0.2,
      "testing": false
    },
    "software": "mriqc",
    "version": "22.0.6",
    "webapi_port": null,
    "webapi_url": "https://mriqc.nimh.nih.gov/api/v1"
  },
  "size_t": 101,
  "size_x": 80,
  "size_y": 80,
  "size_z": 37,
  "snr": 5.299918178583912,
  "spacing_tr": 2.000000476837158,
  "spacing_x": 3.0,
  "spacing_y": 3.0,
  "spacing_z": 3.0,
  "summary_bg_k": 65.20046445034097,
  "summary_bg_mad": 3629.6079760492958,
  "summary_bg_mean": 23331.458984375,
  "summary_bg_median": 2654.95458984375,
  "summary_bg_n": 158884.0,
  "summary_bg_p05": 88.21846504211427,
  "summary_bg_p95": 109500.56367187522,
  "summary_bg_stdv": 63785.94921875,
  "summary_fg_k": 1.2327817550937432,
  "summary_fg_mad": 164760.19460294768,
  "summary_fg_mean": 920325.6875,
  "summary_fg_median": 904244.125,
  "summary_fg_n": 37163.0,
  "summary_fg_p05": 676434.25,
  "summary_fg_p95": 1207174.3875,
  "summary_fg_stdv": 170612.4375,
  "tsnr": 46.152191162109375
}