{
  "aor": 0.006012574257425741,
  "aqi": 0.01754960514851485,
  "bids_meta": {
    "AcquisitionMatrixPE": 80,
    "AcquisitionNumber": 9,
    "AcquisitionTime": "17:19:41.850000",
    "BodyPartExamined": "BRAIN",
    "CoilString": "SENSE_HEAD_8",
    "ConversionSoftware": "dcm2niix",
    "ConversionSoftwareVersion": "v1.0.20181125  Clang9.0.0",
    "Dcm2bidsVersion": "2.1.4",
    "DeviceSerialNumber": "34072",
    "EchoTime": 0.030001,
    "EchoTrainLength": 39,
    "EffectiveEchoSpacing": 0.0002777,
    "FlipAngle": 82,
    "ImageOrientationPatientDICOM": [
      0.999646,
      -0.00598528,
      0.025914,
      0.00659422,
      0.999703,
      -0.0234773
    ],
    "ImageType": [
      "ORIGINAL",
      "PRIMARY",
      "M",
      "FFE",
      "M",
      "FFE"
    ],
    "ImagingFrequency": 127.733,
    "InPlanePhaseEncodingDirectionDICOM": "COL",
    "InstitutionName": "Az.Osp._Udine",
    "InstitutionalDepartmentName": "Radiologia",
    "MRAcquisitionType": "2D",
    "MagneticFieldStrength": 3,
    "Manufacturer": "Philips",
    "ManufacturersModelName": "Achieva",
    "Modality": "MR",
    "PartialFourier": 0.4875,
    "PatientPosition": "HFS",
    "PercentPhaseFOV": 100,
    "PhaseEncodingAxis": "j",
    "PhaseEncodingDirection": "j",
    "PhaseEncodingSteps": 80,
    "PhilipsRescaleIntercept": 0,
    "PhilipsRescaleSlope": 0.767033,
    "PhilipsScaleSlope": 0.000951823,
    "PixelBandwidth": 3608.02,
    "ProtocolName": "SOCIAL_4run",
    "ReconMatrixPE": 80,
    "RepetitionTime": 2,
    "ScanOptions": "FS",
    "ScanningSequence": "GR",
    "SequenceVariant": "SK",
    "SeriesDescription": "SOCIAL_4run",
    "SeriesNumber": 901,
    "SliceThickness": 3,
    "SliceTiming": [
      0.0,
      0.378378,
      0.702703,
      1.027027,
      1.351351,
      1.675676,
      0.054054,
      0.432432,
      0.756757,
      1.081081,
      1.405405,
      1.72973,
      0.108108,
      0.486486,
      0.810811,
      1.135135,
      1.459459,
      1.783784,
      0.162162,
      0.540541,
      0.864865,
      1.189189,
      1.513514,
      1.837838,
      0.216216,
      0.594595,
      0.918919,
      1.243243,
      1.567568,
      1.891892,
      0.27027,
      0.648649,
      0.972973,
      1.297297,
      1.621622,
      1.945946,
      0.324324
    ],
    "SoftwareVersions": "5.3.1_5.3.1.2",
    "SpacingBetweenSlices": 3,
    "StationName": "PHILIPS-K5NT78B",
    "TaskName": "ANIM",
    "TotalReadoutTime": 0.0219394,
    "UsePhilipsFloatNotDisplayScaling": 1,
    "dataset": "ds003436",
    "modality": "bold",
    "run_id": 2,
    "subject_id": "36",
    "task_id": "anim"
  },
  "dummy_trs": 0,
  "dvars_nstd": 30.883277721600003,
  "dvars_std": 1.1054140078999997,
  "dvars_vstd": 0.9878708777,
  "efc": 0.4364237230204361,
  "fber": 118086.09375,
  "fd_mean": 0.32886226325538176,
  "fd_num": 59,
  "fd_perc": 58.415841584158414,
  "fwhm_avg": 1.84926,
  "fwhm_x": 1.7805866666666665,
  "fwhm_y": 1.9912866666666666,
  "fwhm_z": 1.7759066666666667,
  "gcor": 0.0227541,
  "gsr_x": -0.007119390182197094,
  "gsr_y": 0.009629896841943264,
  "provenance": {
    "md5sum": "ef7bd4fff77055ac2b61f6ef4d8b60d7",
    "settings": {
      "fd_thres": 0.2,
      "testing": false
    },
    "software": "mriqc",
    "version": "22.0.6",
    "webapi_port": null,
    "webapi_url": "https://mriqc.nimh.nih.gov/api/v1"
  },
  "size_t": 101,
  "size_x": 80,
  "size_y": 80,
  "size_z": 37,
  "snr": 5.281666759049252,
  "spacing_tr": 2.000000476837158,
  "spacing_x": 3.0,
  "spacing_y": 3.0,
  "spacing_z": 3.0,
  "summary_bg_k": 61.93741723976298,
  "summary_bg_mad": 5461.173280306323,
  "summary_bg_mean": 38194.8515625,
  "summary_bg_median": 4051.2490234375,
  "summary_bg_n": 159417.0,
  "summary_bg_p05": 200.45807189941408,
  "summary_bg_p95": 179821.44062499944,
  "summary_bg_stdv": 106473.0390625,
  "summary_fg_k": 1.377850752787011,
  "summary_fg_mad": 266757.2968272591,
  "summary_fg_mean": 1499629.125,
  "summary_fg_median": 1473388.375,
  "summary_fg_n": 36720.0,
  "summary_fg_p05": 1104412.74375,
  "summary_fg_p95": 1973972.2312499993,
  "summary_fg_stdv": 278958.96875,
  "tsnr": 40.506187438964844
}