{
  "aor": 0.003542178217821782,
  "aqi": 0.00769212118811881,
  "bids_meta": {
    "AcquisitionMatrixPE": 80,
    "AcquisitionNumber": 10,
    "AcquisitionTime": "15:38:16.450000",
    "BodyPartExamined": "BRAIN",
    "CoilString": "SENSE_HEAD_8",
    "ConversionSoftware": "dcm2niix",
    "ConversionSoftwareVersion": "v1.0.20190410  Clang4.0.1",
    "Dcm2bidsVersion": "2.1.4",
    "DeviceSerialNumber": "34072",
    "EchoTime": 0.030001,
    "EchoTrainLength": 39,
    "EffectiveEchoSpacing": 0.0002777,
    "FlipAngle": 82,
    "ImageOrientationPatientDICOM": [
      0.999466,
      0.00303991,
      0.0325287,
      -0.00546787,
      0.997182,
      0.0748143
    ],
    "ImageType": [
      "ORIGINAL",
      "PRIMARY",
      "M",
      "FFE",
      "M",
      "FFE"
    ],
    "ImagingFrequency": 127.734,
    "InPlanePhaseEncodingDirectionDICOM": "COL",
    "InstitutionName": "Az.Osp._Udine",
    "InstitutionalDepartmentName": "Radiologia",
    "MRAcquisitionType": "2D",
    "MagneticFieldStrength": 3,
    "Manufacturer": "Philips",
    "ManufacturersModelName": "Achieva",
    "Modality": "MR",
    "PartialFourier": 0.4875,
    "PatientPosition": "HFS",
    "PercentPhaseFOV": 100,
    "PhaseEncodingAxis": "j",
    "PhaseEncodingDirection": "j",
    "PhaseEncodingSteps": 80,
    "PhilipsRescaleIntercept": 0,
    "PhilipsRescaleSlope": 0.77094,
    "PhilipsScaleSlope": 0.000520566,
    "PixelBandwidth": 3608.02,
    "ProtocolName": "SOCIAL_4run",
    "ReconMatrixPE": 80,
    "RepetitionTime": 2,
    "ScanOptions": "FS",
    "ScanningSequence": "GR",
    "SequenceVariant": "SK",
    "SeriesDescription": "SOCIAL_4run",
    "SeriesNumber": 1001,
    "SliceThickness": 3,
    "SliceTiming": [
      0.0,
      0.378378,
      0.702703,
      1.027027,
      1.351351,
      1.675676,
      0.054054,
      0.432432,
      0.756757,
      1.081081,
      1.405405,
      1.72973,
      0.108108,
      0.486486,
      0.810811,
      1.135135,
      1.459459,
      1.783784,
      0.162162,
      0.540541,
      0.864865,
      1.189189,
      1.513514,
      1.837838,
      0.216216,
      0.594595,
      0.918919,
      1.243243,
      1.567568,
      1.891892,
      0.27027,
      0.648649,
      0.972973,
      1.297297,
      1.621622,
      1.945946,
      0.324324
    ],
    "SoftwareVersions": "5.3.1_5.3.1.2",
    "SpacingBetweenSlices": 3,
    "StationName": "PHILIPS-K5NT78B",
    "TaskName": "ANIM",
    "TotalReadoutTime": 0.0219394,
    "UsePhilipsFloatNotDisplayScaling": 1,
    "dataset": "ds003436",
    "modality": "bold",
    "run_id": 2,
    "subject_id": "18",
    "task_id": "anim"
  },
  "dummy_trs": 0,
  "dvars_nstd": 32.862586517400004,
  "dvars_std": 1.4058492239999996,
  "dvars_vstd": 1.0148644659000003,
  "efc": 0.42700123870118917,
  "fber": 88712.0078125,
  "fd_mean": 0.13075363521622127,
  "fd_num": 10,
  "fd_perc": 9.900990099009901,
  "fwhm_avg": 1.93725,
  "fwhm_x": 1.9309866666666666,
  "fwhm_y": 2.0189133333333333,
  "fwhm_z": 1.8618499999999998,
  "gcor": 0.0225616,
  "gsr_x": -0.015656286850571632,
  "gsr_y": 0.01144308503717184,
  "provenance": {
    "md5sum": "6eead4659d1dd31008611fa69426a36d",
    "settings": {
      "fd_thres": 0.2,
      "testing": false
    },
    "software": "mriqc",
    "version": "22.0.6",
    "webapi_port": null,
    "webapi_url": "https://mriqc.nimh.nih.gov/api/v1"
  },
  "size_t": 101,
  "size_x": 80,
  "size_y": 80,
  "size_z": 37,
  "snr": 5.740468632042089,
  "spacing_tr": 2.000000476837158,
  "spacing_x": 3.0,
  "spacing_y": 3.0,
  "spacing_z": 3.0,
  "summary_bg_k": 130.82965695083823,
  "summary_bg_mad": 13614.876614348657,
  "summary_bg_mean": 74719.5859375,
  "summary_bg_median": 10368.4462890625,
  "summary_bg_n": 161019.0,
  "summary_bg_p05": 491.3433990478516,
  "summary_bg_p95": 347883.2750000003,
  "summary_bg_stdv": 222613.15625,
  "summary_fg_k": 1.032976329804069,
  "summary_fg_mad": 564334.9285728126,
  "summary_fg_mean": 3343678.5,
  "summary_fg_median": 3286550.5,
  "summary_fg_n": 35370.0,
  "summary_fg_p05": 2547990.1625,
  "summary_fg_p95": 4312945.55,
  "summary_fg_stdv": 572514.9375,
  "tsnr": 61.47605514526367
}