{
  "bids_meta": {
    "AcquisitionMatrixPE": 240,
    "AcquisitionNumber": 2,
    "AcquisitionTime": "17:12:15.010000",
    "BodyPartExamined": "BRAIN",
    "CoilString": "SENSE_HEAD_8",
    "ConversionSoftware": "dcm2niix",
    "ConversionSoftwareVersion": "v1.0.20190410  Clang4.0.1",
    "Dcm2bidsVersion": "2.1.4",
    "DeviceSerialNumber": "34072",
    "EchoTime": 0.00378,
    "EchoTrainLength": 240,
    "FlipAngle": 12,
    "ImageOrientationPatientDICOM": [
      -0.00494074,
      0.999983,
      0.00298121,
      0.13502,
      0.00362106,
      -0.990836
    ],
    "ImageType": [
      "ORIGINAL",
      "PRIMARY",
      "M",
      "FFE",
      "M",
      "FFE"
    ],
    "ImagingFrequency": 127.734,
    "InPlanePhaseEncodingDirectionDICOM": "ROW",
    "InstitutionName": "Az.Osp._Udine",
    "InstitutionalDepartmentName": "Radiologia",
    "MRAcquisitionType": "3D",
    "MagneticFieldStrength": 3,
    "Manufacturer": "Philips",
    "ManufacturersModelName": "Achieva",
    "Modality": "MR",
    "PatientPosition": "HFS",
    "PercentPhaseFOV": 100,
    "PhaseEncodingSteps": 240,
    "PhilipsRescaleIntercept": 0,
    "PhilipsRescaleSlope": 2.79609,
    "PhilipsScaleSlope": 0.000252757,
    "PixelBandwidth": 191.38,
    "ProtocolName": "T1W_3D_VBM",
    "ReconMatrixPE": 256,
    "RepetitionTime": 0.0082282,
    "ScanOptions": "OTHER",
    "ScanningSequence": "GR",
    "SequenceVariant": "MP",
    "SeriesDescription": "T1W_3D_VBM",
    "SeriesNumber": 201,
    "SliceThickness": 1,
    "SoftwareVersions": "5.3.1_5.3.1.2",
    "SpacingBetweenSlices": 1,
    "StationName": "PHILIPS-K5NT78B",
    "UsePhilipsFloatNotDisplayScaling": 1,
    "dataset": "ds003436",
    "modality": "T1w",
    "subject_id": "25"
  },
  "cjv": 0.4041577153746326,
  "cnr": 3.3606309693478797,
  "efc": 0.5741490096119302,
  "fber": -1.0,
  "fwhm_avg": 4.0246055555555555,
  "fwhm_x": 3.98027,
  "fwhm_y": 4.297216000000001,
  "fwhm_z": 3.796330666666667,
  "icvs_csf": 0.23960271200369002,
  "icvs_gm": 0.41890613082173883,
  "icvs_wm": 0.3414911571745712,
  "inu_med": 0.3576948940753937,
  "inu_range": 0.08823983371257782,
  "provenance": {
    "md5sum": "9b60fd877ec371e62e7552b91d84ff34",
    "settings": {
      "testing": false
    },
    "software": "mriqc",
    "version": "22.0.6",
    "warnings": {
      "large_rot_frame": true,
      "small_air_mask": false
    },
    "webapi_port": null,
    "webapi_url": "https://mriqc.nimh.nih.gov/api/v1"
  },
  "qi_1": 6.931253117246267e-05,
  "qi_2": 1.3594609565246811e-06,
  "rpve_csf": 20.458555351082424,
  "rpve_gm": 11.558464486267784,
  "rpve_wm": 15.844828451510862,
  "size_x": 170,
  "size_y": 256,
  "size_z": 256,
  "snr_csf": 3.7807149428656177,
  "snr_gm": 16.77141124751556,
  "snr_total": 15.211875844197417,
  "snr_wm": 25.083501342211076,
  "snrd_csf": 29.93497317276949,
  "snrd_gm": 63.8440814891601,
  "snrd_total": 58.173491946936544,
  "snrd_wm": 80.74142117888005,
  "spacing_x": 1.0,
  "spacing_y": 0.9375,
  "spacing_z": 0.9375,
  "summary_bg_k": 97.22745194187567,
  "summary_bg_mad": 0.0,
  "summary_bg_mean": 2.29297763379835,
  "summary_bg_median": 0.0,
  "summary_bg_n": 1538585.0,
  "summary_bg_p05": 0.0,
  "summary_bg_p95": 11.428571656346321,
  "summary_bg_stdv": 8.114554087255833,
  "summary_csf_k": 2.541650786904534,
  "summary_csf_mad": 66.97559761739171,
  "summary_csf_mean": 373.07190302328144,
  "summary_csf_median": 370.7761603705585,
  "summary_csf_n": 68555.0,
  "summary_csf_p05": 198.9583841677755,
  "summary_csf_p95": 533.7907867915928,
  "summary_csf_stdv": 98.06966717665584,
  "summary_gm_k": 0.02976888628557095,
  "summary_gm_mad": 47.163095134956116,
  "summary_gm_mean": 790.230174127046,
  "summary_gm_median": 790.7761687412858,
  "summary_gm_n": 24987.0,
  "summary_gm_p05": 712.1035012565553,
  "summary_gm_p95": 866.8166651949286,
  "summary_gm_stdv": 47.149302653250295,
  "summary_wm_k": 0.6355664544392141,
  "summary_wm_mad": 37.42361580015613,
  "summary_wm_mean": 1002.1852052639198,
  "summary_wm_median": 1000.0675114952028,
  "summary_wm_n": 186301.0,
  "summary_wm_p05": 940.8774090781808,
  "summary_wm_p95": 1071.2936096526682,
  "summary_wm_stdv": 39.86942707231318,
  "tpm_overlap_csf": 0.17215055088719664,
  "tpm_overlap_gm": 0.46191271760912384,
  "tpm_overlap_wm": 0.4947568453662711,
  "wm2max": 0.7787023087972532
}