{
  "bids_meta": {
    "AcquisitionMatrixPE": 240,
    "AcquisitionNumber": 2,
    "AcquisitionTime": "15:29:29.410000",
    "BodyPartExamined": "BRAIN",
    "CoilString": "SENSE_HEAD_8",
    "ConversionSoftware": "dcm2niix",
    "ConversionSoftwareVersion": "v1.0.20190410  Clang4.0.1",
    "Dcm2bidsVersion": "2.1.4",
    "DeviceSerialNumber": "34072",
    "EchoTime": 0.003692,
    "EchoTrainLength": 240,
    "FlipAngle": 12,
    "ImageOrientationPatientDICOM": [
      -0.0121234,
      0.999924,
      0.00209476,
      -0.00375679,
      0.00204935,
      -0.999991
    ],
    "ImageType": [
      "ORIGINAL",
      "PRIMARY",
      "M",
      "FFE",
      "M",
      "FFE"
    ],
    "ImagingFrequency": 127.734,
    "InPlanePhaseEncodingDirectionDICOM": "ROW",
    "InstitutionName": "Az.Osp._Udine",
    "InstitutionalDepartmentName": "Radiologia",
    "MRAcquisitionType": "3D",
    "MagneticFieldStrength": 3,
    "Manufacturer": "Philips",
    "ManufacturersModelName": "Achieva",
    "Modality": "MR",
    "PatientPosition": "HFS",
    "PercentPhaseFOV": 100,
    "PhaseEncodingSteps": 240,
    "PhilipsRescaleIntercept": 0,
    "PhilipsRescaleSlope": 2.82564,
    "PhilipsScaleSlope": 0.000225274,
    "PixelBandwidth": 191.38,
    "ProtocolName": "T1W_3D_VBM",
    "ReconMatrixPE": 256,
    "RepetitionTime": 0.0080681,
    "ScanOptions": "OTHER",
    "ScanningSequence": "GR",
    "SequenceVariant": "MP",
    "SeriesDescription": "T1W_3D_VBM",
    "SeriesNumber": 201,
    "SliceThickness": 1,
    "SoftwareVersions": "5.3.1_5.3.1.2",
    "SpacingBetweenSlices": 1,
    "StationName": "PHILIPS-K5NT78B",
    "UsePhilipsFloatNotDisplayScaling": 1,
    "dataset": "ds003436",
    "modality": "T1w",
    "subject_id": "30"
  },
  "cjv": 0.3156788864659505,
  "cnr": 4.21931226452834,
  "efc": 0.5855132575000775,
  "fber": -1.0,
  "fwhm_avg": 4.457557111111112,
  "fwhm_x": 4.33089,
  "fwhm_y": 4.763936,
  "fwhm_z": 4.2778453333333335,
  "icvs_csf": 0.20401863128560357,
  "icvs_gm": 0.4338498915120393,
  "icvs_wm": 0.36213147720235717,
  "inu_med": 0.29834237694740295,
  "inu_range": 0.07221136689186097,
  "provenance": {
    "md5sum": "86231ed0e59c71b3e3b2101a50397c2c",
    "settings": {
      "testing": false
    },
    "software": "mriqc",
    "version": "22.0.6",
    "warnings": {
      "large_rot_frame": true,
      "small_air_mask": false
    },
    "webapi_port": null,
    "webapi_url": "https://mriqc.nimh.nih.gov/api/v1"
  },
  "qi_1": 1.1368572717579523e-05,
  "qi_2": 5.618318597626213e-07,
  "rpve_csf": 22.153802079890056,
  "rpve_gm": 10.888849080796973,
  "rpve_wm": 14.91522034506627,
  "size_x": 170,
  "size_y": 256,
  "size_z": 256,
  "snr_csf": 2.4631366865988844,
  "snr_gm": 15.289913159971546,
  "snr_total": 16.882796342921612,
  "snr_wm": 32.8953391821944,
  "snrd_csf": 44.388210956829646,
  "snrd_gm": 103.9263113054468,
  "snrd_total": 95.34550953103856,
  "snrd_wm": 137.7220063308392,
  "spacing_x": 1.0,
  "spacing_y": 0.9375,
  "spacing_z": 0.9375,
  "summary_bg_k": 15.64919665522067,
  "summary_bg_mad": 0.0,
  "summary_bg_mean": 2.1930913595809947,
  "summary_bg_median": 0.0,
  "summary_bg_n": 1174172.0,
  "summary_bg_p05": 0.0,
  "summary_bg_p95": 11.891415685415268,
  "summary_bg_stdv": 4.757043036997982,
  "summary_csf_k": -0.05676071726780485,
  "summary_csf_mad": 117.11940098409433,
  "summary_csf_mean": 308.398429893896,
  "summary_csf_median": 322.30941504240036,
  "summary_csf_n": 44055.0,
  "summary_csf_p05": 61.21276387423278,
  "summary_csf_p95": 512.6781678661703,
  "summary_csf_stdv": 130.8517544888009,
  "summary_gm_k": 0.11602794834834107,
  "summary_gm_mad": 48.26055397874744,
  "summary_gm_mean": 754.7703995557963,
  "summary_gm_median": 754.6244347840548,
  "summary_gm_n": 49500.0,
  "summary_gm_p05": 673.9469849318266,
  "summary_gm_p95": 835.8834429286419,
  "summary_gm_stdv": 49.353897852871995,
  "summary_wm_k": 0.3984956080208333,
  "summary_wm_mad": 29.20564890226782,
  "summary_wm_mean": 999.7604119965284,
  "summary_wm_median": 1000.0200130194426,
  "summary_wm_n": 240299.0,
  "summary_wm_p05": 949.5916020572186,
  "summary_wm_p95": 1048.9469826072454,
  "summary_wm_stdv": 30.39998848152474,
  "tpm_overlap_csf": 0.14919307156674383,
  "tpm_overlap_gm": 0.4812067680135683,
  "tpm_overlap_wm": 0.5314118861101078,
  "wm2max": 0.9059467890241027
}