{
  "aor": 0.002784851485148515,
  "aqi": 0.011600566633663364,
  "bids_meta": {
    "AcquisitionMatrixPE": 80,
    "AcquisitionNumber": 18,
    "AcquisitionTime": "18:37:44.770000",
    "BodyPartExamined": "BRAIN",
    "CoilString": "SENSE_HEAD_8",
    "ConversionSoftware": "dcm2niix",
    "ConversionSoftwareVersion": "v1.0.20190410  Clang4.0.1",
    "Dcm2bidsVersion": "2.1.4",
    "DeviceSerialNumber": "34072",
    "EchoTime": 0.030001,
    "EchoTrainLength": 39,
    "EffectiveEchoSpacing": 0.0002777,
    "FlipAngle": 82,
    "ImageOrientationPatientDICOM": [
      0.999834,
      0.0083413,
      0.0162295,
      -0.00838896,
      0.999961,
      0.00287066
    ],
    "ImageType": [
      "ORIGINAL",
      "PRIMARY",
      "M",
      "FFE",
      "M",
      "FFE"
    ],
    "ImagingFrequency": 127.735,
    "InPlanePhaseEncodingDirectionDICOM": "COL",
    "InstitutionName": "Az.Osp._Udine",
    "InstitutionalDepartmentName": "Radiologia",
    "MRAcquisitionType": "2D",
    "MagneticFieldStrength": 3,
    "Manufacturer": "Philips",
    "ManufacturersModelName": "Achieva",
    "Modality": "MR",
    "PartialFourier": 0.4875,
    "PatientPosition": "HFS",
    "PercentPhaseFOV": 100,
    "PhaseEncodingAxis": "j",
    "PhaseEncodingDirection": "j",
    "PhaseEncodingSteps": 80,
    "PhilipsRescaleIntercept": 0,
    "PhilipsRescaleSlope": 0.752381,
    "PhilipsScaleSlope": 0.000413389,
    "PixelBandwidth": 3608.02,
    "ProtocolName": "SOCIAL_4run",
    "ReconMatrixPE": 80,
    "RepetitionTime": 2,
    "ScanOptions": "FS",
    "ScanningSequence": "GR",
    "SequenceVariant": "SK",
    "SeriesDescription": "SOCIAL_4run",
    "SeriesNumber": 1801,
    "SliceThickness": 3,
    "SliceTiming": [
      0.0,
      0.378378,
      0.702703,
      1.027027,
      1.351351,
      1.675676,
      0.054054,
      0.432432,
      0.756757,
      1.081081,
      1.405405,
      1.72973,
      0.108108,
      0.486486,
      0.810811,
      1.135135,
      1.459459,
      1.783784,
      0.162162,
      0.540541,
      0.864865,
      1.189189,
      1.513514,
      1.837838,
      0.216216,
      0.594595,
      0.918919,
      1.243243,
      1.567568,
      1.891892,
      0.27027,
      0.648649,
      0.972973,
      1.297297,
      1.621622,
      1.945946,
      0.324324
    ],
    "SoftwareVersions": "5.3.1_5.3.1.2",
    "SpacingBetweenSlices": 3,
    "StationName": "PHILIPS-K5NT78B",
    "TaskName": "ANIM",
    "TotalReadoutTime": 0.0219394,
    "UsePhilipsFloatNotDisplayScaling": 1,
    "dataset": "ds003436",
    "modality": "bold",
    "run_id": 3,
    "subject_id": "15",
    "task_id": "anim"
  },
  "dummy_trs": 0,
  "dvars_nstd": 27.497186488899985,
  "dvars_std": 1.1670945850000003,
  "dvars_vstd": 1.0251600656000002,
  "efc": 0.4213556862302698,
  "fber": 62738.54296875,
  "fd_mean": 0.13546924891227494,
  "fd_num": 15,
  "fd_perc": 14.851485148514852,
  "fwhm_avg": 1.8660966666666665,
  "fwhm_x": 1.7828799999999998,
  "fwhm_y": 2.09105,
  "fwhm_z": 1.72436,
  "gcor": 0.0147874,
  "gsr_x": -0.01624673418700695,
  "gsr_y": 0.014197763986885548,
  "provenance": {
    "md5sum": "72aca69f643859b609467907d0fdaace",
    "settings": {
      "fd_thres": 0.2,
      "testing": false
    },
    "software": "mriqc",
    "version": "22.0.6",
    "webapi_port": null,
    "webapi_url": "https://mriqc.nimh.nih.gov/api/v1"
  },
  "size_t": 101,
  "size_x": 80,
  "size_y": 80,
  "size_z": 37,
  "snr": 6.201234496826454,
  "spacing_tr": 2.000000476837158,
  "spacing_x": 3.0,
  "spacing_y": 3.0,
  "spacing_z": 3.0,
  "summary_bg_k": 110.78976651076395,
  "summary_bg_mad": 15361.08702755097,
  "summary_bg_mean": 69575.8125,
  "summary_bg_median": 12944.6708984375,
  "summary_bg_n": 161424.0,
  "summary_bg_p05": 874.8017578125,
  "summary_bg_p95": 352600.7234375004,
  "summary_bg_stdv": 194575.125,
  "summary_fg_k": 3.7152410665139266,
  "summary_fg_mad": 473115.78850120504,
  "summary_fg_mean": 3471306.5,
  "summary_fg_median": 3423691.5,
  "summary_fg_n": 35046.0,
  "summary_fg_p05": 2725828.75,
  "summary_fg_p95": 4322359.75,
  "summary_fg_stdv": 552090.5,
  "tsnr": 53.90217971801758
}