{
  "bids_meta": {
    "AcquisitionMatrixPE": 240,
    "AcquisitionNumber": 2,
    "AcquisitionTime": "16:35:50.910000",
    "BodyPartExamined": "BRAIN",
    "CoilString": "SENSE_HEAD_8",
    "ConversionSoftware": "dcm2niix",
    "ConversionSoftwareVersion": "v1.0.20181125  Clang9.0.0",
    "Dcm2bidsVersion": "2.1.4",
    "DeviceSerialNumber": "34072",
    "EchoTime": 0.003699,
    "EchoTrainLength": 240,
    "FlipAngle": 12,
    "ImageOrientationPatientDICOM": [
      -0.00408204,
      0.999988,
      0.00266782,
      0.0154166,
      0.00273046,
      -0.999877
    ],
    "ImageType": [
      "ORIGINAL",
      "PRIMARY",
      "M",
      "FFE",
      "M",
      "FFE"
    ],
    "ImagingFrequency": 127.733,
    "InPlanePhaseEncodingDirectionDICOM": "ROW",
    "InstitutionName": "Az.Osp._Udine",
    "InstitutionalDepartmentName": "Radiologia",
    "MRAcquisitionType": "3D",
    "MagneticFieldStrength": 3,
    "Manufacturer": "Philips",
    "ManufacturersModelName": "Achieva",
    "Modality": "MR",
    "PatientPosition": "HFS",
    "PercentPhaseFOV": 100,
    "PhaseEncodingSteps": 240,
    "PhilipsRescaleIntercept": 0,
    "PhilipsRescaleSlope": 2.94188,
    "PhilipsScaleSlope": 0.000293519,
    "PixelBandwidth": 191.38,
    "ProtocolName": "T1W_3D_VBM",
    "ReconMatrixPE": 256,
    "RepetitionTime": 0.0080768,
    "ScanOptions": "OTHER",
    "ScanningSequence": "GR",
    "SequenceVariant": "MP",
    "SeriesDescription": "T1W_3D_VBM",
    "SeriesNumber": 201,
    "SliceThickness": 1,
    "SoftwareVersions": "5.3.1_5.3.1.2",
    "SpacingBetweenSlices": 1,
    "StationName": "PHILIPS-K5NT78B",
    "UsePhilipsFloatNotDisplayScaling": 1,
    "dataset": "ds003436",
    "modality": "T1w",
    "subject_id": "44"
  },
  "cjv": 0.35912082224607694,
  "cnr": 3.7176163723638473,
  "efc": 0.6026328056866032,
  "fber": -1.0,
  "fwhm_avg": 4.31552,
  "fwhm_x": 4.1664,
  "fwhm_y": 4.7230826666666665,
  "fwhm_z": 4.057077333333334,
  "icvs_csf": 0.23248882191089265,
  "icvs_gm": 0.4363345946081726,
  "icvs_wm": 0.33117658348093476,
  "inu_med": 0.3153301626443863,
  "inu_range": 0.0666599705815315,
  "provenance": {
    "md5sum": "3a6248e920c76eb9d1929869d376d220",
    "settings": {
      "testing": false
    },
    "software": "mriqc",
    "version": "22.0.6",
    "warnings": {
      "large_rot_frame": true,
      "small_air_mask": false
    },
    "webapi_port": null,
    "webapi_url": "https://mriqc.nimh.nih.gov/api/v1"
  },
  "qi_1": 0.002748808567402254,
  "qi_2": 1.1941700700199127e-06,
  "rpve_csf": 21.24394679284196,
  "rpve_gm": 11.529108309402657,
  "rpve_wm": 16.97762371496367,
  "size_x": 170,
  "size_y": 256,
  "size_z": 256,
  "snr_csf": 3.0869888564622725,
  "snr_gm": 14.654886178923642,
  "snr_total": 16.325975286092753,
  "snr_wm": 31.23605082289234,
  "snrd_csf": 32.008045238472576,
  "snrd_gm": 73.72041752022395,
  "snrd_total": 67.16127850441673,
  "snrd_wm": 95.75537275455368,
  "spacing_x": 1.0,
  "spacing_y": 0.9375,
  "spacing_z": 0.9375,
  "summary_bg_k": 15.710815809388553,
  "summary_bg_mad": 0.0,
  "summary_bg_mean": 3.1788829725332852,
  "summary_bg_median": 0.0,
  "summary_bg_n": 1157265.0,
  "summary_bg_p05": 0.0,
  "summary_bg_p95": 17.123804239556193,
  "summary_bg_stdv": 6.84202965996966,
  "summary_csf_k": 0.9597228252851218,
  "summary_csf_mad": 79.98969307305741,
  "summary_csf_mean": 325.85500180830087,
  "summary_csf_median": 334.28152500651777,
  "summary_csf_n": 65697.0,
  "summary_csf_p05": 105.28219706714154,
  "summary_csf_p95": 494.5671143934129,
  "summary_csf_stdv": 108.28642292681462,
  "summary_gm_k": 0.06038961875324622,
  "summary_gm_mad": 52.255836501288556,
  "summary_gm_mean": 769.95542615125,
  "summary_gm_median": 769.9118583835661,
  "summary_gm_n": 44764.0,
  "summary_gm_p05": 683.6900189947337,
  "summary_gm_p95": 857.1481277595274,
  "summary_gm_stdv": 52.535601386387135,
  "summary_wm_k": 0.4736045484650493,
  "summary_wm_mad": 30.387145971887733,
  "summary_wm_mean": 999.9001640910012,
  "summary_wm_median": 1000.0377028174698,
  "summary_wm_n": 192391.0,
  "summary_wm_p05": 947.3099491689354,
  "summary_wm_p95": 1052.3133428227156,
  "summary_wm_stdv": 32.015414160775805,
  "tpm_overlap_csf": 0.1433797790988653,
  "tpm_overlap_gm": 0.4724794609854335,
  "tpm_overlap_wm": 0.5020732733426551,
  "wm2max": 0.9063374991463498
}