{
  "aor": 0.022751089108910886,
  "aqi": 0.05119221485148514,
  "bids_meta": {
    "AcquisitionMatrixPE": 80,
    "AcquisitionNumber": 20,
    "AcquisitionTime": "18:18:51.280000",
    "BodyPartExamined": "BRAIN",
    "CoilString": "SENSE_HEAD_8",
    "ConversionSoftware": "dcm2niix",
    "ConversionSoftwareVersion": "v1.0.20181125  Clang9.0.0",
    "Dcm2bidsVersion": "2.1.4",
    "DeviceSerialNumber": "34072",
    "EchoTime": 0.030001,
    "EchoTrainLength": 39,
    "EffectiveEchoSpacing": 0.0002777,
    "FlipAngle": 82,
    "ImageOrientationPatientDICOM": [
      0.99936,
      0.00352992,
      0.035593,
      -0.00741431,
      0.993948,
      0.1096
    ],
    "ImageType": [
      "ORIGINAL",
      "PRIMARY",
      "M",
      "FFE",
      "M",
      "FFE"
    ],
    "ImagingFrequency": 127.733,
    "InPlanePhaseEncodingDirectionDICOM": "COL",
    "InstitutionName": "Az.Osp._Udine",
    "InstitutionalDepartmentName": "Radiologia",
    "MRAcquisitionType": "2D",
    "MagneticFieldStrength": 3,
    "Manufacturer": "Philips",
    "ManufacturersModelName": "Achieva",
    "Modality": "MR",
    "PartialFourier": 0.4875,
    "PatientPosition": "HFS",
    "PercentPhaseFOV": 100,
    "PhaseEncodingAxis": "j",
    "PhaseEncodingDirection": "j",
    "PhaseEncodingSteps": 80,
    "PhilipsRescaleIntercept": 0,
    "PhilipsRescaleSlope": 0.771673,
    "PhilipsScaleSlope": 0.000925655,
    "PixelBandwidth": 3608.02,
    "ProtocolName": "SOCIAL_4run",
    "ReconMatrixPE": 80,
    "RepetitionTime": 2,
    "ScanOptions": "FS",
    "ScanningSequence": "GR",
    "SequenceVariant": "SK",
    "SeriesDescription": "SOCIAL_4run",
    "SeriesNumber": 2001,
    "SliceThickness": 3,
    "SliceTiming": [
      0.0,
      0.378378,
      0.702703,
      1.027027,
      1.351351,
      1.675676,
      0.054054,
      0.432432,
      0.756757,
      1.081081,
      1.405405,
      1.72973,
      0.108108,
      0.486486,
      0.810811,
      1.135135,
      1.459459,
      1.783784,
      0.162162,
      0.540541,
      0.864865,
      1.189189,
      1.513514,
      1.837838,
      0.216216,
      0.594595,
      0.918919,
      1.243243,
      1.567568,
      1.891892,
      0.27027,
      0.648649,
      0.972973,
      1.297297,
      1.621622,
      1.945946,
      0.324324
    ],
    "SoftwareVersions": "5.3.1_5.3.1.2",
    "SpacingBetweenSlices": 3,
    "StationName": "PHILIPS-K5NT78B",
    "TaskName": "ANIM",
    "TotalReadoutTime": 0.0219394,
    "UsePhilipsFloatNotDisplayScaling": 1,
    "dataset": "ds003436",
    "modality": "bold",
    "run_id": 3,
    "subject_id": "55",
    "task_id": "anim"
  },
  "dummy_trs": 0,
  "dvars_nstd": 45.44123907080002,
  "dvars_std": 1.0789350110999998,
  "dvars_vstd": 1.0967001339999998,
  "efc": 0.4166605189676297,
  "fber": 218875.296875,
  "fd_mean": 0.8698667528157726,
  "fd_num": 59,
  "fd_perc": 58.415841584158414,
  "fwhm_avg": 1.8793733333333333,
  "fwhm_x": 1.8308633333333333,
  "fwhm_y": 2.090993333333333,
  "fwhm_z": 1.7162633333333333,
  "gcor": 0.0548079,
  "gsr_x": -0.011616520583629608,
  "gsr_y": 0.01772952452301979,
  "provenance": {
    "md5sum": "687163991ceac2793ad41e42382c46c8",
    "settings": {
      "fd_thres": 0.2,
      "testing": false
    },
    "software": "mriqc",
    "version": "22.0.6",
    "webapi_port": null,
    "webapi_url": "https://mriqc.nimh.nih.gov/api/v1"
  },
  "size_t": 101,
  "size_x": 80,
  "size_y": 80,
  "size_z": 37,
  "snr": 6.8479502462202415,
  "spacing_tr": 2.000000476837158,
  "spacing_x": 3.0,
  "spacing_y": 3.0,
  "spacing_z": 3.0,
  "summary_bg_k": 184.6524674301594,
  "summary_bg_mad": 4275.804890181382,
  "summary_bg_mean": 32397.8828125,
  "summary_bg_median": 3406.238525390625,
  "summary_bg_n": 162149.0,
  "summary_bg_p05": 238.7607604980469,
  "summary_bg_p95": 150453.2875000001,
  "summary_bg_stdv": 109853.0859375,
  "summary_fg_k": 2.029337618217305,
  "summary_fg_mad": 220378.4415653282,
  "summary_fg_mean": 1676426.375,
  "summary_fg_median": 1657047.625,
  "summary_fg_n": 34581.0,
  "summary_fg_p05": 1335584.75,
  "summary_fg_p95": 2088430.25,
  "summary_fg_stdv": 241973.671875,
  "tsnr": 26.01737403869629
}