{
  "aor": 0.011928514851485147,
  "aqi": 0.015299996039603959,
  "bids_meta": {
    "AcquisitionMatrixPE": 80,
    "AcquisitionNumber": 5,
    "AcquisitionTime": "17:02:41.190000",
    "BodyPartExamined": "BRAIN",
    "CoilString": "SENSE_HEAD_8",
    "ConversionSoftware": "dcm2niix",
    "ConversionSoftwareVersion": "v1.0.20190410  Clang4.0.1",
    "Dcm2bidsVersion": "2.1.4",
    "DeviceSerialNumber": "34072",
    "EchoTime": 0.030001,
    "EchoTrainLength": 39,
    "EffectiveEchoSpacing": 0.0002777,
    "FlipAngle": 82,
    "ImageOrientationPatientDICOM": [
      0.999253,
      0.0117215,
      0.0368305,
      -0.0129332,
      0.999377,
      0.032834
    ],
    "ImageType": [
      "ORIGINAL",
      "PRIMARY",
      "M",
      "FFE",
      "M",
      "FFE"
    ],
    "ImagingFrequency": 127.734,
    "InPlanePhaseEncodingDirectionDICOM": "COL",
    "InstitutionName": "Az.Osp._Udine",
    "InstitutionalDepartmentName": "Radiologia",
    "MRAcquisitionType": "2D",
    "MagneticFieldStrength": 3,
    "Manufacturer": "Philips",
    "ManufacturersModelName": "Achieva",
    "Modality": "MR",
    "PartialFourier": 0.4875,
    "PatientPosition": "HFS",
    "PercentPhaseFOV": 100,
    "PhaseEncodingAxis": "j",
    "PhaseEncodingDirection": "j",
    "PhaseEncodingSteps": 80,
    "PhilipsRescaleIntercept": 0,
    "PhilipsRescaleSlope": 0.816361,
    "PhilipsScaleSlope": 0.000377413,
    "PixelBandwidth": 3608.02,
    "ProtocolName": "SOCIAL_4run",
    "ReconMatrixPE": 80,
    "RepetitionTime": 2,
    "ScanOptions": "FS",
    "ScanningSequence": "GR",
    "SequenceVariant": "SK",
    "SeriesDescription": "SOCIAL_4run",
    "SeriesNumber": 501,
    "SliceThickness": 3,
    "SliceTiming": [
      0.0,
      0.378378,
      0.702703,
      1.027027,
      1.351351,
      1.675676,
      0.054054,
      0.432432,
      0.756757,
      1.081081,
      1.405405,
      1.72973,
      0.108108,
      0.486486,
      0.810811,
      1.135135,
      1.459459,
      1.783784,
      0.162162,
      0.540541,
      0.864865,
      1.189189,
      1.513514,
      1.837838,
      0.216216,
      0.594595,
      0.918919,
      1.243243,
      1.567568,
      1.891892,
      0.27027,
      0.648649,
      0.972973,
      1.297297,
      1.621622,
      1.945946,
      0.324324
    ],
    "SoftwareVersions": "5.3.1_5.3.1.2",
    "SpacingBetweenSlices": 3,
    "StationName": "PHILIPS-K5NT78B",
    "TaskName": "ANIM",
    "TotalReadoutTime": 0.0219394,
    "UsePhilipsFloatNotDisplayScaling": 1,
    "dataset": "ds003436",
    "modality": "bold",
    "run_id": 4,
    "subject_id": "21",
    "task_id": "anim"
  },
  "dummy_trs": 0,
  "dvars_nstd": 29.746234569699997,
  "dvars_std": 1.2729330508999994,
  "dvars_vstd": 1.0584450050000005,
  "efc": 0.4317431103303483,
  "fber": 71419.265625,
  "fd_mean": 0.15978070191887428,
  "fd_num": 15,
  "fd_perc": 14.851485148514852,
  "fwhm_avg": 2.03544,
  "fwhm_x": 1.97206,
  "fwhm_y": 2.200343333333333,
  "fwhm_z": 1.9339166666666667,
  "gcor": 0.0168913,
  "gsr_x": -0.015059929341077805,
  "gsr_y": 0.012163953855633736,
  "provenance": {
    "md5sum": "35874794a0c25110ca8b687ef2bf7528",
    "settings": {
      "fd_thres": 0.2,
      "testing": false
    },
    "software": "mriqc",
    "version": "22.0.6",
    "webapi_port": null,
    "webapi_url": "https://mriqc.nimh.nih.gov/api/v1"
  },
  "size_t": 101,
  "size_x": 80,
  "size_y": 80,
  "size_z": 37,
  "snr": 6.031205881273601,
  "spacing_tr": 2.000000476837158,
  "spacing_x": 3.0,
  "spacing_y": 3.0,
  "spacing_z": 3.0,
  "summary_bg_k": 120.68708337436026,
  "summary_bg_mad": 16158.654990383966,
  "summary_bg_mean": 74189.796875,
  "summary_bg_median": 12626.1640625,
  "summary_bg_n": 159260.0,
  "summary_bg_p05": 697.8233795166017,
  "summary_bg_p95": 330571.5453124999,
  "summary_bg_stdv": 205030.09375,
  "summary_fg_k": 2.672999653229687,
  "summary_fg_mad": 545371.5195717394,
  "summary_fg_mean": 3675519.25,
  "summary_fg_median": 3636359.25,
  "summary_fg_n": 37029.0,
  "summary_fg_p05": 2834228.6,
  "summary_fg_p95": 4649345.5,
  "summary_fg_stdv": 602915.9375,
  "tsnr": 49.18018341064453
}