{
  "aor": 0.011223168316831683,
  "aqi": 0.013372042574257427,
  "bids_meta": {
    "AcquisitionMatrixPE": 80,
    "AcquisitionNumber": 6,
    "AcquisitionTime": "17:06:50.640000",
    "BodyPartExamined": "BRAIN",
    "CoilString": "SENSE_HEAD_8",
    "ConversionSoftware": "dcm2niix",
    "ConversionSoftwareVersion": "v1.0.20190410  Clang4.0.1",
    "Dcm2bidsVersion": "2.1.4",
    "DeviceSerialNumber": "34072",
    "EchoTime": 0.030001,
    "EchoTrainLength": 39,
    "EffectiveEchoSpacing": 0.0002777,
    "FlipAngle": 82,
    "ImageOrientationPatientDICOM": [
      0.999253,
      0.0117215,
      0.0368305,
      -0.0129332,
      0.999377,
      0.032834
    ],
    "ImageType": [
      "ORIGINAL",
      "PRIMARY",
      "M",
      "FFE",
      "M",
      "FFE"
    ],
    "ImagingFrequency": 127.734,
    "InPlanePhaseEncodingDirectionDICOM": "COL",
    "InstitutionName": "Az.Osp._Udine",
    "InstitutionalDepartmentName": "Radiologia",
    "MRAcquisitionType": "2D",
    "MagneticFieldStrength": 3,
    "Manufacturer": "Philips",
    "ManufacturersModelName": "Achieva",
    "Modality": "MR",
    "PartialFourier": 0.4875,
    "PatientPosition": "HFS",
    "PercentPhaseFOV": 100,
    "PhaseEncodingAxis": "j",
    "PhaseEncodingDirection": "j",
    "PhaseEncodingSteps": 80,
    "PhilipsRescaleIntercept": 0,
    "PhilipsRescaleSlope": 0.784615,
    "PhilipsScaleSlope": 0.00062915,
    "PixelBandwidth": 3608.02,
    "ProtocolName": "SOCIAL_4run",
    "ReconMatrixPE": 80,
    "RepetitionTime": 2,
    "ScanOptions": "FS",
    "ScanningSequence": "GR",
    "SequenceVariant": "SK",
    "SeriesDescription": "SOCIAL_4run",
    "SeriesNumber": 601,
    "SliceThickness": 3,
    "SliceTiming": [
      0.0,
      0.378378,
      0.702703,
      1.027027,
      1.351351,
      1.675676,
      0.054054,
      0.432432,
      0.756757,
      1.081081,
      1.405405,
      1.72973,
      0.108108,
      0.486486,
      0.810811,
      1.135135,
      1.459459,
      1.783784,
      0.162162,
      0.540541,
      0.864865,
      1.189189,
      1.513514,
      1.837838,
      0.216216,
      0.594595,
      0.918919,
      1.243243,
      1.567568,
      1.891892,
      0.27027,
      0.648649,
      0.972973,
      1.297297,
      1.621622,
      1.945946,
      0.324324
    ],
    "SoftwareVersions": "5.3.1_5.3.1.2",
    "SpacingBetweenSlices": 3,
    "StationName": "PHILIPS-K5NT78B",
    "TaskName": "ANIM",
    "TotalReadoutTime": 0.0219394,
    "UsePhilipsFloatNotDisplayScaling": 1,
    "dataset": "ds003436",
    "modality": "bold",
    "run_id": 2,
    "subject_id": "21",
    "task_id": "anim"
  },
  "dummy_trs": 0,
  "dvars_nstd": 29.598271541499994,
  "dvars_std": 1.2686864752000004,
  "dvars_vstd": 1.0775647436000002,
  "efc": 0.4321886667435804,
  "fber": 68143.7734375,
  "fd_mean": 0.1844916537640145,
  "fd_num": 18,
  "fd_perc": 17.821782178217823,
  "fwhm_avg": 2.040112222222222,
  "fwhm_x": 1.9807066666666666,
  "fwhm_y": 2.2093766666666665,
  "fwhm_z": 1.9302533333333332,
  "gcor": 0.0267052,
  "gsr_x": -0.015332604758441448,
  "gsr_y": 0.012883240357041359,
  "provenance": {
    "md5sum": "36c6eebd995b7a5c6c4554b276e74c84",
    "settings": {
      "fd_thres": 0.2,
      "testing": false
    },
    "software": "mriqc",
    "version": "22.0.6",
    "webapi_port": null,
    "webapi_url": "https://mriqc.nimh.nih.gov/api/v1"
  },
  "size_t": 101,
  "size_x": 80,
  "size_y": 80,
  "size_z": 37,
  "snr": 5.961079013928138,
  "spacing_tr": 2.000000476837158,
  "spacing_x": 3.0,
  "spacing_y": 3.0,
  "spacing_z": 3.0,
  "summary_bg_k": 125.13493821690315,
  "summary_bg_mad": 10167.798223175416,
  "summary_bg_mean": 46209.68359375,
  "summary_bg_median": 7907.85888671875,
  "summary_bg_n": 159307.0,
  "summary_bg_p05": 432.8760864257813,
  "summary_bg_p95": 208368.46406249984,
  "summary_bg_stdv": 127129.0234375,
  "summary_fg_k": 2.6332514126136184,
  "summary_fg_mad": 337301.2709738901,
  "summary_fg_mean": 2256048.0,
  "summary_fg_median": 2230236.25,
  "summary_fg_n": 37105.0,
  "summary_fg_p05": 1736778.425,
  "summary_fg_p95": 2867709.9,
  "summary_fg_stdv": 374127.9375,
  "tsnr": 50.48031997680664
}