{
  "aor": 0.0008795049504950493,
  "aqi": 0.011425458217821781,
  "bids_meta": {
    "AcquisitionMatrixPE": 80,
    "AcquisitionNumber": 7,
    "AcquisitionTime": "17:11:38.670000",
    "BodyPartExamined": "BRAIN",
    "CoilString": "SENSE_HEAD_8",
    "ConversionSoftware": "dcm2niix",
    "ConversionSoftwareVersion": "v1.0.20190410  Clang4.0.1",
    "Dcm2bidsVersion": "2.1.4",
    "DeviceSerialNumber": "34072",
    "EchoTime": 0.030001,
    "EchoTrainLength": 39,
    "EffectiveEchoSpacing": 0.0002777,
    "FlipAngle": 82,
    "ImageOrientationPatientDICOM": [
      0.999253,
      0.0117215,
      0.0368305,
      -0.0129332,
      0.999377,
      0.032834
    ],
    "ImageType": [
      "ORIGINAL",
      "PRIMARY",
      "M",
      "FFE",
      "M",
      "FFE"
    ],
    "ImagingFrequency": 127.734,
    "InPlanePhaseEncodingDirectionDICOM": "COL",
    "InstitutionName": "Az.Osp._Udine",
    "InstitutionalDepartmentName": "Radiologia",
    "MRAcquisitionType": "2D",
    "MagneticFieldStrength": 3,
    "Manufacturer": "Philips",
    "ManufacturersModelName": "Achieva",
    "Modality": "MR",
    "PartialFourier": 0.4875,
    "PatientPosition": "HFS",
    "PercentPhaseFOV": 100,
    "PhaseEncodingAxis": "j",
    "PhaseEncodingDirection": "j",
    "PhaseEncodingSteps": 80,
    "PhilipsRescaleIntercept": 0,
    "PhilipsRescaleSlope": 0.784615,
    "PhilipsScaleSlope": 0.00040754,
    "PixelBandwidth": 3608.02,
    "ProtocolName": "SOCIAL_4run",
    "ReconMatrixPE": 80,
    "RepetitionTime": 2,
    "ScanOptions": "FS",
    "ScanningSequence": "GR",
    "SequenceVariant": "SK",
    "SeriesDescription": "SOCIAL_4run",
    "SeriesNumber": 701,
    "SliceThickness": 3,
    "SliceTiming": [
      0.0,
      0.378378,
      0.702703,
      1.027027,
      1.351351,
      1.675676,
      0.054054,
      0.432432,
      0.756757,
      1.081081,
      1.405405,
      1.72973,
      0.108108,
      0.486486,
      0.810811,
      1.135135,
      1.459459,
      1.783784,
      0.162162,
      0.540541,
      0.864865,
      1.189189,
      1.513514,
      1.837838,
      0.216216,
      0.594595,
      0.918919,
      1.243243,
      1.567568,
      1.891892,
      0.27027,
      0.648649,
      0.972973,
      1.297297,
      1.621622,
      1.945946,
      0.324324
    ],
    "SoftwareVersions": "5.3.1_5.3.1.2",
    "SpacingBetweenSlices": 3,
    "StationName": "PHILIPS-K5NT78B",
    "TaskName": "ANIM",
    "TotalReadoutTime": 0.0219394,
    "UsePhilipsFloatNotDisplayScaling": 1,
    "dataset": "ds003436",
    "modality": "bold",
    "run_id": 1,
    "subject_id": "21",
    "task_id": "anim"
  },
  "dummy_trs": 0,
  "dvars_nstd": 25.973496799999992,
  "dvars_std": 1.2019866427000003,
  "dvars_vstd": 0.9883858061999998,
  "efc": 0.43280916182133455,
  "fber": 72952.703125,
  "fd_mean": 0.08523588625963141,
  "fd_num": 2,
  "fd_perc": 1.9801980198019802,
  "fwhm_avg": 1.9738544444444444,
  "fwhm_x": 1.9251366666666667,
  "fwhm_y": 2.147396666666667,
  "fwhm_z": 1.84903,
  "gcor": 0.0145601,
  "gsr_x": -0.014997655525803566,
  "gsr_y": 0.012633582577109337,
  "provenance": {
    "md5sum": "08513eeec7fffa05b20d54df9595c3ad",
    "settings": {
      "fd_thres": 0.2,
      "testing": false
    },
    "software": "mriqc",
    "version": "22.0.6",
    "webapi_port": null,
    "webapi_url": "https://mriqc.nimh.nih.gov/api/v1"
  },
  "size_t": 101,
  "size_x": 80,
  "size_y": 80,
  "size_z": 37,
  "snr": 6.350785273811672,
  "spacing_tr": 2.000000476837158,
  "spacing_x": 3.0,
  "spacing_y": 3.0,
  "spacing_z": 3.0,
  "summary_bg_k": 105.43923301197036,
  "summary_bg_mad": 15943.452255973218,
  "summary_bg_mean": 74157.28125,
  "summary_bg_median": 12312.5009765625,
  "summary_bg_n": 159342.0,
  "summary_bg_p05": 535.6451690673829,
  "summary_bg_p95": 341496.0890625,
  "summary_bg_stdv": 201163.84375,
  "summary_fg_k": 2.440257009174612,
  "summary_fg_mad": 510638.5973988087,
  "summary_fg_mean": 3591229.0,
  "summary_fg_median": 3563573.25,
  "summary_fg_n": 37117.0,
  "summary_fg_p05": 2784038.2,
  "summary_fg_p95": 4494227.6,
  "summary_fg_stdv": 561115.6875,
  "tsnr": 60.49248504638672
}