{
  "aor": 0.0024547524752475246,
  "aqi": 0.00792456386138614,
  "bids_meta": {
    "AcquisitionMatrixPE": 80,
    "AcquisitionNumber": 17,
    "AcquisitionTime": "16:06:24.760000",
    "BodyPartExamined": "BRAIN",
    "CoilString": "SENSE_HEAD_8",
    "ConversionSoftware": "dcm2niix",
    "ConversionSoftwareVersion": "v1.0.20181125  Clang9.0.0",
    "Dcm2bidsVersion": "2.1.4",
    "DeviceSerialNumber": "34072",
    "EchoTime": 0.030001,
    "EchoTrainLength": 39,
    "EffectiveEchoSpacing": 0.0002777,
    "FlipAngle": 82,
    "ImageOrientationPatientDICOM": [
      0.998756,
      0.00344118,
      0.0497388,
      -0.00130346,
      0.999076,
      -0.0429477
    ],
    "ImageType": [
      "ORIGINAL",
      "PRIMARY",
      "M",
      "FFE",
      "M",
      "FFE"
    ],
    "ImagingFrequency": 127.733,
    "InPlanePhaseEncodingDirectionDICOM": "COL",
    "InstitutionName": "Az.Osp._Udine",
    "InstitutionalDepartmentName": "Radiologia",
    "MRAcquisitionType": "2D",
    "MagneticFieldStrength": 3,
    "Manufacturer": "Philips",
    "ManufacturersModelName": "Achieva",
    "Modality": "MR",
    "PartialFourier": 0.4875,
    "PatientPosition": "HFS",
    "PercentPhaseFOV": 100,
    "PhaseEncodingAxis": "j",
    "PhaseEncodingDirection": "j",
    "PhaseEncodingSteps": 80,
    "PhilipsRescaleIntercept": 0,
    "PhilipsRescaleSlope": 0.763858,
    "PhilipsScaleSlope": 0.000982984,
    "PixelBandwidth": 3608.02,
    "ProtocolName": "SOCIAL_4run",
    "ReconMatrixPE": 80,
    "RepetitionTime": 2,
    "ScanOptions": "FS",
    "ScanningSequence": "GR",
    "SequenceVariant": "SK",
    "SeriesDescription": "SOCIAL_4run",
    "SeriesNumber": 1701,
    "SliceThickness": 3,
    "SliceTiming": [
      0.0,
      0.378378,
      0.702703,
      1.027027,
      1.351351,
      1.675676,
      0.054054,
      0.432432,
      0.756757,
      1.081081,
      1.405405,
      1.72973,
      0.108108,
      0.486486,
      0.810811,
      1.135135,
      1.459459,
      1.783784,
      0.162162,
      0.540541,
      0.864865,
      1.189189,
      1.513514,
      1.837838,
      0.216216,
      0.594595,
      0.918919,
      1.243243,
      1.567568,
      1.891892,
      0.27027,
      0.648649,
      0.972973,
      1.297297,
      1.621622,
      1.945946,
      0.324324
    ],
    "SoftwareVersions": "5.3.1_5.3.1.2",
    "SpacingBetweenSlices": 3,
    "StationName": "PHILIPS-K5NT78B",
    "TaskName": "ANIM",
    "TotalReadoutTime": 0.0219394,
    "UsePhilipsFloatNotDisplayScaling": 1,
    "dataset": "ds003436",
    "modality": "bold",
    "run_id": 2,
    "subject_id": "52",
    "task_id": "anim"
  },
  "dummy_trs": 0,
  "dvars_nstd": 23.657163773100002,
  "dvars_std": 1.1141450164000006,
  "dvars_vstd": 1.0294710033000005,
  "efc": 0.4481314779403263,
  "fber": 142638.59375,
  "fd_mean": 0.10163156505247509,
  "fd_num": 5,
  "fd_perc": 4.9504950495049505,
  "fwhm_avg": 1.8004077777777778,
  "fwhm_x": 1.6824866666666667,
  "fwhm_y": 1.9991566666666667,
  "fwhm_z": 1.7195799999999999,
  "gcor": 0.0119997,
  "gsr_x": -0.0034595229662954807,
  "gsr_y": 0.017414633184671402,
  "provenance": {
    "md5sum": "cee828d94b6cdfc6fce2630833dab7bf",
    "settings": {
      "fd_thres": 0.2,
      "testing": false
    },
    "software": "mriqc",
    "version": "22.0.6",
    "webapi_port": null,
    "webapi_url": "https://mriqc.nimh.nih.gov/api/v1"
  },
  "size_t": 101,
  "size_x": 80,
  "size_y": 80,
  "size_z": 37,
  "snr": 6.612893551418856,
  "spacing_tr": 2.000000476837158,
  "spacing_x": 3.0,
  "spacing_y": 3.0,
  "spacing_z": 3.0,
  "summary_bg_k": 95.01823598696154,
  "summary_bg_mad": 5743.002171237469,
  "summary_bg_mean": 44949.62109375,
  "summary_bg_median": 4105.39013671875,
  "summary_bg_n": 156884.0,
  "summary_bg_p05": 85.89673500061035,
  "summary_bg_p95": 218715.90781250014,
  "summary_bg_stdv": 135584.234375,
  "summary_fg_k": 1.6191584476293572,
  "summary_fg_mad": 251226.3899499423,
  "summary_fg_mean": 1687794.75,
  "summary_fg_median": 1678288.75,
  "summary_fg_n": 38462.0,
  "summary_fg_p05": 1319950.55625,
  "summary_fg_p95": 2095165.60625,
  "summary_fg_stdv": 253787.078125,
  "tsnr": 60.88939666748047
}