{
  "aor": 0.00141019801980198,
  "aqi": 0.00807983891089109,
  "bids_meta": {
    "AcquisitionMatrixPE": 80,
    "AcquisitionNumber": 16,
    "AcquisitionTime": "16:02:11.310000",
    "BodyPartExamined": "BRAIN",
    "CoilString": "SENSE_HEAD_8",
    "ConversionSoftware": "dcm2niix",
    "ConversionSoftwareVersion": "v1.0.20181125  Clang9.0.0",
    "Dcm2bidsVersion": "2.1.4",
    "DeviceSerialNumber": "34072",
    "EchoTime": 0.030001,
    "EchoTrainLength": 39,
    "EffectiveEchoSpacing": 0.0002777,
    "FlipAngle": 82,
    "ImageOrientationPatientDICOM": [
      0.998756,
      0.00344118,
      0.0497388,
      -0.00130346,
      0.999076,
      -0.0429477
    ],
    "ImageType": [
      "ORIGINAL",
      "PRIMARY",
      "M",
      "FFE",
      "M",
      "FFE"
    ],
    "ImagingFrequency": 127.733,
    "InPlanePhaseEncodingDirectionDICOM": "COL",
    "InstitutionName": "Az.Osp._Udine",
    "InstitutionalDepartmentName": "Radiologia",
    "MRAcquisitionType": "2D",
    "MagneticFieldStrength": 3,
    "Manufacturer": "Philips",
    "ManufacturersModelName": "Achieva",
    "Modality": "MR",
    "PartialFourier": 0.4875,
    "PatientPosition": "HFS",
    "PercentPhaseFOV": 100,
    "PhaseEncodingAxis": "j",
    "PhaseEncodingDirection": "j",
    "PhaseEncodingSteps": 80,
    "PhilipsRescaleIntercept": 0,
    "PhilipsRescaleSlope": 0.767033,
    "PhilipsScaleSlope": 0.000964561,
    "PixelBandwidth": 3608.02,
    "ProtocolName": "SOCIAL_4run",
    "ReconMatrixPE": 80,
    "RepetitionTime": 2,
    "ScanOptions": "FS",
    "ScanningSequence": "GR",
    "SequenceVariant": "SK",
    "SeriesDescription": "SOCIAL_4run",
    "SeriesNumber": 1601,
    "SliceThickness": 3,
    "SliceTiming": [
      0.0,
      0.378378,
      0.702703,
      1.027027,
      1.351351,
      1.675676,
      0.054054,
      0.432432,
      0.756757,
      1.081081,
      1.405405,
      1.72973,
      0.108108,
      0.486486,
      0.810811,
      1.135135,
      1.459459,
      1.783784,
      0.162162,
      0.540541,
      0.864865,
      1.189189,
      1.513514,
      1.837838,
      0.216216,
      0.594595,
      0.918919,
      1.243243,
      1.567568,
      1.891892,
      0.27027,
      0.648649,
      0.972973,
      1.297297,
      1.621622,
      1.945946,
      0.324324
    ],
    "SoftwareVersions": "5.3.1_5.3.1.2",
    "SpacingBetweenSlices": 3,
    "StationName": "PHILIPS-K5NT78B",
    "TaskName": "ANIM",
    "TotalReadoutTime": 0.0219394,
    "UsePhilipsFloatNotDisplayScaling": 1,
    "dataset": "ds003436",
    "modality": "bold",
    "run_id": 4,
    "subject_id": "52",
    "task_id": "anim"
  },
  "dummy_trs": 0,
  "dvars_nstd": 23.76789459279999,
  "dvars_std": 1.1121802117999997,
  "dvars_vstd": 1.0127307202,
  "efc": 0.44693098922765867,
  "fber": 122524.9765625,
  "fd_mean": 0.11341101980013628,
  "fd_num": 6,
  "fd_perc": 5.9405940594059405,
  "fwhm_avg": 1.8287955555555557,
  "fwhm_x": 1.7138900000000001,
  "fwhm_y": 2.0246666666666666,
  "fwhm_z": 1.7478300000000002,
  "gcor": 0.0259007,
  "gsr_x": -0.003552463371306658,
  "gsr_y": 0.018391698598861694,
  "provenance": {
    "md5sum": "4645cfccfac03167dd607727faaf63a6",
    "settings": {
      "fd_thres": 0.2,
      "testing": false
    },
    "software": "mriqc",
    "version": "22.0.6",
    "webapi_port": null,
    "webapi_url": "https://mriqc.nimh.nih.gov/api/v1"
  },
  "size_t": 101,
  "size_x": 80,
  "size_y": 80,
  "size_z": 37,
  "snr": 6.330186367742745,
  "spacing_tr": 2.000000476837158,
  "spacing_x": 3.0,
  "spacing_y": 3.0,
  "spacing_z": 3.0,
  "summary_bg_k": 102.46024550836968,
  "summary_bg_mad": 6307.893909063025,
  "summary_bg_mean": 45131.8671875,
  "summary_bg_median": 4511.998046875,
  "summary_bg_n": 156998.0,
  "summary_bg_p05": 81.2862117767334,
  "summary_bg_p95": 217240.38593749984,
  "summary_bg_stdv": 137006.125,
  "summary_fg_k": 1.4099568401539715,
  "summary_fg_mad": 265424.90074601583,
  "summary_fg_mean": 1712534.75,
  "summary_fg_median": 1698923.5,
  "summary_fg_n": 38354.0,
  "summary_fg_p05": 1327767.86875,
  "summary_fg_p95": 2152322.65,
  "summary_fg_stdv": 268380.9375,
  "tsnr": 60.238162994384766
}