{
  "bids_meta": {
    "AcquisitionMatrixPE": 240,
    "AcquisitionNumber": 2,
    "AcquisitionTime": "15:19:52.090000",
    "BodyPartExamined": "BRAIN",
    "CoilString": "SENSE_HEAD_8",
    "ConversionSoftware": "dcm2niix",
    "ConversionSoftwareVersion": "v1.0.20190410  Clang4.0.1",
    "Dcm2bidsVersion": "2.1.4",
    "DeviceSerialNumber": "34072",
    "EchoTime": 0.003692,
    "EchoTrainLength": 240,
    "FlipAngle": 12,
    "ImageOrientationPatientDICOM": [
      -0.0198156,
      0.999803,
      0.00113016,
      -0.00414475,
      0.00104823,
      -0.999991
    ],
    "ImageType": [
      "ORIGINAL",
      "PRIMARY",
      "M",
      "FFE",
      "M",
      "FFE"
    ],
    "ImagingFrequency": 127.735,
    "InPlanePhaseEncodingDirectionDICOM": "ROW",
    "InstitutionName": "Az.Osp._Udine",
    "InstitutionalDepartmentName": "Radiologia",
    "MRAcquisitionType": "3D",
    "MagneticFieldStrength": 3,
    "Manufacturer": "Philips",
    "ManufacturersModelName": "Achieva",
    "Modality": "MR",
    "PatientPosition": "HFS",
    "PercentPhaseFOV": 100,
    "PhaseEncodingSteps": 240,
    "PhilipsRescaleIntercept": 0,
    "PhilipsRescaleSlope": 3.5072,
    "PhilipsScaleSlope": 0.000146581,
    "PixelBandwidth": 191.38,
    "ProtocolName": "T1W_3D_VBM",
    "ReconMatrixPE": 256,
    "RepetitionTime": 0.0080735,
    "ScanOptions": "OTHER",
    "ScanningSequence": "GR",
    "SequenceVariant": "MP",
    "SeriesDescription": "T1W_3D_VBM",
    "SeriesNumber": 201,
    "SliceThickness": 1,
    "SoftwareVersions": "5.3.1_5.3.1.2",
    "SpacingBetweenSlices": 1,
    "StationName": "PHILIPS-K5NT78B",
    "UsePhilipsFloatNotDisplayScaling": 1,
    "dataset": "ds003436",
    "modality": "T1w",
    "subject_id": "16"
  },
  "cjv": 0.3467242315105918,
  "cnr": 3.86766264654143,
  "efc": 0.5907608992642915,
  "fber": -1.0,
  "fwhm_avg": 4.120041555555556,
  "fwhm_x": 4.08549,
  "fwhm_y": 4.387253333333334,
  "fwhm_z": 3.8873813333333334,
  "icvs_csf": 0.22538730965288567,
  "icvs_gm": 0.41990581157060697,
  "icvs_wm": 0.35470687877650736,
  "inu_med": 0.29002824425697327,
  "inu_range": 0.07551305890083315,
  "provenance": {
    "md5sum": "46d2dcd7d2347572462c53166a63a773",
    "settings": {
      "testing": false
    },
    "software": "mriqc",
    "version": "22.0.6",
    "warnings": {
      "large_rot_frame": true,
      "small_air_mask": false
    },
    "webapi_port": null,
    "webapi_url": "https://mriqc.nimh.nih.gov/api/v1"
  },
  "qi_1": 0.04623976831275666,
  "qi_2": 5.013246811660084e-07,
  "rpve_csf": 20.012954877854526,
  "rpve_gm": 10.887607379982992,
  "rpve_wm": 14.792228192804616,
  "size_x": 170,
  "size_y": 256,
  "size_z": 256,
  "snr_csf": 2.9002034640792917,
  "snr_gm": 16.001782535297615,
  "snr_total": 16.706284649894297,
  "snr_wm": 31.21686795030598,
  "snrd_csf": 94.87630798593425,
  "snrd_gm": 211.25280696295846,
  "snrd_total": 192.88258352444345,
  "snrd_wm": 272.5186356244376,
  "spacing_x": 1.0,
  "spacing_y": 0.9375,
  "spacing_z": 0.9375,
  "summary_bg_k": 49.742408579681175,
  "summary_bg_mad": 0.0,
  "summary_bg_mean": 0.6443836188324202,
  "summary_bg_median": 0.0,
  "summary_bg_n": 858748.0,
  "summary_bg_p05": 0.0,
  "summary_bg_p95": 4.15242326259613,
  "summary_bg_stdv": 2.4040562683632154,
  "summary_csf_k": 0.44348392983291385,
  "summary_csf_mad": 103.75696923290778,
  "summary_csf_mean": 346.544800944125,
  "summary_csf_median": 348.1534271836281,
  "summary_csf_n": 62682.0,
  "summary_csf_p05": 126.6279376745224,
  "summary_csf_p95": 548.329589009285,
  "summary_csf_stdv": 120.04352602988567,
  "summary_gm_k": 0.22758897998856353,
  "summary_gm_mad": 46.79479733159311,
  "summary_gm_mean": 776.0738492477386,
  "summary_gm_median": 775.2028963565826,
  "summary_gm_n": 34253.0,
  "summary_gm_p05": 697.5861362814903,
  "summary_gm_p95": 856.5610317349433,
  "summary_gm_stdv": 48.444076697367656,
  "summary_wm_k": 0.28027261614248644,
  "summary_wm_mad": 31.15507436960551,
  "summary_wm_mean": 999.9554545707628,
  "summary_wm_median": 1000.0209639072418,
  "summary_wm_n": 234206.0,
  "summary_wm_p05": 947.2138842344284,
  "summary_wm_p95": 1052.0101420283318,
  "summary_wm_stdv": 32.0345663946625,
  "tpm_overlap_csf": 0.15607120788446274,
  "tpm_overlap_gm": 0.46018704048872905,
  "tpm_overlap_wm": 0.4904522618855481,
  "wm2max": 0.8850293281966758
}