{
  "aor": 0.0009795049504950496,
  "aqi": 0.005602554158415841,
  "bids_meta": {
    "AcquisitionMatrixPE": 80,
    "AcquisitionNumber": 16,
    "AcquisitionTime": "17:32:21.320000",
    "BodyPartExamined": "BRAIN",
    "CoilString": "SENSE_HEAD_8",
    "ConversionSoftware": "dcm2niix",
    "ConversionSoftwareVersion": "v1.0.20190410  Clang4.0.1",
    "Dcm2bidsVersion": "2.1.4",
    "DeviceSerialNumber": "34072",
    "EchoTime": 0.030001,
    "EchoTrainLength": 39,
    "EffectiveEchoSpacing": 0.0002777,
    "FlipAngle": 82,
    "ImageOrientationPatientDICOM": [
      0.998598,
      0.0015679,
      0.0529059,
      -0.00172982,
      0.999994,
      0.00301483
    ],
    "ImageType": [
      "ORIGINAL",
      "PRIMARY",
      "M",
      "FFE",
      "M",
      "FFE"
    ],
    "ImagingFrequency": 127.734,
    "InPlanePhaseEncodingDirectionDICOM": "COL",
    "InstitutionName": "Az.Osp._Udine",
    "InstitutionalDepartmentName": "Radiologia",
    "MRAcquisitionType": "2D",
    "MagneticFieldStrength": 3,
    "Manufacturer": "Philips",
    "ManufacturersModelName": "Achieva",
    "Modality": "MR",
    "PartialFourier": 0.4875,
    "PatientPosition": "HFS",
    "PercentPhaseFOV": 100,
    "PhaseEncodingAxis": "j",
    "PhaseEncodingDirection": "j",
    "PhaseEncodingSteps": 80,
    "PhilipsRescaleIntercept": 0,
    "PhilipsRescaleSlope": 0.788767,
    "PhilipsScaleSlope": 0.000807167,
    "PixelBandwidth": 3608.02,
    "ProtocolName": "SOCIAL_4run",
    "ReconMatrixPE": 80,
    "RepetitionTime": 2,
    "ScanOptions": "FS",
    "ScanningSequence": "GR",
    "SequenceVariant": "SK",
    "SeriesDescription": "SOCIAL_4run",
    "SeriesNumber": 1601,
    "SliceThickness": 3,
    "SliceTiming": [
      0.0,
      0.378378,
      0.702703,
      1.027027,
      1.351351,
      1.675676,
      0.054054,
      0.432432,
      0.756757,
      1.081081,
      1.405405,
      1.72973,
      0.108108,
      0.486486,
      0.810811,
      1.135135,
      1.459459,
      1.783784,
      0.162162,
      0.540541,
      0.864865,
      1.189189,
      1.513514,
      1.837838,
      0.216216,
      0.594595,
      0.918919,
      1.243243,
      1.567568,
      1.891892,
      0.27027,
      0.648649,
      0.972973,
      1.297297,
      1.621622,
      1.945946,
      0.324324
    ],
    "SoftwareVersions": "5.3.1_5.3.1.2",
    "SpacingBetweenSlices": 3,
    "StationName": "PHILIPS-K5NT78B",
    "TaskName": "ANIM",
    "TotalReadoutTime": 0.0219394,
    "UsePhilipsFloatNotDisplayScaling": 1,
    "dataset": "ds003436",
    "modality": "bold",
    "run_id": 1,
    "subject_id": "32",
    "task_id": "anim"
  },
  "dummy_trs": 0,
  "dvars_nstd": 25.335687789999994,
  "dvars_std": 1.2921948476999998,
  "dvars_vstd": 1.0101092744999995,
  "efc": 0.4132951693492504,
  "fber": 193881.890625,
  "fd_mean": 0.06801431068317063,
  "fd_num": 0,
  "fd_perc": 0.0,
  "fwhm_avg": 1.868426620128335,
  "fwhm_x": 1.7785966666666668,
  "fwhm_y": 2.06992,
  "fwhm_z": 1.7567631937183386,
  "gcor": 0.00973829,
  "gsr_x": -0.0172736719250679,
  "gsr_y": 0.011433610692620277,
  "provenance": {
    "md5sum": "e3abc448e700511bd3d0f88b69c3e240",
    "settings": {
      "fd_thres": 0.2,
      "testing": false
    },
    "software": "mriqc",
    "version": "22.0.6",
    "webapi_port": null,
    "webapi_url": "https://mriqc.nimh.nih.gov/api/v1"
  },
  "size_t": 101,
  "size_x": 80,
  "size_y": 80,
  "size_z": 37,
  "snr": 6.66026733148053,
  "spacing_tr": 2.000000476837158,
  "spacing_x": 3.0,
  "spacing_y": 3.0,
  "spacing_z": 3.000000238418579,
  "summary_bg_k": 65.06269963245786,
  "summary_bg_mad": 5161.4570501504895,
  "summary_bg_mean": 36496.1328125,
  "summary_bg_median": 3681.048828125,
  "summary_bg_n": 163776.0,
  "summary_bg_p05": 50.35859775543213,
  "summary_bg_p95": 176605.64453125,
  "summary_bg_stdv": 110112.4296875,
  "summary_fg_k": 1.8953756565515558,
  "summary_fg_mad": 252344.64267325017,
  "summary_fg_mean": 1736609.625,
  "summary_fg_median": 1720164.5,
  "summary_fg_n": 33350.0,
  "summary_fg_p05": 1375207.55,
  "summary_fg_p95": 2157325.4875,
  "summary_fg_stdv": 258268.71875,
  "tsnr": 78.55522918701172
}