{
  "aor": 0.0009715841584158416,
  "aqi": 0.005649183465346534,
  "bids_meta": {
    "AcquisitionMatrixPE": 80,
    "AcquisitionNumber": 18,
    "AcquisitionTime": "17:40:48.410000",
    "BodyPartExamined": "BRAIN",
    "CoilString": "SENSE_HEAD_8",
    "ConversionSoftware": "dcm2niix",
    "ConversionSoftwareVersion": "v1.0.20190410  Clang4.0.1",
    "Dcm2bidsVersion": "2.1.4",
    "DeviceSerialNumber": "34072",
    "EchoTime": 0.030001,
    "EchoTrainLength": 39,
    "EffectiveEchoSpacing": 0.0002777,
    "FlipAngle": 82,
    "ImageOrientationPatientDICOM": [
      0.998598,
      0.0015679,
      0.0529059,
      -0.00172982,
      0.999994,
      0.00301483
    ],
    "ImageType": [
      "ORIGINAL",
      "PRIMARY",
      "M",
      "FFE",
      "M",
      "FFE"
    ],
    "ImagingFrequency": 127.734,
    "InPlanePhaseEncodingDirectionDICOM": "COL",
    "InstitutionName": "Az.Osp._Udine",
    "InstitutionalDepartmentName": "Radiologia",
    "MRAcquisitionType": "2D",
    "MagneticFieldStrength": 3,
    "Manufacturer": "Philips",
    "ManufacturersModelName": "Achieva",
    "Modality": "MR",
    "PartialFourier": 0.4875,
    "PatientPosition": "HFS",
    "PercentPhaseFOV": 100,
    "PhaseEncodingAxis": "j",
    "PhaseEncodingDirection": "j",
    "PhaseEncodingSteps": 80,
    "PhilipsRescaleIntercept": 0,
    "PhilipsRescaleSlope": 0.745788,
    "PhilipsScaleSlope": 0.000899462,
    "PixelBandwidth": 3608.02,
    "ProtocolName": "SOCIAL_4run",
    "ReconMatrixPE": 80,
    "RepetitionTime": 2,
    "ScanOptions": "FS",
    "ScanningSequence": "GR",
    "SequenceVariant": "SK",
    "SeriesDescription": "SOCIAL_4run",
    "SeriesNumber": 1801,
    "SliceThickness": 3,
    "SliceTiming": [
      0.0,
      0.378378,
      0.702703,
      1.027027,
      1.351351,
      1.675676,
      0.054054,
      0.432432,
      0.756757,
      1.081081,
      1.405405,
      1.72973,
      0.108108,
      0.486486,
      0.810811,
      1.135135,
      1.459459,
      1.783784,
      0.162162,
      0.540541,
      0.864865,
      1.189189,
      1.513514,
      1.837838,
      0.216216,
      0.594595,
      0.918919,
      1.243243,
      1.567568,
      1.891892,
      0.27027,
      0.648649,
      0.972973,
      1.297297,
      1.621622,
      1.945946,
      0.324324
    ],
    "SoftwareVersions": "5.3.1_5.3.1.2",
    "SpacingBetweenSlices": 3,
    "StationName": "PHILIPS-K5NT78B",
    "TaskName": "ANIM",
    "TotalReadoutTime": 0.0219394,
    "UsePhilipsFloatNotDisplayScaling": 1,
    "dataset": "ds003436",
    "modality": "bold",
    "run_id": 3,
    "subject_id": "32",
    "task_id": "anim"
  },
  "dummy_trs": 0,
  "dvars_nstd": 26.2154793359,
  "dvars_std": 1.3096923137000005,
  "dvars_vstd": 1.0126204092999997,
  "efc": 0.4142449464277572,
  "fber": 189275.609375,
  "fd_mean": 0.07312838648571404,
  "fd_num": 0,
  "fd_perc": 0.0,
  "fwhm_avg": 1.8656421758567,
  "fwhm_x": 1.7853766666666668,
  "fwhm_y": 2.06131,
  "fwhm_z": 1.750239860903433,
  "gcor": 0.011394,
  "gsr_x": -0.01738542690873146,
  "gsr_y": 0.011259196326136589,
  "provenance": {
    "md5sum": "c25e1588e46a16acaa7e26b7758e8c97",
    "settings": {
      "fd_thres": 0.2,
      "testing": false
    },
    "software": "mriqc",
    "version": "22.0.6",
    "webapi_port": null,
    "webapi_url": "https://mriqc.nimh.nih.gov/api/v1"
  },
  "size_t": 101,
  "size_x": 80,
  "size_y": 80,
  "size_z": 37,
  "snr": 6.663437930014471,
  "spacing_tr": 2.000000476837158,
  "spacing_x": 3.0,
  "spacing_y": 3.0,
  "spacing_z": 3.000000238418579,
  "summary_bg_k": 62.54206394245597,
  "summary_bg_mad": 5227.4524062106875,
  "summary_bg_mean": 37153.2265625,
  "summary_bg_median": 3752.24755859375,
  "summary_bg_n": 163665.0,
  "summary_bg_p05": 49.36398086547854,
  "summary_bg_p95": 179801.7187499997,
  "summary_bg_stdv": 112272.5859375,
  "summary_fg_k": 1.9300813253390041,
  "summary_fg_mad": 251863.90890389972,
  "summary_fg_mean": 1741053.125,
  "summary_fg_median": 1724183.875,
  "summary_fg_n": 33459.0,
  "summary_fg_p05": 1381423.1,
  "summary_fg_p95": 2162179.125,
  "summary_fg_stdv": 258749.03125,
  "tsnr": 78.81055450439453
}