{
  "aor": 0.0009438613861386139,
  "aqi": 0.005957146435643565,
  "bids_meta": {
    "AcquisitionMatrixPE": 80,
    "AcquisitionNumber": 17,
    "AcquisitionTime": "17:36:37.860000",
    "BodyPartExamined": "BRAIN",
    "CoilString": "SENSE_HEAD_8",
    "ConversionSoftware": "dcm2niix",
    "ConversionSoftwareVersion": "v1.0.20190410  Clang4.0.1",
    "Dcm2bidsVersion": "2.1.4",
    "DeviceSerialNumber": "34072",
    "EchoTime": 0.030001,
    "EchoTrainLength": 39,
    "EffectiveEchoSpacing": 0.0002777,
    "FlipAngle": 82,
    "ImageOrientationPatientDICOM": [
      0.998598,
      0.0015679,
      0.0529059,
      -0.00172982,
      0.999994,
      0.00301483
    ],
    "ImageType": [
      "ORIGINAL",
      "PRIMARY",
      "M",
      "FFE",
      "M",
      "FFE"
    ],
    "ImagingFrequency": 127.734,
    "InPlanePhaseEncodingDirectionDICOM": "COL",
    "InstitutionName": "Az.Osp._Udine",
    "InstitutionalDepartmentName": "Radiologia",
    "MRAcquisitionType": "2D",
    "MagneticFieldStrength": 3,
    "Manufacturer": "Philips",
    "ManufacturersModelName": "Achieva",
    "Modality": "MR",
    "PartialFourier": 0.4875,
    "PatientPosition": "HFS",
    "PercentPhaseFOV": 100,
    "PhaseEncodingAxis": "j",
    "PhaseEncodingDirection": "j",
    "PhaseEncodingSteps": 80,
    "PhilipsRescaleIntercept": 0,
    "PhilipsRescaleSlope": 0.763858,
    "PhilipsScaleSlope": 0.00224172,
    "PixelBandwidth": 3608.02,
    "ProtocolName": "SOCIAL_4run",
    "ReconMatrixPE": 80,
    "RepetitionTime": 2,
    "ScanOptions": "FS",
    "ScanningSequence": "GR",
    "SequenceVariant": "SK",
    "SeriesDescription": "SOCIAL_4run",
    "SeriesNumber": 1701,
    "SliceThickness": 3,
    "SliceTiming": [
      0.0,
      0.378378,
      0.702703,
      1.027027,
      1.351351,
      1.675676,
      0.054054,
      0.432432,
      0.756757,
      1.081081,
      1.405405,
      1.72973,
      0.108108,
      0.486486,
      0.810811,
      1.135135,
      1.459459,
      1.783784,
      0.162162,
      0.540541,
      0.864865,
      1.189189,
      1.513514,
      1.837838,
      0.216216,
      0.594595,
      0.918919,
      1.243243,
      1.567568,
      1.891892,
      0.27027,
      0.648649,
      0.972973,
      1.297297,
      1.621622,
      1.945946,
      0.324324
    ],
    "SoftwareVersions": "5.3.1_5.3.1.2",
    "SpacingBetweenSlices": 3,
    "StationName": "PHILIPS-K5NT78B",
    "TaskName": "ANIM",
    "TotalReadoutTime": 0.0219394,
    "UsePhilipsFloatNotDisplayScaling": 1,
    "dataset": "ds003436",
    "modality": "bold",
    "run_id": 4,
    "subject_id": "32",
    "task_id": "anim"
  },
  "dummy_trs": 0,
  "dvars_nstd": 25.44404592539999,
  "dvars_std": 1.2823846841000002,
  "dvars_vstd": 1.0095941441,
  "efc": 0.413805917274082,
  "fber": 191780.4375,
  "fd_mean": 0.07382820639621236,
  "fd_num": 0,
  "fd_perc": 0.0,
  "fwhm_avg": 1.8660232868627302,
  "fwhm_x": 1.7839333333333334,
  "fwhm_y": 2.05993,
  "fwhm_z": 1.7542065272548575,
  "gcor": 0.01023,
  "gsr_x": -0.017237531021237373,
  "gsr_y": 0.011260788887739182,
  "provenance": {
    "md5sum": "8e6b0b19d7b03f953b85a705b6f262b5",
    "settings": {
      "fd_thres": 0.2,
      "testing": false
    },
    "software": "mriqc",
    "version": "22.0.6",
    "webapi_port": null,
    "webapi_url": "https://mriqc.nimh.nih.gov/api/v1"
  },
  "size_t": 101,
  "size_x": 80,
  "size_y": 80,
  "size_z": 37,
  "snr": 6.688701984685379,
  "spacing_tr": 2.000000476837158,
  "spacing_x": 3.0,
  "spacing_y": 3.0,
  "spacing_z": 3.000000238418579,
  "summary_bg_k": 64.77155256607897,
  "summary_bg_mad": 1947.7983908086082,
  "summary_bg_mean": 13969.38671875,
  "summary_bg_median": 1402.5191650390625,
  "summary_bg_n": 163702.0,
  "summary_bg_p05": 24.718420791625977,
  "summary_bg_p95": 67751.4128906249,
  "summary_bg_stdv": 42291.2265625,
  "summary_fg_k": 1.858144224146547,
  "summary_fg_mad": 95325.02159048156,
  "summary_fg_mean": 659091.875,
  "summary_fg_median": 652580.0625,
  "summary_fg_n": 33430.0,
  "summary_fg_p05": 523400.2890625,
  "summary_fg_p95": 817563.696875,
  "summary_fg_stdv": 97563.0703125,
  "tsnr": 76.03719329833984
}