{
  "aor": 0.0008863366336633664,
  "aqi": 0.008467409900990099,
  "bids_meta": {
    "AcquisitionMatrixPE": 80,
    "AcquisitionNumber": 16,
    "AcquisitionTime": "16:20:56.550000",
    "BodyPartExamined": "BRAIN",
    "CoilString": "SENSE_HEAD_8",
    "ConversionSoftware": "dcm2niix",
    "ConversionSoftwareVersion": "v1.0.20190410  Clang4.0.1",
    "Dcm2bidsVersion": "2.1.4",
    "DeviceSerialNumber": "34072",
    "EchoTime": 0.030001,
    "EchoTrainLength": 39,
    "EffectiveEchoSpacing": 0.0002777,
    "FlipAngle": 82,
    "ImageOrientationPatientDICOM": [
      0.999971,
      0.00691575,
      0.00320025,
      -0.00692225,
      0.999974,
      0.00202482
    ],
    "ImageType": [
      "ORIGINAL",
      "PRIMARY",
      "M",
      "FFE",
      "M",
      "FFE"
    ],
    "ImagingFrequency": 127.735,
    "InPlanePhaseEncodingDirectionDICOM": "COL",
    "InstitutionName": "Az.Osp._Udine",
    "InstitutionalDepartmentName": "Radiologia",
    "MRAcquisitionType": "2D",
    "MagneticFieldStrength": 3,
    "Manufacturer": "Philips",
    "ManufacturersModelName": "Achieva",
    "Modality": "MR",
    "PartialFourier": 0.4875,
    "PatientPosition": "HFS",
    "PercentPhaseFOV": 100,
    "PhaseEncodingAxis": "j",
    "PhaseEncodingDirection": "j",
    "PhaseEncodingSteps": 80,
    "PhilipsRescaleIntercept": 0,
    "PhilipsRescaleSlope": 0.785592,
    "PhilipsScaleSlope": 0.000807452,
    "PixelBandwidth": 3608.02,
    "ProtocolName": "SOCIAL_4run",
    "ReconMatrixPE": 80,
    "RepetitionTime": 2,
    "ScanOptions": "FS",
    "ScanningSequence": "GR",
    "SequenceVariant": "SK",
    "SeriesDescription": "SOCIAL_4run",
    "SeriesNumber": 1601,
    "SliceThickness": 3,
    "SliceTiming": [
      0.0,
      0.378378,
      0.702703,
      1.027027,
      1.351351,
      1.675676,
      0.054054,
      0.432432,
      0.756757,
      1.081081,
      1.405405,
      1.72973,
      0.108108,
      0.486486,
      0.810811,
      1.135135,
      1.459459,
      1.783784,
      0.162162,
      0.540541,
      0.864865,
      1.189189,
      1.513514,
      1.837838,
      0.216216,
      0.594595,
      0.918919,
      1.243243,
      1.567568,
      1.891892,
      0.27027,
      0.648649,
      0.972973,
      1.297297,
      1.621622,
      1.945946,
      0.324324
    ],
    "SoftwareVersions": "5.3.1_5.3.1.1",
    "SpacingBetweenSlices": 3,
    "StationName": "PHILIPS-K5NT78B",
    "TaskName": "ANIM",
    "TotalReadoutTime": 0.0219394,
    "UsePhilipsFloatNotDisplayScaling": 1,
    "dataset": "ds003436",
    "modality": "bold",
    "run_id": 3,
    "subject_id": "02",
    "task_id": "anim"
  },
  "dummy_trs": 0,
  "dvars_nstd": 26.735363616800015,
  "dvars_std": 1.1889083949,
  "dvars_vstd": 0.997532898,
  "efc": 0.4704013118309232,
  "fber": 102124.1484375,
  "fd_mean": 0.08515069429515564,
  "fd_num": 2,
  "fd_perc": 1.9801980198019802,
  "fwhm_avg": 1.8245844444444446,
  "fwhm_x": 1.7396133333333335,
  "fwhm_y": 2.00009,
  "fwhm_z": 1.7340499999999999,
  "gcor": 0.0179485,
  "gsr_x": -0.0009859366109594703,
  "gsr_y": 0.005178642924875021,
  "provenance": {
    "md5sum": "882667dff5ae8792d22bbbd29647e92b",
    "settings": {
      "fd_thres": 0.2,
      "testing": false
    },
    "software": "mriqc",
    "version": "22.0.6",
    "webapi_port": null,
    "webapi_url": "https://mriqc.nimh.nih.gov/api/v1"
  },
  "size_t": 101,
  "size_x": 80,
  "size_y": 80,
  "size_z": 37,
  "snr": 5.623503146137263,
  "spacing_tr": 2.000000476837158,
  "spacing_x": 3.0,
  "spacing_y": 3.0,
  "spacing_z": 3.0,
  "summary_bg_k": 40.324248599324584,
  "summary_bg_mad": 6572.701854178651,
  "summary_bg_mean": 56232.80078125,
  "summary_bg_median": 5010.8818359375,
  "summary_bg_n": 153062.0,
  "summary_bg_p05": 154.94214248657227,
  "summary_bg_p95": 335802.6874999981,
  "summary_bg_stdv": 154185.0,
  "summary_fg_k": 3.135051415694294,
  "summary_fg_mad": 271295.6348807434,
  "summary_fg_mean": 1767948.375,
  "summary_fg_median": 1746894.875,
  "summary_fg_n": 42447.0,
  "summary_fg_p05": 1347950.3375,
  "summary_fg_p95": 2253850.3,
  "summary_fg_stdv": 310638.09375,
  "tsnr": 60.40745544433594
}