{
  "aor": 0.0014909900990099007,
  "aqi": 0.007539220495049505,
  "bids_meta": {
    "AcquisitionMatrixPE": 80,
    "AcquisitionNumber": 14,
    "AcquisitionTime": "16:12:26.380000",
    "BodyPartExamined": "BRAIN",
    "CoilString": "SENSE_HEAD_8",
    "ConversionSoftware": "dcm2niix",
    "ConversionSoftwareVersion": "v1.0.20190410  Clang4.0.1",
    "Dcm2bidsVersion": "2.1.4",
    "DeviceSerialNumber": "34072",
    "EchoTime": 0.030001,
    "EchoTrainLength": 39,
    "EffectiveEchoSpacing": 0.0002777,
    "FlipAngle": 82,
    "ImageOrientationPatientDICOM": [
      0.999971,
      0.00691575,
      0.00320025,
      -0.00692225,
      0.999974,
      0.00202482
    ],
    "ImageType": [
      "ORIGINAL",
      "PRIMARY",
      "M",
      "FFE",
      "M",
      "FFE"
    ],
    "ImagingFrequency": 127.735,
    "InPlanePhaseEncodingDirectionDICOM": "COL",
    "InstitutionName": "Az.Osp._Udine",
    "InstitutionalDepartmentName": "Radiologia",
    "MRAcquisitionType": "2D",
    "MagneticFieldStrength": 3,
    "Manufacturer": "Philips",
    "ManufacturersModelName": "Achieva",
    "Modality": "MR",
    "PartialFourier": 0.4875,
    "PatientPosition": "HFS",
    "PercentPhaseFOV": 100,
    "PhaseEncodingAxis": "j",
    "PhaseEncodingDirection": "j",
    "PhaseEncodingSteps": 80,
    "PhilipsRescaleIntercept": 0,
    "PhilipsRescaleSlope": 0.777289,
    "PhilipsScaleSlope": 0.000485928,
    "PixelBandwidth": 3608.02,
    "ProtocolName": "SOCIAL_4run",
    "ReconMatrixPE": 80,
    "RepetitionTime": 2,
    "ScanOptions": "FS",
    "ScanningSequence": "GR",
    "SequenceVariant": "SK",
    "SeriesDescription": "SOCIAL_4run",
    "SeriesNumber": 1401,
    "SliceThickness": 3,
    "SliceTiming": [
      0.0,
      0.378378,
      0.702703,
      1.027027,
      1.351351,
      1.675676,
      0.054054,
      0.432432,
      0.756757,
      1.081081,
      1.405405,
      1.72973,
      0.108108,
      0.486486,
      0.810811,
      1.135135,
      1.459459,
      1.783784,
      0.162162,
      0.540541,
      0.864865,
      1.189189,
      1.513514,
      1.837838,
      0.216216,
      0.594595,
      0.918919,
      1.243243,
      1.567568,
      1.891892,
      0.27027,
      0.648649,
      0.972973,
      1.297297,
      1.621622,
      1.945946,
      0.324324
    ],
    "SoftwareVersions": "5.3.1_5.3.1.1",
    "SpacingBetweenSlices": 3,
    "StationName": "PHILIPS-K5NT78B",
    "TaskName": "ANIM",
    "TotalReadoutTime": 0.0219394,
    "UsePhilipsFloatNotDisplayScaling": 1,
    "dataset": "ds003436",
    "modality": "bold",
    "run_id": 2,
    "subject_id": "02",
    "task_id": "anim"
  },
  "dummy_trs": 0,
  "dvars_nstd": 23.874584216400002,
  "dvars_std": 1.1280933510999993,
  "dvars_vstd": 1.0072746919999995,
  "efc": 0.4694482103096607,
  "fber": 118339.6796875,
  "fd_mean": 0.06146714581556782,
  "fd_num": 2,
  "fd_perc": 1.9801980198019802,
  "fwhm_avg": 1.8171666666666668,
  "fwhm_x": 1.7325833333333334,
  "fwhm_y": 2.0016633333333336,
  "fwhm_z": 1.7172533333333335,
  "gcor": 0.00791292,
  "gsr_x": -0.001443939283490181,
  "gsr_y": 0.005768890026956797,
  "provenance": {
    "md5sum": "15683d63b9562a3b57dbc748c0daedbd",
    "settings": {
      "fd_thres": 0.2,
      "testing": false
    },
    "software": "mriqc",
    "version": "22.0.6",
    "webapi_port": null,
    "webapi_url": "https://mriqc.nimh.nih.gov/api/v1"
  },
  "size_t": 101,
  "size_x": 80,
  "size_y": 80,
  "size_z": 37,
  "snr": 5.651851636621349,
  "spacing_tr": 2.000000476837158,
  "spacing_x": 3.0,
  "spacing_y": 3.0,
  "spacing_z": 3.0,
  "summary_bg_k": 41.79939244467591,
  "summary_bg_mad": 9964.142031762662,
  "summary_bg_mean": 90112.4453125,
  "summary_bg_median": 7548.666015625,
  "summary_bg_n": 153032.0,
  "summary_bg_p05": 226.07431411743167,
  "summary_bg_p95": 544973.1593749991,
  "summary_bg_stdv": 246774.015625,
  "summary_fg_k": 3.0792439317048146,
  "summary_fg_mad": 445217.47723030776,
  "summary_fg_mean": 2903516.5,
  "summary_fg_median": 2870028.0,
  "summary_fg_n": 42442.0,
  "summary_fg_p05": 2216424.7375,
  "summary_fg_p95": 3703806.2874999996,
  "summary_fg_stdv": 507797.15625,
  "tsnr": 62.68980026245117
}