{
  "bids_meta": {
    "AcquisitionMatrixPE": 240,
    "AcquisitionNumber": 2,
    "AcquisitionTime": "15:30:12.640000",
    "BodyPartExamined": "BRAIN",
    "CoilString": "SENSE_HEAD_8",
    "ConversionSoftware": "dcm2niix",
    "ConversionSoftwareVersion": "v1.0.20190410  Clang4.0.1",
    "Dcm2bidsVersion": "2.1.4",
    "DeviceSerialNumber": "34072",
    "EchoTime": 0.00375,
    "EchoTrainLength": 240,
    "FlipAngle": 12,
    "ImageOrientationPatientDICOM": [
      0.00316678,
      0.999987,
      0.00394526,
      0.087808,
      0.00365197,
      -0.996131
    ],
    "ImageType": [
      "ORIGINAL",
      "PRIMARY",
      "M",
      "FFE",
      "M",
      "FFE"
    ],
    "ImagingFrequency": 127.734,
    "InPlanePhaseEncodingDirectionDICOM": "ROW",
    "InstitutionName": "Az.Osp._Udine",
    "InstitutionalDepartmentName": "Radiologia",
    "MRAcquisitionType": "3D",
    "MagneticFieldStrength": 3,
    "Manufacturer": "Philips",
    "ManufacturersModelName": "Achieva",
    "Modality": "MR",
    "PatientPosition": "HFS",
    "PercentPhaseFOV": 100,
    "PhaseEncodingSteps": 240,
    "PhilipsRescaleIntercept": 0,
    "PhilipsRescaleSlope": 2.47985,
    "PhilipsScaleSlope": 0.000313653,
    "PixelBandwidth": 191.38,
    "ProtocolName": "T1W_3D_VBM",
    "ReconMatrixPE": 256,
    "RepetitionTime": 0.0081719,
    "ScanOptions": "OTHER",
    "ScanningSequence": "GR",
    "SequenceVariant": "MP",
    "SeriesDescription": "T1W_3D_VBM",
    "SeriesNumber": 201,
    "SliceThickness": 1,
    "SoftwareVersions": "5.3.1_5.3.1.2",
    "SpacingBetweenSlices": 1,
    "StationName": "PHILIPS-K5NT78B",
    "UsePhilipsFloatNotDisplayScaling": 1,
    "dataset": "ds003436",
    "modality": "T1w",
    "subject_id": "24"
  },
  "cjv": 0.35051322614400937,
  "cnr": 3.7935338742302256,
  "efc": 0.5783393765237279,
  "fber": -1.0,
  "fwhm_avg": 4.060877333333333,
  "fwhm_x": 3.98036,
  "fwhm_y": 4.364,
  "fwhm_z": 3.8382720000000004,
  "icvs_csf": 0.17323836976953888,
  "icvs_gm": 0.4492080113412313,
  "icvs_wm": 0.37755361888922984,
  "inu_med": 0.2449234127998352,
  "inu_range": 0.05663950741291046,
  "provenance": {
    "md5sum": "394fa1d268929344323743fec89893e9",
    "settings": {
      "testing": false
    },
    "software": "mriqc",
    "version": "22.0.6",
    "warnings": {
      "large_rot_frame": true,
      "small_air_mask": false
    },
    "webapi_port": null,
    "webapi_url": "https://mriqc.nimh.nih.gov/api/v1"
  },
  "qi_1": 0.00017847280998610005,
  "qi_2": 2.0619947783068388e-06,
  "rpve_csf": 25.20840776522056,
  "rpve_gm": 10.824011074116324,
  "rpve_wm": 14.515505132928336,
  "size_x": 170,
  "size_y": 256,
  "size_z": 256,
  "snr_csf": 2.459805199839835,
  "snr_gm": 16.345703204540996,
  "snr_total": 16.159842874589458,
  "snr_wm": 29.674020219387543,
  "snrd_csf": 73.39631206777838,
  "snrd_gm": 159.85351738550784,
  "snrd_total": 146.20674777167903,
  "snrd_wm": 205.3704138617509,
  "spacing_x": 1.0,
  "spacing_y": 0.9375,
  "spacing_z": 0.9375,
  "summary_bg_k": 27.655814893539112,
  "summary_bg_mad": 0.0,
  "summary_bg_mean": 1.2398424397362353,
  "summary_bg_median": 0.0,
  "summary_bg_n": 1664198.0,
  "summary_bg_p05": 0.0,
  "summary_bg_p95": 7.479862190783024,
  "summary_bg_stdv": 3.1901544976326166,
  "summary_csf_k": 0.11310563484496994,
  "summary_csf_mad": 121.62066986389826,
  "summary_csf_mean": 334.0280114801942,
  "summary_csf_median": 357.39973393734545,
  "summary_csf_n": 28266.0,
  "summary_csf_p05": 62.43321786029264,
  "summary_csf_p95": 549.0814771121368,
  "summary_csf_stdv": 145.2933800718601,
  "summary_gm_k": 0.2835232346912786,
  "summary_gm_mad": 45.60775119896184,
  "summary_gm_mean": 778.6934401347759,
  "summary_gm_median": 778.3988455682993,
  "summary_gm_n": 48767.0,
  "summary_gm_p05": 701.0726878102869,
  "summary_gm_p95": 857.8559420878067,
  "summary_gm_stdv": 47.62051867650971,
  "summary_wm_k": 0.6746058578083889,
  "summary_wm_mad": 32.08080294756635,
  "summary_wm_mean": 1001.4703164499023,
  "summary_wm_median": 1000.0411356501281,
  "summary_wm_n": 251028.0,
  "summary_wm_p05": 948.9355937037617,
  "summary_wm_p95": 1057.907322268933,
  "summary_wm_stdv": 33.70083110960325,
  "tpm_overlap_csf": 0.13618144385236236,
  "tpm_overlap_gm": 0.4645284063299315,
  "tpm_overlap_wm": 0.4990699159789623,
  "wm2max": 0.8787103069192599
}