{
  "bids_meta": {
    "AcquisitionMatrixPE": 240,
    "AcquisitionNumber": 2,
    "AcquisitionTime": "16:43:22.470000",
    "BodyPartExamined": "BRAIN",
    "CoilString": "SENSE_HEAD_8",
    "ConversionSoftware": "dcm2niix",
    "ConversionSoftwareVersion": "v1.0.20190410  Clang4.0.1",
    "Dcm2bidsVersion": "2.1.4",
    "DeviceSerialNumber": "34072",
    "EchoTime": 0.003703,
    "EchoTrainLength": 240,
    "FlipAngle": 12,
    "ImageOrientationPatientDICOM": [
      -0.0172858,
      0.99985,
      0.00127612,
      -0.0205584,
      0.000920622,
      -0.999788
    ],
    "ImageType": [
      "ORIGINAL",
      "PRIMARY",
      "M",
      "FFE",
      "M",
      "FFE"
    ],
    "ImagingFrequency": 127.734,
    "InPlanePhaseEncodingDirectionDICOM": "ROW",
    "InstitutionName": "Az.Osp._Udine",
    "InstitutionalDepartmentName": "Radiologia",
    "MRAcquisitionType": "3D",
    "MagneticFieldStrength": 3,
    "Manufacturer": "Philips",
    "ManufacturersModelName": "Achieva",
    "Modality": "MR",
    "PatientPosition": "HFS",
    "PercentPhaseFOV": 100,
    "PhaseEncodingSteps": 240,
    "PhilipsRescaleIntercept": 0,
    "PhilipsRescaleSlope": 3.16166,
    "PhilipsScaleSlope": 0.000156577,
    "PixelBandwidth": 191.38,
    "ProtocolName": "T1W_3D_VBM",
    "ReconMatrixPE": 256,
    "RepetitionTime": 0.0080937,
    "ScanOptions": "OTHER",
    "ScanningSequence": "GR",
    "SequenceVariant": "MP",
    "SeriesDescription": "T1W_3D_VBM",
    "SeriesNumber": 201,
    "SliceThickness": 1,
    "SoftwareVersions": "5.3.1_5.3.1.2",
    "SpacingBetweenSlices": 1,
    "StationName": "PHILIPS-K5NT78B",
    "UsePhilipsFloatNotDisplayScaling": 1,
    "dataset": "ds003436",
    "modality": "T1w",
    "subject_id": "27"
  },
  "cjv": 0.3382325444056981,
  "cnr": 3.997035264147414,
  "efc": 0.59101205609182,
  "fber": -1.0,
  "fwhm_avg": 4.415161555555556,
  "fwhm_x": 4.15069,
  "fwhm_y": 4.842912,
  "fwhm_z": 4.251882666666666,
  "icvs_csf": 0.20350455778112866,
  "icvs_gm": 0.4569664989412335,
  "icvs_wm": 0.3395289432776379,
  "inu_med": 0.35168659687042236,
  "inu_range": 0.0922921746969223,
  "provenance": {
    "md5sum": "6511710fd1815a48512b2f2e81f6c512",
    "settings": {
      "testing": false
    },
    "software": "mriqc",
    "version": "22.0.6",
    "warnings": {
      "large_rot_frame": true,
      "small_air_mask": false
    },
    "webapi_port": null,
    "webapi_url": "https://mriqc.nimh.nih.gov/api/v1"
  },
  "qi_1": 0.0001731192581137955,
  "qi_2": 8.613729416723804e-07,
  "rpve_csf": 25.349736757771367,
  "rpve_gm": 11.937699760287655,
  "rpve_wm": 17.42470802839221,
  "size_x": 170,
  "size_y": 256,
  "size_z": 256,
  "snr_csf": 2.5845506856418985,
  "snr_gm": 16.431653227831404,
  "snr_total": 15.6464605237534,
  "snr_wm": 27.923177657786898,
  "snrd_csf": 33.40187971686288,
  "snrd_gm": 78.69032211871068,
  "snrd_total": 71.69491729476395,
  "snrd_wm": 102.99255004871826,
  "spacing_x": 1.0,
  "spacing_y": 0.9375,
  "spacing_z": 0.9375,
  "summary_bg_k": 14.276901527638707,
  "summary_bg_mad": 0.0,
  "summary_bg_mean": 2.919308383853004,
  "summary_bg_median": 0.0,
  "summary_bg_n": 1262211.0,
  "summary_bg_p05": 0.0,
  "summary_bg_p95": 16.740849249064922,
  "summary_bg_stdv": 6.3611486146994345,
  "summary_csf_k": 1.0227262857185488,
  "summary_csf_mad": 89.29954370743606,
  "summary_csf_mean": 315.681833474678,
  "summary_csf_median": 324.3207382299006,
  "summary_csf_n": 44089.0,
  "summary_csf_p05": 68.23446147628128,
  "summary_csf_p95": 511.36651261746874,
  "summary_csf_stdv": 125.48295608495717,
  "summary_gm_k": 0.14639508175587368,
  "summary_gm_mad": 45.40487828947944,
  "summary_gm_mean": 764.5801449068357,
  "summary_gm_median": 764.0559027642012,
  "summary_gm_n": 50238.0,
  "summary_gm_p05": 688.9878089092672,
  "summary_gm_p95": 842.0248580630869,
  "summary_gm_stdv": 46.49856516384947,
  "summary_wm_k": 0.39154756609050656,
  "summary_wm_mad": 34.406588899041544,
  "summary_wm_mean": 999.9725798592721,
  "summary_wm_median": 1000.0221588462591,
  "summary_wm_n": 187660.0,
  "summary_wm_p05": 941.2520346306264,
  "summary_wm_p95": 1058.681563159451,
  "summary_wm_stdv": 35.81324112342724,
  "tpm_overlap_csf": 0.13023755259696324,
  "tpm_overlap_gm": 0.4825904150319399,
  "tpm_overlap_wm": 0.5116977239364929,
  "wm2max": 0.7746805043314178
}