{
  "aor": 0.001622970297029703,
  "aqi": 0.009015171485148516,
  "bids_meta": {
    "AcquisitionMatrixPE": 80,
    "AcquisitionNumber": 7,
    "AcquisitionTime": "15:23:5.310000",
    "BodyPartExamined": "BRAIN",
    "CoilString": "SENSE_HEAD_8",
    "ConversionSoftware": "dcm2niix",
    "ConversionSoftwareVersion": "v1.0.20181125  Clang9.0.0",
    "Dcm2bidsVersion": "2.1.4",
    "DeviceSerialNumber": "34072",
    "EchoTime": 0.030001,
    "EchoTrainLength": 39,
    "EffectiveEchoSpacing": 0.0002777,
    "FlipAngle": 82,
    "ImageOrientationPatientDICOM": [
      0.999337,
      0.00267466,
      0.0363105,
      -0.00156999,
      0.999536,
      -0.0304175
    ],
    "ImageType": [
      "ORIGINAL",
      "PRIMARY",
      "M",
      "FFE",
      "M",
      "FFE"
    ],
    "ImagingFrequency": 127.733,
    "InPlanePhaseEncodingDirectionDICOM": "COL",
    "InstitutionName": "Az.Osp._Udine",
    "InstitutionalDepartmentName": "Radiologia",
    "MRAcquisitionType": "2D",
    "MagneticFieldStrength": 3,
    "Manufacturer": "Philips",
    "ManufacturersModelName": "Achieva",
    "Modality": "MR",
    "PartialFourier": 0.4875,
    "PatientPosition": "HFS",
    "PercentPhaseFOV": 100,
    "PhaseEncodingAxis": "j",
    "PhaseEncodingDirection": "j",
    "PhaseEncodingSteps": 80,
    "PhilipsRescaleIntercept": 0,
    "PhilipsRescaleSlope": 0.760928,
    "PhilipsScaleSlope": 0.000773176,
    "PixelBandwidth": 3608.02,
    "ProtocolName": "SOCIAL_4run",
    "ReconMatrixPE": 80,
    "RepetitionTime": 2,
    "ScanOptions": "FS",
    "ScanningSequence": "GR",
    "SequenceVariant": "SK",
    "SeriesDescription": "SOCIAL_4run",
    "SeriesNumber": 701,
    "SliceThickness": 3,
    "SliceTiming": [
      0.0,
      0.378378,
      0.702703,
      1.027027,
      1.351351,
      1.675676,
      0.054054,
      0.432432,
      0.756757,
      1.081081,
      1.405405,
      1.72973,
      0.108108,
      0.486486,
      0.810811,
      1.135135,
      1.459459,
      1.783784,
      0.162162,
      0.540541,
      0.864865,
      1.189189,
      1.513514,
      1.837838,
      0.216216,
      0.594595,
      0.918919,
      1.243243,
      1.567568,
      1.891892,
      0.27027,
      0.648649,
      0.972973,
      1.297297,
      1.621622,
      1.945946,
      0.324324
    ],
    "SoftwareVersions": "5.3.1_5.3.1.2",
    "SpacingBetweenSlices": 3,
    "StationName": "PHILIPS-K5NT78B",
    "TaskName": "ANIM",
    "TotalReadoutTime": 0.0219394,
    "UsePhilipsFloatNotDisplayScaling": 1,
    "dataset": "ds003436",
    "modality": "bold",
    "run_id": 1,
    "subject_id": "45",
    "task_id": "anim"
  },
  "dummy_trs": 0,
  "dvars_nstd": 31.760518054900004,
  "dvars_std": 1.3578497001,
  "dvars_vstd": 1.0027909087000002,
  "efc": 0.41652223025738994,
  "fber": 162411.890625,
  "fd_mean": 0.10143445723682429,
  "fd_num": 2,
  "fd_perc": 1.9801980198019802,
  "fwhm_avg": 1.791562222222222,
  "fwhm_x": 1.7048966666666667,
  "fwhm_y": 1.9623966666666668,
  "fwhm_z": 1.7073933333333333,
  "gcor": 0.0105788,
  "gsr_x": -0.021737270057201385,
  "gsr_y": 0.015365282073616982,
  "provenance": {
    "md5sum": "ac64c002efd1514624f46debfb170dfb",
    "settings": {
      "fd_thres": 0.2,
      "testing": false
    },
    "software": "mriqc",
    "version": "22.0.6",
    "webapi_port": null,
    "webapi_url": "https://mriqc.nimh.nih.gov/api/v1"
  },
  "size_t": 101,
  "size_x": 80,
  "size_y": 80,
  "size_z": 37,
  "snr": 5.620876700597707,
  "spacing_tr": 2.000000476837158,
  "spacing_x": 3.0,
  "spacing_y": 3.0,
  "spacing_z": 3.0,
  "summary_bg_k": 180.4190029798255,
  "summary_bg_mad": 5772.228852017899,
  "summary_bg_mean": 36433.44140625,
  "summary_bg_median": 4140.8525390625,
  "summary_bg_n": 162496.0,
  "summary_bg_p05": 70.6542911529541,
  "summary_bg_p95": 160772.90234375,
  "summary_bg_stdv": 118474.453125,
  "summary_fg_k": 2.950623482512394,
  "summary_fg_mad": 273052.7038349498,
  "summary_fg_mean": 1805004.75,
  "summary_fg_median": 1770043.875,
  "summary_fg_n": 34829.0,
  "summary_fg_p05": 1388633.075,
  "summary_fg_p95": 2333443.4499999997,
  "summary_fg_stdv": 314900.78125,
  "tsnr": 61.137550354003906
}