{
  "aor": 0.00376980198019802,
  "aqi": 0.00863902188118812,
  "bids_meta": {
    "AcquisitionMatrixPE": 80,
    "AcquisitionNumber": 8,
    "AcquisitionTime": "15:27:23.900000",
    "BodyPartExamined": "BRAIN",
    "CoilString": "SENSE_HEAD_8",
    "ConversionSoftware": "dcm2niix",
    "ConversionSoftwareVersion": "v1.0.20181125  Clang9.0.0",
    "Dcm2bidsVersion": "2.1.4",
    "DeviceSerialNumber": "34072",
    "EchoTime": 0.030001,
    "EchoTrainLength": 39,
    "EffectiveEchoSpacing": 0.0002777,
    "FlipAngle": 82,
    "ImageOrientationPatientDICOM": [
      0.999337,
      0.00267466,
      0.0363105,
      -0.00156999,
      0.999536,
      -0.0304175
    ],
    "ImageType": [
      "ORIGINAL",
      "PRIMARY",
      "M",
      "FFE",
      "M",
      "FFE"
    ],
    "ImagingFrequency": 127.733,
    "InPlanePhaseEncodingDirectionDICOM": "COL",
    "InstitutionName": "Az.Osp._Udine",
    "InstitutionalDepartmentName": "Radiologia",
    "MRAcquisitionType": "2D",
    "MagneticFieldStrength": 3,
    "Manufacturer": "Philips",
    "ManufacturersModelName": "Achieva",
    "Modality": "MR",
    "PartialFourier": 0.4875,
    "PatientPosition": "HFS",
    "PercentPhaseFOV": 100,
    "PhaseEncodingAxis": "j",
    "PhaseEncodingDirection": "j",
    "PhaseEncodingSteps": 80,
    "PhilipsRescaleIntercept": 0,
    "PhilipsRescaleSlope": 0.782173,
    "PhilipsScaleSlope": 0.000793051,
    "PixelBandwidth": 3608.02,
    "ProtocolName": "SOCIAL_4run",
    "ReconMatrixPE": 80,
    "RepetitionTime": 2,
    "ScanOptions": "FS",
    "ScanningSequence": "GR",
    "SequenceVariant": "SK",
    "SeriesDescription": "SOCIAL_4run",
    "SeriesNumber": 801,
    "SliceThickness": 3,
    "SliceTiming": [
      0.0,
      0.378378,
      0.702703,
      1.027027,
      1.351351,
      1.675676,
      0.054054,
      0.432432,
      0.756757,
      1.081081,
      1.405405,
      1.72973,
      0.108108,
      0.486486,
      0.810811,
      1.135135,
      1.459459,
      1.783784,
      0.162162,
      0.540541,
      0.864865,
      1.189189,
      1.513514,
      1.837838,
      0.216216,
      0.594595,
      0.918919,
      1.243243,
      1.567568,
      1.891892,
      0.27027,
      0.648649,
      0.972973,
      1.297297,
      1.621622,
      1.945946,
      0.324324
    ],
    "SoftwareVersions": "5.3.1_5.3.1.2",
    "SpacingBetweenSlices": 3,
    "StationName": "PHILIPS-K5NT78B",
    "TaskName": "ANIM",
    "TotalReadoutTime": 0.0219394,
    "UsePhilipsFloatNotDisplayScaling": 1,
    "dataset": "ds003436",
    "modality": "bold",
    "run_id": 3,
    "subject_id": "45",
    "task_id": "anim"
  },
  "dummy_trs": 0,
  "dvars_nstd": 31.912683944899996,
  "dvars_std": 1.3857197987999998,
  "dvars_vstd": 1.0447229549,
  "efc": 0.41641284798233075,
  "fber": 172684.484375,
  "fd_mean": 0.11643723344100892,
  "fd_num": 11,
  "fd_perc": 10.891089108910892,
  "fwhm_avg": 1.7786555555555557,
  "fwhm_x": 1.7036300000000002,
  "fwhm_y": 1.9480633333333335,
  "fwhm_z": 1.6842733333333333,
  "gcor": 0.0153894,
  "gsr_x": -0.021823938935995102,
  "gsr_y": 0.016132012009620667,
  "provenance": {
    "md5sum": "0e80cafc82f4d6c6462434d6d45f72e2",
    "settings": {
      "fd_thres": 0.2,
      "testing": false
    },
    "software": "mriqc",
    "version": "22.0.6",
    "webapi_port": null,
    "webapi_url": "https://mriqc.nimh.nih.gov/api/v1"
  },
  "size_t": 101,
  "size_x": 80,
  "size_y": 80,
  "size_z": 37,
  "snr": 5.625266427982314,
  "spacing_tr": 2.000000476837158,
  "spacing_x": 3.0,
  "spacing_y": 3.0,
  "spacing_z": 3.0,
  "summary_bg_k": 179.19322417937656,
  "summary_bg_mad": 5437.685959575831,
  "summary_bg_mean": 35861.16796875,
  "summary_bg_median": 3912.156005859375,
  "summary_bg_n": 162452.0,
  "summary_bg_p05": 84.5749927520752,
  "summary_bg_p95": 158923.58749999935,
  "summary_bg_stdv": 116307.8359375,
  "summary_fg_k": 2.8929109526381147,
  "summary_fg_mad": 269040.41158111906,
  "summary_fg_mean": 1777771.75,
  "summary_fg_median": 1743175.25,
  "summary_fg_n": 34763.0,
  "summary_fg_p05": 1368861.6625,
  "summary_fg_p95": 2300465.475,
  "summary_fg_stdv": 309878.6875,
  "tsnr": 63.12577819824219
}