{
  "aor": 0.004691980198019801,
  "aqi": 0.01091086188118812,
  "bids_meta": {
    "AcquisitionMatrixPE": 80,
    "AcquisitionNumber": 16,
    "AcquisitionTime": "16:45:52.060000",
    "BodyPartExamined": "BRAIN",
    "CoilString": "SENSE_HEAD_8",
    "ConversionSoftware": "dcm2niix",
    "ConversionSoftwareVersion": "v1.0.20190410  Clang4.0.1",
    "Dcm2bidsVersion": "2.1.4",
    "DeviceSerialNumber": "34072",
    "EchoTime": 0.030001,
    "EchoTrainLength": 39,
    "EffectiveEchoSpacing": 0.0002777,
    "FlipAngle": 82,
    "ImageOrientationPatientDICOM": [
      0.996096,
      0.000819626,
      0.0882739,
      0.00425235,
      0.998351,
      -0.0572539
    ],
    "ImageType": [
      "ORIGINAL",
      "PRIMARY",
      "M",
      "FFE",
      "M",
      "FFE"
    ],
    "ImagingFrequency": 127.735,
    "InPlanePhaseEncodingDirectionDICOM": "COL",
    "InstitutionName": "Az.Osp._Udine",
    "InstitutionalDepartmentName": "Radiologia",
    "MRAcquisitionType": "2D",
    "MagneticFieldStrength": 3,
    "Manufacturer": "Philips",
    "ManufacturersModelName": "Achieva",
    "Modality": "MR",
    "PartialFourier": 0.4875,
    "PatientPosition": "HFS",
    "PercentPhaseFOV": 100,
    "PhaseEncodingAxis": "j",
    "PhaseEncodingDirection": "j",
    "PhaseEncodingSteps": 80,
    "PhilipsRescaleIntercept": 0,
    "PhilipsRescaleSlope": 0.767033,
    "PhilipsScaleSlope": 0.000465306,
    "PixelBandwidth": 3608.02,
    "ProtocolName": "SOCIAL_4run",
    "ReconMatrixPE": 80,
    "RepetitionTime": 2,
    "ScanOptions": "FS",
    "ScanningSequence": "GR",
    "SequenceVariant": "SK",
    "SeriesDescription": "SOCIAL_4run",
    "SeriesNumber": 1601,
    "SliceThickness": 3,
    "SliceTiming": [
      0.0,
      0.378378,
      0.702703,
      1.027027,
      1.351351,
      1.675676,
      0.054054,
      0.432432,
      0.756757,
      1.081081,
      1.405405,
      1.72973,
      0.108108,
      0.486486,
      0.810811,
      1.135135,
      1.459459,
      1.783784,
      0.162162,
      0.540541,
      0.864865,
      1.189189,
      1.513514,
      1.837838,
      0.216216,
      0.594595,
      0.918919,
      1.243243,
      1.567568,
      1.891892,
      0.27027,
      0.648649,
      0.972973,
      1.297297,
      1.621622,
      1.945946,
      0.324324
    ],
    "SoftwareVersions": "5.3.1_5.3.1.2",
    "SpacingBetweenSlices": 3,
    "StationName": "PHILIPS-K5NT78B",
    "TaskName": "ANIM",
    "TotalReadoutTime": 0.0219394,
    "UsePhilipsFloatNotDisplayScaling": 1,
    "dataset": "ds003436",
    "modality": "bold",
    "run_id": 4,
    "subject_id": "14",
    "task_id": "anim"
  },
  "dummy_trs": 0,
  "dvars_nstd": 24.206959114200004,
  "dvars_std": 1.1040642336,
  "dvars_vstd": 1.0217264077999995,
  "efc": 0.43639915457763184,
  "fber": 105223.71875,
  "fd_mean": 0.11978858169296178,
  "fd_num": 15,
  "fd_perc": 14.851485148514852,
  "fwhm_avg": 2.0186711111111113,
  "fwhm_x": 1.9682700000000002,
  "fwhm_y": 2.20408,
  "fwhm_z": 1.8836633333333335,
  "gcor": 0.0189324,
  "gsr_x": -0.014330119825899601,
  "gsr_y": 0.013281184248626232,
  "provenance": {
    "md5sum": "465c0270981bd20a80a4a1e7ca04cee5",
    "settings": {
      "fd_thres": 0.2,
      "testing": false
    },
    "software": "mriqc",
    "version": "22.0.6",
    "webapi_port": null,
    "webapi_url": "https://mriqc.nimh.nih.gov/api/v1"
  },
  "size_t": 101,
  "size_x": 80,
  "size_y": 80,
  "size_z": 37,
  "snr": 5.6948578107015235,
  "spacing_tr": 2.000000476837158,
  "spacing_x": 3.0,
  "spacing_y": 3.0,
  "spacing_z": 3.0,
  "summary_bg_k": 52.06691683265962,
  "summary_bg_mad": 11156.449396620166,
  "summary_bg_mean": 75670.625,
  "summary_bg_median": 8632.7587890625,
  "summary_bg_n": 159389.0,
  "summary_bg_p05": 443.6676513671876,
  "summary_bg_p95": 403352.6625000007,
  "summary_bg_stdv": 198300.046875,
  "summary_fg_k": 3.4221975601026644,
  "summary_fg_mad": 446892.6324119418,
  "summary_fg_mean": 3079130.75,
  "summary_fg_median": 3042152.5,
  "summary_fg_n": 36497.0,
  "summary_fg_p05": 2341880.4,
  "summary_fg_p95": 3905309.649999999,
  "summary_fg_stdv": 534185.5625,
  "tsnr": 53.77839660644531
}