{
  "aor": 0.0009991089108910892,
  "aqi": 0.005126789504950495,
  "bids_meta": {
    "AcquisitionMatrixPE": 80,
    "AcquisitionNumber": 14,
    "AcquisitionTime": "16:37:33.050000",
    "BodyPartExamined": "BRAIN",
    "CoilString": "SENSE_HEAD_8",
    "ConversionSoftware": "dcm2niix",
    "ConversionSoftwareVersion": "v1.0.20190410  Clang4.0.1",
    "Dcm2bidsVersion": "2.1.4",
    "DeviceSerialNumber": "34072",
    "EchoTime": 0.030001,
    "EchoTrainLength": 39,
    "EffectiveEchoSpacing": 0.0002777,
    "FlipAngle": 82,
    "ImageOrientationPatientDICOM": [
      0.996096,
      0.000819626,
      0.0882739,
      0.00425235,
      0.998351,
      -0.0572539
    ],
    "ImageType": [
      "ORIGINAL",
      "PRIMARY",
      "M",
      "FFE",
      "M",
      "FFE"
    ],
    "ImagingFrequency": 127.735,
    "InPlanePhaseEncodingDirectionDICOM": "COL",
    "InstitutionName": "Az.Osp._Udine",
    "InstitutionalDepartmentName": "Radiologia",
    "MRAcquisitionType": "2D",
    "MagneticFieldStrength": 3,
    "Manufacturer": "Philips",
    "ManufacturersModelName": "Achieva",
    "Modality": "MR",
    "PartialFourier": 0.4875,
    "PatientPosition": "HFS",
    "PercentPhaseFOV": 100,
    "PhaseEncodingAxis": "j",
    "PhaseEncodingDirection": "j",
    "PhaseEncodingSteps": 80,
    "PhilipsRescaleIntercept": 0,
    "PhilipsRescaleSlope": 0.753846,
    "PhilipsScaleSlope": 0.000453597,
    "PixelBandwidth": 3608.02,
    "ProtocolName": "SOCIAL_4run",
    "ReconMatrixPE": 80,
    "RepetitionTime": 2,
    "ScanOptions": "FS",
    "ScanningSequence": "GR",
    "SequenceVariant": "SK",
    "SeriesDescription": "SOCIAL_4run",
    "SeriesNumber": 1401,
    "SliceThickness": 3,
    "SliceTiming": [
      0.0,
      0.378378,
      0.702703,
      1.027027,
      1.351351,
      1.675676,
      0.054054,
      0.432432,
      0.756757,
      1.081081,
      1.405405,
      1.72973,
      0.108108,
      0.486486,
      0.810811,
      1.135135,
      1.459459,
      1.783784,
      0.162162,
      0.540541,
      0.864865,
      1.189189,
      1.513514,
      1.837838,
      0.216216,
      0.594595,
      0.918919,
      1.243243,
      1.567568,
      1.891892,
      0.27027,
      0.648649,
      0.972973,
      1.297297,
      1.621622,
      1.945946,
      0.324324
    ],
    "SoftwareVersions": "5.3.1_5.3.1.2",
    "SpacingBetweenSlices": 3,
    "StationName": "PHILIPS-K5NT78B",
    "TaskName": "ANIM",
    "TotalReadoutTime": 0.0219394,
    "UsePhilipsFloatNotDisplayScaling": 1,
    "dataset": "ds003436",
    "modality": "bold",
    "run_id": 3,
    "subject_id": "14",
    "task_id": "anim"
  },
  "dummy_trs": 0,
  "dvars_nstd": 23.80506853050001,
  "dvars_std": 1.1411600009000002,
  "dvars_vstd": 1.0116203171000002,
  "efc": 0.4359426923704816,
  "fber": 113026.5078125,
  "fd_mean": 0.06581158151119407,
  "fd_num": 2,
  "fd_perc": 1.9801980198019802,
  "fwhm_avg": 2.0316833333333335,
  "fwhm_x": 1.9668333333333334,
  "fwhm_y": 2.2312866666666666,
  "fwhm_z": 1.89693,
  "gcor": 0.0129072,
  "gsr_x": -0.01475309394299984,
  "gsr_y": 0.013682744465768337,
  "provenance": {
    "md5sum": "ef86db5aa80d69a28561e699ae295765",
    "settings": {
      "fd_thres": 0.2,
      "testing": false
    },
    "software": "mriqc",
    "version": "22.0.6",
    "webapi_port": null,
    "webapi_url": "https://mriqc.nimh.nih.gov/api/v1"
  },
  "size_t": 101,
  "size_x": 80,
  "size_y": 80,
  "size_z": 37,
  "snr": 5.512428198344529,
  "spacing_tr": 2.000000476837158,
  "spacing_x": 3.0,
  "spacing_y": 3.0,
  "spacing_z": 3.0,
  "summary_bg_k": 49.4423359273426,
  "summary_bg_mad": 11261.102616915274,
  "summary_bg_mean": 76986.8671875,
  "summary_bg_median": 8485.1171875,
  "summary_bg_n": 159389.0,
  "summary_bg_p05": 278.05994262695316,
  "summary_bg_p95": 411023.4625,
  "summary_bg_stdv": 201500.5625,
  "summary_fg_k": 3.553386662617015,
  "summary_fg_mad": 469198.3827893586,
  "summary_fg_mean": 3149397.75,
  "summary_fg_median": 3102946.25,
  "summary_fg_n": 36549.0,
  "summary_fg_p05": 2384150.2,
  "summary_fg_p95": 4022010.4999999995,
  "summary_fg_stdv": 562892.375,
  "tsnr": 69.2802505493164
}