{
  "aor": 0.0010775247524752475,
  "aqi": 0.00682361405940594,
  "bids_meta": {
    "AcquisitionMatrixPE": 80,
    "AcquisitionNumber": 17,
    "AcquisitionTime": "16:50:0.490000",
    "BodyPartExamined": "BRAIN",
    "CoilString": "SENSE_HEAD_8",
    "ConversionSoftware": "dcm2niix",
    "ConversionSoftwareVersion": "v1.0.20190410  Clang4.0.1",
    "Dcm2bidsVersion": "2.1.4",
    "DeviceSerialNumber": "34072",
    "EchoTime": 0.030001,
    "EchoTrainLength": 39,
    "EffectiveEchoSpacing": 0.0002777,
    "FlipAngle": 82,
    "ImageOrientationPatientDICOM": [
      0.996096,
      0.000819626,
      0.0882739,
      0.00425235,
      0.998351,
      -0.0572539
    ],
    "ImageType": [
      "ORIGINAL",
      "PRIMARY",
      "M",
      "FFE",
      "M",
      "FFE"
    ],
    "ImagingFrequency": 127.735,
    "InPlanePhaseEncodingDirectionDICOM": "COL",
    "InstitutionName": "Az.Osp._Udine",
    "InstitutionalDepartmentName": "Radiologia",
    "MRAcquisitionType": "2D",
    "MagneticFieldStrength": 3,
    "Manufacturer": "Philips",
    "ManufacturersModelName": "Achieva",
    "Modality": "MR",
    "PartialFourier": 0.4875,
    "PatientPosition": "HFS",
    "PercentPhaseFOV": 100,
    "PhaseEncodingAxis": "j",
    "PhaseEncodingDirection": "j",
    "PhaseEncodingSteps": 80,
    "PhilipsRescaleIntercept": 0,
    "PhilipsRescaleSlope": 0.745788,
    "PhilipsScaleSlope": 0.000731217,
    "PixelBandwidth": 3608.02,
    "ProtocolName": "SOCIAL_4run",
    "ReconMatrixPE": 80,
    "RepetitionTime": 2,
    "ScanOptions": "FS",
    "ScanningSequence": "GR",
    "SequenceVariant": "SK",
    "SeriesDescription": "SOCIAL_4run",
    "SeriesNumber": 1701,
    "SliceThickness": 3,
    "SliceTiming": [
      0.0,
      0.378378,
      0.702703,
      1.027027,
      1.351351,
      1.675676,
      0.054054,
      0.432432,
      0.756757,
      1.081081,
      1.405405,
      1.72973,
      0.108108,
      0.486486,
      0.810811,
      1.135135,
      1.459459,
      1.783784,
      0.162162,
      0.540541,
      0.864865,
      1.189189,
      1.513514,
      1.837838,
      0.216216,
      0.594595,
      0.918919,
      1.243243,
      1.567568,
      1.891892,
      0.27027,
      0.648649,
      0.972973,
      1.297297,
      1.621622,
      1.945946,
      0.324324
    ],
    "SoftwareVersions": "5.3.1_5.3.1.2",
    "SpacingBetweenSlices": 3,
    "StationName": "PHILIPS-K5NT78B",
    "TaskName": "ANIM",
    "TotalReadoutTime": 0.0219394,
    "UsePhilipsFloatNotDisplayScaling": 1,
    "dataset": "ds003436",
    "modality": "bold",
    "run_id": 2,
    "subject_id": "14",
    "task_id": "anim"
  },
  "dummy_trs": 0,
  "dvars_nstd": 23.675457839399993,
  "dvars_std": 1.1128810821000001,
  "dvars_vstd": 1.0118974363000004,
  "efc": 0.436103603508254,
  "fber": 103398.5390625,
  "fd_mean": 0.09685187724286339,
  "fd_num": 10,
  "fd_perc": 9.900990099009901,
  "fwhm_avg": 2.0270377777777777,
  "fwhm_x": 1.95712,
  "fwhm_y": 2.2245966666666668,
  "fwhm_z": 1.8993966666666668,
  "gcor": 0.0307374,
  "gsr_x": -0.014363061636686325,
  "gsr_y": 0.013974454253911972,
  "provenance": {
    "md5sum": "e53422c35a8c15838cb863ade52ec553",
    "settings": {
      "fd_thres": 0.2,
      "testing": false
    },
    "software": "mriqc",
    "version": "22.0.6",
    "webapi_port": null,
    "webapi_url": "https://mriqc.nimh.nih.gov/api/v1"
  },
  "size_t": 101,
  "size_x": 80,
  "size_y": 80,
  "size_z": 37,
  "snr": 5.571334754026448,
  "spacing_tr": 2.000000476837158,
  "spacing_x": 3.0,
  "spacing_y": 3.0,
  "spacing_z": 3.0,
  "summary_bg_k": 55.19320291587976,
  "summary_bg_mad": 7312.428422501154,
  "summary_bg_mean": 47912.40625,
  "summary_bg_median": 5533.494140625,
  "summary_bg_n": 159365.0,
  "summary_bg_p05": 182.0625518798829,
  "summary_bg_p95": 255248.80937499998,
  "summary_bg_stdv": 126227.0859375,
  "summary_fg_k": 3.5677753617084678,
  "summary_fg_mad": 289195.7401032321,
  "summary_fg_mean": 1958267.5,
  "summary_fg_median": 1930979.0,
  "summary_fg_n": 36498.0,
  "summary_fg_p05": 1485329.1625,
  "summary_fg_p95": 2496522.2500000005,
  "summary_fg_stdv": 346587.0625,
  "tsnr": 63.70270919799805
}