{
  "aor": 0.0009252475247524753,
  "aqi": 0.006143872673267326,
  "bids_meta": {
    "AcquisitionMatrixPE": 80,
    "AcquisitionNumber": 15,
    "AcquisitionTime": "16:41:41.450000",
    "BodyPartExamined": "BRAIN",
    "CoilString": "SENSE_HEAD_8",
    "ConversionSoftware": "dcm2niix",
    "ConversionSoftwareVersion": "v1.0.20190410  Clang4.0.1",
    "Dcm2bidsVersion": "2.1.4",
    "DeviceSerialNumber": "34072",
    "EchoTime": 0.030001,
    "EchoTrainLength": 39,
    "EffectiveEchoSpacing": 0.0002777,
    "FlipAngle": 82,
    "ImageOrientationPatientDICOM": [
      0.996096,
      0.000819626,
      0.0882739,
      0.00425235,
      0.998351,
      -0.0572539
    ],
    "ImageType": [
      "ORIGINAL",
      "PRIMARY",
      "M",
      "FFE",
      "M",
      "FFE"
    ],
    "ImagingFrequency": 127.735,
    "InPlanePhaseEncodingDirectionDICOM": "COL",
    "InstitutionName": "Az.Osp._Udine",
    "InstitutionalDepartmentName": "Radiologia",
    "MRAcquisitionType": "2D",
    "MagneticFieldStrength": 3,
    "Manufacturer": "Philips",
    "ManufacturersModelName": "Achieva",
    "Modality": "MR",
    "PartialFourier": 0.4875,
    "PatientPosition": "HFS",
    "PercentPhaseFOV": 100,
    "PhaseEncodingAxis": "j",
    "PhaseEncodingDirection": "j",
    "PhaseEncodingSteps": 80,
    "PhilipsRescaleIntercept": 0,
    "PhilipsRescaleSlope": 0.753114,
    "PhilipsScaleSlope": 0.000466287,
    "PixelBandwidth": 3608.02,
    "ProtocolName": "SOCIAL_4run",
    "ReconMatrixPE": 80,
    "RepetitionTime": 2,
    "ScanOptions": "FS",
    "ScanningSequence": "GR",
    "SequenceVariant": "SK",
    "SeriesDescription": "SOCIAL_4run",
    "SeriesNumber": 1501,
    "SliceThickness": 3,
    "SliceTiming": [
      0.0,
      0.378378,
      0.702703,
      1.027027,
      1.351351,
      1.675676,
      0.054054,
      0.432432,
      0.756757,
      1.081081,
      1.405405,
      1.72973,
      0.108108,
      0.486486,
      0.810811,
      1.135135,
      1.459459,
      1.783784,
      0.162162,
      0.540541,
      0.864865,
      1.189189,
      1.513514,
      1.837838,
      0.216216,
      0.594595,
      0.918919,
      1.243243,
      1.567568,
      1.891892,
      0.27027,
      0.648649,
      0.972973,
      1.297297,
      1.621622,
      1.945946,
      0.324324
    ],
    "SoftwareVersions": "5.3.1_5.3.1.2",
    "SpacingBetweenSlices": 3,
    "StationName": "PHILIPS-K5NT78B",
    "TaskName": "ANIM",
    "TotalReadoutTime": 0.0219394,
    "UsePhilipsFloatNotDisplayScaling": 1,
    "dataset": "ds003436",
    "modality": "bold",
    "run_id": 1,
    "subject_id": "14",
    "task_id": "anim"
  },
  "dummy_trs": 0,
  "dvars_nstd": 23.83542018910001,
  "dvars_std": 1.1186324674999997,
  "dvars_vstd": 1.0087572719,
  "efc": 0.43634511211185945,
  "fber": 111501.7890625,
  "fd_mean": 0.08115816091779089,
  "fd_num": 3,
  "fd_perc": 2.9702970297029703,
  "fwhm_avg": 2.0195,
  "fwhm_x": 1.95953,
  "fwhm_y": 2.214733333333333,
  "fwhm_z": 1.8842366666666666,
  "gcor": 0.0257378,
  "gsr_x": -0.014440189115703106,
  "gsr_y": 0.013748197816312313,
  "provenance": {
    "md5sum": "7ad519fd88d04ecc52ca6b30c3721e03",
    "settings": {
      "fd_thres": 0.2,
      "testing": false
    },
    "software": "mriqc",
    "version": "22.0.6",
    "webapi_port": null,
    "webapi_url": "https://mriqc.nimh.nih.gov/api/v1"
  },
  "size_t": 101,
  "size_x": 80,
  "size_y": 80,
  "size_z": 37,
  "snr": 5.651778982650374,
  "spacing_tr": 2.000000476837158,
  "spacing_x": 3.0,
  "spacing_y": 3.0,
  "spacing_z": 3.0,
  "summary_bg_k": 49.599266645548255,
  "summary_bg_mad": 10948.133197489737,
  "summary_bg_mean": 75925.4296875,
  "summary_bg_median": 8344.822265625,
  "summary_bg_n": 159349.0,
  "summary_bg_p05": 340.2742248535157,
  "summary_bg_p95": 404223.66250000073,
  "summary_bg_stdv": 199573.625,
  "summary_fg_k": 3.374117866346155,
  "summary_fg_mad": 454116.61172161036,
  "summary_fg_mean": 3096535.25,
  "summary_fg_median": 3056626.0,
  "summary_fg_n": 36527.0,
  "summary_fg_p05": 2351536.15,
  "summary_fg_p95": 3934879.824999999,
  "summary_fg_stdv": 540818.0625,
  "tsnr": 64.75214385986328
}