{
  "bids_meta": {
    "AcquisitionMatrixPE": 240,
    "AcquisitionNumber": 2,
    "AcquisitionTime": "16:42:15.430000",
    "BodyPartExamined": "BRAIN",
    "CoilString": "SENSE_HEAD_8",
    "ConversionSoftware": "dcm2niix",
    "ConversionSoftwareVersion": "v1.0.20181125  Clang9.0.0",
    "Dcm2bidsVersion": "2.1.4",
    "DeviceSerialNumber": "34072",
    "EchoTime": 0.003714,
    "EchoTrainLength": 240,
    "FlipAngle": 12,
    "ImageOrientationPatientDICOM": [
      -0.00303132,
      0.999991,
      0.00283941,
      0.0361598,
      0.00294718,
      -0.999342
    ],
    "ImageType": [
      "ORIGINAL",
      "PRIMARY",
      "M",
      "FFE",
      "M",
      "FFE"
    ],
    "ImagingFrequency": 127.733,
    "InPlanePhaseEncodingDirectionDICOM": "ROW",
    "InstitutionName": "Az.Osp._Udine",
    "InstitutionalDepartmentName": "Radiologia",
    "MRAcquisitionType": "3D",
    "MagneticFieldStrength": 3,
    "Manufacturer": "Philips",
    "ManufacturersModelName": "Achieva",
    "Modality": "MR",
    "PatientPosition": "HFS",
    "PercentPhaseFOV": 100,
    "PhaseEncodingSteps": 240,
    "PhilipsRescaleIntercept": 0,
    "PhilipsRescaleSlope": 2.96923,
    "PhilipsScaleSlope": 0.000253293,
    "PixelBandwidth": 191.38,
    "ProtocolName": "T1W_3D_VBM",
    "ReconMatrixPE": 256,
    "RepetitionTime": 0.0081047,
    "ScanOptions": "OTHER",
    "ScanningSequence": "GR",
    "SequenceVariant": "MP",
    "SeriesDescription": "T1W_3D_VBM",
    "SeriesNumber": 201,
    "SliceThickness": 1,
    "SoftwareVersions": "5.3.1_5.3.1.2",
    "SpacingBetweenSlices": 1,
    "StationName": "PHILIPS-K5NT78B",
    "UsePhilipsFloatNotDisplayScaling": 1,
    "dataset": "ds003436",
    "modality": "T1w",
    "subject_id": "53"
  },
  "cjv": 0.3585757815876052,
  "cnr": 3.747117649814473,
  "efc": 0.6005747287029011,
  "fber": -1.0,
  "fwhm_avg": 4.221674,
  "fwhm_x": 4.05795,
  "fwhm_y": 4.514816,
  "fwhm_z": 4.092256,
  "icvs_csf": 0.19563217885396714,
  "icvs_gm": 0.4374889435668763,
  "icvs_wm": 0.36687887757915655,
  "inu_med": 0.2848774790763855,
  "inu_range": 0.0813444286584854,
  "provenance": {
    "md5sum": "dce562d3ccf920a1a9fb2173c17668a8",
    "settings": {
      "testing": false
    },
    "software": "mriqc",
    "version": "22.0.6",
    "warnings": {
      "large_rot_frame": true,
      "small_air_mask": false
    },
    "webapi_port": null,
    "webapi_url": "https://mriqc.nimh.nih.gov/api/v1"
  },
  "qi_1": 0.054550131495594414,
  "qi_2": 5.456185052278073e-06,
  "rpve_csf": 21.32009063735416,
  "rpve_gm": 10.192109513975504,
  "rpve_wm": 13.789267732697791,
  "size_x": 170,
  "size_y": 256,
  "size_z": 256,
  "snr_csf": 2.8555950927541867,
  "snr_gm": 16.019849054284126,
  "snr_total": 16.138465375726383,
  "snr_wm": 29.539951980140835,
  "snrd_csf": 98.65379713408728,
  "snrd_gm": 220.47361984519685,
  "snrd_total": 200.83681641564996,
  "snrd_wm": 283.3830322676657,
  "spacing_x": 1.0,
  "spacing_y": 0.9375,
  "spacing_z": 0.9375,
  "summary_bg_k": 63.406308772909696,
  "summary_bg_mad": 0.0,
  "summary_bg_mean": 0.6418248174892212,
  "summary_bg_median": 0.0,
  "summary_bg_n": 698749.0,
  "summary_bg_p05": 0.0,
  "summary_bg_p95": 4.061586827039719,
  "summary_bg_stdv": 2.3118884562150352,
  "summary_csf_k": 0.7498027207085385,
  "summary_csf_mad": 101.23244706730203,
  "summary_csf_mean": 350.13286164793874,
  "summary_csf_median": 348.1360137462616,
  "summary_csf_n": 39907.0,
  "summary_csf_p05": 116.60276998504997,
  "summary_csf_p95": 555.1546798728405,
  "summary_csf_stdv": 121.9121200904272,
  "summary_gm_k": 0.10157529198513959,
  "summary_gm_mad": 47.37494184454621,
  "summary_gm_mean": 778.6090788470945,
  "summary_gm_median": 778.0218235775828,
  "summary_gm_n": 50985.0,
  "summary_gm_p05": 699.5047190487385,
  "summary_gm_p95": 859.7508972808719,
  "summary_gm_stdv": 48.56563822760119,
  "summary_wm_k": 0.37149939280393207,
  "summary_wm_mad": 32.22847859593318,
  "summary_wm_mean": 1000.2364556337884,
  "summary_wm_median": 1000.0206994861364,
  "summary_wm_n": 269910.0,
  "summary_wm_p05": 945.1892773211002,
  "summary_wm_p95": 1056.6135241016746,
  "summary_wm_stdv": 33.853096567287174,
  "tpm_overlap_csf": 0.1512754851656403,
  "tpm_overlap_gm": 0.46258912186405754,
  "tpm_overlap_wm": 0.5133464303105899,
  "wm2max": 0.8859230430312821
}