{
  "aor": 0.0014839603960396038,
  "aqi": 0.006395063267326731,
  "bids_meta": {
    "AcquisitionMatrixPE": 80,
    "AcquisitionNumber": 12,
    "AcquisitionTime": "17:39:28.800000",
    "BodyPartExamined": "BRAIN",
    "CoilString": "SENSE_HEAD_8",
    "ConversionSoftware": "dcm2niix",
    "ConversionSoftwareVersion": "v1.0.20190410  Clang4.0.1",
    "Dcm2bidsVersion": "2.1.4",
    "DeviceSerialNumber": "34072",
    "EchoTime": 0.030001,
    "EchoTrainLength": 39,
    "EffectiveEchoSpacing": 0.0002777,
    "FlipAngle": 82,
    "ImageOrientationPatientDICOM": [
      0.999924,
      0.0121736,
      0.00194356,
      -0.0121809,
      0.999919,
      0.00378144
    ],
    "ImageType": [
      "ORIGINAL",
      "PRIMARY",
      "M",
      "FFE",
      "M",
      "FFE"
    ],
    "ImagingFrequency": 127.734,
    "InPlanePhaseEncodingDirectionDICOM": "COL",
    "InstitutionName": "Az.Osp._Udine",
    "InstitutionalDepartmentName": "Radiologia",
    "MRAcquisitionType": "2D",
    "MagneticFieldStrength": 3,
    "Manufacturer": "Philips",
    "ManufacturersModelName": "Achieva",
    "Modality": "MR",
    "PartialFourier": 0.4875,
    "PatientPosition": "HFS",
    "PercentPhaseFOV": 100,
    "PhaseEncodingAxis": "j",
    "PhaseEncodingDirection": "j",
    "PhaseEncodingSteps": 80,
    "PhilipsRescaleIntercept": 0,
    "PhilipsRescaleSlope": 0.782173,
    "PhilipsScaleSlope": 0.000863888,
    "PixelBandwidth": 3608.02,
    "ProtocolName": "SOCIAL_4run",
    "ReconMatrixPE": 80,
    "RepetitionTime": 2,
    "ScanOptions": "FS",
    "ScanningSequence": "GR",
    "SequenceVariant": "SK",
    "SeriesDescription": "SOCIAL_4run",
    "SeriesNumber": 1201,
    "SliceThickness": 3,
    "SliceTiming": [
      0.0,
      0.378378,
      0.702703,
      1.027027,
      1.351351,
      1.675676,
      0.054054,
      0.432432,
      0.756757,
      1.081081,
      1.405405,
      1.72973,
      0.108108,
      0.486486,
      0.810811,
      1.135135,
      1.459459,
      1.783784,
      0.162162,
      0.540541,
      0.864865,
      1.189189,
      1.513514,
      1.837838,
      0.216216,
      0.594595,
      0.918919,
      1.243243,
      1.567568,
      1.891892,
      0.27027,
      0.648649,
      0.972973,
      1.297297,
      1.621622,
      1.945946,
      0.324324
    ],
    "SoftwareVersions": "5.3.1_5.3.1.2",
    "SpacingBetweenSlices": 3,
    "StationName": "PHILIPS-K5NT78B",
    "TaskName": "ANIM",
    "TotalReadoutTime": 0.0219394,
    "UsePhilipsFloatNotDisplayScaling": 1,
    "dataset": "ds003436",
    "modality": "bold",
    "run_id": 3,
    "subject_id": "29",
    "task_id": "anim"
  },
  "dummy_trs": 0,
  "dvars_nstd": 22.3450378608,
  "dvars_std": 1.1221660564000002,
  "dvars_vstd": 1.0144413148,
  "efc": 0.43377483135789296,
  "fber": 246517.21875,
  "fd_mean": 0.11017672051874397,
  "fd_num": 7,
  "fd_perc": 6.930693069306931,
  "fwhm_avg": 1.8538944444444445,
  "fwhm_x": 1.7556633333333334,
  "fwhm_y": 2.02517,
  "fwhm_z": 1.78085,
  "gcor": 0.00850467,
  "gsr_x": -0.025516461580991745,
  "gsr_y": 0.019511660560965538,
  "provenance": {
    "md5sum": "f464eac40ca58875450bb30dab20b108",
    "settings": {
      "fd_thres": 0.2,
      "testing": false
    },
    "software": "mriqc",
    "version": "22.0.6",
    "webapi_port": null,
    "webapi_url": "https://mriqc.nimh.nih.gov/api/v1"
  },
  "size_t": 101,
  "size_x": 80,
  "size_y": 80,
  "size_z": 37,
  "snr": 6.25327184721422,
  "spacing_tr": 2.000000476837158,
  "spacing_x": 3.0,
  "spacing_y": 3.0,
  "spacing_z": 3.0,
  "summary_bg_k": 151.5618761714944,
  "summary_bg_mad": 4224.4982477404865,
  "summary_bg_mean": 35623.1640625,
  "summary_bg_median": 3117.309814453125,
  "summary_bg_n": 158416.0,
  "summary_bg_p05": 119.64946556091309,
  "summary_bg_p95": 164853.5234375,
  "summary_bg_stdv": 120078.8125,
  "summary_fg_k": 2.0988861010087394,
  "summary_fg_mad": 263102.2190454495,
  "summary_fg_mean": 1730047.5,
  "summary_fg_median": 1708415.625,
  "summary_fg_n": 37255.0,
  "summary_fg_p05": 1347801.7375,
  "summary_fg_p95": 2174127.85,
  "summary_fg_stdv": 273199.8125,
  "tsnr": 67.6344223022461
}