{
  "aor": 0.002939504950495049,
  "aqi": 0.00978734702970297,
  "bids_meta": {
    "AcquisitionMatrixPE": 80,
    "AcquisitionNumber": 18,
    "AcquisitionTime": "16:05:26.500000",
    "BodyPartExamined": "BRAIN",
    "CoilString": "SENSE_HEAD_8",
    "ConversionSoftware": "dcm2niix",
    "ConversionSoftwareVersion": "v1.0.20190410  Clang4.0.1",
    "Dcm2bidsVersion": "2.1.4",
    "DeviceSerialNumber": "34072",
    "EchoTime": 0.030001,
    "EchoTrainLength": 39,
    "EffectiveEchoSpacing": 0.0002777,
    "FlipAngle": 82,
    "ImageOrientationPatientDICOM": [
      0.995235,
      -0.00501297,
      0.097372,
      0.0047549,
      0.999985,
      0.00288227
    ],
    "ImageType": [
      "ORIGINAL",
      "PRIMARY",
      "M",
      "FFE",
      "M",
      "FFE"
    ],
    "ImagingFrequency": 127.734,
    "InPlanePhaseEncodingDirectionDICOM": "COL",
    "InstitutionName": "Az.Osp._Udine",
    "InstitutionalDepartmentName": "Radiologia",
    "MRAcquisitionType": "2D",
    "MagneticFieldStrength": 3,
    "Manufacturer": "Philips",
    "ManufacturersModelName": "Achieva",
    "Modality": "MR",
    "PartialFourier": 0.4875,
    "PatientPosition": "HFS",
    "PercentPhaseFOV": 100,
    "PhaseEncodingAxis": "j",
    "PhaseEncodingDirection": "j",
    "PhaseEncodingSteps": 80,
    "PhilipsRescaleIntercept": 0,
    "PhilipsRescaleSlope": 0.829792,
    "PhilipsScaleSlope": 0.00196373,
    "PixelBandwidth": 3608.02,
    "ProtocolName": "SOCIAL_4run",
    "ReconMatrixPE": 80,
    "RepetitionTime": 2,
    "ScanOptions": "FS",
    "ScanningSequence": "GR",
    "SequenceVariant": "SK",
    "SeriesDescription": "SOCIAL_4run",
    "SeriesNumber": 1801,
    "SliceThickness": 3,
    "SliceTiming": [
      0.0,
      0.378378,
      0.702703,
      1.027027,
      1.351351,
      1.675676,
      0.054054,
      0.432432,
      0.756757,
      1.081081,
      1.405405,
      1.72973,
      0.108108,
      0.486486,
      0.810811,
      1.135135,
      1.459459,
      1.783784,
      0.162162,
      0.540541,
      0.864865,
      1.189189,
      1.513514,
      1.837838,
      0.216216,
      0.594595,
      0.918919,
      1.243243,
      1.567568,
      1.891892,
      0.27027,
      0.648649,
      0.972973,
      1.297297,
      1.621622,
      1.945946,
      0.324324
    ],
    "SoftwareVersions": "5.3.1_5.3.1.2",
    "SpacingBetweenSlices": 3,
    "StationName": "PHILIPS-K5NT78B",
    "TaskName": "ANIM",
    "TotalReadoutTime": 0.0219394,
    "UsePhilipsFloatNotDisplayScaling": 1,
    "dataset": "ds003436",
    "modality": "bold",
    "run_id": 2,
    "subject_id": "31",
    "task_id": "anim"
  },
  "dummy_trs": 0,
  "dvars_nstd": 24.932296848500005,
  "dvars_std": 1.1256717157000002,
  "dvars_vstd": 1.0087907082000005,
  "efc": 0.4548710153297767,
  "fber": 114709.703125,
  "fd_mean": 0.13240593200294296,
  "fd_num": 16,
  "fd_perc": 15.841584158415841,
  "fwhm_avg": 1.862308835121177,
  "fwhm_x": 1.81044,
  "fwhm_y": 2.029663172030197,
  "fwhm_z": 1.7468233333333334,
  "gcor": 0.0114249,
  "gsr_x": -0.006949178874492645,
  "gsr_y": 0.02037845179438591,
  "provenance": {
    "md5sum": "99001e872017286f8357974033e48a70",
    "settings": {
      "fd_thres": 0.2,
      "testing": false
    },
    "software": "mriqc",
    "version": "22.0.6",
    "webapi_port": null,
    "webapi_url": "https://mriqc.nimh.nih.gov/api/v1"
  },
  "size_t": 101,
  "size_x": 80,
  "size_y": 80,
  "size_z": 37,
  "snr": 6.068845980246212,
  "spacing_tr": 2.000000476837158,
  "spacing_x": 3.0,
  "spacing_y": 3.000000238418579,
  "spacing_z": 3.0,
  "summary_bg_k": 126.7123326940409,
  "summary_bg_mad": 2811.632792034166,
  "summary_bg_mean": 18645.4296875,
  "summary_bg_median": 1981.17822265625,
  "summary_bg_n": 154626.0,
  "summary_bg_p05": 28.476993560791016,
  "summary_bg_p95": 89051.517578125,
  "summary_bg_stdv": 55727.18359375,
  "summary_fg_k": 2.377456110839388,
  "summary_fg_mad": 107397.0638233441,
  "summary_fg_mean": 727226.875,
  "summary_fg_median": 718006.375,
  "summary_fg_n": 40178.0,
  "summary_fg_p05": 566684.071875,
  "summary_fg_p95": 921971.61875,
  "summary_fg_stdv": 118308.7265625,
  "tsnr": 56.84006881713867
}