{
  "aor": 0.0015706930693069308,
  "aqi": 0.00955409594059406,
  "bids_meta": {
    "AcquisitionMatrixPE": 80,
    "AcquisitionNumber": 21,
    "AcquisitionTime": "16:18:58.780000",
    "BodyPartExamined": "BRAIN",
    "CoilString": "SENSE_HEAD_8",
    "ConversionSoftware": "dcm2niix",
    "ConversionSoftwareVersion": "v1.0.20190410  Clang4.0.1",
    "Dcm2bidsVersion": "2.1.4",
    "DeviceSerialNumber": "34072",
    "EchoTime": 0.030001,
    "EchoTrainLength": 39,
    "EffectiveEchoSpacing": 0.0002777,
    "FlipAngle": 82,
    "ImageOrientationPatientDICOM": [
      0.995235,
      -0.00501297,
      0.097372,
      0.0047549,
      0.999985,
      0.00288227
    ],
    "ImageType": [
      "ORIGINAL",
      "PRIMARY",
      "M",
      "FFE",
      "M",
      "FFE"
    ],
    "ImagingFrequency": 127.734,
    "InPlanePhaseEncodingDirectionDICOM": "COL",
    "InstitutionName": "Az.Osp._Udine",
    "InstitutionalDepartmentName": "Radiologia",
    "MRAcquisitionType": "2D",
    "MagneticFieldStrength": 3,
    "Manufacturer": "Philips",
    "ManufacturersModelName": "Achieva",
    "Modality": "MR",
    "PartialFourier": 0.4875,
    "PatientPosition": "HFS",
    "PercentPhaseFOV": 100,
    "PhaseEncodingAxis": "j",
    "PhaseEncodingDirection": "j",
    "PhaseEncodingSteps": 80,
    "PhilipsRescaleIntercept": 0,
    "PhilipsRescaleSlope": 0.838095,
    "PhilipsScaleSlope": 0.00127287,
    "PixelBandwidth": 3608.02,
    "ProtocolName": "SOCIAL_4run",
    "ReconMatrixPE": 80,
    "RepetitionTime": 2,
    "ScanOptions": "FS",
    "ScanningSequence": "GR",
    "SequenceVariant": "SK",
    "SeriesDescription": "SOCIAL_4run",
    "SeriesNumber": 2101,
    "SliceThickness": 3,
    "SliceTiming": [
      0.0,
      0.378378,
      0.702703,
      1.027027,
      1.351351,
      1.675676,
      0.054054,
      0.432432,
      0.756757,
      1.081081,
      1.405405,
      1.72973,
      0.108108,
      0.486486,
      0.810811,
      1.135135,
      1.459459,
      1.783784,
      0.162162,
      0.540541,
      0.864865,
      1.189189,
      1.513514,
      1.837838,
      0.216216,
      0.594595,
      0.918919,
      1.243243,
      1.567568,
      1.891892,
      0.27027,
      0.648649,
      0.972973,
      1.297297,
      1.621622,
      1.945946,
      0.324324
    ],
    "SoftwareVersions": "5.3.1_5.3.1.2",
    "SpacingBetweenSlices": 3,
    "StationName": "PHILIPS-K5NT78B",
    "TaskName": "ANIM",
    "TotalReadoutTime": 0.0219394,
    "UsePhilipsFloatNotDisplayScaling": 1,
    "dataset": "ds003436",
    "modality": "bold",
    "run_id": 4,
    "subject_id": "31",
    "task_id": "anim"
  },
  "dummy_trs": 0,
  "dvars_nstd": 24.37526737160001,
  "dvars_std": 1.1197810444000003,
  "dvars_vstd": 1.0096179103,
  "efc": 0.4525132962022502,
  "fber": 124205.9453125,
  "fd_mean": 0.10564629890684188,
  "fd_num": 8,
  "fd_perc": 7.920792079207921,
  "fwhm_avg": 1.8547488355433543,
  "fwhm_x": 1.81071,
  "fwhm_y": 2.0137265066300625,
  "fwhm_z": 1.73981,
  "gcor": 0.0210314,
  "gsr_x": -0.005543367471545935,
  "gsr_y": 0.020776042714715004,
  "provenance": {
    "md5sum": "408e406d32a65c35dbc30d15e250147d",
    "settings": {
      "fd_thres": 0.2,
      "testing": false
    },
    "software": "mriqc",
    "version": "22.0.6",
    "webapi_port": null,
    "webapi_url": "https://mriqc.nimh.nih.gov/api/v1"
  },
  "size_t": 101,
  "size_x": 80,
  "size_y": 80,
  "size_z": 37,
  "snr": 6.052125964562647,
  "spacing_tr": 2.000000476837158,
  "spacing_x": 3.0,
  "spacing_y": 3.000000238418579,
  "spacing_z": 3.0,
  "summary_bg_k": 123.49669863564054,
  "summary_bg_mad": 4250.4070246532465,
  "summary_bg_mean": 29114.830078125,
  "summary_bg_median": 2987.19580078125,
  "summary_bg_n": 155119.0,
  "summary_bg_p05": 39.13829727172852,
  "summary_bg_p95": 141391.31406250005,
  "summary_bg_stdv": 87276.7890625,
  "summary_fg_k": 2.4239898612210737,
  "summary_fg_mad": 170113.6858886941,
  "summary_fg_mean": 1145879.75,
  "summary_fg_median": 1130110.75,
  "summary_fg_n": 39805.0,
  "summary_fg_p05": 893776.7375,
  "summary_fg_p95": 1454521.5999999999,
  "summary_fg_stdv": 186727.203125,
  "tsnr": 57.94566345214844
}