{
  "bids_meta": {
    "AcquisitionMatrixPE": 240,
    "AcquisitionNumber": 2,
    "AcquisitionTime": "16:58:42.840000",
    "BodyPartExamined": "BRAIN",
    "CoilString": "SENSE_HEAD_8",
    "ConversionSoftware": "dcm2niix",
    "ConversionSoftwareVersion": "v1.0.20190410  Clang4.0.1",
    "Dcm2bidsVersion": "2.1.4",
    "DeviceSerialNumber": "34072",
    "EchoTime": 0.003714,
    "EchoTrainLength": 240,
    "FlipAngle": 12,
    "ImageOrientationPatientDICOM": [
      -0.00303132,
      0.999991,
      0.00283941,
      0.0361598,
      0.00294718,
      -0.999342
    ],
    "ImageType": [
      "ORIGINAL",
      "PRIMARY",
      "M",
      "FFE",
      "M",
      "FFE"
    ],
    "ImagingFrequency": 127.735,
    "InPlanePhaseEncodingDirectionDICOM": "ROW",
    "InstitutionName": "Az.Osp._Udine",
    "InstitutionalDepartmentName": "Radiologia",
    "MRAcquisitionType": "3D",
    "MagneticFieldStrength": 3,
    "Manufacturer": "Philips",
    "ManufacturersModelName": "Achieva",
    "Modality": "MR",
    "PatientPosition": "HFS",
    "PercentPhaseFOV": 100,
    "PhaseEncodingSteps": 240,
    "PhilipsRescaleIntercept": 0,
    "PhilipsRescaleSlope": 3.59219,
    "PhilipsScaleSlope": 0.000113078,
    "PixelBandwidth": 191.38,
    "ProtocolName": "T1W_3D_VBM",
    "ReconMatrixPE": 256,
    "RepetitionTime": 0.0081047,
    "ScanOptions": "OTHER",
    "ScanningSequence": "GR",
    "SequenceVariant": "MP",
    "SeriesDescription": "T1W_3D_VBM",
    "SeriesNumber": 201,
    "SliceThickness": 1,
    "SoftwareVersions": "5.3.1_5.3.1.2",
    "SpacingBetweenSlices": 1,
    "StationName": "PHILIPS-K5NT78B",
    "UsePhilipsFloatNotDisplayScaling": 1,
    "dataset": "ds003436",
    "modality": "T1w",
    "subject_id": "07"
  },
  "cjv": 0.3596426891941357,
  "cnr": 3.780810833160571,
  "efc": 0.5953527589338827,
  "fber": 65742.93232248521,
  "fwhm_avg": 4.231344666666666,
  "fwhm_x": 4.17397,
  "fwhm_y": 4.4915519999999995,
  "fwhm_z": 4.028512,
  "icvs_csf": 0.1957830474769304,
  "icvs_gm": 0.4566739089244716,
  "icvs_wm": 0.347543043598598,
  "inu_med": 0.3573504835367203,
  "inu_range": 0.09689263254404068,
  "provenance": {
    "md5sum": "e3c18751e5132c31df72a0cfee0ac28d",
    "settings": {
      "testing": false
    },
    "software": "mriqc",
    "version": "22.0.6",
    "warnings": {
      "large_rot_frame": true,
      "small_air_mask": false
    },
    "webapi_port": null,
    "webapi_url": "https://mriqc.nimh.nih.gov/api/v1"
  },
  "qi_1": 0.00019141852521141492,
  "qi_2": 4.963355831932077e-07,
  "rpve_csf": 24.01474556146227,
  "rpve_gm": 11.164851892903265,
  "rpve_wm": 16.195086046910177,
  "size_x": 170,
  "size_y": 256,
  "size_z": 256,
  "snr_csf": 3.118308464760283,
  "snr_gm": 15.910350310811221,
  "snr_total": 15.635154814072228,
  "snr_wm": 27.876805666645183,
  "snrd_csf": 26.19369775382028,
  "snrd_gm": 56.61056366756552,
  "snrd_total": 52.114469674176014,
  "snrd_wm": 73.53914760114226,
  "spacing_x": 1.0,
  "spacing_y": 0.9375,
  "spacing_z": 0.9375,
  "summary_bg_k": 27.02573646599542,
  "summary_bg_mad": 0.0,
  "summary_bg_mean": 4.726971784885039,
  "summary_bg_median": 0.0,
  "summary_bg_n": 1278251.0,
  "summary_bg_p05": 0.0,
  "summary_bg_p95": 21.340495347976685,
  "summary_bg_stdv": 8.908892856422023,
  "summary_csf_k": 1.862252396512237,
  "summary_csf_mad": 92.49294620523719,
  "summary_csf_mean": 357.29032085668587,
  "summary_csf_median": 356.19581937789917,
  "summary_csf_n": 34415.0,
  "summary_csf_p05": 145.3155881166458,
  "summary_csf_p95": 546.1359947919846,
  "summary_csf_stdv": 114.2255964595265,
  "summary_gm_k": 0.019069005815688822,
  "summary_gm_mad": 48.219414616585496,
  "summary_gm_mean": 769.4865247097903,
  "summary_gm_median": 769.8205232620239,
  "summary_gm_n": 45763.0,
  "summary_gm_p05": 689.7106477618217,
  "summary_gm_p95": 849.591001868248,
  "summary_gm_stdv": 48.38435969218889,
  "summary_wm_k": 0.41803703559163363,
  "summary_wm_mad": 34.571727446575935,
  "summary_wm_mean": 1000.7452278672471,
  "summary_wm_median": 1000.024402141571,
  "summary_wm_n": 206765.0,
  "summary_wm_p05": 943.2303607463837,
  "summary_wm_p95": 1060.4809999465942,
  "summary_wm_stdv": 35.87290437196434,
  "tpm_overlap_csf": 0.15389236307434512,
  "tpm_overlap_gm": 0.4843308406643195,
  "tpm_overlap_wm": 0.5097640801113703,
  "wm2max": 0.71686620457887
}