{
  "aor": 0.0016703960396039603,
  "aqi": 0.009701360000000001,
  "bids_meta": {
    "AcquisitionMatrixPE": 80,
    "AcquisitionNumber": 12,
    "AcquisitionTime": "15:51:20.400000",
    "BodyPartExamined": "BRAIN",
    "CoilString": "SENSE_HEAD_8",
    "ConversionSoftware": "dcm2niix",
    "ConversionSoftwareVersion": "v1.0.20190410  Clang4.0.1",
    "Dcm2bidsVersion": "2.1.4",
    "DeviceSerialNumber": "34072",
    "EchoTime": 0.030001,
    "EchoTrainLength": 39,
    "EffectiveEchoSpacing": 0.0002777,
    "FlipAngle": 82,
    "ImageOrientationPatientDICOM": [
      0.999988,
      0.00474777,
      -0.00113725,
      -0.00474246,
      0.999978,
      0.00462547
    ],
    "ImageType": [
      "ORIGINAL",
      "PRIMARY",
      "M",
      "FFE",
      "M",
      "FFE"
    ],
    "ImagingFrequency": 127.735,
    "InPlanePhaseEncodingDirectionDICOM": "COL",
    "InstitutionName": "Az.Osp._Udine",
    "InstitutionalDepartmentName": "Radiologia",
    "MRAcquisitionType": "2D",
    "MagneticFieldStrength": 3,
    "Manufacturer": "Philips",
    "ManufacturersModelName": "Achieva",
    "Modality": "MR",
    "PartialFourier": 0.4875,
    "PatientPosition": "HFS",
    "PercentPhaseFOV": 100,
    "PhaseEncodingAxis": "j",
    "PhaseEncodingDirection": "j",
    "PhaseEncodingSteps": 80,
    "PhilipsRescaleIntercept": 0,
    "PhilipsRescaleSlope": 0.845665,
    "PhilipsScaleSlope": 0.000548724,
    "PixelBandwidth": 3608.02,
    "ProtocolName": "SOCIAL_4run",
    "ReconMatrixPE": 80,
    "RepetitionTime": 2,
    "ScanOptions": "FS",
    "ScanningSequence": "GR",
    "SequenceVariant": "SK",
    "SeriesDescription": "SOCIAL_4run",
    "SeriesNumber": 1201,
    "SliceThickness": 3,
    "SliceTiming": [
      0.0,
      0.378378,
      0.702703,
      1.027027,
      1.351351,
      1.675676,
      0.054054,
      0.432432,
      0.756757,
      1.081081,
      1.405405,
      1.72973,
      0.108108,
      0.486486,
      0.810811,
      1.135135,
      1.459459,
      1.783784,
      0.162162,
      0.540541,
      0.864865,
      1.189189,
      1.513514,
      1.837838,
      0.216216,
      0.594595,
      0.918919,
      1.243243,
      1.567568,
      1.891892,
      0.27027,
      0.648649,
      0.972973,
      1.297297,
      1.621622,
      1.945946,
      0.324324
    ],
    "SoftwareVersions": "5.3.1_5.3.1.2",
    "SpacingBetweenSlices": 3,
    "StationName": "PHILIPS-K5NT78B",
    "TaskName": "ANIM",
    "TotalReadoutTime": 0.0219394,
    "UsePhilipsFloatNotDisplayScaling": 1,
    "dataset": "ds003436",
    "modality": "bold",
    "run_id": 4,
    "subject_id": "06",
    "task_id": "anim"
  },
  "dummy_trs": 0,
  "dvars_nstd": 33.516260566599996,
  "dvars_std": 1.2738234820000003,
  "dvars_vstd": 1.0135468483000003,
  "efc": 0.46638047940188543,
  "fber": 67215.96875,
  "fd_mean": 0.10139649284622357,
  "fd_num": 4,
  "fd_perc": 3.9603960396039604,
  "fwhm_avg": 1.7408599999999999,
  "fwhm_x": 1.6565533333333333,
  "fwhm_y": 1.9227433333333332,
  "fwhm_z": 1.6432833333333334,
  "gcor": 0.0228517,
  "gsr_x": -0.0177532397210598,
  "gsr_y": 0.02323945052921772,
  "provenance": {
    "md5sum": "8918ca593a0dd540840f2b36968b521e",
    "settings": {
      "fd_thres": 0.2,
      "testing": false
    },
    "software": "mriqc",
    "version": "22.0.6",
    "webapi_port": null,
    "webapi_url": "https://mriqc.nimh.nih.gov/api/v1"
  },
  "size_t": 101,
  "size_x": 80,
  "size_y": 80,
  "size_z": 37,
  "snr": 6.421453153385892,
  "spacing_tr": 2.000000476837158,
  "spacing_x": 3.0,
  "spacing_y": 3.0,
  "spacing_z": 3.0,
  "summary_bg_k": 87.72223416169113,
  "summary_bg_mad": 12547.334153481637,
  "summary_bg_mean": 75496.8828125,
  "summary_bg_median": 9170.294921875,
  "summary_bg_n": 153180.0,
  "summary_bg_p05": 317.7521133422852,
  "summary_bg_p95": 350024.9687499996,
  "summary_bg_stdv": 208338.921875,
  "summary_fg_k": 1.3139873228828503,
  "summary_fg_mad": 416336.571339096,
  "summary_fg_mean": 2588363.0,
  "summary_fg_median": 2572862.0,
  "summary_fg_n": 41849.0,
  "summary_fg_p05": 2008456.1,
  "summary_fg_p95": 3220925.5,
  "summary_fg_stdv": 400661.84375,
  "tsnr": 55.384063720703125
}