{
  "aor": 0.0008687128712871288,
  "aqi": 0.004669131485148514,
  "bids_meta": {
    "AcquisitionMatrixPE": 80,
    "AcquisitionNumber": 10,
    "AcquisitionTime": "16:02:38.230000",
    "BodyPartExamined": "BRAIN",
    "CoilString": "SENSE_HEAD_8",
    "ConversionSoftware": "dcm2niix",
    "ConversionSoftwareVersion": "v1.0.20190410  Clang4.0.1",
    "Dcm2bidsVersion": "2.1.4",
    "DeviceSerialNumber": "34072",
    "EchoTime": 0.030001,
    "EchoTrainLength": 39,
    "EffectiveEchoSpacing": 0.0002777,
    "FlipAngle": 82,
    "ImageOrientationPatientDICOM": [
      0.999888,
      0.0084242,
      0.0123605,
      -0.00845389,
      0.999961,
      0.00235135
    ],
    "ImageType": [
      "ORIGINAL",
      "PRIMARY",
      "M",
      "FFE",
      "M",
      "FFE"
    ],
    "ImagingFrequency": 127.734,
    "InPlanePhaseEncodingDirectionDICOM": "COL",
    "InstitutionName": "Az.Osp._Udine",
    "InstitutionalDepartmentName": "Radiologia",
    "MRAcquisitionType": "2D",
    "MagneticFieldStrength": 3,
    "Manufacturer": "Philips",
    "ManufacturersModelName": "Achieva",
    "Modality": "MR",
    "PartialFourier": 0.4875,
    "PatientPosition": "HFS",
    "PercentPhaseFOV": 100,
    "PhaseEncodingAxis": "j",
    "PhaseEncodingDirection": "j",
    "PhaseEncodingSteps": 80,
    "PhilipsRescaleIntercept": 0,
    "PhilipsRescaleSlope": 0.788034,
    "PhilipsScaleSlope": 0.000585127,
    "PixelBandwidth": 3608.02,
    "ProtocolName": "SOCIAL_4run",
    "ReconMatrixPE": 80,
    "RepetitionTime": 2,
    "ScanOptions": "FS",
    "ScanningSequence": "GR",
    "SequenceVariant": "SK",
    "SeriesDescription": "SOCIAL_4run",
    "SeriesNumber": 1001,
    "SliceThickness": 3,
    "SliceTiming": [
      0.0,
      0.378378,
      0.702703,
      1.027027,
      1.351351,
      1.675676,
      0.054054,
      0.432432,
      0.756757,
      1.081081,
      1.405405,
      1.72973,
      0.108108,
      0.486486,
      0.810811,
      1.135135,
      1.459459,
      1.783784,
      0.162162,
      0.540541,
      0.864865,
      1.189189,
      1.513514,
      1.837838,
      0.216216,
      0.594595,
      0.918919,
      1.243243,
      1.567568,
      1.891892,
      0.27027,
      0.648649,
      0.972973,
      1.297297,
      1.621622,
      1.945946,
      0.324324
    ],
    "SoftwareVersions": "5.3.1_5.3.1.2",
    "SpacingBetweenSlices": 3,
    "StationName": "PHILIPS-K5NT78B",
    "TaskName": "ANIM",
    "TotalReadoutTime": 0.0219394,
    "UsePhilipsFloatNotDisplayScaling": 1,
    "dataset": "ds003436",
    "modality": "bold",
    "run_id": 4,
    "subject_id": "30",
    "task_id": "anim"
  },
  "dummy_trs": 0,
  "dvars_nstd": 24.4538261412,
  "dvars_std": 1.2252326134999998,
  "dvars_vstd": 1.0066417159,
  "efc": 0.42447774339771127,
  "fber": 198255.6875,
  "fd_mean": 0.06612172530528704,
  "fd_num": 0,
  "fd_perc": 0.0,
  "fwhm_avg": 1.858508888888889,
  "fwhm_x": 1.7606733333333333,
  "fwhm_y": 2.01718,
  "fwhm_z": 1.7976733333333332,
  "gcor": 0.019694,
  "gsr_x": -0.017434176057577133,
  "gsr_y": 0.008594589307904243,
  "provenance": {
    "md5sum": "1d6472f948df3d71c3fa00637ab39b49",
    "settings": {
      "fd_thres": 0.2,
      "testing": false
    },
    "software": "mriqc",
    "version": "22.0.6",
    "webapi_port": null,
    "webapi_url": "https://mriqc.nimh.nih.gov/api/v1"
  },
  "size_t": 101,
  "size_x": 80,
  "size_y": 80,
  "size_z": 37,
  "snr": 5.561213612528736,
  "spacing_tr": 2.000000476837158,
  "spacing_x": 3.0,
  "spacing_y": 3.0,
  "spacing_z": 3.0,
  "summary_bg_k": 59.667876755534245,
  "summary_bg_mad": 6664.593555969983,
  "summary_bg_mean": 50551.87890625,
  "summary_bg_median": 4833.11083984375,
  "summary_bg_n": 160621.0,
  "summary_bg_p05": 94.23052215576172,
  "summary_bg_p95": 245805.28125,
  "summary_bg_stdv": 149207.109375,
  "summary_fg_k": 2.4724773993372313,
  "summary_fg_mad": 379752.06432052905,
  "summary_fg_mean": 2367908.5,
  "summary_fg_median": 2315117.0,
  "summary_fg_n": 35500.0,
  "summary_fg_p05": 1825733.7875,
  "summary_fg_p95": 3068873.187499999,
  "summary_fg_stdv": 416291.21875,
  "tsnr": 73.72842407226562
}