{
  "aor": 0.0014554455445544557,
  "aqi": 0.004767988118811881,
  "bids_meta": {
    "AcquisitionMatrixPE": 80,
    "AcquisitionNumber": 11,
    "AcquisitionTime": "16:06:47.710000",
    "BodyPartExamined": "BRAIN",
    "CoilString": "SENSE_HEAD_8",
    "ConversionSoftware": "dcm2niix",
    "ConversionSoftwareVersion": "v1.0.20190410  Clang4.0.1",
    "Dcm2bidsVersion": "2.1.4",
    "DeviceSerialNumber": "34072",
    "EchoTime": 0.030001,
    "EchoTrainLength": 39,
    "EffectiveEchoSpacing": 0.0002777,
    "FlipAngle": 82,
    "ImageOrientationPatientDICOM": [
      0.999888,
      0.0084242,
      0.0123605,
      -0.00845389,
      0.999961,
      0.00235135
    ],
    "ImageType": [
      "ORIGINAL",
      "PRIMARY",
      "M",
      "FFE",
      "M",
      "FFE"
    ],
    "ImagingFrequency": 127.734,
    "InPlanePhaseEncodingDirectionDICOM": "COL",
    "InstitutionName": "Az.Osp._Udine",
    "InstitutionalDepartmentName": "Radiologia",
    "MRAcquisitionType": "2D",
    "MagneticFieldStrength": 3,
    "Manufacturer": "Philips",
    "ManufacturersModelName": "Achieva",
    "Modality": "MR",
    "PartialFourier": 0.4875,
    "PatientPosition": "HFS",
    "PercentPhaseFOV": 100,
    "PhaseEncodingAxis": "j",
    "PhaseEncodingDirection": "j",
    "PhaseEncodingSteps": 80,
    "PhilipsRescaleIntercept": 0,
    "PhilipsRescaleSlope": 0.781441,
    "PhilipsScaleSlope": 0.000599278,
    "PixelBandwidth": 3608.02,
    "ProtocolName": "SOCIAL_4run",
    "ReconMatrixPE": 80,
    "RepetitionTime": 2,
    "ScanOptions": "FS",
    "ScanningSequence": "GR",
    "SequenceVariant": "SK",
    "SeriesDescription": "SOCIAL_4run",
    "SeriesNumber": 1101,
    "SliceThickness": 3,
    "SliceTiming": [
      0.0,
      0.378378,
      0.702703,
      1.027027,
      1.351351,
      1.675676,
      0.054054,
      0.432432,
      0.756757,
      1.081081,
      1.405405,
      1.72973,
      0.108108,
      0.486486,
      0.810811,
      1.135135,
      1.459459,
      1.783784,
      0.162162,
      0.540541,
      0.864865,
      1.189189,
      1.513514,
      1.837838,
      0.216216,
      0.594595,
      0.918919,
      1.243243,
      1.567568,
      1.891892,
      0.27027,
      0.648649,
      0.972973,
      1.297297,
      1.621622,
      1.945946,
      0.324324
    ],
    "SoftwareVersions": "5.3.1_5.3.1.2",
    "SpacingBetweenSlices": 3,
    "StationName": "PHILIPS-K5NT78B",
    "TaskName": "ANIM",
    "TotalReadoutTime": 0.0219394,
    "UsePhilipsFloatNotDisplayScaling": 1,
    "dataset": "ds003436",
    "modality": "bold",
    "run_id": 3,
    "subject_id": "30",
    "task_id": "anim"
  },
  "dummy_trs": 0,
  "dvars_nstd": 25.817414417499993,
  "dvars_std": 1.2677675915000002,
  "dvars_vstd": 1.0192877059999994,
  "efc": 0.42460958593236375,
  "fber": 202147.265625,
  "fd_mean": 0.07235544199940244,
  "fd_num": 2,
  "fd_perc": 1.9801980198019802,
  "fwhm_avg": 1.8524988888888887,
  "fwhm_x": 1.7547433333333335,
  "fwhm_y": 2.01803,
  "fwhm_z": 1.7847233333333332,
  "gcor": 0.013385,
  "gsr_x": -0.017433471977710724,
  "gsr_y": 0.009061343967914581,
  "provenance": {
    "md5sum": "d37dcaeb62a7c1520b5f0a4610a79d7f",
    "settings": {
      "fd_thres": 0.2,
      "testing": false
    },
    "software": "mriqc",
    "version": "22.0.6",
    "webapi_port": null,
    "webapi_url": "https://mriqc.nimh.nih.gov/api/v1"
  },
  "size_t": 101,
  "size_x": 80,
  "size_y": 80,
  "size_z": 37,
  "snr": 5.569313558126456,
  "spacing_tr": 2.000000476837158,
  "spacing_x": 3.0,
  "spacing_y": 3.0,
  "spacing_z": 3.0,
  "summary_bg_k": 58.265506480437445,
  "summary_bg_mad": 6508.0699804336755,
  "summary_bg_mean": 50005.3125,
  "summary_bg_median": 4724.96435546875,
  "summary_bg_n": 160587.0,
  "summary_bg_p05": 88.77318725585938,
  "summary_bg_p95": 244834.42187499994,
  "summary_bg_stdv": 146103.078125,
  "summary_fg_k": 2.482817207480128,
  "summary_fg_mad": 376294.2652964194,
  "summary_fg_mean": 2352510.25,
  "summary_fg_median": 2300098.25,
  "summary_fg_n": 35587.0,
  "summary_fg_p05": 1814771.9,
  "summary_fg_p95": 3048897.9999999995,
  "summary_fg_stdv": 412989.125,
  "tsnr": 73.26639556884766
}