{
  "aor": 0.002651683168316831,
  "aqi": 0.005984978811881189,
  "bids_meta": {
    "AcquisitionMatrixPE": 80,
    "AcquisitionNumber": 9,
    "AcquisitionTime": "15:57:46.140000",
    "BodyPartExamined": "BRAIN",
    "CoilString": "SENSE_HEAD_8",
    "ConversionSoftware": "dcm2niix",
    "ConversionSoftwareVersion": "v1.0.20190410  Clang4.0.1",
    "Dcm2bidsVersion": "2.1.4",
    "DeviceSerialNumber": "34072",
    "EchoTime": 0.030001,
    "EchoTrainLength": 39,
    "EffectiveEchoSpacing": 0.0002777,
    "FlipAngle": 82,
    "ImageOrientationPatientDICOM": [
      0.999888,
      0.0084242,
      0.0123605,
      -0.00845389,
      0.999961,
      0.00235135
    ],
    "ImageType": [
      "ORIGINAL",
      "PRIMARY",
      "M",
      "FFE",
      "M",
      "FFE"
    ],
    "ImagingFrequency": 127.734,
    "InPlanePhaseEncodingDirectionDICOM": "COL",
    "InstitutionName": "Az.Osp._Udine",
    "InstitutionalDepartmentName": "Radiologia",
    "MRAcquisitionType": "2D",
    "MagneticFieldStrength": 3,
    "Manufacturer": "Philips",
    "ManufacturersModelName": "Achieva",
    "Modality": "MR",
    "PartialFourier": 0.4875,
    "PatientPosition": "HFS",
    "PercentPhaseFOV": 100,
    "PhaseEncodingAxis": "j",
    "PhaseEncodingDirection": "j",
    "PhaseEncodingSteps": 80,
    "PhilipsRescaleIntercept": 0,
    "PhilipsRescaleSlope": 0.750916,
    "PhilipsScaleSlope": 0.000974222,
    "PixelBandwidth": 3608.02,
    "ProtocolName": "SOCIAL_4run",
    "ReconMatrixPE": 80,
    "RepetitionTime": 2,
    "ScanOptions": "FS",
    "ScanningSequence": "GR",
    "SequenceVariant": "SK",
    "SeriesDescription": "SOCIAL_4run",
    "SeriesNumber": 901,
    "SliceThickness": 3,
    "SliceTiming": [
      0.0,
      0.378378,
      0.702703,
      1.027027,
      1.351351,
      1.675676,
      0.054054,
      0.432432,
      0.756757,
      1.081081,
      1.405405,
      1.72973,
      0.108108,
      0.486486,
      0.810811,
      1.135135,
      1.459459,
      1.783784,
      0.162162,
      0.540541,
      0.864865,
      1.189189,
      1.513514,
      1.837838,
      0.216216,
      0.594595,
      0.918919,
      1.243243,
      1.567568,
      1.891892,
      0.27027,
      0.648649,
      0.972973,
      1.297297,
      1.621622,
      1.945946,
      0.324324
    ],
    "SoftwareVersions": "5.3.1_5.3.1.2",
    "SpacingBetweenSlices": 3,
    "StationName": "PHILIPS-K5NT78B",
    "TaskName": "ANIM",
    "TotalReadoutTime": 0.0219394,
    "UsePhilipsFloatNotDisplayScaling": 1,
    "dataset": "ds003436",
    "modality": "bold",
    "run_id": 1,
    "subject_id": "30",
    "task_id": "anim"
  },
  "dummy_trs": 0,
  "dvars_nstd": 25.214500827799995,
  "dvars_std": 1.2367545019000001,
  "dvars_vstd": 1.0142295088000004,
  "efc": 0.4247550100319328,
  "fber": 186255.125,
  "fd_mean": 0.07606519353378531,
  "fd_num": 2,
  "fd_perc": 1.9801980198019802,
  "fwhm_avg": 1.8524366666666667,
  "fwhm_x": 1.7575399999999999,
  "fwhm_y": 2.009583333333333,
  "fwhm_z": 1.7901866666666668,
  "gcor": 0.0136741,
  "gsr_x": -0.01738952100276947,
  "gsr_y": 0.008597093634307384,
  "provenance": {
    "md5sum": "7fd0179b66d7309e21182fe8b237be14",
    "settings": {
      "fd_thres": 0.2,
      "testing": false
    },
    "software": "mriqc",
    "version": "22.0.6",
    "webapi_port": null,
    "webapi_url": "https://mriqc.nimh.nih.gov/api/v1"
  },
  "size_t": 101,
  "size_x": 80,
  "size_y": 80,
  "size_z": 37,
  "snr": 5.565767867250398,
  "spacing_tr": 2.000000476837158,
  "spacing_x": 3.0,
  "spacing_y": 3.0,
  "spacing_z": 3.0,
  "summary_bg_k": 59.94752313897709,
  "summary_bg_mad": 4217.961323890297,
  "summary_bg_mean": 31226.677734375,
  "summary_bg_median": 3095.81396484375,
  "summary_bg_n": 160545.0,
  "summary_bg_p05": 85.96295318603516,
  "summary_bg_p95": 150233.41562499964,
  "summary_bg_stdv": 92189.0546875,
  "summary_fg_k": 2.4800021678246367,
  "summary_fg_mad": 232946.18258368422,
  "summary_fg_mean": 1461416.75,
  "summary_fg_median": 1428306.75,
  "summary_fg_n": 35538.0,
  "summary_fg_p05": 1128105.725,
  "summary_fg_p95": 1891290.85625,
  "summary_fg_stdv": 256619.875,
  "tsnr": 67.21556091308594
}