{
  "bids_meta": {
    "AcquisitionMatrixPE": 240,
    "AcquisitionNumber": 2,
    "AcquisitionTime": "15:06:5.630000",
    "BodyPartExamined": "BRAIN",
    "CoilString": "SENSE_HEAD_8",
    "ConversionSoftware": "dcm2niix",
    "ConversionSoftwareVersion": "v1.0.20190410  Clang4.0.1",
    "Dcm2bidsVersion": "2.1.4",
    "DeviceSerialNumber": "34072",
    "EchoTime": 0.003707,
    "EchoTrainLength": 240,
    "FlipAngle": 12,
    "ImageOrientationPatientDICOM": [
      -0.00327792,
      0.999991,
      0.00254018,
      0.0258424,
      0.00262406,
      -0.999663
    ],
    "ImageType": [
      "ORIGINAL",
      "PRIMARY",
      "M",
      "FFE",
      "M",
      "FFE"
    ],
    "ImagingFrequency": 127.734,
    "InPlanePhaseEncodingDirectionDICOM": "ROW",
    "InstitutionName": "Az.Osp._Udine",
    "InstitutionalDepartmentName": "Radiologia",
    "MRAcquisitionType": "3D",
    "MagneticFieldStrength": 3,
    "Manufacturer": "Philips",
    "ManufacturersModelName": "Achieva",
    "Modality": "MR",
    "PatientPosition": "HFS",
    "PercentPhaseFOV": 100,
    "PhaseEncodingSteps": 240,
    "PhilipsRescaleIntercept": 0,
    "PhilipsRescaleSlope": 3.00562,
    "PhilipsScaleSlope": 0.000195261,
    "PixelBandwidth": 191.38,
    "ProtocolName": "T1W_3D_VBM",
    "ReconMatrixPE": 256,
    "RepetitionTime": 0.0080917,
    "ScanOptions": "OTHER",
    "ScanningSequence": "GR",
    "SequenceVariant": "MP",
    "SeriesDescription": "T1W_3D_VBM",
    "SeriesNumber": 201,
    "SliceThickness": 1,
    "SoftwareVersions": "5.3.1_5.3.1.2",
    "SpacingBetweenSlices": 1,
    "StationName": "PHILIPS-K5NT78B",
    "UsePhilipsFloatNotDisplayScaling": 1,
    "dataset": "ds003436",
    "modality": "T1w",
    "subject_id": "26"
  },
  "cjv": 0.3753367288859876,
  "cnr": 3.551146370025403,
  "efc": 0.6213393089443772,
  "fber": -1.0,
  "fwhm_avg": 4.091073333333333,
  "fwhm_x": 3.87658,
  "fwhm_y": 4.522016,
  "fwhm_z": 3.874624,
  "icvs_csf": 0.21160205067318613,
  "icvs_gm": 0.4414062568949146,
  "icvs_wm": 0.34699169243189926,
  "inu_med": 0.3397422134876251,
  "inu_range": 0.0922938734292984,
  "provenance": {
    "md5sum": "d7dfdc9429a8913dbbdb815f0c1da013",
    "settings": {
      "testing": false
    },
    "software": "mriqc",
    "version": "22.0.6",
    "warnings": {
      "large_rot_frame": true,
      "small_air_mask": false
    },
    "webapi_port": null,
    "webapi_url": "https://mriqc.nimh.nih.gov/api/v1"
  },
  "qi_1": 0.0005423421003456975,
  "qi_2": 1.6905476962107293e-06,
  "rpve_csf": 20.857159838114736,
  "rpve_gm": 10.510391598164063,
  "rpve_wm": 14.974110865550216,
  "size_x": 170,
  "size_y": 256,
  "size_z": 256,
  "snr_csf": 3.156014389494059,
  "snr_gm": 15.568111280259565,
  "snr_total": 15.198001651086136,
  "snr_wm": 26.869879283504783,
  "snrd_csf": 50.9631709295098,
  "snrd_gm": 110.68362389740321,
  "snrd_total": 101.29790396606059,
  "snrd_wm": 142.2469170712688,
  "spacing_x": 1.0,
  "spacing_y": 0.9375,
  "spacing_z": 0.9375,
  "summary_bg_k": 30.37798738730158,
  "summary_bg_mad": 0.0,
  "summary_bg_mean": 1.839986654702015,
  "summary_bg_median": 0.0,
  "summary_bg_n": 929410.0,
  "summary_bg_p05": 0.0,
  "summary_bg_p95": 9.71989057958126,
  "summary_bg_stdv": 4.605831664690896,
  "summary_csf_k": 1.5240859286870663,
  "summary_csf_mad": 71.69338840117142,
  "summary_csf_mean": 351.13470676848493,
  "summary_csf_median": 358.28842115961015,
  "summary_csf_n": 53247.0,
  "summary_csf_p05": 110.39365725759417,
  "summary_csf_p95": 527.7768040750175,
  "summary_csf_stdv": 113.52453206057135,
  "summary_gm_k": 0.2660752079958253,
  "summary_gm_mad": 47.91568169525527,
  "summary_gm_mean": 776.5857098420184,
  "summary_gm_median": 778.1435128767043,
  "summary_gm_n": 33554.0,
  "summary_gm_p05": 692.4902907432057,
  "summary_gm_p95": 856.6537199672312,
  "summary_gm_stdv": 49.98242261961352,
  "summary_wm_k": 0.4794606731133819,
  "summary_wm_mad": 35.37179509970997,
  "summary_wm_mean": 1001.1641395883977,
  "summary_wm_median": 1000.0441966764629,
  "summary_wm_n": 216285.0,
  "summary_wm_p05": 942.0341224446893,
  "summary_wm_p95": 1063.9303865768015,
  "summary_wm_stdv": 37.21795227494627,
  "tpm_overlap_csf": 0.16417599845096917,
  "tpm_overlap_gm": 0.4713204936869598,
  "tpm_overlap_wm": 0.5031973493630201,
  "wm2max": 0.833287315699376
}