{
  "aor": 0.0022040594059405936,
  "aqi": 0.010432227623762379,
  "bids_meta": {
    "AcquisitionMatrixPE": 80,
    "AcquisitionNumber": 10,
    "AcquisitionTime": "15:38:47.680000",
    "BodyPartExamined": "BRAIN",
    "CoilString": "SENSE_HEAD_8",
    "ConversionSoftware": "dcm2niix",
    "ConversionSoftwareVersion": "v1.0.20181125  Clang9.0.0",
    "Dcm2bidsVersion": "2.1.4",
    "DeviceSerialNumber": "34072",
    "EchoTime": 0.030001,
    "EchoTrainLength": 39,
    "EffectiveEchoSpacing": 0.0002777,
    "FlipAngle": 82,
    "ImageOrientationPatientDICOM": [
      0.999358,
      0.0202393,
      0.0295769,
      -0.0197151,
      0.999645,
      -0.0179088
    ],
    "ImageType": [
      "ORIGINAL",
      "PRIMARY",
      "M",
      "FFE",
      "M",
      "FFE"
    ],
    "ImagingFrequency": 127.733,
    "InPlanePhaseEncodingDirectionDICOM": "COL",
    "InstitutionName": "Az.Osp._Udine",
    "InstitutionalDepartmentName": "Radiologia",
    "MRAcquisitionType": "2D",
    "MagneticFieldStrength": 3,
    "Manufacturer": "Philips",
    "ManufacturersModelName": "Achieva",
    "Modality": "MR",
    "PartialFourier": 0.4875,
    "PatientPosition": "HFS",
    "PercentPhaseFOV": 100,
    "PhaseEncodingAxis": "j",
    "PhaseEncodingDirection": "j",
    "PhaseEncodingSteps": 80,
    "PhilipsRescaleIntercept": 0,
    "PhilipsRescaleSlope": 0.816361,
    "PhilipsScaleSlope": 0.00116331,
    "PixelBandwidth": 3608.02,
    "ProtocolName": "SOCIAL_4run",
    "ReconMatrixPE": 80,
    "RepetitionTime": 2,
    "ScanOptions": "FS",
    "ScanningSequence": "GR",
    "SequenceVariant": "SK",
    "SeriesDescription": "SOCIAL_4run",
    "SeriesNumber": 1001,
    "SliceThickness": 3,
    "SliceTiming": [
      0.0,
      0.378378,
      0.702703,
      1.027027,
      1.351351,
      1.675676,
      0.054054,
      0.432432,
      0.756757,
      1.081081,
      1.405405,
      1.72973,
      0.108108,
      0.486486,
      0.810811,
      1.135135,
      1.459459,
      1.783784,
      0.162162,
      0.540541,
      0.864865,
      1.189189,
      1.513514,
      1.837838,
      0.216216,
      0.594595,
      0.918919,
      1.243243,
      1.567568,
      1.891892,
      0.27027,
      0.648649,
      0.972973,
      1.297297,
      1.621622,
      1.945946,
      0.324324
    ],
    "SoftwareVersions": "5.3.1_5.3.1.2",
    "SpacingBetweenSlices": 3,
    "StationName": "PHILIPS-K5NT78B",
    "TaskName": "ANIM",
    "TotalReadoutTime": 0.0219394,
    "UsePhilipsFloatNotDisplayScaling": 1,
    "dataset": "ds003436",
    "modality": "bold",
    "run_id": 1,
    "subject_id": "41",
    "task_id": "anim"
  },
  "dummy_trs": 0,
  "dvars_nstd": 30.273297004899995,
  "dvars_std": 1.2181064030000002,
  "dvars_vstd": 0.9620515235000002,
  "efc": 0.41906773985862805,
  "fber": 173656.828125,
  "fd_mean": 0.12102055280845808,
  "fd_num": 12,
  "fd_perc": 11.881188118811881,
  "fwhm_avg": 1.8690755555555558,
  "fwhm_x": 1.8118866666666669,
  "fwhm_y": 1.99788,
  "fwhm_z": 1.79746,
  "gcor": 0.0216008,
  "gsr_x": -0.019098404794931412,
  "gsr_y": 0.011188492178916931,
  "provenance": {
    "md5sum": "b533d23fbbd2f76235302ec129d15560",
    "settings": {
      "fd_thres": 0.2,
      "testing": false
    },
    "software": "mriqc",
    "version": "22.0.6",
    "webapi_port": null,
    "webapi_url": "https://mriqc.nimh.nih.gov/api/v1"
  },
  "size_t": 101,
  "size_x": 80,
  "size_y": 80,
  "size_z": 37,
  "snr": 5.762101525470189,
  "spacing_tr": 2.000000476837158,
  "spacing_x": 3.0,
  "spacing_y": 3.0,
  "spacing_z": 3.0,
  "summary_bg_k": 100.76202274100804,
  "summary_bg_mad": 3807.6624260307,
  "summary_bg_mean": 27207.662109375,
  "summary_bg_median": 2843.8193359375,
  "summary_bg_n": 162182.0,
  "summary_bg_p05": 112.28231887817384,
  "summary_bg_p95": 133890.62578124992,
  "summary_bg_stdv": 80540.3359375,
  "summary_fg_k": 1.0918903541484308,
  "summary_fg_mad": 221330.27218960878,
  "summary_fg_mean": 1308067.5,
  "summary_fg_median": 1291708.25,
  "summary_fg_n": 34425.0,
  "summary_fg_p05": 978821.95,
  "summary_fg_p95": 1682293.875,
  "summary_fg_stdv": 224169.859375,
  "tsnr": 54.65803146362305
}