{
  "aor": 0.005661584158415843,
  "aqi": 0.011724098811881188,
  "bids_meta": {
    "AcquisitionMatrixPE": 80,
    "AcquisitionNumber": 11,
    "AcquisitionTime": "15:42:55.070000",
    "BodyPartExamined": "BRAIN",
    "CoilString": "SENSE_HEAD_8",
    "ConversionSoftware": "dcm2niix",
    "ConversionSoftwareVersion": "v1.0.20181125  Clang9.0.0",
    "Dcm2bidsVersion": "2.1.4",
    "DeviceSerialNumber": "34072",
    "EchoTime": 0.030001,
    "EchoTrainLength": 39,
    "EffectiveEchoSpacing": 0.0002777,
    "FlipAngle": 82,
    "ImageOrientationPatientDICOM": [
      0.999358,
      0.0202393,
      0.0295769,
      -0.0197151,
      0.999645,
      -0.0179088
    ],
    "ImageType": [
      "ORIGINAL",
      "PRIMARY",
      "M",
      "FFE",
      "M",
      "FFE"
    ],
    "ImagingFrequency": 127.733,
    "InPlanePhaseEncodingDirectionDICOM": "COL",
    "InstitutionName": "Az.Osp._Udine",
    "InstitutionalDepartmentName": "Radiologia",
    "MRAcquisitionType": "2D",
    "MagneticFieldStrength": 3,
    "Manufacturer": "Philips",
    "ManufacturersModelName": "Achieva",
    "Modality": "MR",
    "PartialFourier": 0.4875,
    "PatientPosition": "HFS",
    "PercentPhaseFOV": 100,
    "PhaseEncodingAxis": "j",
    "PhaseEncodingDirection": "j",
    "PhaseEncodingSteps": 80,
    "PhilipsRescaleIntercept": 0,
    "PhilipsRescaleSlope": 0.796337,
    "PhilipsScaleSlope": 0.00116241,
    "PixelBandwidth": 3608.02,
    "ProtocolName": "SOCIAL_4run",
    "ReconMatrixPE": 80,
    "RepetitionTime": 2,
    "ScanOptions": "FS",
    "ScanningSequence": "GR",
    "SequenceVariant": "SK",
    "SeriesDescription": "SOCIAL_4run",
    "SeriesNumber": 1101,
    "SliceThickness": 3,
    "SliceTiming": [
      0.0,
      0.378378,
      0.702703,
      1.027027,
      1.351351,
      1.675676,
      0.054054,
      0.432432,
      0.756757,
      1.081081,
      1.405405,
      1.72973,
      0.108108,
      0.486486,
      0.810811,
      1.135135,
      1.459459,
      1.783784,
      0.162162,
      0.540541,
      0.864865,
      1.189189,
      1.513514,
      1.837838,
      0.216216,
      0.594595,
      0.918919,
      1.243243,
      1.567568,
      1.891892,
      0.27027,
      0.648649,
      0.972973,
      1.297297,
      1.621622,
      1.945946,
      0.324324
    ],
    "SoftwareVersions": "5.3.1_5.3.1.2",
    "SpacingBetweenSlices": 3,
    "StationName": "PHILIPS-K5NT78B",
    "TaskName": "ANIM",
    "TotalReadoutTime": 0.0219394,
    "UsePhilipsFloatNotDisplayScaling": 1,
    "dataset": "ds003436",
    "modality": "bold",
    "run_id": 2,
    "subject_id": "41",
    "task_id": "anim"
  },
  "dummy_trs": 0,
  "dvars_nstd": 30.384676913899987,
  "dvars_std": 1.2220482442000005,
  "dvars_vstd": 1.0130426015,
  "efc": 0.41775949055029427,
  "fber": 150660.0625,
  "fd_mean": 0.17326652851771474,
  "fd_num": 24,
  "fd_perc": 23.762376237623762,
  "fwhm_avg": 1.8769822222222226,
  "fwhm_x": 1.8207566666666668,
  "fwhm_y": 1.9991166666666667,
  "fwhm_z": 1.8110733333333335,
  "gcor": 0.0346463,
  "gsr_x": -0.019111324101686478,
  "gsr_y": 0.01102088950574398,
  "provenance": {
    "md5sum": "7a1e08e6a861cf140a2b38cc0a6cae05",
    "settings": {
      "fd_thres": 0.2,
      "testing": false
    },
    "software": "mriqc",
    "version": "22.0.6",
    "webapi_port": null,
    "webapi_url": "https://mriqc.nimh.nih.gov/api/v1"
  },
  "size_t": 101,
  "size_x": 80,
  "size_y": 80,
  "size_z": 37,
  "snr": 5.598998950556216,
  "spacing_tr": 2.000000476837158,
  "spacing_x": 3.0,
  "spacing_y": 3.0,
  "spacing_z": 3.0,
  "summary_bg_k": 112.16225062953372,
  "summary_bg_mad": 4171.271660764066,
  "summary_bg_mean": 27655.890625,
  "summary_bg_median": 3171.88671875,
  "summary_bg_n": 162207.0,
  "summary_bg_p05": 144.77742767333984,
  "summary_bg_p95": 132305.2468749997,
  "summary_bg_stdv": 82694.328125,
  "summary_fg_k": 1.2876976095934394,
  "summary_fg_mad": 232046.42836232862,
  "summary_fg_mean": 1350861.375,
  "summary_fg_median": 1332087.25,
  "summary_fg_n": 34268.0,
  "summary_fg_p05": 1009655.35625,
  "summary_fg_p95": 1749171.6437499998,
  "summary_fg_stdv": 237911.78125,
  "tsnr": 50.0579719543457
}