{
  "aor": 0.0010804950495049506,
  "aqi": 0.00587915702970297,
  "bids_meta": {
    "AcquisitionMatrixPE": 80,
    "AcquisitionNumber": 18,
    "AcquisitionTime": "11:20:59.000000",
    "BodyPartExamined": "BRAIN",
    "CoilString": "SENSE_HEAD_8",
    "ConversionSoftware": "dcm2niix",
    "ConversionSoftwareVersion": "v1.0.20190410  Clang4.0.1",
    "Dcm2bidsVersion": "2.1.4",
    "DeviceSerialNumber": "34072",
    "EchoTime": 0.030001,
    "EchoTrainLength": 39,
    "EffectiveEchoSpacing": 0.0002777,
    "FlipAngle": 82,
    "ImageOrientationPatientDICOM": [
      0.999341,
      0.00292665,
      0.0361685,
      -0.00303132,
      0.999991,
      0.00283941
    ],
    "ImageType": [
      "ORIGINAL",
      "PRIMARY",
      "M",
      "FFE",
      "M",
      "FFE"
    ],
    "ImagingFrequency": 127.735,
    "InPlanePhaseEncodingDirectionDICOM": "COL",
    "InstitutionName": "Az.Osp._Udine",
    "InstitutionalDepartmentName": "Radiologia",
    "MRAcquisitionType": "2D",
    "MagneticFieldStrength": 3,
    "Manufacturer": "Philips",
    "ManufacturersModelName": "Achieva",
    "Modality": "MR",
    "PartialFourier": 0.4875,
    "PatientPosition": "HFS",
    "PercentPhaseFOV": 100,
    "PhaseEncodingAxis": "j",
    "PhaseEncodingDirection": "j",
    "PhaseEncodingSteps": 80,
    "PhilipsRescaleIntercept": 0,
    "PhilipsRescaleSlope": 0.799756,
    "PhilipsScaleSlope": 0.000507449,
    "PixelBandwidth": 3608.02,
    "ProtocolName": "SOCIAL_4run",
    "ReconMatrixPE": 80,
    "RepetitionTime": 2,
    "ScanOptions": "FS",
    "ScanningSequence": "GR",
    "SequenceVariant": "SK",
    "SeriesDescription": "SOCIAL_4run",
    "SeriesNumber": 1801,
    "SliceThickness": 3,
    "SliceTiming": [
      0.0,
      0.378378,
      0.702703,
      1.027027,
      1.351351,
      1.675676,
      0.054054,
      0.432432,
      0.756757,
      1.081081,
      1.405405,
      1.72973,
      0.108108,
      0.486486,
      0.810811,
      1.135135,
      1.459459,
      1.783784,
      0.162162,
      0.540541,
      0.864865,
      1.189189,
      1.513514,
      1.837838,
      0.216216,
      0.594595,
      0.918919,
      1.243243,
      1.567568,
      1.891892,
      0.27027,
      0.648649,
      0.972973,
      1.297297,
      1.621622,
      1.945946,
      0.324324
    ],
    "SoftwareVersions": "5.3.1_5.3.1.1",
    "SpacingBetweenSlices": 3,
    "StationName": "PHILIPS-K5NT78B",
    "TaskName": "ANIM",
    "TotalReadoutTime": 0.0219394,
    "UsePhilipsFloatNotDisplayScaling": 1,
    "dataset": "ds003436",
    "modality": "bold",
    "run_id": 1,
    "subject_id": "01",
    "task_id": "anim"
  },
  "dummy_trs": 0,
  "dvars_nstd": 23.420896816300004,
  "dvars_std": 1.1356722737,
  "dvars_vstd": 1.0162702386999996,
  "efc": 0.41860146649115004,
  "fber": 173592.078125,
  "fd_mean": 0.0975154972116473,
  "fd_num": 5,
  "fd_perc": 4.9504950495049505,
  "fwhm_avg": 1.8457144444444442,
  "fwhm_x": 1.7895899999999998,
  "fwhm_y": 2.0277066666666665,
  "fwhm_z": 1.7198466666666665,
  "gcor": 0.0120611,
  "gsr_x": -0.021235397085547447,
  "gsr_y": 0.012344032526016235,
  "provenance": {
    "md5sum": "2d992d27ca61f69d2265845c892585be",
    "settings": {
      "fd_thres": 0.2,
      "testing": false
    },
    "software": "mriqc",
    "version": "22.0.6",
    "webapi_port": null,
    "webapi_url": "https://mriqc.nimh.nih.gov/api/v1"
  },
  "size_t": 101,
  "size_x": 80,
  "size_y": 80,
  "size_z": 37,
  "snr": 6.383825462589922,
  "spacing_tr": 2.000000476837158,
  "spacing_x": 3.0,
  "spacing_y": 3.0,
  "spacing_z": 3.0,
  "summary_bg_k": 104.10054828434173,
  "summary_bg_mad": 8389.656210397523,
  "summary_bg_mean": 61709.88671875,
  "summary_bg_median": 6439.18798828125,
  "summary_bg_n": 161985.0,
  "summary_bg_p05": 225.42000122070317,
  "summary_bg_p95": 294432.2625,
  "summary_bg_stdv": 188519.5,
  "summary_fg_k": 2.2738539065933336,
  "summary_fg_mad": 448242.54173189116,
  "summary_fg_mean": 2964838.5,
  "summary_fg_median": 2941685.25,
  "summary_fg_n": 33725.0,
  "summary_fg_p05": 2309759.65,
  "summary_fg_p95": 3700107.55,
  "summary_fg_stdv": 460796.0625,
  "tsnr": 68.525390625
}