{
  "aor": 0.003686732673267327,
  "aqi": 0.00861878198019802,
  "bids_meta": {
    "AcquisitionMatrixPE": 80,
    "AcquisitionNumber": 17,
    "AcquisitionTime": "15:58:8.410000",
    "BodyPartExamined": "BRAIN",
    "CoilString": "SENSE_HEAD_8",
    "ConversionSoftware": "dcm2niix",
    "ConversionSoftwareVersion": "v1.0.20190410  Clang4.0.1",
    "Dcm2bidsVersion": "2.1.4",
    "DeviceSerialNumber": "34072",
    "EchoTime": 0.030001,
    "EchoTrainLength": 39,
    "EffectiveEchoSpacing": 0.0002777,
    "FlipAngle": 82,
    "ImageOrientationPatientDICOM": [
      0.999835,
      0.00818522,
      0.016197,
      -0.00823043,
      0.999962,
      0.00272607
    ],
    "ImageType": [
      "ORIGINAL",
      "PRIMARY",
      "M",
      "FFE",
      "M",
      "FFE"
    ],
    "ImagingFrequency": 127.734,
    "InPlanePhaseEncodingDirectionDICOM": "COL",
    "InstitutionName": "Az.Osp._Udine",
    "InstitutionalDepartmentName": "Radiologia",
    "MRAcquisitionType": "2D",
    "MagneticFieldStrength": 3,
    "Manufacturer": "Philips",
    "ManufacturersModelName": "Achieva",
    "Modality": "MR",
    "PartialFourier": 0.4875,
    "PatientPosition": "HFS",
    "PercentPhaseFOV": 100,
    "PhaseEncodingAxis": "j",
    "PhaseEncodingDirection": "j",
    "PhaseEncodingSteps": 80,
    "PhilipsRescaleIntercept": 0,
    "PhilipsRescaleSlope": 0.825397,
    "PhilipsScaleSlope": 0.000368693,
    "PixelBandwidth": 3608.02,
    "ProtocolName": "SOCIAL_4run",
    "ReconMatrixPE": 80,
    "RepetitionTime": 2,
    "ScanOptions": "FS",
    "ScanningSequence": "GR",
    "SequenceVariant": "SK",
    "SeriesDescription": "SOCIAL_4run",
    "SeriesNumber": 1701,
    "SliceThickness": 3,
    "SliceTiming": [
      0.0,
      0.378378,
      0.702703,
      1.027027,
      1.351351,
      1.675676,
      0.054054,
      0.432432,
      0.756757,
      1.081081,
      1.405405,
      1.72973,
      0.108108,
      0.486486,
      0.810811,
      1.135135,
      1.459459,
      1.783784,
      0.162162,
      0.540541,
      0.864865,
      1.189189,
      1.513514,
      1.837838,
      0.216216,
      0.594595,
      0.918919,
      1.243243,
      1.567568,
      1.891892,
      0.27027,
      0.648649,
      0.972973,
      1.297297,
      1.621622,
      1.945946,
      0.324324
    ],
    "SoftwareVersions": "5.3.1_5.3.1.2",
    "SpacingBetweenSlices": 3,
    "StationName": "PHILIPS-K5NT78B",
    "TaskName": "ANIM",
    "TotalReadoutTime": 0.0219394,
    "UsePhilipsFloatNotDisplayScaling": 1,
    "dataset": "ds003436",
    "modality": "bold",
    "run_id": 3,
    "subject_id": "08",
    "task_id": "anim"
  },
  "dummy_trs": 0,
  "dvars_nstd": 29.092966403600002,
  "dvars_std": 1.2376736014000003,
  "dvars_vstd": 1.0316336229,
  "efc": 0.39564631088906305,
  "fber": 55147.12109375,
  "fd_mean": 0.2588323818443852,
  "fd_num": 52,
  "fd_perc": 51.48514851485149,
  "fwhm_avg": 2.038561111111111,
  "fwhm_x": 1.9581033333333335,
  "fwhm_y": 2.2122733333333335,
  "fwhm_z": 1.9453066666666665,
  "gcor": 0.0214311,
  "gsr_x": -0.015975888818502426,
  "gsr_y": 0.0061629596166312695,
  "provenance": {
    "md5sum": "61969357dd868d32fb6ab0034add8c36",
    "settings": {
      "fd_thres": 0.2,
      "testing": false
    },
    "software": "mriqc",
    "version": "22.0.6",
    "webapi_port": null,
    "webapi_url": "https://mriqc.nimh.nih.gov/api/v1"
  },
  "size_t": 101,
  "size_x": 80,
  "size_y": 80,
  "size_z": 37,
  "snr": 6.037560146130813,
  "spacing_tr": 2.000000476837158,
  "spacing_x": 3.0,
  "spacing_y": 3.0,
  "spacing_z": 3.0,
  "summary_bg_k": 75.1573103493137,
  "summary_bg_mad": 17573.46163901042,
  "summary_bg_mean": 67355.6796875,
  "summary_bg_median": 15613.6494140625,
  "summary_bg_n": 166152.0,
  "summary_bg_p05": 1429.1382873535158,
  "summary_bg_p95": 274629.42187499965,
  "summary_bg_stdv": 187418.59375,
  "summary_fg_k": 1.8400747680869705,
  "summary_fg_mad": 595249.4087319822,
  "summary_fg_mean": 4098370.25,
  "summary_fg_median": 4064196.5,
  "summary_fg_n": 30746.0,
  "summary_fg_p05": 3091388.875,
  "summary_fg_p95": 5201763.5,
  "summary_fg_stdv": 673141.1875,
  "tsnr": 57.49810028076172
}