{
  "aor": 0.00911930693069307,
  "aqi": 0.01722578891089109,
  "bids_meta": {
    "AcquisitionMatrixPE": 80,
    "AcquisitionNumber": 14,
    "AcquisitionTime": "15:45:12.500000",
    "BodyPartExamined": "BRAIN",
    "CoilString": "SENSE_HEAD_8",
    "ConversionSoftware": "dcm2niix",
    "ConversionSoftwareVersion": "v1.0.20190410  Clang4.0.1",
    "Dcm2bidsVersion": "2.1.4",
    "DeviceSerialNumber": "34072",
    "EchoTime": 0.030001,
    "EchoTrainLength": 39,
    "EffectiveEchoSpacing": 0.0002777,
    "FlipAngle": 82,
    "ImageOrientationPatientDICOM": [
      0.999835,
      0.00818522,
      0.016197,
      -0.00823043,
      0.999962,
      0.00272607
    ],
    "ImageType": [
      "ORIGINAL",
      "PRIMARY",
      "M",
      "FFE",
      "M",
      "FFE"
    ],
    "ImagingFrequency": 127.734,
    "InPlanePhaseEncodingDirectionDICOM": "COL",
    "InstitutionName": "Az.Osp._Udine",
    "InstitutionalDepartmentName": "Radiologia",
    "MRAcquisitionType": "2D",
    "MagneticFieldStrength": 3,
    "Manufacturer": "Philips",
    "ManufacturersModelName": "Achieva",
    "Modality": "MR",
    "PartialFourier": 0.4875,
    "PatientPosition": "HFS",
    "PercentPhaseFOV": 100,
    "PhaseEncodingAxis": "j",
    "PhaseEncodingDirection": "j",
    "PhaseEncodingSteps": 80,
    "PhilipsRescaleIntercept": 0,
    "PhilipsRescaleSlope": 0.761661,
    "PhilipsScaleSlope": 0.000354688,
    "PixelBandwidth": 3608.02,
    "ProtocolName": "SOCIAL_4run",
    "ReconMatrixPE": 80,
    "RepetitionTime": 2,
    "ScanOptions": "FS",
    "ScanningSequence": "GR",
    "SequenceVariant": "SK",
    "SeriesDescription": "SOCIAL_4run",
    "SeriesNumber": 1401,
    "SliceThickness": 3,
    "SliceTiming": [
      0.0,
      0.378378,
      0.702703,
      1.027027,
      1.351351,
      1.675676,
      0.054054,
      0.432432,
      0.756757,
      1.081081,
      1.405405,
      1.72973,
      0.108108,
      0.486486,
      0.810811,
      1.135135,
      1.459459,
      1.783784,
      0.162162,
      0.540541,
      0.864865,
      1.189189,
      1.513514,
      1.837838,
      0.216216,
      0.594595,
      0.918919,
      1.243243,
      1.567568,
      1.891892,
      0.27027,
      0.648649,
      0.972973,
      1.297297,
      1.621622,
      1.945946,
      0.324324
    ],
    "SoftwareVersions": "5.3.1_5.3.1.2",
    "SpacingBetweenSlices": 3,
    "StationName": "PHILIPS-K5NT78B",
    "TaskName": "ANIM",
    "TotalReadoutTime": 0.0219394,
    "UsePhilipsFloatNotDisplayScaling": 1,
    "dataset": "ds003436",
    "modality": "bold",
    "run_id": 2,
    "subject_id": "08",
    "task_id": "anim"
  },
  "dummy_trs": 0,
  "dvars_nstd": 31.87476953520002,
  "dvars_std": 1.1477518956000001,
  "dvars_vstd": 1.0165024701,
  "efc": 0.3987812198656942,
  "fber": 54370.93359375,
  "fd_mean": 0.40928184026595327,
  "fd_num": 77,
  "fd_perc": 76.23762376237623,
  "fwhm_avg": 2.0425400000000002,
  "fwhm_x": 1.9717,
  "fwhm_y": 2.22525,
  "fwhm_z": 1.93067,
  "gcor": 0.0127684,
  "gsr_x": -0.016460547223687172,
  "gsr_y": 0.006604101043194532,
  "provenance": {
    "md5sum": "8ae42e76a0bbaa982825a8a10a7bf1ef",
    "settings": {
      "fd_thres": 0.2,
      "testing": false
    },
    "software": "mriqc",
    "version": "22.0.6",
    "webapi_port": null,
    "webapi_url": "https://mriqc.nimh.nih.gov/api/v1"
  },
  "size_t": 101,
  "size_x": 80,
  "size_y": 80,
  "size_z": 37,
  "snr": 5.981930742743606,
  "spacing_tr": 2.000000476837158,
  "spacing_x": 3.0,
  "spacing_y": 3.0,
  "spacing_z": 3.0,
  "summary_bg_k": 74.61958595243203,
  "summary_bg_mad": 19140.128959748046,
  "summary_bg_mean": 72821.390625,
  "summary_bg_median": 17039.0390625,
  "summary_bg_n": 165515.0,
  "summary_bg_p05": 1526.6808349609375,
  "summary_bg_p95": 301909.9843749997,
  "summary_bg_stdv": 195873.96875,
  "summary_fg_k": 1.8132756970800132,
  "summary_fg_mad": 638920.0130538966,
  "summary_fg_mean": 4374077.5,
  "summary_fg_median": 4337291.5,
  "summary_fg_n": 31233.0,
  "summary_fg_p05": 3297547.0,
  "summary_fg_p95": 5570629.1,
  "summary_fg_stdv": 725053.875,
  "tsnr": 42.040184020996094
}