{
  "aor": 0.0032343564356435645,
  "aqi": 0.008265995346534655,
  "bids_meta": {
    "AcquisitionMatrixPE": 80,
    "AcquisitionNumber": 18,
    "AcquisitionTime": "16:19:9.760000",
    "BodyPartExamined": "BRAIN",
    "CoilString": "SENSE_HEAD_8",
    "ConversionSoftware": "dcm2niix",
    "ConversionSoftwareVersion": "v1.0.20190410  Clang4.0.1",
    "Dcm2bidsVersion": "2.1.4",
    "DeviceSerialNumber": "34072",
    "EchoTime": 0.030001,
    "EchoTrainLength": 39,
    "EffectiveEchoSpacing": 0.0002777,
    "FlipAngle": 82,
    "ImageOrientationPatientDICOM": [
      0.999259,
      0.0384401,
      0.0019348,
      -0.0381029,
      0.995091,
      -0.0913368
    ],
    "ImageType": [
      "ORIGINAL",
      "PRIMARY",
      "M",
      "FFE",
      "M",
      "FFE"
    ],
    "ImagingFrequency": 127.734,
    "InPlanePhaseEncodingDirectionDICOM": "COL",
    "InstitutionName": "Az.Osp._Udine",
    "InstitutionalDepartmentName": "Radiologia",
    "MRAcquisitionType": "2D",
    "MagneticFieldStrength": 3,
    "Manufacturer": "Philips",
    "ManufacturersModelName": "Achieva",
    "Modality": "MR",
    "PartialFourier": 0.4875,
    "PatientPosition": "HFS",
    "PercentPhaseFOV": 100,
    "PhaseEncodingAxis": "j",
    "PhaseEncodingDirection": "j",
    "PhaseEncodingSteps": 80,
    "PhilipsRescaleIntercept": 0,
    "PhilipsRescaleSlope": 0.842979,
    "PhilipsScaleSlope": 0.000492168,
    "PixelBandwidth": 3608.02,
    "ProtocolName": "SOCIAL_4run",
    "ReconMatrixPE": 80,
    "RepetitionTime": 2,
    "ScanOptions": "FS",
    "ScanningSequence": "GR",
    "SequenceVariant": "SK",
    "SeriesDescription": "SOCIAL_4run",
    "SeriesNumber": 1801,
    "SliceThickness": 3,
    "SliceTiming": [
      0.0,
      0.378378,
      0.702703,
      1.027027,
      1.351351,
      1.675676,
      0.054054,
      0.432432,
      0.756757,
      1.081081,
      1.405405,
      1.72973,
      0.108108,
      0.486486,
      0.810811,
      1.135135,
      1.459459,
      1.783784,
      0.162162,
      0.540541,
      0.864865,
      1.189189,
      1.513514,
      1.837838,
      0.216216,
      0.594595,
      0.918919,
      1.243243,
      1.567568,
      1.891892,
      0.27027,
      0.648649,
      0.972973,
      1.297297,
      1.621622,
      1.945946,
      0.324324
    ],
    "SoftwareVersions": "5.3.1_5.3.1.2",
    "SpacingBetweenSlices": 3,
    "StationName": "PHILIPS-K5NT78B",
    "TaskName": "ANIM",
    "TotalReadoutTime": 0.0219394,
    "UsePhilipsFloatNotDisplayScaling": 1,
    "dataset": "ds003436",
    "modality": "bold",
    "run_id": 1,
    "subject_id": "10",
    "task_id": "anim"
  },
  "dummy_trs": 0,
  "dvars_nstd": 25.095904350199998,
  "dvars_std": 1.2152565190000002,
  "dvars_vstd": 1.0271520338000002,
  "efc": 0.41687089132688915,
  "fber": 148610.6875,
  "fd_mean": 0.09097762690649316,
  "fd_num": 10,
  "fd_perc": 9.900990099009901,
  "fwhm_avg": 1.738448888888889,
  "fwhm_x": 1.6817266666666668,
  "fwhm_y": 1.8467166666666666,
  "fwhm_z": 1.6869033333333334,
  "gcor": 0.00941745,
  "gsr_x": -0.018131688237190247,
  "gsr_y": 0.0121084563434124,
  "provenance": {
    "md5sum": "5bb7acf148413e1b81bb4a44fc8accc2",
    "settings": {
      "fd_thres": 0.2,
      "testing": false
    },
    "software": "mriqc",
    "version": "22.0.6",
    "webapi_port": null,
    "webapi_url": "https://mriqc.nimh.nih.gov/api/v1"
  },
  "size_t": 101,
  "size_x": 80,
  "size_y": 80,
  "size_z": 37,
  "snr": 6.303442416580254,
  "spacing_tr": 2.000000476837158,
  "spacing_x": 3.0,
  "spacing_y": 3.0,
  "spacing_z": 3.0,
  "summary_bg_k": 162.8178532669081,
  "summary_bg_mad": 10107.395122964017,
  "summary_bg_mean": 62034.49609375,
  "summary_bg_median": 7784.1826171875,
  "summary_bg_n": 161845.0,
  "summary_bg_p05": 287.922021484375,
  "summary_bg_p95": 270292.2312499995,
  "summary_bg_stdv": 215710.40625,
  "summary_fg_k": 1.5543056353837432,
  "summary_fg_mad": 501436.64140437637,
  "summary_fg_mean": 3248604.75,
  "summary_fg_median": 3215295.75,
  "summary_fg_n": 34736.0,
  "summary_fg_p05": 2528528.875,
  "summary_fg_p95": 4090432.625,
  "summary_fg_stdv": 510078.34375,
  "tsnr": 64.91964721679688
}