{
  "bids_meta": {
    "AcquisitionMatrixPE": 240,
    "AcquisitionNumber": 2,
    "AcquisitionTime": "15:10:43.700000",
    "BodyPartExamined": "BRAIN",
    "CoilString": "SENSE_HEAD_8",
    "ConversionSoftware": "dcm2niix",
    "ConversionSoftwareVersion": "v1.0.20181125  Clang9.0.0",
    "Dcm2bidsVersion": "2.1.4",
    "DeviceSerialNumber": "34072",
    "EchoTime": 0.003708,
    "EchoTrainLength": 240,
    "FlipAngle": 12,
    "ImageOrientationPatientDICOM": [
      -0.0041186,
      0.999988,
      0.00271174,
      0.0278355,
      0.00282536,
      -0.999609
    ],
    "ImageType": [
      "ORIGINAL",
      "PRIMARY",
      "M",
      "FFE",
      "M",
      "FFE"
    ],
    "ImagingFrequency": 127.733,
    "InPlanePhaseEncodingDirectionDICOM": "ROW",
    "InstitutionName": "Az.Osp._Udine",
    "InstitutionalDepartmentName": "Radiologia",
    "MRAcquisitionType": "3D",
    "MagneticFieldStrength": 3,
    "Manufacturer": "Philips",
    "ManufacturersModelName": "Achieva",
    "Modality": "MR",
    "PatientPosition": "HFS",
    "PercentPhaseFOV": 100,
    "PhaseEncodingSteps": 240,
    "PhilipsRescaleIntercept": 0,
    "PhilipsRescaleSlope": 2.91893,
    "PhilipsScaleSlope": 0.000307311,
    "PixelBandwidth": 191.38,
    "ProtocolName": "T1W_3D_VBM",
    "ReconMatrixPE": 256,
    "RepetitionTime": 0.0080942,
    "ScanOptions": "OTHER",
    "ScanningSequence": "GR",
    "SequenceVariant": "MP",
    "SeriesDescription": "T1W_3D_VBM",
    "SeriesNumber": 201,
    "SliceThickness": 1,
    "SoftwareVersions": "5.3.1_5.3.1.2",
    "SpacingBetweenSlices": 1,
    "StationName": "PHILIPS-K5NT78B",
    "UsePhilipsFloatNotDisplayScaling": 1,
    "dataset": "ds003436",
    "modality": "T1w",
    "subject_id": "37"
  },
  "cjv": 0.3133861271429009,
  "cnr": 4.200501256238317,
  "efc": 0.637897431299218,
  "fber": -1.0,
  "fwhm_avg": 4.200596,
  "fwhm_x": 4.05414,
  "fwhm_y": 4.501802666666666,
  "fwhm_z": 4.045845333333333,
  "icvs_csf": 0.18661530374407387,
  "icvs_gm": 0.45742069700295146,
  "icvs_wm": 0.35596399925297467,
  "inu_med": 0.28030160069465637,
  "inu_range": 0.07138235270977022,
  "provenance": {
    "md5sum": "2eb5fe6aa2b168e4efe4e9f98ae1d556",
    "settings": {
      "testing": false
    },
    "software": "mriqc",
    "version": "22.0.6",
    "warnings": {
      "large_rot_frame": true,
      "small_air_mask": false
    },
    "webapi_port": null,
    "webapi_url": "https://mriqc.nimh.nih.gov/api/v1"
  },
  "qi_1": 0.0009165426736907012,
  "qi_2": 1.2795417754664697e-06,
  "rpve_csf": 21.37510850421741,
  "rpve_gm": 9.446478872025802,
  "rpve_wm": 13.419352526637908,
  "size_x": 170,
  "size_y": 256,
  "size_z": 256,
  "snr_csf": 2.863921782277708,
  "snr_gm": 15.677221622939237,
  "snr_total": 16.436708090052402,
  "snr_wm": 30.76898086494026,
  "snrd_csf": 31.067357472247252,
  "snrd_gm": 69.68521746483862,
  "snrd_total": 64.37894158748514,
  "snrd_wm": 92.38424982536957,
  "spacing_x": 1.0,
  "spacing_y": 0.9375,
  "spacing_z": 0.9375,
  "summary_bg_k": 39.31083969821854,
  "summary_bg_mad": 0.0,
  "summary_bg_mean": 3.049346639693874,
  "summary_bg_median": 0.0,
  "summary_bg_n": 1337484.0,
  "summary_bg_p05": 0.0,
  "summary_bg_p95": 16.61165151745081,
  "summary_bg_stdv": 7.091429466563541,
  "summary_csf_k": 0.6469387457755151,
  "summary_csf_mad": 97.13151330598397,
  "summary_csf_mean": 332.10606639919786,
  "summary_csf_median": 336.2841298803687,
  "summary_csf_n": 42154.0,
  "summary_csf_p05": 104.19256519526243,
  "summary_csf_p95": 522.7279479149729,
  "summary_csf_stdv": 117.41945718650506,
  "summary_gm_k": 0.35539365590312766,
  "summary_gm_mad": 45.57061674489809,
  "summary_gm_mean": 754.5317419708241,
  "summary_gm_median": 754.2975852265954,
  "summary_gm_n": 73720.0,
  "summary_gm_p05": 675.8037807885557,
  "summary_gm_p95": 834.6765441820025,
  "summary_gm_stdv": 48.11391248960505,
  "summary_wm_k": 0.35813834551478907,
  "summary_wm_mad": 31.429107364507818,
  "summary_wm_mean": 1000.2068755537887,
  "summary_wm_median": 999.999986961484,
  "summary_wm_n": 270166.0,
  "summary_wm_p05": 947.4428649991751,
  "summary_wm_p95": 1053.8646066561341,
  "summary_wm_stdv": 32.500203391046945,
  "tpm_overlap_csf": 0.15462489120750827,
  "tpm_overlap_gm": 0.48537671523701037,
  "tpm_overlap_wm": 0.5146476427529215,
  "wm2max": 0.8813450458109001
}