{
  "bids_meta": {
    "AcquisitionMatrixPE": 240,
    "AcquisitionNumber": 2,
    "AcquisitionTime": "17:10:1.400000",
    "BodyPartExamined": "BRAIN",
    "CoilString": "SENSE_HEAD_8",
    "ConversionSoftware": "dcm2niix",
    "ConversionSoftwareVersion": "v1.0.20190410  Clang4.0.1",
    "Dcm2bidsVersion": "2.1.4",
    "DeviceSerialNumber": "34072",
    "EchoTime": 0.003691,
    "EchoTrainLength": 240,
    "FlipAngle": 12,
    "ImageOrientationPatientDICOM": [
      -0.00848067,
      0.999962,
      0.00208952,
      0.00401417,
      0.00212362,
      -0.99999
    ],
    "ImageType": [
      "ORIGINAL",
      "PRIMARY",
      "M",
      "FFE",
      "M",
      "FFE"
    ],
    "ImagingFrequency": 127.735,
    "InPlanePhaseEncodingDirectionDICOM": "ROW",
    "InstitutionName": "Az.Osp._Udine",
    "InstitutionalDepartmentName": "Radiologia",
    "MRAcquisitionType": "3D",
    "MagneticFieldStrength": 3,
    "Manufacturer": "Philips",
    "ManufacturersModelName": "Achieva",
    "Modality": "MR",
    "PatientPosition": "HFS",
    "PercentPhaseFOV": 100,
    "PhaseEncodingSteps": 240,
    "PhilipsRescaleIntercept": 0,
    "PhilipsRescaleSlope": 2.91306,
    "PhilipsScaleSlope": 0.000159162,
    "PixelBandwidth": 191.38,
    "ProtocolName": "T1W_3D_VBM",
    "ReconMatrixPE": 256,
    "RepetitionTime": 0.0080642,
    "ScanOptions": "OTHER",
    "ScanningSequence": "GR",
    "SequenceVariant": "MP",
    "SeriesDescription": "T1W_3D_VBM",
    "SeriesNumber": 201,
    "SliceThickness": 1,
    "SoftwareVersions": "5.3.1_5.3.1.1",
    "SpacingBetweenSlices": 1,
    "StationName": "PHILIPS-K5NT78B",
    "UsePhilipsFloatNotDisplayScaling": 1,
    "dataset": "ds003436",
    "modality": "T1w",
    "subject_id": "05"
  },
  "cjv": 0.33225407770449994,
  "cnr": 3.9796823617585417,
  "efc": 0.622978180130342,
  "fber": -1.0,
  "fwhm_avg": 4.090025555555555,
  "fwhm_x": 3.94581,
  "fwhm_y": 4.387072,
  "fwhm_z": 3.937194666666667,
  "icvs_csf": 0.19061283672663143,
  "icvs_gm": 0.4707372357010447,
  "icvs_wm": 0.33864992757232387,
  "inu_med": 0.34976115822792053,
  "inu_range": 0.10396677255630493,
  "provenance": {
    "md5sum": "220ece9100d34b26a7c3b76a38b94ff8",
    "settings": {
      "testing": false
    },
    "software": "mriqc",
    "version": "22.0.6",
    "warnings": {
      "large_rot_frame": true,
      "small_air_mask": false
    },
    "webapi_port": null,
    "webapi_url": "https://mriqc.nimh.nih.gov/api/v1"
  },
  "qi_1": 0.00023476926236020928,
  "qi_2": 1.7626954956679278e-06,
  "rpve_csf": 22.596521486797712,
  "rpve_gm": 10.082719118103983,
  "rpve_wm": 15.211169812982995,
  "size_x": 170,
  "size_y": 256,
  "size_z": 256,
  "snr_csf": 3.080026723227109,
  "snr_gm": 17.480248981966636,
  "snr_total": 15.999541775555883,
  "snr_wm": 27.438349621473904,
  "snrd_csf": 35.7214174948523,
  "snrd_gm": 76.12735306341091,
  "snrd_total": 70.20394695117496,
  "snrd_wm": 98.76307029526164,
  "spacing_x": 1.0,
  "spacing_y": 0.9375,
  "spacing_z": 0.9375,
  "summary_bg_k": 14.001191142111619,
  "summary_bg_mad": 0.0,
  "summary_bg_mean": 3.4148323717337563,
  "summary_bg_median": 0.0,
  "summary_bg_n": 1121540.0,
  "summary_bg_p05": 0.0,
  "summary_bg_p95": 17.07699199952185,
  "summary_bg_stdv": 6.633590640018971,
  "summary_csf_k": 1.103488658245559,
  "summary_csf_mad": 95.17035692558417,
  "summary_csf_mean": 357.31884584487426,
  "summary_csf_median": 361.69759570993483,
  "summary_csf_n": 36407.0,
  "summary_csf_p05": 132.18866606410594,
  "summary_csf_p95": 545.7652604861184,
  "summary_csf_stdv": 117.4316526314306,
  "summary_gm_k": 0.387328974245563,
  "summary_gm_mad": 41.5410536021892,
  "summary_gm_mean": 770.3414907312999,
  "summary_gm_median": 770.8283293843269,
  "summary_gm_n": 51037.0,
  "summary_gm_p05": 696.4597555164248,
  "summary_gm_p95": 842.0311529468745,
  "summary_gm_stdv": 44.09667038957622,
  "summary_wm_k": 0.4870885755567613,
  "summary_wm_mad": 34.610982100781335,
  "summary_wm_mean": 1001.4157242398652,
  "summary_wm_median": 1000.0265268273652,
  "summary_wm_n": 215907.0,
  "summary_wm_p05": 943.8902313539759,
  "summary_wm_p95": 1063.6867909375578,
  "summary_wm_stdv": 36.446223069069326,
  "tpm_overlap_csf": 0.14421430206587105,
  "tpm_overlap_gm": 0.47325496433486347,
  "tpm_overlap_wm": 0.49672269042351014,
  "wm2max": 0.7113864846826591
}