{
  "aor": 0.0009554455445544553,
  "aqi": 0.006029801683168317,
  "bids_meta": {
    "AcquisitionMatrixPE": 80,
    "AcquisitionNumber": 12,
    "AcquisitionTime": "15:46:44.870000",
    "BodyPartExamined": "BRAIN",
    "CoilString": "SENSE_HEAD_8",
    "ConversionSoftware": "dcm2niix",
    "ConversionSoftwareVersion": "v1.0.20190410  Clang4.0.1",
    "Dcm2bidsVersion": "2.1.4",
    "DeviceSerialNumber": "34072",
    "EchoTime": 0.030001,
    "EchoTrainLength": 39,
    "EffectiveEchoSpacing": 0.0002777,
    "FlipAngle": 82,
    "ImageOrientationPatientDICOM": [
      0.998752,
      0.0337625,
      0.0368028,
      -0.0287144,
      0.991101,
      -0.129975
    ],
    "ImageType": [
      "ORIGINAL",
      "PRIMARY",
      "M",
      "FFE",
      "M",
      "FFE"
    ],
    "ImagingFrequency": 127.735,
    "InPlanePhaseEncodingDirectionDICOM": "COL",
    "InstitutionName": "Az.Osp._Udine",
    "InstitutionalDepartmentName": "Radiologia",
    "MRAcquisitionType": "2D",
    "MagneticFieldStrength": 3,
    "Manufacturer": "Philips",
    "ManufacturersModelName": "Achieva",
    "Modality": "MR",
    "PartialFourier": 0.4875,
    "PatientPosition": "HFS",
    "PercentPhaseFOV": 100,
    "PhaseEncodingAxis": "j",
    "PhaseEncodingDirection": "j",
    "PhaseEncodingSteps": 80,
    "PhilipsRescaleIntercept": 0,
    "PhilipsRescaleSlope": 0.844689,
    "PhilipsScaleSlope": 0.000534304,
    "PixelBandwidth": 3608.02,
    "ProtocolName": "SOCIAL_4run",
    "ReconMatrixPE": 80,
    "RepetitionTime": 2,
    "ScanOptions": "FS",
    "ScanningSequence": "GR",
    "SequenceVariant": "SK",
    "SeriesDescription": "SOCIAL_4run",
    "SeriesNumber": 1201,
    "SliceThickness": 3,
    "SliceTiming": [
      0.0,
      0.378378,
      0.702703,
      1.027027,
      1.351351,
      1.675676,
      0.054054,
      0.432432,
      0.756757,
      1.081081,
      1.405405,
      1.72973,
      0.108108,
      0.486486,
      0.810811,
      1.135135,
      1.459459,
      1.783784,
      0.162162,
      0.540541,
      0.864865,
      1.189189,
      1.513514,
      1.837838,
      0.216216,
      0.594595,
      0.918919,
      1.243243,
      1.567568,
      1.891892,
      0.27027,
      0.648649,
      0.972973,
      1.297297,
      1.621622,
      1.945946,
      0.324324
    ],
    "SoftwareVersions": "5.3.1_5.3.1.2",
    "SpacingBetweenSlices": 3,
    "StationName": "PHILIPS-K5NT78B",
    "TaskName": "ANIM",
    "TotalReadoutTime": 0.0219394,
    "UsePhilipsFloatNotDisplayScaling": 1,
    "dataset": "ds003436",
    "modality": "bold",
    "run_id": 1,
    "subject_id": "12",
    "task_id": "anim"
  },
  "dummy_trs": 0,
  "dvars_nstd": 30.5714868736,
  "dvars_std": 1.2825433609999999,
  "dvars_vstd": 1.0084575437,
  "efc": 0.41916041883593913,
  "fber": 130819.96875,
  "fd_mean": 0.11681317791179754,
  "fd_num": 0,
  "fd_perc": 0.0,
  "fwhm_avg": 1.729066666666667,
  "fwhm_x": 1.6490633333333333,
  "fwhm_y": 1.9219533333333334,
  "fwhm_z": 1.6161833333333335,
  "gcor": 0.0156873,
  "gsr_x": -0.019760647788643837,
  "gsr_y": 0.00889966543763876,
  "provenance": {
    "md5sum": "bfdf03e763fe71d6a1672c21eb243f48",
    "settings": {
      "fd_thres": 0.2,
      "testing": false
    },
    "software": "mriqc",
    "version": "22.0.6",
    "webapi_port": null,
    "webapi_url": "https://mriqc.nimh.nih.gov/api/v1"
  },
  "size_t": 101,
  "size_x": 80,
  "size_y": 80,
  "size_z": 37,
  "snr": 5.535691986724673,
  "spacing_tr": 2.000000476837158,
  "spacing_x": 3.0,
  "spacing_y": 3.0,
  "spacing_z": 3.0,
  "summary_bg_k": 66.59378734684756,
  "summary_bg_mad": 9259.365838040721,
  "summary_bg_mean": 65821.703125,
  "summary_bg_median": 6781.24560546875,
  "summary_bg_n": 163447.0,
  "summary_bg_p05": 202.08318481445312,
  "summary_bg_p95": 308073.40937499993,
  "summary_bg_stdv": 185969.8125,
  "summary_fg_k": 1.6090163188688598,
  "summary_fg_mad": 463663.27273184527,
  "summary_fg_mean": 2711715.0,
  "summary_fg_median": 2675235.0,
  "summary_fg_n": 33250.0,
  "summary_fg_p05": 2038066.2375,
  "summary_fg_p95": 3505710.0874999994,
  "summary_fg_stdv": 483262.9375,
  "tsnr": 62.89924621582031
}