{
  "aor": 0.0012686138613861384,
  "aqi": 0.007413537821782178,
  "bids_meta": {
    "AcquisitionMatrixPE": 80,
    "AcquisitionNumber": 21,
    "AcquisitionTime": "16:59:56.950000",
    "BodyPartExamined": "BRAIN",
    "CoilString": "SENSE_HEAD_8",
    "ConversionSoftware": "dcm2niix",
    "ConversionSoftwareVersion": "v1.0.20181125  Clang9.0.0",
    "Dcm2bidsVersion": "2.1.4",
    "DeviceSerialNumber": "34072",
    "EchoTime": 0.030001,
    "EchoTrainLength": 39,
    "EffectiveEchoSpacing": 0.0002777,
    "FlipAngle": 82,
    "ImageOrientationPatientDICOM": [
      0.993685,
      0.106074,
      0.0365805,
      -0.110173,
      0.984146,
      0.138991
    ],
    "ImageType": [
      "ORIGINAL",
      "PRIMARY",
      "M",
      "FFE",
      "M",
      "FFE"
    ],
    "ImagingFrequency": 127.734,
    "InPlanePhaseEncodingDirectionDICOM": "COL",
    "InstitutionName": "Az.Osp._Udine",
    "InstitutionalDepartmentName": "Radiologia",
    "MRAcquisitionType": "2D",
    "MagneticFieldStrength": 3,
    "Manufacturer": "Philips",
    "ManufacturersModelName": "Achieva",
    "Modality": "MR",
    "PartialFourier": 0.4875,
    "PatientPosition": "HFS",
    "PercentPhaseFOV": 100,
    "PhaseEncodingAxis": "j",
    "PhaseEncodingDirection": "j",
    "PhaseEncodingSteps": 80,
    "PhilipsRescaleIntercept": 0,
    "PhilipsRescaleSlope": 0.799023,
    "PhilipsScaleSlope": 0.00243363,
    "PixelBandwidth": 3608.02,
    "ProtocolName": "SOCIAL_4run",
    "ReconMatrixPE": 80,
    "RepetitionTime": 2,
    "ScanOptions": "FS",
    "ScanningSequence": "GR",
    "SequenceVariant": "SK",
    "SeriesDescription": "SOCIAL_4run",
    "SeriesNumber": 2101,
    "SliceThickness": 3,
    "SliceTiming": [
      0.0,
      0.378378,
      0.702703,
      1.027027,
      1.351351,
      1.675676,
      0.054054,
      0.432432,
      0.756757,
      1.081081,
      1.405405,
      1.72973,
      0.108108,
      0.486486,
      0.810811,
      1.135135,
      1.459459,
      1.783784,
      0.162162,
      0.540541,
      0.864865,
      1.189189,
      1.513514,
      1.837838,
      0.216216,
      0.594595,
      0.918919,
      1.243243,
      1.567568,
      1.891892,
      0.27027,
      0.648649,
      0.972973,
      1.297297,
      1.621622,
      1.945946,
      0.324324
    ],
    "SoftwareVersions": "5.3.1_5.3.1.2",
    "SpacingBetweenSlices": 3,
    "StationName": "PHILIPS-K5NT78B",
    "TaskName": "ANIM",
    "TotalReadoutTime": 0.0219394,
    "UsePhilipsFloatNotDisplayScaling": 1,
    "dataset": "ds003436",
    "modality": "bold",
    "run_id": 4,
    "subject_id": "33",
    "task_id": "anim"
  },
  "dummy_trs": 0,
  "dvars_nstd": 30.7391745564,
  "dvars_std": 1.4087193402,
  "dvars_vstd": 1.0008765675000002,
  "efc": 0.3789037279576647,
  "fber": 172917.71875,
  "fd_mean": 0.1353951580230314,
  "fd_num": 9,
  "fd_perc": 8.910891089108912,
  "fwhm_avg": 1.9320533333333334,
  "fwhm_x": 1.8985366666666668,
  "fwhm_y": 2.0680533333333333,
  "fwhm_z": 1.8295700000000001,
  "gcor": 0.0270927,
  "gsr_x": -0.019230792298913002,
  "gsr_y": 0.00724999513477087,
  "provenance": {
    "md5sum": "ac6222044079389abca0b01481633759",
    "settings": {
      "fd_thres": 0.2,
      "testing": false
    },
    "software": "mriqc",
    "version": "22.0.6",
    "webapi_port": null,
    "webapi_url": "https://mriqc.nimh.nih.gov/api/v1"
  },
  "size_t": 101,
  "size_x": 80,
  "size_y": 80,
  "size_z": 37,
  "snr": 5.9016802542338835,
  "spacing_tr": 2.000000476837158,
  "spacing_x": 3.0,
  "spacing_y": 3.0,
  "spacing_z": 3.0,
  "summary_bg_k": 120.03083547361592,
  "summary_bg_mad": 1944.2230065156778,
  "summary_bg_mean": 10688.98046875,
  "summary_bg_median": 1449.515380859375,
  "summary_bg_n": 170164.0,
  "summary_bg_p05": 38.38804607391357,
  "summary_bg_p95": 45688.31718750001,
  "summary_bg_stdv": 32831.0234375,
  "summary_fg_k": 1.3308569677534843,
  "summary_fg_mad": 102932.16091099514,
  "summary_fg_mean": 648888.5,
  "summary_fg_median": 639989.375,
  "summary_fg_n": 28073.0,
  "summary_fg_p05": 495124.85,
  "summary_fg_p95": 836175.1749999998,
  "summary_fg_stdv": 108439.9609375,
  "tsnr": 68.1571044921875
}