{
  "aor": 0.0010327722772277227,
  "aqi": 0.0056688570297029695,
  "bids_meta": {
    "AcquisitionMatrixPE": 80,
    "AcquisitionNumber": 20,
    "AcquisitionTime": "16:55:47.480000",
    "BodyPartExamined": "BRAIN",
    "CoilString": "SENSE_HEAD_8",
    "ConversionSoftware": "dcm2niix",
    "ConversionSoftwareVersion": "v1.0.20181125  Clang9.0.0",
    "Dcm2bidsVersion": "2.1.4",
    "DeviceSerialNumber": "34072",
    "EchoTime": 0.030001,
    "EchoTrainLength": 39,
    "EffectiveEchoSpacing": 0.0002777,
    "FlipAngle": 82,
    "ImageOrientationPatientDICOM": [
      0.993685,
      0.106074,
      0.0365805,
      -0.110173,
      0.984146,
      0.138991
    ],
    "ImageType": [
      "ORIGINAL",
      "PRIMARY",
      "M",
      "FFE",
      "M",
      "FFE"
    ],
    "ImagingFrequency": 127.734,
    "InPlanePhaseEncodingDirectionDICOM": "COL",
    "InstitutionName": "Az.Osp._Udine",
    "InstitutionalDepartmentName": "Radiologia",
    "MRAcquisitionType": "2D",
    "MagneticFieldStrength": 3,
    "Manufacturer": "Philips",
    "ManufacturersModelName": "Achieva",
    "Modality": "MR",
    "PartialFourier": 0.4875,
    "PatientPosition": "HFS",
    "PercentPhaseFOV": 100,
    "PhaseEncodingAxis": "j",
    "PhaseEncodingDirection": "j",
    "PhaseEncodingSteps": 80,
    "PhilipsRescaleIntercept": 0,
    "PhilipsRescaleSlope": 0.805861,
    "PhilipsScaleSlope": 0.000934759,
    "PixelBandwidth": 3608.02,
    "ProtocolName": "SOCIAL_4run",
    "ReconMatrixPE": 80,
    "RepetitionTime": 2,
    "ScanOptions": "FS",
    "ScanningSequence": "GR",
    "SequenceVariant": "SK",
    "SeriesDescription": "SOCIAL_4run",
    "SeriesNumber": 2001,
    "SliceThickness": 3,
    "SliceTiming": [
      0.0,
      0.378378,
      0.702703,
      1.027027,
      1.351351,
      1.675676,
      0.054054,
      0.432432,
      0.756757,
      1.081081,
      1.405405,
      1.72973,
      0.108108,
      0.486486,
      0.810811,
      1.135135,
      1.459459,
      1.783784,
      0.162162,
      0.540541,
      0.864865,
      1.189189,
      1.513514,
      1.837838,
      0.216216,
      0.594595,
      0.918919,
      1.243243,
      1.567568,
      1.891892,
      0.27027,
      0.648649,
      0.972973,
      1.297297,
      1.621622,
      1.945946,
      0.324324
    ],
    "SoftwareVersions": "5.3.1_5.3.1.2",
    "SpacingBetweenSlices": 3,
    "StationName": "PHILIPS-K5NT78B",
    "TaskName": "ANIM",
    "TotalReadoutTime": 0.0219394,
    "UsePhilipsFloatNotDisplayScaling": 1,
    "dataset": "ds003436",
    "modality": "bold",
    "run_id": 1,
    "subject_id": "33",
    "task_id": "anim"
  },
  "dummy_trs": 0,
  "dvars_nstd": 29.8514474871,
  "dvars_std": 1.4148256194999995,
  "dvars_vstd": 1.0139097636,
  "efc": 0.37848152372769206,
  "fber": 178386.6875,
  "fd_mean": 0.14300479600432092,
  "fd_num": 16,
  "fd_perc": 15.841584158415841,
  "fwhm_avg": 1.9381033333333333,
  "fwhm_x": 1.9019000000000001,
  "fwhm_y": 2.0767599999999997,
  "fwhm_z": 1.83565,
  "gcor": 0.0291607,
  "gsr_x": -0.01911301352083683,
  "gsr_y": 0.007001862861216068,
  "provenance": {
    "md5sum": "d5341488f5d86b19ffd41766355cf1c6",
    "settings": {
      "fd_thres": 0.2,
      "testing": false
    },
    "software": "mriqc",
    "version": "22.0.6",
    "webapi_port": null,
    "webapi_url": "https://mriqc.nimh.nih.gov/api/v1"
  },
  "size_t": 101,
  "size_x": 80,
  "size_y": 80,
  "size_z": 37,
  "snr": 5.89445504812803,
  "spacing_tr": 2.000000476837158,
  "spacing_x": 3.0,
  "spacing_y": 3.0,
  "spacing_z": 3.0,
  "summary_bg_k": 121.3055149816571,
  "summary_bg_mad": 5045.627993968803,
  "summary_bg_mean": 27805.6015625,
  "summary_bg_median": 3745.205078125,
  "summary_bg_n": 170184.0,
  "summary_bg_p05": 79.82251663208007,
  "summary_bg_p95": 119160.00390625,
  "summary_bg_stdv": 86182.6640625,
  "summary_fg_k": 1.3049053843697074,
  "summary_fg_mad": 271074.44916227006,
  "summary_fg_mean": 1699700.375,
  "summary_fg_median": 1676920.0,
  "summary_fg_n": 28064.0,
  "summary_fg_p05": 1295200.03125,
  "summary_fg_p95": 2190654.775,
  "summary_fg_stdv": 284486.03125,
  "tsnr": 77.30927276611328
}