{
  "bids_meta": {
    "AcquisitionMatrixPE": 240,
    "AcquisitionNumber": 2,
    "AcquisitionTime": "15:01:5.060000",
    "BodyPartExamined": "BRAIN",
    "CoilString": "SENSE_HEAD_8",
    "ConversionSoftware": "dcm2niix",
    "ConversionSoftwareVersion": "v1.0.20181125  Clang9.0.0",
    "Dcm2bidsVersion": "2.1.4",
    "DeviceSerialNumber": "34072",
    "EchoTime": 0.003723,
    "EchoTrainLength": 240,
    "FlipAngle": 12,
    "ImageOrientationPatientDICOM": [
      -0.00336391,
      0.99999,
      0.00299078,
      0.0488641,
      0.0031516,
      -0.9988
    ],
    "ImageType": [
      "ORIGINAL",
      "PRIMARY",
      "M",
      "FFE",
      "M",
      "FFE"
    ],
    "ImagingFrequency": 127.733,
    "InPlanePhaseEncodingDirectionDICOM": "ROW",
    "InstitutionName": "Az.Osp._Udine",
    "InstitutionalDepartmentName": "Radiologia",
    "MRAcquisitionType": "3D",
    "MagneticFieldStrength": 3,
    "Manufacturer": "Philips",
    "ManufacturersModelName": "Achieva",
    "Modality": "MR",
    "PatientPosition": "HFS",
    "PercentPhaseFOV": 100,
    "PhaseEncodingSteps": 240,
    "PhilipsRescaleIntercept": 0,
    "PhilipsRescaleSlope": 2.74457,
    "PhilipsScaleSlope": 0.000257683,
    "PixelBandwidth": 191.38,
    "ProtocolName": "T1W_3D_VBM",
    "ReconMatrixPE": 256,
    "RepetitionTime": 0.0081221,
    "ScanOptions": "OTHER",
    "ScanningSequence": "GR",
    "SequenceVariant": "MP",
    "SeriesDescription": "T1W_3D_VBM",
    "SeriesNumber": 201,
    "SliceThickness": 1,
    "SoftwareVersions": "5.3.1_5.3.1.2",
    "SpacingBetweenSlices": 1,
    "StationName": "PHILIPS-K5NT78B",
    "UsePhilipsFloatNotDisplayScaling": 1,
    "dataset": "ds003436",
    "modality": "T1w",
    "subject_id": "52"
  },
  "cjv": 0.33937949541723267,
  "cnr": 4.000676801868807,
  "efc": 0.6233468064376053,
  "fber": -1.0,
  "fwhm_avg": 4.089917111111111,
  "fwhm_x": 3.97629,
  "fwhm_y": 4.3797440000000005,
  "fwhm_z": 3.913717333333333,
  "icvs_csf": 0.17219624866382816,
  "icvs_gm": 0.474668277219056,
  "icvs_wm": 0.3531354741171158,
  "inu_med": 0.31012682616710663,
  "inu_range": 0.08587907403707506,
  "provenance": {
    "md5sum": "eda125f310c0464852ef2b7ba910f049",
    "settings": {
      "testing": false
    },
    "software": "mriqc",
    "version": "22.0.6",
    "warnings": {
      "large_rot_frame": true,
      "small_air_mask": false
    },
    "webapi_port": null,
    "webapi_url": "https://mriqc.nimh.nih.gov/api/v1"
  },
  "qi_1": 0.0007014348198120449,
  "qi_2": 6.387620632468378e-07,
  "rpve_csf": 22.78621728619977,
  "rpve_gm": 9.253306995045103,
  "rpve_wm": 13.48034188034188,
  "size_x": 170,
  "size_y": 256,
  "size_z": 256,
  "snr_csf": 2.44247602611584,
  "snr_gm": 17.397700794414988,
  "snr_total": 16.111229295904113,
  "snr_wm": 28.493511067181508,
  "snrd_csf": 41.36840491187283,
  "snrd_gm": 87.8982411567577,
  "snrd_total": 81.02091332272835,
  "snrd_wm": 113.7960938995545,
  "spacing_x": 1.0,
  "spacing_y": 0.9375,
  "spacing_z": 0.9375,
  "summary_bg_k": 23.688856805356476,
  "summary_bg_mad": 0.0,
  "summary_bg_mean": 2.5080658751476266,
  "summary_bg_median": 0.0,
  "summary_bg_n": 1181458.0,
  "summary_bg_p05": 0.0,
  "summary_bg_p95": 13.911699771881104,
  "summary_bg_stdv": 5.757247198133647,
  "summary_csf_k": 0.9530441052635688,
  "summary_csf_mad": 127.44134515132868,
  "summary_csf_mean": 342.22248071600734,
  "summary_csf_median": 363.53976556658745,
  "summary_csf_n": 32896.0,
  "summary_csf_p05": 72.15486643835902,
  "summary_csf_p95": 556.9268837496638,
  "summary_csf_stdv": 148.838406619062,
  "summary_gm_k": 0.11794554680365454,
  "summary_gm_mad": 43.721798940649705,
  "summary_gm_mean": 773.175222745898,
  "summary_gm_median": 772.4374689310789,
  "summary_gm_n": 70238.0,
  "summary_gm_p05": 701.667734405771,
  "summary_gm_p95": 847.1681735303251,
  "summary_gm_stdv": 44.39850870665689,
  "summary_wm_k": 0.38417384461479065,
  "summary_wm_mad": 33.51646503558405,
  "summary_wm_mean": 1001.0313897025943,
  "summary_wm_median": 1000.0241823866963,
  "summary_wm_n": 241739.0,
  "summary_wm_p05": 945.2951690480113,
  "summary_wm_p95": 1060.7912598624825,
  "summary_wm_stdv": 35.09648606064254,
  "tpm_overlap_csf": 0.1402969567861791,
  "tpm_overlap_gm": 0.46741236947832454,
  "tpm_overlap_wm": 0.4821156571095248,
  "wm2max": 0.8526740665993946
}