{
  "aor": 0.0009987128712871287,
  "aqi": 0.005042235841584157,
  "bids_meta": {
    "AcquisitionMatrixPE": 80,
    "AcquisitionNumber": 5,
    "AcquisitionTime": "15:05:38.590000",
    "BodyPartExamined": "BRAIN",
    "CoilString": "SENSE_HEAD_8",
    "ConversionSoftware": "dcm2niix",
    "ConversionSoftwareVersion": "v1.0.20181125  Clang9.0.0",
    "Dcm2bidsVersion": "2.1.4",
    "DeviceSerialNumber": "34072",
    "EchoTime": 0.030001,
    "EchoTrainLength": 39,
    "EffectiveEchoSpacing": 0.0002777,
    "FlipAngle": 82,
    "ImageOrientationPatientDICOM": [
      0.999935,
      0.00774517,
      0.00832883,
      -0.00777319,
      0.999964,
      0.003337
    ],
    "ImageType": [
      "ORIGINAL",
      "PRIMARY",
      "M",
      "FFE",
      "M",
      "FFE"
    ],
    "ImagingFrequency": 127.733,
    "InPlanePhaseEncodingDirectionDICOM": "COL",
    "InstitutionName": "Az.Osp._Udine",
    "InstitutionalDepartmentName": "Radiologia",
    "MRAcquisitionType": "2D",
    "MagneticFieldStrength": 3,
    "Manufacturer": "Philips",
    "ManufacturersModelName": "Achieva",
    "Modality": "MR",
    "PartialFourier": 0.4875,
    "PatientPosition": "HFS",
    "PercentPhaseFOV": 100,
    "PhaseEncodingAxis": "j",
    "PhaseEncodingDirection": "j",
    "PhaseEncodingSteps": 80,
    "PhilipsRescaleIntercept": 0,
    "PhilipsRescaleSlope": 0.847619,
    "PhilipsScaleSlope": 0.000762476,
    "PixelBandwidth": 3608.02,
    "ProtocolName": "SOCIAL_4run",
    "ReconMatrixPE": 80,
    "RepetitionTime": 2,
    "ScanOptions": "FS",
    "ScanningSequence": "GR",
    "SequenceVariant": "SK",
    "SeriesDescription": "SOCIAL_4run",
    "SeriesNumber": 501,
    "SliceThickness": 3,
    "SliceTiming": [
      0.0,
      0.378378,
      0.702703,
      1.027027,
      1.351351,
      1.675676,
      0.054054,
      0.432432,
      0.756757,
      1.081081,
      1.405405,
      1.72973,
      0.108108,
      0.486486,
      0.810811,
      1.135135,
      1.459459,
      1.783784,
      0.162162,
      0.540541,
      0.864865,
      1.189189,
      1.513514,
      1.837838,
      0.216216,
      0.594595,
      0.918919,
      1.243243,
      1.567568,
      1.891892,
      0.27027,
      0.648649,
      0.972973,
      1.297297,
      1.621622,
      1.945946,
      0.324324
    ],
    "SoftwareVersions": "5.3.1_5.3.1.2",
    "SpacingBetweenSlices": 3,
    "StationName": "PHILIPS-K5NT78B",
    "TaskName": "ANIM",
    "TotalReadoutTime": 0.0219394,
    "UsePhilipsFloatNotDisplayScaling": 1,
    "dataset": "ds003436",
    "modality": "bold",
    "run_id": 4,
    "subject_id": "46",
    "task_id": "anim"
  },
  "dummy_trs": 0,
  "dvars_nstd": 26.82812635399999,
  "dvars_std": 1.2948732862999994,
  "dvars_vstd": 1.0104143314999994,
  "efc": 0.39072658157247453,
  "fber": 198061.59375,
  "fd_mean": 0.056920566190649835,
  "fd_num": 0,
  "fd_perc": 0.0,
  "fwhm_avg": 1.908892222222222,
  "fwhm_x": 1.8441133333333333,
  "fwhm_y": 2.1316166666666665,
  "fwhm_z": 1.7509466666666667,
  "gcor": 0.0178351,
  "gsr_x": -0.0211776215583086,
  "gsr_y": 0.011973961256444454,
  "provenance": {
    "md5sum": "0aed067a9ab3793c0d66b721cd52d104",
    "settings": {
      "fd_thres": 0.2,
      "testing": false
    },
    "software": "mriqc",
    "version": "22.0.6",
    "webapi_port": null,
    "webapi_url": "https://mriqc.nimh.nih.gov/api/v1"
  },
  "size_t": 101,
  "size_x": 80,
  "size_y": 80,
  "size_z": 37,
  "snr": 6.1483251173025115,
  "spacing_tr": 2.000000476837158,
  "spacing_x": 3.0,
  "spacing_y": 3.0,
  "spacing_z": 3.0,
  "summary_bg_k": 81.32369879606725,
  "summary_bg_mad": 5661.315123509912,
  "summary_bg_mean": 40387.30859375,
  "summary_bg_median": 4182.2822265625,
  "summary_bg_n": 168347.0,
  "summary_bg_p05": 83.3104530334473,
  "summary_bg_p95": 194300.03281249982,
  "summary_bg_stdv": 121131.578125,
  "summary_fg_k": 1.178636883565849,
  "summary_fg_mad": 307007.6304937198,
  "summary_fg_mean": 1992242.375,
  "summary_fg_median": 1975170.75,
  "summary_fg_n": 29058.0,
  "summary_fg_p05": 1522423.63125,
  "summary_fg_p95": 2526811.15,
  "summary_fg_stdv": 321247.9375,
  "tsnr": 75.72824096679688
}