{
  "aor": 0.0011026732673267326,
  "aqi": 0.005014916039603961,
  "bids_meta": {
    "AcquisitionMatrixPE": 80,
    "AcquisitionNumber": 7,
    "AcquisitionTime": "15:14:18.790000",
    "BodyPartExamined": "BRAIN",
    "CoilString": "SENSE_HEAD_8",
    "ConversionSoftware": "dcm2niix",
    "ConversionSoftwareVersion": "v1.0.20181125  Clang9.0.0",
    "Dcm2bidsVersion": "2.1.4",
    "DeviceSerialNumber": "34072",
    "EchoTime": 0.030001,
    "EchoTrainLength": 39,
    "EffectiveEchoSpacing": 0.0002777,
    "FlipAngle": 82,
    "ImageOrientationPatientDICOM": [
      0.999935,
      0.00774517,
      0.00832883,
      -0.00777319,
      0.999964,
      0.003337
    ],
    "ImageType": [
      "ORIGINAL",
      "PRIMARY",
      "M",
      "FFE",
      "M",
      "FFE"
    ],
    "ImagingFrequency": 127.733,
    "InPlanePhaseEncodingDirectionDICOM": "COL",
    "InstitutionName": "Az.Osp._Udine",
    "InstitutionalDepartmentName": "Radiologia",
    "MRAcquisitionType": "2D",
    "MagneticFieldStrength": 3,
    "Manufacturer": "Philips",
    "ManufacturersModelName": "Achieva",
    "Modality": "MR",
    "PartialFourier": 0.4875,
    "PatientPosition": "HFS",
    "PercentPhaseFOV": 100,
    "PhaseEncodingAxis": "j",
    "PhaseEncodingDirection": "j",
    "PhaseEncodingSteps": 80,
    "PhilipsRescaleIntercept": 0,
    "PhilipsRescaleSlope": 0.850549,
    "PhilipsScaleSlope": 0.000794699,
    "PixelBandwidth": 3608.02,
    "ProtocolName": "SOCIAL_4run",
    "ReconMatrixPE": 80,
    "RepetitionTime": 2,
    "ScanOptions": "FS",
    "ScanningSequence": "GR",
    "SequenceVariant": "SK",
    "SeriesDescription": "SOCIAL_4run",
    "SeriesNumber": 701,
    "SliceThickness": 3,
    "SliceTiming": [
      0.0,
      0.378378,
      0.702703,
      1.027027,
      1.351351,
      1.675676,
      0.054054,
      0.432432,
      0.756757,
      1.081081,
      1.405405,
      1.72973,
      0.108108,
      0.486486,
      0.810811,
      1.135135,
      1.459459,
      1.783784,
      0.162162,
      0.540541,
      0.864865,
      1.189189,
      1.513514,
      1.837838,
      0.216216,
      0.594595,
      0.918919,
      1.243243,
      1.567568,
      1.891892,
      0.27027,
      0.648649,
      0.972973,
      1.297297,
      1.621622,
      1.945946,
      0.324324
    ],
    "SoftwareVersions": "5.3.1_5.3.1.2",
    "SpacingBetweenSlices": 3,
    "StationName": "PHILIPS-K5NT78B",
    "TaskName": "ANIM",
    "TotalReadoutTime": 0.0219394,
    "UsePhilipsFloatNotDisplayScaling": 1,
    "dataset": "ds003436",
    "modality": "bold",
    "run_id": 3,
    "subject_id": "46",
    "task_id": "anim"
  },
  "dummy_trs": 0,
  "dvars_nstd": 29.604293823200006,
  "dvars_std": 1.3656516579999995,
  "dvars_vstd": 1.0143609662999997,
  "efc": 0.39105776904651396,
  "fber": 208112.40625,
  "fd_mean": 0.07397193969976852,
  "fd_num": 1,
  "fd_perc": 0.9900990099009901,
  "fwhm_avg": 1.9075077777777778,
  "fwhm_x": 1.84153,
  "fwhm_y": 2.1296466666666665,
  "fwhm_z": 1.7513466666666666,
  "gcor": 0.0163963,
  "gsr_x": -0.021021876484155655,
  "gsr_y": 0.01160609070211649,
  "provenance": {
    "md5sum": "e86e0ce502ed04c012a32a17b7dcf01c",
    "settings": {
      "fd_thres": 0.2,
      "testing": false
    },
    "software": "mriqc",
    "version": "22.0.6",
    "webapi_port": null,
    "webapi_url": "https://mriqc.nimh.nih.gov/api/v1"
  },
  "size_t": 101,
  "size_x": 80,
  "size_y": 80,
  "size_z": 37,
  "snr": 6.150832117703937,
  "spacing_tr": 2.000000476837158,
  "spacing_x": 3.0,
  "spacing_y": 3.0,
  "spacing_z": 3.0,
  "summary_bg_k": 85.82641713193038,
  "summary_bg_mad": 5438.187652204289,
  "summary_bg_mean": 39916.98046875,
  "summary_bg_median": 4028.2236328125,
  "summary_bg_n": 168245.0,
  "summary_bg_p05": 87.12442932128909,
  "summary_bg_p95": 192423.32187499997,
  "summary_bg_stdv": 120742.234375,
  "summary_fg_k": 1.2363567537533076,
  "summary_fg_mad": 302678.71000359935,
  "summary_fg_mean": 1969513.875,
  "summary_fg_median": 1952445.0,
  "summary_fg_n": 29182.0,
  "summary_fg_p05": 1507237.65625,
  "summary_fg_p95": 2497131.2749999994,
  "summary_fg_stdv": 317422.34375,
  "tsnr": 75.9718017578125
}