{
  "aor": 0.015267326732673265,
  "aqi": 0.01462602396039604,
  "bids_meta": {
    "AcquisitionMatrixPE": 80,
    "AcquisitionNumber": 18,
    "AcquisitionTime": "18:24:0.160000",
    "BodyPartExamined": "BRAIN",
    "CoilString": "SENSE_HEAD_8",
    "ConversionSoftware": "dcm2niix",
    "ConversionSoftwareVersion": "v1.0.20190410  Clang4.0.1",
    "Dcm2bidsVersion": "2.1.4",
    "DeviceSerialNumber": "34072",
    "EchoTime": 0.030001,
    "EchoTrainLength": 39,
    "EffectiveEchoSpacing": 0.0002777,
    "FlipAngle": 82,
    "ImageOrientationPatientDICOM": [
      0.993914,
      0.00581793,
      0.110006,
      0.00870574,
      0.991333,
      -0.131086
    ],
    "ImageType": [
      "ORIGINAL",
      "PRIMARY",
      "M",
      "FFE",
      "M",
      "FFE"
    ],
    "ImagingFrequency": 127.734,
    "InPlanePhaseEncodingDirectionDICOM": "COL",
    "InstitutionName": "Az.Osp._Udine",
    "InstitutionalDepartmentName": "Radiologia",
    "MRAcquisitionType": "2D",
    "MagneticFieldStrength": 3,
    "Manufacturer": "Philips",
    "ManufacturersModelName": "Achieva",
    "Modality": "MR",
    "PartialFourier": 0.4875,
    "PatientPosition": "HFS",
    "PercentPhaseFOV": 100,
    "PhaseEncodingAxis": "j",
    "PhaseEncodingDirection": "j",
    "PhaseEncodingSteps": 80,
    "PhilipsRescaleIntercept": 0,
    "PhilipsRescaleSlope": 0.74359,
    "PhilipsScaleSlope": 0.000653067,
    "PixelBandwidth": 3608.02,
    "ProtocolName": "SOCIAL_4run",
    "ReconMatrixPE": 80,
    "RepetitionTime": 2,
    "ScanOptions": "FS",
    "ScanningSequence": "GR",
    "SequenceVariant": "SK",
    "SeriesDescription": "SOCIAL_4run",
    "SeriesNumber": 1801,
    "SliceThickness": 3,
    "SliceTiming": [
      0.0,
      0.378378,
      0.702703,
      1.027027,
      1.351351,
      1.675676,
      0.054054,
      0.432432,
      0.756757,
      1.081081,
      1.405405,
      1.72973,
      0.108108,
      0.486486,
      0.810811,
      1.135135,
      1.459459,
      1.783784,
      0.162162,
      0.540541,
      0.864865,
      1.189189,
      1.513514,
      1.837838,
      0.216216,
      0.594595,
      0.918919,
      1.243243,
      1.567568,
      1.891892,
      0.27027,
      0.648649,
      0.972973,
      1.297297,
      1.621622,
      1.945946,
      0.324324
    ],
    "SoftwareVersions": "5.3.1_5.3.1.2",
    "SpacingBetweenSlices": 3,
    "StationName": "PHILIPS-K5NT78B",
    "TaskName": "ANIM",
    "TotalReadoutTime": 0.0219394,
    "UsePhilipsFloatNotDisplayScaling": 1,
    "dataset": "ds003436",
    "modality": "bold",
    "run_id": 1,
    "subject_id": "25",
    "task_id": "anim"
  },
  "dummy_trs": 0,
  "dvars_nstd": 30.900636825800007,
  "dvars_std": 1.3079909260000002,
  "dvars_vstd": 1.0920030796999998,
  "efc": 0.41692509596060084,
  "fber": 127155.2265625,
  "fd_mean": 0.24282501920726468,
  "fd_num": 34,
  "fd_perc": 33.663366336633665,
  "fwhm_avg": 1.9617478273452693,
  "fwhm_x": 1.9460466666666667,
  "fwhm_y": 2.0680866666666664,
  "fwhm_z": 1.8711101487024744,
  "gcor": 0.0161946,
  "gsr_x": -0.011748705990612507,
  "gsr_y": 0.01584406942129135,
  "provenance": {
    "md5sum": "6b5fd8086738a7f32df96e8bb0dcfaec",
    "settings": {
      "fd_thres": 0.2,
      "testing": false
    },
    "software": "mriqc",
    "version": "22.0.6",
    "webapi_port": null,
    "webapi_url": "https://mriqc.nimh.nih.gov/api/v1"
  },
  "size_t": 101,
  "size_x": 80,
  "size_y": 80,
  "size_z": 37,
  "snr": 5.386745411730015,
  "spacing_tr": 2.000000476837158,
  "spacing_x": 3.0,
  "spacing_y": 3.0,
  "spacing_z": 2.999999761581421,
  "summary_bg_k": 162.31298656816384,
  "summary_bg_mad": 7888.511232611514,
  "summary_bg_mean": 49143.4921875,
  "summary_bg_median": 6013.2197265625,
  "summary_bg_n": 162160.0,
  "summary_bg_p05": 329.2680374145508,
  "summary_bg_p95": 213308.8398437499,
  "summary_bg_stdv": 174280.25,
  "summary_fg_k": 2.3257502979903233,
  "summary_fg_mad": 369315.37866599753,
  "summary_fg_mean": 2310218.25,
  "summary_fg_median": 2252390.25,
  "summary_fg_n": 34568.0,
  "summary_fg_p05": 1773384.84375,
  "summary_fg_p95": 3034160.187500001,
  "summary_fg_stdv": 418129.59375,
  "tsnr": 49.162109375
}