{
  "aor": 0.004017227722772277,
  "aqi": 0.02011880594059406,
  "bids_meta": {
    "AcquisitionMatrixPE": 80,
    "AcquisitionNumber": 21,
    "AcquisitionTime": "18:38:41.420000",
    "BodyPartExamined": "BRAIN",
    "CoilString": "SENSE_HEAD_8",
    "ConversionSoftware": "dcm2niix",
    "ConversionSoftwareVersion": "v1.0.20190410  Clang4.0.1",
    "Dcm2bidsVersion": "2.1.4",
    "DeviceSerialNumber": "34072",
    "EchoTime": 0.030001,
    "EchoTrainLength": 39,
    "EffectiveEchoSpacing": 0.0002777,
    "FlipAngle": 82,
    "ImageOrientationPatientDICOM": [
      0.993914,
      0.00581793,
      0.110006,
      0.00870574,
      0.991333,
      -0.131086
    ],
    "ImageType": [
      "ORIGINAL",
      "PRIMARY",
      "M",
      "FFE",
      "M",
      "FFE"
    ],
    "ImagingFrequency": 127.734,
    "InPlanePhaseEncodingDirectionDICOM": "COL",
    "InstitutionName": "Az.Osp._Udine",
    "InstitutionalDepartmentName": "Radiologia",
    "MRAcquisitionType": "2D",
    "MagneticFieldStrength": 3,
    "Manufacturer": "Philips",
    "ManufacturersModelName": "Achieva",
    "Modality": "MR",
    "PartialFourier": 0.4875,
    "PatientPosition": "HFS",
    "PercentPhaseFOV": 100,
    "PhaseEncodingAxis": "j",
    "PhaseEncodingDirection": "j",
    "PhaseEncodingSteps": 80,
    "PhilipsRescaleIntercept": 0,
    "PhilipsRescaleSlope": 0.752381,
    "PhilipsScaleSlope": 0.000639075,
    "PixelBandwidth": 3608.02,
    "ProtocolName": "SOCIAL_4run",
    "ReconMatrixPE": 80,
    "RepetitionTime": 2,
    "ScanOptions": "FS",
    "ScanningSequence": "GR",
    "SequenceVariant": "SK",
    "SeriesDescription": "SOCIAL_4run",
    "SeriesNumber": 2101,
    "SliceThickness": 3,
    "SliceTiming": [
      0.0,
      0.378378,
      0.702703,
      1.027027,
      1.351351,
      1.675676,
      0.054054,
      0.432432,
      0.756757,
      1.081081,
      1.405405,
      1.72973,
      0.108108,
      0.486486,
      0.810811,
      1.135135,
      1.459459,
      1.783784,
      0.162162,
      0.540541,
      0.864865,
      1.189189,
      1.513514,
      1.837838,
      0.216216,
      0.594595,
      0.918919,
      1.243243,
      1.567568,
      1.891892,
      0.27027,
      0.648649,
      0.972973,
      1.297297,
      1.621622,
      1.945946,
      0.324324
    ],
    "SoftwareVersions": "5.3.1_5.3.1.2",
    "SpacingBetweenSlices": 3,
    "StationName": "PHILIPS-K5NT78B",
    "TaskName": "ANIM",
    "TotalReadoutTime": 0.0219394,
    "UsePhilipsFloatNotDisplayScaling": 1,
    "dataset": "ds003436",
    "modality": "bold",
    "run_id": 4,
    "subject_id": "25",
    "task_id": "anim"
  },
  "dummy_trs": 0,
  "dvars_nstd": 30.570013122199995,
  "dvars_std": 1.0664142052000003,
  "dvars_vstd": 0.9228376265999992,
  "efc": 0.4147383423830835,
  "fber": 117811.4921875,
  "fd_mean": 0.28319349328737387,
  "fd_num": 40,
  "fd_perc": 39.603960396039604,
  "fwhm_avg": 2.0246711623629854,
  "fwhm_x": 2.0079766666666665,
  "fwhm_y": 2.131343333333333,
  "fwhm_z": 1.9346934870889574,
  "gcor": 0.0144128,
  "gsr_x": -0.009518294595181942,
  "gsr_y": 0.01383099053055048,
  "provenance": {
    "md5sum": "cb895c8e46275663de7c1e50db8a31b1",
    "settings": {
      "fd_thres": 0.2,
      "testing": false
    },
    "software": "mriqc",
    "version": "22.0.6",
    "webapi_port": null,
    "webapi_url": "https://mriqc.nimh.nih.gov/api/v1"
  },
  "size_t": 101,
  "size_x": 80,
  "size_y": 80,
  "size_z": 37,
  "snr": 5.243589338960705,
  "spacing_tr": 2.000000476837158,
  "spacing_x": 3.0,
  "spacing_y": 3.0,
  "spacing_z": 2.999999761581421,
  "summary_bg_k": 174.85968178066224,
  "summary_bg_mad": 8389.479119788295,
  "summary_bg_mean": 46969.28515625,
  "summary_bg_median": 6401.43310546875,
  "summary_bg_n": 162365.0,
  "summary_bg_p05": 336.6737976074219,
  "summary_bg_p95": 207749.2999999999,
  "summary_bg_stdv": 159614.625,
  "summary_fg_k": 2.3523919872294794,
  "summary_fg_mad": 379509.7515204421,
  "summary_fg_mean": 2334953.5,
  "summary_fg_median": 2273005.75,
  "summary_fg_n": 34444.0,
  "summary_fg_p05": 1779921.44375,
  "summary_fg_p95": 3095891.4499999997,
  "summary_fg_stdv": 433476.5,
  "tsnr": 41.057395935058594
}