{
  "aor": 0.005384700000000001,
  "aqi": 0.014827421100000002,
  "bids_meta": {
    "AcquisitionMatrixPE": 80,
    "AcquisitionNumber": 19,
    "AcquisitionTime": "18:29:9.470000",
    "BodyPartExamined": "BRAIN",
    "CoilString": "SENSE_HEAD_8",
    "ConversionSoftware": "dcm2niix",
    "ConversionSoftwareVersion": "v1.0.20190410  Clang4.0.1",
    "Dcm2bidsVersion": "2.1.4",
    "DeviceSerialNumber": "34072",
    "EchoTime": 0.030001,
    "EchoTrainLength": 39,
    "EffectiveEchoSpacing": 0.0002777,
    "FlipAngle": 82,
    "ImageOrientationPatientDICOM": [
      0.993914,
      0.00581793,
      0.110006,
      0.00870574,
      0.991333,
      -0.131086
    ],
    "ImageType": [
      "ORIGINAL",
      "PRIMARY",
      "M",
      "FFE",
      "M",
      "FFE"
    ],
    "ImagingFrequency": 127.734,
    "InPlanePhaseEncodingDirectionDICOM": "COL",
    "InstitutionName": "Az.Osp._Udine",
    "InstitutionalDepartmentName": "Radiologia",
    "MRAcquisitionType": "2D",
    "MagneticFieldStrength": 3,
    "Manufacturer": "Philips",
    "ManufacturersModelName": "Achieva",
    "Modality": "MR",
    "PartialFourier": 0.4875,
    "PatientPosition": "HFS",
    "PercentPhaseFOV": 100,
    "PhaseEncodingAxis": "j",
    "PhaseEncodingDirection": "j",
    "PhaseEncodingSteps": 80,
    "PhilipsRescaleIntercept": 0,
    "PhilipsRescaleSlope": 0.744322,
    "PhilipsScaleSlope": 0.00104943,
    "PixelBandwidth": 3608.02,
    "ProtocolName": "SOCIAL_4run",
    "ReconMatrixPE": 80,
    "RepetitionTime": 2,
    "ScanOptions": "FS",
    "ScanningSequence": "GR",
    "SequenceVariant": "SK",
    "SeriesDescription": "SOCIAL_4run",
    "SeriesNumber": 1901,
    "SliceThickness": 3,
    "SliceTiming": [
      0.0,
      0.378378,
      0.702703,
      1.027027,
      1.351351,
      1.675676,
      0.054054,
      0.432432,
      0.756757,
      1.081081,
      1.405405,
      1.72973,
      0.108108,
      0.486486,
      0.810811,
      1.135135,
      1.459459,
      1.783784,
      0.162162,
      0.540541,
      0.864865,
      1.189189,
      1.513514,
      1.837838,
      0.216216,
      0.594595,
      0.918919,
      1.243243,
      1.567568,
      1.891892,
      0.27027,
      0.648649,
      0.972973,
      1.297297,
      1.621622,
      1.945946,
      0.324324
    ],
    "SoftwareVersions": "5.3.1_5.3.1.2",
    "SpacingBetweenSlices": 3,
    "StationName": "PHILIPS-K5NT78B",
    "TaskName": "ANIM",
    "TotalReadoutTime": 0.0219394,
    "UsePhilipsFloatNotDisplayScaling": 1,
    "dataset": "ds003436",
    "modality": "bold",
    "run_id": 2,
    "subject_id": "25",
    "task_id": "anim"
  },
  "dummy_trs": 1,
  "dvars_nstd": 29.146158989393946,
  "dvars_std": 1.097069824545454,
  "dvars_vstd": 0.9414492415151513,
  "efc": 0.4150432991929408,
  "fber": 129974.1328125,
  "fd_mean": 0.21430423520989023,
  "fd_num": 22,
  "fd_perc": 22.0,
  "fwhm_avg": 1.9628344929747266,
  "fwhm_x": 1.9693466666666666,
  "fwhm_y": 2.0871999999999997,
  "fwhm_z": 1.8319568122575134,
  "gcor": 0.00845516,
  "gsr_x": -0.010688588954508305,
  "gsr_y": 0.015035419724881649,
  "provenance": {
    "md5sum": "e8ce388d1039657e8d2e67a1330f51a6",
    "settings": {
      "fd_thres": 0.2,
      "testing": false
    },
    "software": "mriqc",
    "version": "22.0.6",
    "webapi_port": null,
    "webapi_url": "https://mriqc.nimh.nih.gov/api/v1"
  },
  "size_t": 100,
  "size_x": 80,
  "size_y": 80,
  "size_z": 37,
  "snr": 5.302915216694574,
  "spacing_tr": 2.000000476837158,
  "spacing_x": 3.0,
  "spacing_y": 3.0,
  "spacing_z": 2.999999761581421,
  "summary_bg_k": 168.04530007752797,
  "summary_bg_mad": 5020.6257318494045,
  "summary_bg_mean": 30085.716796875,
  "summary_bg_median": 3774.88623046875,
  "summary_bg_n": 162410.0,
  "summary_bg_p05": 159.6576141357422,
  "summary_bg_p95": 131476.003125,
  "summary_bg_stdv": 106251.6015625,
  "summary_fg_k": 2.260273965393276,
  "summary_fg_mad": 232319.69048372694,
  "summary_fg_mean": 1432133.125,
  "summary_fg_median": 1394993.75,
  "summary_fg_n": 34347.0,
  "summary_fg_p05": 1095501.9000000001,
  "summary_fg_p95": 1896157.8124999998,
  "summary_fg_stdv": 263057.84375,
  "tsnr": 46.522003173828125
}