{
  "aor": 0.03562881188118812,
  "aqi": 0.040060280495049505,
  "bids_meta": {
    "AcquisitionMatrixPE": 80,
    "AcquisitionNumber": 19,
    "AcquisitionTime": "18:14:40.740000",
    "BodyPartExamined": "BRAIN",
    "CoilString": "SENSE_HEAD_8",
    "ConversionSoftware": "dcm2niix",
    "ConversionSoftwareVersion": "v1.0.20181125  Clang9.0.0",
    "Dcm2bidsVersion": "2.1.4",
    "DeviceSerialNumber": "34072",
    "EchoTime": 0.030001,
    "EchoTrainLength": 39,
    "EffectiveEchoSpacing": 0.0002777,
    "FlipAngle": 82,
    "ImageOrientationPatientDICOM": [
      0.99936,
      0.00352992,
      0.035593,
      -0.00741431,
      0.993948,
      0.1096
    ],
    "ImageType": [
      "ORIGINAL",
      "PRIMARY",
      "M",
      "FFE",
      "M",
      "FFE"
    ],
    "ImagingFrequency": 127.733,
    "InPlanePhaseEncodingDirectionDICOM": "COL",
    "InstitutionName": "Az.Osp._Udine",
    "InstitutionalDepartmentName": "Radiologia",
    "MRAcquisitionType": "2D",
    "MagneticFieldStrength": 3,
    "Manufacturer": "Philips",
    "ManufacturersModelName": "Achieva",
    "Modality": "MR",
    "PartialFourier": 0.4875,
    "PatientPosition": "HFS",
    "PercentPhaseFOV": 100,
    "PhaseEncodingAxis": "j",
    "PhaseEncodingDirection": "j",
    "PhaseEncodingSteps": 80,
    "PhilipsRescaleIntercept": 0,
    "PhilipsRescaleSlope": 0.834432,
    "PhilipsScaleSlope": 0.00102292,
    "PixelBandwidth": 3608.02,
    "ProtocolName": "SOCIAL_4run",
    "ReconMatrixPE": 80,
    "RepetitionTime": 2,
    "ScanOptions": "FS",
    "ScanningSequence": "GR",
    "SequenceVariant": "SK",
    "SeriesDescription": "SOCIAL_4run",
    "SeriesNumber": 1901,
    "SliceThickness": 3,
    "SliceTiming": [
      0.0,
      0.378378,
      0.702703,
      1.027027,
      1.351351,
      1.675676,
      0.054054,
      0.432432,
      0.756757,
      1.081081,
      1.405405,
      1.72973,
      0.108108,
      0.486486,
      0.810811,
      1.135135,
      1.459459,
      1.783784,
      0.162162,
      0.540541,
      0.864865,
      1.189189,
      1.513514,
      1.837838,
      0.216216,
      0.594595,
      0.918919,
      1.243243,
      1.567568,
      1.891892,
      0.27027,
      0.648649,
      0.972973,
      1.297297,
      1.621622,
      1.945946,
      0.324324
    ],
    "SoftwareVersions": "5.3.1_5.3.1.2",
    "SpacingBetweenSlices": 3,
    "StationName": "PHILIPS-K5NT78B",
    "TaskName": "ANIM",
    "TotalReadoutTime": 0.0219394,
    "UsePhilipsFloatNotDisplayScaling": 1,
    "dataset": "ds003436",
    "modality": "bold",
    "run_id": 1,
    "subject_id": "55",
    "task_id": "anim"
  },
  "dummy_trs": 0,
  "dvars_nstd": 43.898583240400015,
  "dvars_std": 1.2578952383000002,
  "dvars_vstd": 1.2604443803000003,
  "efc": 0.4131596374939788,
  "fber": 233041.59375,
  "fd_mean": 0.7906376044068889,
  "fd_num": 61,
  "fd_perc": 60.396039603960396,
  "fwhm_avg": 1.8659744444444444,
  "fwhm_x": 1.8026333333333333,
  "fwhm_y": 2.02943,
  "fwhm_z": 1.76586,
  "gcor": 0.0538807,
  "gsr_x": -0.010062087327241898,
  "gsr_y": 0.01794661208987236,
  "provenance": {
    "md5sum": "afd217e54e0234ff952a1ff632e79712",
    "settings": {
      "fd_thres": 0.2,
      "testing": false
    },
    "software": "mriqc",
    "version": "22.0.6",
    "webapi_port": null,
    "webapi_url": "https://mriqc.nimh.nih.gov/api/v1"
  },
  "size_t": 101,
  "size_x": 80,
  "size_y": 80,
  "size_z": 37,
  "snr": 6.900260099174309,
  "spacing_tr": 2.000000476837158,
  "spacing_x": 3.0,
  "spacing_y": 3.0,
  "spacing_z": 3.0,
  "summary_bg_k": 170.18460104761735,
  "summary_bg_mad": 4277.409609812844,
  "summary_bg_mean": 32177.869140625,
  "summary_bg_median": 3502.923583984375,
  "summary_bg_n": 162846.0,
  "summary_bg_p05": 329.4233169555664,
  "summary_bg_p95": 147493.0078125,
  "summary_bg_stdv": 109878.21875,
  "summary_fg_k": 2.3629124955101197,
  "summary_fg_mad": 223193.16187716107,
  "summary_fg_mean": 1729773.125,
  "summary_fg_median": 1712131.75,
  "summary_fg_n": 34267.0,
  "summary_fg_p05": 1377566.2625,
  "summary_fg_p95": 2141583.875,
  "summary_fg_stdv": 248122.0625,
  "tsnr": 26.169429779052734
}