{
  "bids_meta": {
    "AcquisitionMatrixPE": 240,
    "AcquisitionNumber": 2,
    "AcquisitionTime": "16:52:35.780000",
    "BodyPartExamined": "BRAIN",
    "CoilString": "SENSE_HEAD_8",
    "ConversionSoftware": "dcm2niix",
    "ConversionSoftwareVersion": "v1.0.20190410  Clang4.0.1",
    "Dcm2bidsVersion": "2.1.4",
    "DeviceSerialNumber": "34072",
    "EchoTime": 0.003722,
    "EchoTrainLength": 240,
    "FlipAngle": 12,
    "ImageOrientationPatientDICOM": [
      -0.0224337,
      0.999746,
      0.00237196,
      -0.0454939,
      0.00134925,
      -0.998964
    ],
    "ImageType": [
      "ORIGINAL",
      "PRIMARY",
      "M",
      "FFE",
      "M",
      "FFE"
    ],
    "ImagingFrequency": 127.735,
    "InPlanePhaseEncodingDirectionDICOM": "ROW",
    "InstitutionName": "Az.Osp._Udine",
    "InstitutionalDepartmentName": "Radiologia",
    "MRAcquisitionType": "3D",
    "MagneticFieldStrength": 3,
    "Manufacturer": "Philips",
    "ManufacturersModelName": "Achieva",
    "Modality": "MR",
    "PatientPosition": "HFS",
    "PercentPhaseFOV": 100,
    "PhaseEncodingSteps": 240,
    "PhilipsRescaleIntercept": 0,
    "PhilipsRescaleSlope": 3.29353,
    "PhilipsScaleSlope": 0.000122866,
    "PixelBandwidth": 191.38,
    "ProtocolName": "T1W_3D_VBM",
    "ReconMatrixPE": 256,
    "RepetitionTime": 0.0081319,
    "ScanOptions": "OTHER",
    "ScanningSequence": "GR",
    "SequenceVariant": "MP",
    "SeriesDescription": "T1W_3D_VBM",
    "SeriesNumber": 201,
    "SliceThickness": 1,
    "SoftwareVersions": "5.3.1_5.3.1.2",
    "SpacingBetweenSlices": 1,
    "StationName": "PHILIPS-K5NT78B",
    "UsePhilipsFloatNotDisplayScaling": 1,
    "dataset": "ds003436",
    "modality": "T1w",
    "subject_id": "11"
  },
  "cjv": 0.4242988069142493,
  "cnr": 3.22423924541986,
  "efc": 0.584175028909898,
  "fber": -1.0,
  "fwhm_avg": 4.608137111111112,
  "fwhm_x": 4.38135,
  "fwhm_y": 4.976874666666666,
  "fwhm_z": 4.466186666666667,
  "icvs_csf": 0.18726221435245277,
  "icvs_gm": 0.39381162554216276,
  "icvs_wm": 0.41892616010538447,
  "inu_med": 0.36360909044742584,
  "inu_range": 0.11752000898122783,
  "provenance": {
    "md5sum": "172ce71b39178bebc271dff82ec8371d",
    "settings": {
      "testing": false
    },
    "software": "mriqc",
    "version": "22.0.6",
    "warnings": {
      "large_rot_frame": true,
      "small_air_mask": false
    },
    "webapi_port": null,
    "webapi_url": "https://mriqc.nimh.nih.gov/api/v1"
  },
  "qi_1": 0.0014163553212744092,
  "qi_2": 6.288012645074952e-07,
  "rpve_csf": 25.4844291692948,
  "rpve_gm": 11.898247868721493,
  "rpve_wm": 13.097317356341215,
  "size_x": 170,
  "size_y": 256,
  "size_z": 256,
  "snr_csf": 2.8291657205387764,
  "snr_gm": 14.589638115480444,
  "snr_total": 12.444490563360253,
  "snr_wm": 19.914667854061534,
  "snrd_csf": 16.180000415361118,
  "snrd_gm": 36.31304982357783,
  "snrd_total": 33.378536213937245,
  "snrd_wm": 47.642558402872794,
  "spacing_x": 1.0,
  "spacing_y": 0.9375,
  "spacing_z": 0.9375,
  "summary_bg_k": 19.187158768570768,
  "summary_bg_mad": 0.0,
  "summary_bg_mean": 5.783642989578548,
  "summary_bg_median": 0.0,
  "summary_bg_n": 1214361.0,
  "summary_bg_p05": 0.0,
  "summary_bg_p95": 33.209806345403194,
  "summary_bg_stdv": 13.751728528017578,
  "summary_csf_k": 0.29347169627852443,
  "summary_csf_mad": 107.27875292521105,
  "summary_csf_mean": 331.31076418470747,
  "summary_csf_median": 339.6284701861441,
  "summary_csf_n": 46859.0,
  "summary_csf_p05": 113.97520018927753,
  "summary_csf_p95": 523.2848756350576,
  "summary_csf_stdv": 120.04416841353462,
  "summary_gm_k": 0.0010566795945980978,
  "summary_gm_mad": 52.47713127333042,
  "summary_gm_mean": 763.7078281985902,
  "summary_gm_median": 762.2339457832277,
  "summary_gm_n": 30480.0,
  "summary_gm_p05": 680.2309046499431,
  "summary_gm_p95": 850.8456908687948,
  "summary_gm_stdv": 52.24402660366293,
  "summary_wm_k": 0.34672533511060033,
  "summary_wm_mad": 48.426882886462636,
  "summary_wm_mean": 1005.2843943685019,
  "summary_wm_median": 1000.0475161150098,
  "summary_wm_n": 259425.0,
  "summary_wm_p05": 931.4661778323352,
  "summary_wm_p95": 1096.2324273400009,
  "summary_wm_stdv": 50.21653366306626,
  "tpm_overlap_csf": 0.1322321367859266,
  "tpm_overlap_gm": 0.4477573477559492,
  "tpm_overlap_wm": 0.4999837594604618,
  "wm2max": 0.7529137828676385
}