{
  "bids_meta": {
    "AcquisitionMatrixPE": 240,
    "AcquisitionNumber": 2,
    "AcquisitionTime": "14:57:18.880000",
    "BodyPartExamined": "BRAIN",
    "CoilString": "SENSE_HEAD_8",
    "ConversionSoftware": "dcm2niix",
    "ConversionSoftwareVersion": "v1.0.20181125  Clang9.0.0",
    "Dcm2bidsVersion": "2.1.4",
    "DeviceSerialNumber": "34072",
    "EchoTime": 0.003714,
    "EchoTrainLength": 240,
    "FlipAngle": 12,
    "ImageOrientationPatientDICOM": [
      -0.00303132,
      0.999991,
      0.00283941,
      0.0361598,
      0.00294718,
      -0.999342
    ],
    "ImageType": [
      "ORIGINAL",
      "PRIMARY",
      "M",
      "FFE",
      "M",
      "FFE"
    ],
    "ImagingFrequency": 127.733,
    "InPlanePhaseEncodingDirectionDICOM": "ROW",
    "InstitutionName": "Az.Osp._Udine",
    "InstitutionalDepartmentName": "Radiologia",
    "MRAcquisitionType": "3D",
    "MagneticFieldStrength": 3,
    "Manufacturer": "Philips",
    "ManufacturersModelName": "Achieva",
    "Modality": "MR",
    "PatientPosition": "HFS",
    "PercentPhaseFOV": 100,
    "PhaseEncodingSteps": 240,
    "PhilipsRescaleIntercept": 0,
    "PhilipsRescaleSlope": 2.63956,
    "PhilipsScaleSlope": 0.000267908,
    "PixelBandwidth": 191.38,
    "ProtocolName": "T1W_3D_VBM",
    "ReconMatrixPE": 256,
    "RepetitionTime": 0.0081047,
    "ScanOptions": "OTHER",
    "ScanningSequence": "GR",
    "SequenceVariant": "MP",
    "SeriesDescription": "T1W_3D_VBM",
    "SeriesNumber": 201,
    "SliceThickness": 1,
    "SoftwareVersions": "5.3.1_5.3.1.2",
    "SpacingBetweenSlices": 1,
    "StationName": "PHILIPS-K5NT78B",
    "UsePhilipsFloatNotDisplayScaling": 1,
    "dataset": "ds003436",
    "modality": "T1w",
    "subject_id": "48"
  },
  "cjv": 0.3725942646748649,
  "cnr": 3.6645487692330865,
  "efc": 0.5935816496823547,
  "fber": -1.0,
  "fwhm_avg": 4.039299555555555,
  "fwhm_x": 3.94192,
  "fwhm_y": 4.335946666666667,
  "fwhm_z": 3.840032,
  "icvs_csf": 0.18015177649041603,
  "icvs_gm": 0.460752843582353,
  "icvs_wm": 0.35909537992723095,
  "inu_med": 0.29752059280872345,
  "inu_range": 0.07488612383604054,
  "provenance": {
    "md5sum": "4fb725a332cc7407d384bc9ef56bac77",
    "settings": {
      "testing": false
    },
    "software": "mriqc",
    "version": "22.0.6",
    "warnings": {
      "large_rot_frame": true,
      "small_air_mask": false
    },
    "webapi_port": null,
    "webapi_url": "https://mriqc.nimh.nih.gov/api/v1"
  },
  "qi_1": 0.0007987292669473773,
  "qi_2": 9.285088792432394e-07,
  "rpve_csf": 24.292252090839828,
  "rpve_gm": 10.43795403086173,
  "rpve_wm": 14.653027714704072,
  "size_x": 170,
  "size_y": 256,
  "size_z": 256,
  "snr_csf": 2.2052939343932447,
  "snr_gm": 17.546100976078616,
  "snr_total": 16.044486931976383,
  "snr_wm": 28.382065885457294,
  "snrd_csf": 37.187367346834414,
  "snrd_gm": 85.72777239473022,
  "snrd_total": 77.17013868851679,
  "snrd_wm": 108.59527632398574,
  "spacing_x": 1.0,
  "spacing_y": 0.9375,
  "spacing_z": 0.9375,
  "summary_bg_k": 18.266078645533803,
  "summary_bg_mad": 0.0,
  "summary_bg_mean": 2.884274280107387,
  "summary_bg_median": 0.0,
  "summary_bg_n": 1257496.0,
  "summary_bg_p05": 0.0,
  "summary_bg_p95": 14.313625566661358,
  "summary_bg_stdv": 6.033082182636412,
  "summary_csf_k": 0.3898706175231452,
  "summary_csf_mad": 144.99199845260662,
  "summary_csf_mean": 325.37678407338035,
  "summary_csf_median": 342.45455352403224,
  "summary_csf_n": 35606.0,
  "summary_csf_p05": 64.88914379663765,
  "summary_csf_p95": 569.6886686030775,
  "summary_csf_stdv": 155.28530650950074,
  "summary_gm_k": 0.08649493407135367,
  "summary_gm_mad": 44.520887255588654,
  "summary_gm_mean": 788.6848445386577,
  "summary_gm_median": 789.4580368176103,
  "summary_gm_n": 51696.0,
  "summary_gm_p05": 713.5735226394609,
  "summary_gm_p95": 861.0102370260283,
  "summary_gm_stdv": 44.99292476861566,
  "summary_wm_k": 0.3589722440040086,
  "summary_wm_mad": 33.94166652158739,
  "summary_wm_mean": 1001.1466604422209,
  "summary_wm_median": 1000.0424746796489,
  "summary_wm_n": 227017.0,
  "summary_wm_p05": 945.3151555620134,
  "summary_wm_p95": 1060.7585807554424,
  "summary_wm_stdv": 35.23493589724406,
  "tpm_overlap_csf": 0.1382563350984608,
  "tpm_overlap_gm": 0.4810816241806883,
  "tpm_overlap_wm": 0.5133794810477902,
  "wm2max": 0.8307752020041635
}