{
  "aor": 0.005218613861386138,
  "aqi": 0.009056377524752475,
  "bids_meta": {
    "AcquisitionMatrixPE": 80,
    "AcquisitionNumber": 16,
    "AcquisitionTime": "16:10:54.900000",
    "BodyPartExamined": "BRAIN",
    "CoilString": "SENSE_HEAD_8",
    "ConversionSoftware": "dcm2niix",
    "ConversionSoftwareVersion": "v1.0.20190410  Clang4.0.1",
    "Dcm2bidsVersion": "2.1.4",
    "DeviceSerialNumber": "34072",
    "EchoTime": 0.030001,
    "EchoTrainLength": 39,
    "EffectiveEchoSpacing": 0.0002777,
    "FlipAngle": 82,
    "ImageOrientationPatientDICOM": [
      0.999259,
      0.0384401,
      0.0019348,
      -0.0381029,
      0.995091,
      -0.0913368
    ],
    "ImageType": [
      "ORIGINAL",
      "PRIMARY",
      "M",
      "FFE",
      "M",
      "FFE"
    ],
    "ImagingFrequency": 127.734,
    "InPlanePhaseEncodingDirectionDICOM": "COL",
    "InstitutionName": "Az.Osp._Udine",
    "InstitutionalDepartmentName": "Radiologia",
    "MRAcquisitionType": "2D",
    "MagneticFieldStrength": 3,
    "Manufacturer": "Philips",
    "ManufacturersModelName": "Achieva",
    "Modality": "MR",
    "PartialFourier": 0.4875,
    "PatientPosition": "HFS",
    "PercentPhaseFOV": 100,
    "PhaseEncodingAxis": "j",
    "PhaseEncodingDirection": "j",
    "PhaseEncodingSteps": 80,
    "PhilipsRescaleIntercept": 0,
    "PhilipsRescaleSlope": 0.788767,
    "PhilipsScaleSlope": 0.000518166,
    "PixelBandwidth": 3608.02,
    "ProtocolName": "SOCIAL_4run",
    "ReconMatrixPE": 80,
    "RepetitionTime": 2,
    "ScanOptions": "FS",
    "ScanningSequence": "GR",
    "SequenceVariant": "SK",
    "SeriesDescription": "SOCIAL_4run",
    "SeriesNumber": 1601,
    "SliceThickness": 3,
    "SliceTiming": [
      0.0,
      0.378378,
      0.702703,
      1.027027,
      1.351351,
      1.675676,
      0.054054,
      0.432432,
      0.756757,
      1.081081,
      1.405405,
      1.72973,
      0.108108,
      0.486486,
      0.810811,
      1.135135,
      1.459459,
      1.783784,
      0.162162,
      0.540541,
      0.864865,
      1.189189,
      1.513514,
      1.837838,
      0.216216,
      0.594595,
      0.918919,
      1.243243,
      1.567568,
      1.891892,
      0.27027,
      0.648649,
      0.972973,
      1.297297,
      1.621622,
      1.945946,
      0.324324
    ],
    "SoftwareVersions": "5.3.1_5.3.1.2",
    "SpacingBetweenSlices": 3,
    "StationName": "PHILIPS-K5NT78B",
    "TaskName": "ANIM",
    "TotalReadoutTime": 0.0219394,
    "UsePhilipsFloatNotDisplayScaling": 1,
    "dataset": "ds003436",
    "modality": "bold",
    "run_id": 3,
    "subject_id": "10",
    "task_id": "anim"
  },
  "dummy_trs": 0,
  "dvars_nstd": 26.546584854299994,
  "dvars_std": 1.2029828699,
  "dvars_vstd": 1.0250514833000004,
  "efc": 0.4171644558390105,
  "fber": 148934.953125,
  "fd_mean": 0.11455445830739965,
  "fd_num": 9,
  "fd_perc": 8.910891089108912,
  "fwhm_avg": 1.742757777777778,
  "fwhm_x": 1.6871066666666668,
  "fwhm_y": 1.8523800000000001,
  "fwhm_z": 1.6887866666666669,
  "gcor": 0.00896437,
  "gsr_x": -0.018467681482434273,
  "gsr_y": 0.012266319245100021,
  "provenance": {
    "md5sum": "99e07f5139d06083ee28bd598fac3c62",
    "settings": {
      "fd_thres": 0.2,
      "testing": false
    },
    "software": "mriqc",
    "version": "22.0.6",
    "webapi_port": null,
    "webapi_url": "https://mriqc.nimh.nih.gov/api/v1"
  },
  "size_t": 101,
  "size_x": 80,
  "size_y": 80,
  "size_z": 37,
  "snr": 6.255224343089922,
  "spacing_tr": 2.000000476837158,
  "spacing_x": 3.0,
  "spacing_y": 3.0,
  "spacing_z": 3.0,
  "summary_bg_k": 165.89663322905804,
  "summary_bg_mad": 9854.792154952363,
  "summary_bg_mean": 61500.0,
  "summary_bg_median": 7632.02197265625,
  "summary_bg_n": 161893.0,
  "summary_bg_p05": 343.9547546386719,
  "summary_bg_p95": 269402.14374999993,
  "summary_bg_stdv": 213198.640625,
  "summary_fg_k": 1.5134498539849606,
  "summary_fg_mad": 495066.82629784435,
  "summary_fg_mean": 3203067.75,
  "summary_fg_median": 3169264.0,
  "summary_fg_n": 34755.0,
  "summary_fg_p05": 2480917.25,
  "summary_fg_p95": 4038405.2749999994,
  "summary_fg_stdv": 506651.4375,
  "tsnr": 61.843994140625
}