{
  "aor": 0.004245643564356436,
  "aqi": 0.010111199207920793,
  "bids_meta": {
    "AcquisitionMatrixPE": 80,
    "AcquisitionNumber": 15,
    "AcquisitionTime": "15:58:10.540000",
    "BodyPartExamined": "BRAIN",
    "CoilString": "SENSE_HEAD_8",
    "ConversionSoftware": "dcm2niix",
    "ConversionSoftwareVersion": "v1.0.20190410  Clang4.0.1",
    "Dcm2bidsVersion": "2.1.4",
    "DeviceSerialNumber": "34072",
    "EchoTime": 0.030001,
    "EchoTrainLength": 39,
    "EffectiveEchoSpacing": 0.0002777,
    "FlipAngle": 82,
    "ImageOrientationPatientDICOM": [
      0.999627,
      0.00303819,
      0.0271245,
      -0.00199117,
      0.999255,
      -0.0385445
    ],
    "ImageType": [
      "ORIGINAL",
      "PRIMARY",
      "M",
      "FFE",
      "M",
      "FFE"
    ],
    "ImagingFrequency": 127.734,
    "InPlanePhaseEncodingDirectionDICOM": "COL",
    "InstitutionName": "Az.Osp._Udine",
    "InstitutionalDepartmentName": "Radiologia",
    "MRAcquisitionType": "2D",
    "MagneticFieldStrength": 3,
    "Manufacturer": "Philips",
    "ManufacturersModelName": "Achieva",
    "Modality": "MR",
    "PartialFourier": 0.4875,
    "PatientPosition": "HFS",
    "PercentPhaseFOV": 100,
    "PhaseEncodingAxis": "j",
    "PhaseEncodingDirection": "j",
    "PhaseEncodingSteps": 80,
    "PhilipsRescaleIntercept": 0,
    "PhilipsRescaleSlope": 0.749451,
    "PhilipsScaleSlope": 0.000552051,
    "PixelBandwidth": 3608.02,
    "ProtocolName": "SOCIAL_4run",
    "ReconMatrixPE": 80,
    "RepetitionTime": 2,
    "ScanOptions": "FS",
    "ScanningSequence": "GR",
    "SequenceVariant": "SK",
    "SeriesDescription": "SOCIAL_4run",
    "SeriesNumber": 1501,
    "SliceThickness": 3,
    "SliceTiming": [
      0.0,
      0.378378,
      0.702703,
      1.027027,
      1.351351,
      1.675676,
      0.054054,
      0.432432,
      0.756757,
      1.081081,
      1.405405,
      1.72973,
      0.108108,
      0.486486,
      0.810811,
      1.135135,
      1.459459,
      1.783784,
      0.162162,
      0.540541,
      0.864865,
      1.189189,
      1.513514,
      1.837838,
      0.216216,
      0.594595,
      0.918919,
      1.243243,
      1.567568,
      1.891892,
      0.27027,
      0.648649,
      0.972973,
      1.297297,
      1.621622,
      1.945946,
      0.324324
    ],
    "SoftwareVersions": "5.3.1_5.3.1.2",
    "SpacingBetweenSlices": 3,
    "StationName": "PHILIPS-K5NT78B",
    "TaskName": "ANIM",
    "TotalReadoutTime": 0.0219394,
    "UsePhilipsFloatNotDisplayScaling": 1,
    "dataset": "ds003436",
    "modality": "bold",
    "run_id": 1,
    "subject_id": "26",
    "task_id": "anim"
  },
  "dummy_trs": 0,
  "dvars_nstd": 30.1414146046,
  "dvars_std": 1.2957571396,
  "dvars_vstd": 1.0306517439000005,
  "efc": 0.43247148762972304,
  "fber": 149720.109375,
  "fd_mean": 0.11270651910636538,
  "fd_num": 7,
  "fd_perc": 6.930693069306931,
  "fwhm_avg": 1.9907144444444445,
  "fwhm_x": 1.86556,
  "fwhm_y": 2.21155,
  "fwhm_z": 1.8950333333333333,
  "gcor": 0.01536,
  "gsr_x": -0.013432128354907036,
  "gsr_y": 0.016858333721756935,
  "provenance": {
    "md5sum": "c616b4b1d6120479a496ef827fdfae8f",
    "settings": {
      "fd_thres": 0.2,
      "testing": false
    },
    "software": "mriqc",
    "version": "22.0.6",
    "webapi_port": null,
    "webapi_url": "https://mriqc.nimh.nih.gov/api/v1"
  },
  "size_t": 101,
  "size_x": 80,
  "size_y": 80,
  "size_z": 37,
  "snr": 5.437024927461567,
  "spacing_tr": 2.000000476837158,
  "spacing_x": 3.0,
  "spacing_y": 3.0,
  "spacing_z": 3.0,
  "summary_bg_k": 73.33940002700237,
  "summary_bg_mad": 8065.487212546523,
  "summary_bg_mean": 65190.3203125,
  "summary_bg_median": 5777.802734375,
  "summary_bg_n": 161032.0,
  "summary_bg_p05": 124.42118949890137,
  "summary_bg_p95": 335585.66874999896,
  "summary_bg_stdv": 185261.546875,
  "summary_fg_k": 3.3333619835806676,
  "summary_fg_mad": 377206.62163663225,
  "summary_fg_mean": 2463241.75,
  "summary_fg_median": 2430602.5,
  "summary_fg_n": 35363.0,
  "summary_fg_p05": 1839194.85,
  "summary_fg_p95": 3162872.0,
  "summary_fg_stdv": 447040.09375,
  "tsnr": 55.419395446777344
}