{
  "aor": 0.004727821782178218,
  "aqi": 0.008733466831683167,
  "bids_meta": {
    "AcquisitionMatrixPE": 80,
    "AcquisitionNumber": 18,
    "AcquisitionTime": "16:10:39.080000",
    "BodyPartExamined": "BRAIN",
    "CoilString": "SENSE_HEAD_8",
    "ConversionSoftware": "dcm2niix",
    "ConversionSoftwareVersion": "v1.0.20190410  Clang4.0.1",
    "Dcm2bidsVersion": "2.1.4",
    "DeviceSerialNumber": "34072",
    "EchoTime": 0.030001,
    "EchoTrainLength": 39,
    "EffectiveEchoSpacing": 0.0002777,
    "FlipAngle": 82,
    "ImageOrientationPatientDICOM": [
      0.999627,
      0.00303819,
      0.0271245,
      -0.00199117,
      0.999255,
      -0.0385445
    ],
    "ImageType": [
      "ORIGINAL",
      "PRIMARY",
      "M",
      "FFE",
      "M",
      "FFE"
    ],
    "ImagingFrequency": 127.734,
    "InPlanePhaseEncodingDirectionDICOM": "COL",
    "InstitutionName": "Az.Osp._Udine",
    "InstitutionalDepartmentName": "Radiologia",
    "MRAcquisitionType": "2D",
    "MagneticFieldStrength": 3,
    "Manufacturer": "Philips",
    "ManufacturersModelName": "Achieva",
    "Modality": "MR",
    "PartialFourier": 0.4875,
    "PatientPosition": "HFS",
    "PercentPhaseFOV": 100,
    "PhaseEncodingAxis": "j",
    "PhaseEncodingDirection": "j",
    "PhaseEncodingSteps": 80,
    "PhilipsRescaleIntercept": 0,
    "PhilipsRescaleSlope": 0.747253,
    "PhilipsScaleSlope": 0.000556804,
    "PixelBandwidth": 3608.02,
    "ProtocolName": "SOCIAL_4run",
    "ReconMatrixPE": 80,
    "RepetitionTime": 2,
    "ScanOptions": "FS",
    "ScanningSequence": "GR",
    "SequenceVariant": "SK",
    "SeriesDescription": "SOCIAL_4run",
    "SeriesNumber": 1801,
    "SliceThickness": 3,
    "SliceTiming": [
      0.0,
      0.378378,
      0.702703,
      1.027027,
      1.351351,
      1.675676,
      0.054054,
      0.432432,
      0.756757,
      1.081081,
      1.405405,
      1.72973,
      0.108108,
      0.486486,
      0.810811,
      1.135135,
      1.459459,
      1.783784,
      0.162162,
      0.540541,
      0.864865,
      1.189189,
      1.513514,
      1.837838,
      0.216216,
      0.594595,
      0.918919,
      1.243243,
      1.567568,
      1.891892,
      0.27027,
      0.648649,
      0.972973,
      1.297297,
      1.621622,
      1.945946,
      0.324324
    ],
    "SoftwareVersions": "5.3.1_5.3.1.2",
    "SpacingBetweenSlices": 3,
    "StationName": "PHILIPS-K5NT78B",
    "TaskName": "ANIM",
    "TotalReadoutTime": 0.0219394,
    "UsePhilipsFloatNotDisplayScaling": 1,
    "dataset": "ds003436",
    "modality": "bold",
    "run_id": 3,
    "subject_id": "26",
    "task_id": "anim"
  },
  "dummy_trs": 0,
  "dvars_nstd": 30.1756506154,
  "dvars_std": 1.2638295034999998,
  "dvars_vstd": 1.0164626752,
  "efc": 0.432816256668679,
  "fber": 155652.46875,
  "fd_mean": 0.12287420102781269,
  "fd_num": 9,
  "fd_perc": 8.910891089108912,
  "fwhm_avg": 1.96493,
  "fwhm_x": 1.8562633333333334,
  "fwhm_y": 2.18832,
  "fwhm_z": 1.8502066666666668,
  "gcor": 0.0278166,
  "gsr_x": -0.01358830463141203,
  "gsr_y": 0.01734372228384018,
  "provenance": {
    "md5sum": "5a7f27ec351bcf9cab8f9ebc2837d249",
    "settings": {
      "fd_thres": 0.2,
      "testing": false
    },
    "software": "mriqc",
    "version": "22.0.6",
    "webapi_port": null,
    "webapi_url": "https://mriqc.nimh.nih.gov/api/v1"
  },
  "size_t": 101,
  "size_x": 80,
  "size_y": 80,
  "size_z": 37,
  "snr": 5.483603618075826,
  "spacing_tr": 2.000000476837158,
  "spacing_x": 3.0,
  "spacing_y": 3.0,
  "spacing_z": 3.0,
  "summary_bg_k": 74.47865587591947,
  "summary_bg_mad": 7930.009028001804,
  "summary_bg_mean": 65993.4921875,
  "summary_bg_median": 5689.32470703125,
  "summary_bg_n": 160901.0,
  "summary_bg_p05": 119.04475402832031,
  "summary_bg_p95": 340513.625,
  "summary_bg_stdv": 189179.359375,
  "summary_fg_k": 3.473100625960014,
  "summary_fg_mad": 372954.7037992355,
  "summary_fg_mean": 2471451.0,
  "summary_fg_median": 2440178.0,
  "summary_fg_n": 35326.0,
  "summary_fg_p05": 1851137.375,
  "summary_fg_p95": 3164101.4375,
  "summary_fg_stdv": 444989.03125,
  "tsnr": 57.22783660888672
}