{
  "aor": 0.006222772277227723,
  "aqi": 0.027718159405940593,
  "bids_meta": {
    "AcquisitionMatrixPE": 80,
    "AcquisitionNumber": 15,
    "AcquisitionTime": "18:15:48.600000",
    "BodyPartExamined": "BRAIN",
    "CoilString": "SENSE_HEAD_8",
    "ConversionSoftware": "dcm2niix",
    "ConversionSoftwareVersion": "v1.0.20181125  Clang9.0.0",
    "Dcm2bidsVersion": "2.1.4",
    "DeviceSerialNumber": "34072",
    "EchoTime": 0.030001,
    "EchoTrainLength": 39,
    "EffectiveEchoSpacing": 0.0002777,
    "FlipAngle": 82,
    "ImageOrientationPatientDICOM": [
      0.999849,
      0.00480211,
      0.01667,
      -0.0041394,
      0.999208,
      -0.0395643
    ],
    "ImageType": [
      "ORIGINAL",
      "PRIMARY",
      "M",
      "FFE",
      "M",
      "FFE"
    ],
    "ImagingFrequency": 127.733,
    "InPlanePhaseEncodingDirectionDICOM": "COL",
    "InstitutionName": "Az.Osp._Udine",
    "InstitutionalDepartmentName": "Radiologia",
    "MRAcquisitionType": "2D",
    "MagneticFieldStrength": 3,
    "Manufacturer": "Philips",
    "ManufacturersModelName": "Achieva",
    "Modality": "MR",
    "PartialFourier": 0.4875,
    "PatientPosition": "HFS",
    "PercentPhaseFOV": 100,
    "PhaseEncodingAxis": "j",
    "PhaseEncodingDirection": "j",
    "PhaseEncodingSteps": 80,
    "PhilipsRescaleIntercept": 0,
    "PhilipsRescaleSlope": 0.833455,
    "PhilipsScaleSlope": 0.00282726,
    "PixelBandwidth": 3608.02,
    "ProtocolName": "SOCIAL_4run",
    "ReconMatrixPE": 80,
    "RepetitionTime": 2,
    "ScanOptions": "FS",
    "ScanningSequence": "GR",
    "SequenceVariant": "SK",
    "SeriesDescription": "SOCIAL_4run",
    "SeriesNumber": 1501,
    "SliceThickness": 3,
    "SliceTiming": [
      0.0,
      0.378378,
      0.702703,
      1.027027,
      1.351351,
      1.675676,
      0.054054,
      0.432432,
      0.756757,
      1.081081,
      1.405405,
      1.72973,
      0.108108,
      0.486486,
      0.810811,
      1.135135,
      1.459459,
      1.783784,
      0.162162,
      0.540541,
      0.864865,
      1.189189,
      1.513514,
      1.837838,
      0.216216,
      0.594595,
      0.918919,
      1.243243,
      1.567568,
      1.891892,
      0.27027,
      0.648649,
      0.972973,
      1.297297,
      1.621622,
      1.945946,
      0.324324
    ],
    "SoftwareVersions": "5.3.1_5.3.1.2",
    "SpacingBetweenSlices": 3,
    "StationName": "PHILIPS-K5NT78B",
    "TaskName": "ANIM",
    "TotalReadoutTime": 0.0219394,
    "UsePhilipsFloatNotDisplayScaling": 1,
    "dataset": "ds003436",
    "modality": "bold",
    "run_id": 2,
    "subject_id": "40",
    "task_id": "anim"
  },
  "dummy_trs": 0,
  "dvars_nstd": 34.10849775300001,
  "dvars_std": 1.027770006,
  "dvars_vstd": 0.9582303360000001,
  "efc": 0.408301531994325,
  "fber": 110769.40625,
  "fd_mean": 0.4376196518091395,
  "fd_num": 46,
  "fd_perc": 45.54455445544554,
  "fwhm_avg": 2.028511111111111,
  "fwhm_x": 1.9594233333333333,
  "fwhm_y": 2.215613333333333,
  "fwhm_z": 1.9104966666666667,
  "gcor": 0.0391202,
  "gsr_x": -0.01128276064991951,
  "gsr_y": 0.010573158040642738,
  "provenance": {
    "md5sum": "2b83836f15a61429fd4ea6e80a314814",
    "settings": {
      "fd_thres": 0.2,
      "testing": false
    },
    "software": "mriqc",
    "version": "22.0.6",
    "webapi_port": null,
    "webapi_url": "https://mriqc.nimh.nih.gov/api/v1"
  },
  "size_t": 101,
  "size_x": 80,
  "size_y": 80,
  "size_z": 37,
  "snr": 6.134892623612204,
  "spacing_tr": 2.000000476837158,
  "spacing_x": 3.0,
  "spacing_y": 3.0,
  "spacing_z": 3.0,
  "summary_bg_k": 166.37321362091456,
  "summary_bg_mad": 1953.397919860123,
  "summary_bg_mean": 8981.4921875,
  "summary_bg_median": 1466.363037109375,
  "summary_bg_n": 163380.0,
  "summary_bg_p05": 78.8574275970459,
  "summary_bg_p95": 37298.33906249998,
  "summary_bg_stdv": 25386.5234375,
  "summary_fg_k": 0.46912139643797124,
  "summary_fg_mad": 84802.06701936074,
  "summary_fg_mean": 517625.125,
  "summary_fg_median": 514768.40625,
  "summary_fg_n": 32884.0,
  "summary_fg_p05": 388685.7703125,
  "summary_fg_p95": 656837.3374999999,
  "summary_fg_stdv": 83907.0234375,
  "tsnr": 33.7183723449707
}