{
  "aor": 0.011054554455445545,
  "aqi": 0.011968300198019805,
  "bids_meta": {
    "AcquisitionMatrixPE": 80,
    "AcquisitionNumber": 16,
    "AcquisitionTime": "18:19:56.070000",
    "BodyPartExamined": "BRAIN",
    "CoilString": "SENSE_HEAD_8",
    "ConversionSoftware": "dcm2niix",
    "ConversionSoftwareVersion": "v1.0.20181125  Clang9.0.0",
    "Dcm2bidsVersion": "2.1.4",
    "DeviceSerialNumber": "34072",
    "EchoTime": 0.030001,
    "EchoTrainLength": 39,
    "EffectiveEchoSpacing": 0.0002777,
    "FlipAngle": 82,
    "ImageOrientationPatientDICOM": [
      0.999849,
      0.00480211,
      0.01667,
      -0.0041394,
      0.999208,
      -0.0395643
    ],
    "ImageType": [
      "ORIGINAL",
      "PRIMARY",
      "M",
      "FFE",
      "M",
      "FFE"
    ],
    "ImagingFrequency": 127.733,
    "InPlanePhaseEncodingDirectionDICOM": "COL",
    "InstitutionName": "Az.Osp._Udine",
    "InstitutionalDepartmentName": "Radiologia",
    "MRAcquisitionType": "2D",
    "MagneticFieldStrength": 3,
    "Manufacturer": "Philips",
    "ManufacturersModelName": "Achieva",
    "Modality": "MR",
    "PartialFourier": 0.4875,
    "PatientPosition": "HFS",
    "PercentPhaseFOV": 100,
    "PhaseEncodingAxis": "j",
    "PhaseEncodingDirection": "j",
    "PhaseEncodingSteps": 80,
    "PhilipsRescaleIntercept": 0,
    "PhilipsRescaleSlope": 0.839072,
    "PhilipsScaleSlope": 0.00104733,
    "PixelBandwidth": 3608.02,
    "ProtocolName": "SOCIAL_4run",
    "ReconMatrixPE": 80,
    "RepetitionTime": 2,
    "ScanOptions": "FS",
    "ScanningSequence": "GR",
    "SequenceVariant": "SK",
    "SeriesDescription": "SOCIAL_4run",
    "SeriesNumber": 1601,
    "SliceThickness": 3,
    "SliceTiming": [
      0.0,
      0.378378,
      0.702703,
      1.027027,
      1.351351,
      1.675676,
      0.054054,
      0.432432,
      0.756757,
      1.081081,
      1.405405,
      1.72973,
      0.108108,
      0.486486,
      0.810811,
      1.135135,
      1.459459,
      1.783784,
      0.162162,
      0.540541,
      0.864865,
      1.189189,
      1.513514,
      1.837838,
      0.216216,
      0.594595,
      0.918919,
      1.243243,
      1.567568,
      1.891892,
      0.27027,
      0.648649,
      0.972973,
      1.297297,
      1.621622,
      1.945946,
      0.324324
    ],
    "SoftwareVersions": "5.3.1_5.3.1.2",
    "SpacingBetweenSlices": 3,
    "StationName": "PHILIPS-K5NT78B",
    "TaskName": "ANIM",
    "TotalReadoutTime": 0.0219394,
    "UsePhilipsFloatNotDisplayScaling": 1,
    "dataset": "ds003436",
    "modality": "bold",
    "run_id": 4,
    "subject_id": "40",
    "task_id": "anim"
  },
  "dummy_trs": 0,
  "dvars_nstd": 27.631684341400003,
  "dvars_std": 1.2147545052,
  "dvars_vstd": 1.0933572917,
  "efc": 0.40507949829230394,
  "fber": 143232.46875,
  "fd_mean": 0.18267586899522714,
  "fd_num": 17,
  "fd_perc": 16.831683168316832,
  "fwhm_avg": 1.9873100000000001,
  "fwhm_x": 1.89122,
  "fwhm_y": 2.1713766666666667,
  "fwhm_z": 1.8993333333333335,
  "gcor": 0.0433628,
  "gsr_x": -0.010437686927616596,
  "gsr_y": 0.01144861988723278,
  "provenance": {
    "md5sum": "1826b9eaee7a5b1dd7af8f5f6217c512",
    "settings": {
      "fd_thres": 0.2,
      "testing": false
    },
    "software": "mriqc",
    "version": "22.0.6",
    "webapi_port": null,
    "webapi_url": "https://mriqc.nimh.nih.gov/api/v1"
  },
  "size_t": 101,
  "size_x": 80,
  "size_y": 80,
  "size_z": 37,
  "snr": 6.1085453290775416,
  "spacing_tr": 2.000000476837158,
  "spacing_x": 3.0,
  "spacing_y": 3.0,
  "spacing_z": 3.0,
  "summary_bg_k": 178.1408077337566,
  "summary_bg_mad": 4676.928376996814,
  "summary_bg_mean": 23465.607421875,
  "summary_bg_median": 3368.89111328125,
  "summary_bg_n": 163757.0,
  "summary_bg_p05": 91.96934661865235,
  "summary_bg_p95": 98779.94531249988,
  "summary_bg_stdv": 69833.171875,
  "summary_fg_k": 0.560279074258748,
  "summary_fg_mad": 229225.31432842842,
  "summary_fg_mean": 1394530.5,
  "summary_fg_median": 1388447.75,
  "summary_fg_n": 32730.0,
  "summary_fg_p05": 1046157.8125,
  "summary_fg_p95": 1770717.84375,
  "summary_fg_stdv": 227292.5,
  "tsnr": 51.36540222167969
}