{
  "bids_meta": {
    "AcquisitionMatrixPE": 240,
    "AcquisitionNumber": 2,
    "AcquisitionTime": "17:26:47.300000",
    "BodyPartExamined": "BRAIN",
    "CoilString": "SENSE_HEAD_8",
    "ConversionSoftware": "dcm2niix",
    "ConversionSoftwareVersion": "v1.0.20190410  Clang4.0.1",
    "Dcm2bidsVersion": "2.1.4",
    "DeviceSerialNumber": "34072",
    "EchoTime": 0.0037,
    "EchoTrainLength": 240,
    "FlipAngle": 12,
    "ImageOrientationPatientDICOM": [
      -0.00838896,
      0.999961,
      0.00287066,
      0.0162049,
      0.00300633,
      -0.999864
    ],
    "ImageType": [
      "ORIGINAL",
      "PRIMARY",
      "M",
      "FFE",
      "M",
      "FFE"
    ],
    "ImagingFrequency": 127.735,
    "InPlanePhaseEncodingDirectionDICOM": "ROW",
    "InstitutionName": "Az.Osp._Udine",
    "InstitutionalDepartmentName": "Radiologia",
    "MRAcquisitionType": "3D",
    "MagneticFieldStrength": 3,
    "Manufacturer": "Philips",
    "ManufacturersModelName": "Achieva",
    "Modality": "MR",
    "PatientPosition": "HFS",
    "PercentPhaseFOV": 100,
    "PhaseEncodingSteps": 240,
    "PhilipsRescaleIntercept": 0,
    "PhilipsRescaleSlope": 4.47253,
    "PhilipsScaleSlope": 9.38375e-05,
    "PixelBandwidth": 191.38,
    "ProtocolName": "T1W_3D_VBM",
    "ReconMatrixPE": 256,
    "RepetitionTime": 0.0080816,
    "ScanOptions": "OTHER",
    "ScanningSequence": "GR",
    "SequenceVariant": "MP",
    "SeriesDescription": "T1W_3D_VBM",
    "SeriesNumber": 201,
    "SliceThickness": 1,
    "SoftwareVersions": "5.3.1_5.3.1.2",
    "SpacingBetweenSlices": 1,
    "StationName": "PHILIPS-K5NT78B",
    "UsePhilipsFloatNotDisplayScaling": 1,
    "dataset": "ds003436",
    "modality": "T1w",
    "subject_id": "15"
  },
  "cjv": 0.36630047576985264,
  "cnr": 3.7104334761335473,
  "efc": 0.5960575221483475,
  "fber": -1.0,
  "fwhm_avg": 4.414388888888889,
  "fwhm_x": 4.23106,
  "fwhm_y": 4.7707093333333335,
  "fwhm_z": 4.2413973333333335,
  "icvs_csf": 0.16312786101188112,
  "icvs_gm": 0.4377488167862047,
  "icvs_wm": 0.3991233222019142,
  "inu_med": 0.2676190733909607,
  "inu_range": 0.06005848050117493,
  "provenance": {
    "md5sum": "daf53c635c46fb6bbfbe6453a336e7bd",
    "settings": {
      "testing": false
    },
    "software": "mriqc",
    "version": "22.0.6",
    "warnings": {
      "large_rot_frame": true,
      "small_air_mask": false
    },
    "webapi_port": null,
    "webapi_url": "https://mriqc.nimh.nih.gov/api/v1"
  },
  "qi_1": 0.0,
  "qi_2": 3.0182772349276824e-07,
  "rpve_csf": 27.005199958029433,
  "rpve_gm": 10.991345647178093,
  "rpve_wm": 13.696219405431815,
  "size_x": 170,
  "size_y": 256,
  "size_z": 256,
  "snr_csf": 2.318085182280289,
  "snr_gm": 14.858357516965519,
  "snr_total": 14.928876313266064,
  "snr_wm": 27.610186240552387,
  "snrd_csf": 20.419639230301645,
  "snrd_gm": 46.817920225248514,
  "snrd_total": 42.854902613861405,
  "snrd_wm": 61.32714838603403,
  "spacing_x": 1.0,
  "spacing_y": 0.9375,
  "spacing_z": 0.9375,
  "summary_bg_k": 32.8362167260475,
  "summary_bg_mad": 0.0,
  "summary_bg_mean": 4.579373713027527,
  "summary_bg_median": 0.0,
  "summary_bg_n": 1228025.0,
  "summary_bg_p05": 0.0,
  "summary_bg_p95": 22.42297523841262,
  "summary_bg_stdv": 10.682852507897937,
  "summary_csf_k": -0.5104923744142229,
  "summary_csf_mad": 142.47982601359956,
  "summary_csf_mean": 307.11044313298544,
  "summary_csf_median": 332.968820175156,
  "summary_csf_n": 27372.0,
  "summary_csf_p05": 64.22594349458814,
  "summary_csf_p95": 531.0764720588923,
  "summary_csf_stdv": 143.63697260824148,
  "summary_gm_k": -0.023930816670497457,
  "summary_gm_mad": 51.67114212743344,
  "summary_gm_mean": 763.9843264356822,
  "summary_gm_median": 763.4271832443774,
  "summary_gm_n": 57022.0,
  "summary_gm_p05": 680.4488618150353,
  "summary_gm_p95": 849.0481445459649,
  "summary_gm_stdv": 51.3798707695228,
  "summary_wm_k": 0.23463500522749392,
  "summary_wm_mad": 34.99257155805997,
  "summary_wm_mean": 1000.7115792905039,
  "summary_wm_median": 1000.019050899893,
  "summary_wm_n": 261201.0,
  "summary_wm_p05": 942.5447242073715,
  "summary_wm_p95": 1061.8676645345986,
  "summary_wm_stdv": 36.21913767311678,
  "tpm_overlap_csf": 0.13381487659725189,
  "tpm_overlap_gm": 0.4525170361749641,
  "tpm_overlap_wm": 0.4999799393932016,
  "wm2max": 0.9049151550614395
}