{
  "aor": 0.0011241584158415841,
  "aqi": 0.008898117326732674,
  "bids_meta": {
    "AcquisitionMatrixPE": 80,
    "AcquisitionNumber": 6,
    "AcquisitionTime": "16:46:17.680000",
    "BodyPartExamined": "BRAIN",
    "CoilString": "SENSE_HEAD_8",
    "ConversionSoftware": "dcm2niix",
    "ConversionSoftwareVersion": "v1.0.20181125  Clang9.0.0",
    "Dcm2bidsVersion": "2.1.4",
    "DeviceSerialNumber": "34072",
    "EchoTime": 0.030001,
    "EchoTrainLength": 39,
    "EffectiveEchoSpacing": 0.0002777,
    "FlipAngle": 82,
    "ImageOrientationPatientDICOM": [
      0.998788,
      0.0200832,
      -0.0449304,
      -0.0209701,
      0.999593,
      -0.0193559
    ],
    "ImageType": [
      "ORIGINAL",
      "PRIMARY",
      "M",
      "FFE",
      "M",
      "FFE"
    ],
    "ImagingFrequency": 127.733,
    "InPlanePhaseEncodingDirectionDICOM": "COL",
    "InstitutionName": "Az.Osp._Udine",
    "InstitutionalDepartmentName": "Radiologia",
    "MRAcquisitionType": "2D",
    "MagneticFieldStrength": 3,
    "Manufacturer": "Philips",
    "ManufacturersModelName": "Achieva",
    "Modality": "MR",
    "PartialFourier": 0.4875,
    "PatientPosition": "HFS",
    "PercentPhaseFOV": 100,
    "PhaseEncodingAxis": "j",
    "PhaseEncodingDirection": "j",
    "PhaseEncodingSteps": 80,
    "PhilipsRescaleIntercept": 0,
    "PhilipsRescaleSlope": 0.810012,
    "PhilipsScaleSlope": 0.000725348,
    "PixelBandwidth": 3608.02,
    "ProtocolName": "SOCIAL_4run",
    "ReconMatrixPE": 80,
    "RepetitionTime": 2,
    "ScanOptions": "FS",
    "ScanningSequence": "GR",
    "SequenceVariant": "SK",
    "SeriesDescription": "SOCIAL_4run",
    "SeriesNumber": 601,
    "SliceThickness": 3,
    "SliceTiming": [
      0.0,
      0.378378,
      0.702703,
      1.027027,
      1.351351,
      1.675676,
      0.054054,
      0.432432,
      0.756757,
      1.081081,
      1.405405,
      1.72973,
      0.108108,
      0.486486,
      0.810811,
      1.135135,
      1.459459,
      1.783784,
      0.162162,
      0.540541,
      0.864865,
      1.189189,
      1.513514,
      1.837838,
      0.216216,
      0.594595,
      0.918919,
      1.243243,
      1.567568,
      1.891892,
      0.27027,
      0.648649,
      0.972973,
      1.297297,
      1.621622,
      1.945946,
      0.324324
    ],
    "SoftwareVersions": "5.3.1_5.3.1.2",
    "SpacingBetweenSlices": 3,
    "StationName": "PHILIPS-K5NT78B",
    "TaskName": "ANIM",
    "TotalReadoutTime": 0.0219394,
    "UsePhilipsFloatNotDisplayScaling": 1,
    "dataset": "ds003436",
    "modality": "bold",
    "run_id": 3,
    "subject_id": "47",
    "task_id": "anim"
  },
  "dummy_trs": 0,
  "dvars_nstd": 22.237927761099996,
  "dvars_std": 1.1429254693,
  "dvars_vstd": 0.9932165449000001,
  "efc": 0.37243237579783495,
  "fber": 337955.4375,
  "fd_mean": 0.1109025388078563,
  "fd_num": 5,
  "fd_perc": 4.9504950495049505,
  "fwhm_avg": 1.8729033333333334,
  "fwhm_x": 1.7584466666666667,
  "fwhm_y": 2.02217,
  "fwhm_z": 1.8380933333333334,
  "gcor": 0.0177771,
  "gsr_x": -0.024226771667599678,
  "gsr_y": 0.015517372637987137,
  "provenance": {
    "md5sum": "7098b82e65e8ffdb965eb090e8f95d92",
    "settings": {
      "fd_thres": 0.2,
      "testing": false
    },
    "software": "mriqc",
    "version": "22.0.6",
    "webapi_port": null,
    "webapi_url": "https://mriqc.nimh.nih.gov/api/v1"
  },
  "size_t": 101,
  "size_x": 80,
  "size_y": 80,
  "size_z": 37,
  "snr": 6.899391933399639,
  "spacing_tr": 2.000000476837158,
  "spacing_x": 3.0,
  "spacing_y": 3.0,
  "spacing_z": 3.0,
  "summary_bg_k": 207.06323696669898,
  "summary_bg_mad": 4854.213270098535,
  "summary_bg_mean": 37151.6640625,
  "summary_bg_median": 3544.082275390625,
  "summary_bg_n": 171283.0,
  "summary_bg_p05": 87.8576171875,
  "summary_bg_p95": 170938.2453124998,
  "summary_bg_stdv": 138968.6875,
  "summary_fg_k": 2.0534216767875977,
  "summary_fg_mad": 286213.2077527921,
  "summary_fg_mean": 2232135.0,
  "summary_fg_median": 2209236.5,
  "summary_fg_n": 27182.0,
  "summary_fg_p05": 1763255.65,
  "summary_fg_p95": 2747921.8625,
  "summary_fg_stdv": 320201.53125,
  "tsnr": 68.90721130371094
}