{
  "aor": 0.0008812871287128712,
  "aqi": 0.008493019603960397,
  "bids_meta": {
    "AcquisitionMatrixPE": 80,
    "AcquisitionNumber": 8,
    "AcquisitionTime": "16:54:40.700000",
    "BodyPartExamined": "BRAIN",
    "CoilString": "SENSE_HEAD_8",
    "ConversionSoftware": "dcm2niix",
    "ConversionSoftwareVersion": "v1.0.20181125  Clang9.0.0",
    "Dcm2bidsVersion": "2.1.4",
    "DeviceSerialNumber": "34072",
    "EchoTime": 0.030001,
    "EchoTrainLength": 39,
    "EffectiveEchoSpacing": 0.0002777,
    "FlipAngle": 82,
    "ImageOrientationPatientDICOM": [
      0.998788,
      0.0200832,
      -0.0449304,
      -0.0209701,
      0.999593,
      -0.0193559
    ],
    "ImageType": [
      "ORIGINAL",
      "PRIMARY",
      "M",
      "FFE",
      "M",
      "FFE"
    ],
    "ImagingFrequency": 127.733,
    "InPlanePhaseEncodingDirectionDICOM": "COL",
    "InstitutionName": "Az.Osp._Udine",
    "InstitutionalDepartmentName": "Radiologia",
    "MRAcquisitionType": "2D",
    "MagneticFieldStrength": 3,
    "Manufacturer": "Philips",
    "ManufacturersModelName": "Achieva",
    "Modality": "MR",
    "PartialFourier": 0.4875,
    "PatientPosition": "HFS",
    "PercentPhaseFOV": 100,
    "PhaseEncodingAxis": "j",
    "PhaseEncodingDirection": "j",
    "PhaseEncodingSteps": 80,
    "PhilipsRescaleIntercept": 0,
    "PhilipsRescaleSlope": 0.827106,
    "PhilipsScaleSlope": 0.000733342,
    "PixelBandwidth": 3608.02,
    "ProtocolName": "SOCIAL_4run",
    "ReconMatrixPE": 80,
    "RepetitionTime": 2,
    "ScanOptions": "FS",
    "ScanningSequence": "GR",
    "SequenceVariant": "SK",
    "SeriesDescription": "SOCIAL_4run",
    "SeriesNumber": 801,
    "SliceThickness": 3,
    "SliceTiming": [
      0.0,
      0.378378,
      0.702703,
      1.027027,
      1.351351,
      1.675676,
      0.054054,
      0.432432,
      0.756757,
      1.081081,
      1.405405,
      1.72973,
      0.108108,
      0.486486,
      0.810811,
      1.135135,
      1.459459,
      1.783784,
      0.162162,
      0.540541,
      0.864865,
      1.189189,
      1.513514,
      1.837838,
      0.216216,
      0.594595,
      0.918919,
      1.243243,
      1.567568,
      1.891892,
      0.27027,
      0.648649,
      0.972973,
      1.297297,
      1.621622,
      1.945946,
      0.324324
    ],
    "SoftwareVersions": "5.3.1_5.3.1.2",
    "SpacingBetweenSlices": 3,
    "StationName": "PHILIPS-K5NT78B",
    "TaskName": "ANIM",
    "TotalReadoutTime": 0.0219394,
    "UsePhilipsFloatNotDisplayScaling": 1,
    "dataset": "ds003436",
    "modality": "bold",
    "run_id": 2,
    "subject_id": "47",
    "task_id": "anim"
  },
  "dummy_trs": 0,
  "dvars_nstd": 21.41277269399999,
  "dvars_std": 1.1195591284000002,
  "dvars_vstd": 1.0001831188,
  "efc": 0.3729846792571126,
  "fber": 364054.1875,
  "fd_mean": 0.11219815526347068,
  "fd_num": 4,
  "fd_perc": 3.9603960396039604,
  "fwhm_avg": 1.876608888888889,
  "fwhm_x": 1.7602133333333334,
  "fwhm_y": 2.03259,
  "fwhm_z": 1.8370233333333335,
  "gcor": 0.0192916,
  "gsr_x": -0.02449393831193447,
  "gsr_y": 0.015415217727422714,
  "provenance": {
    "md5sum": "1264d89ed96687b8434a86921bbff591",
    "settings": {
      "fd_thres": 0.2,
      "testing": false
    },
    "software": "mriqc",
    "version": "22.0.6",
    "webapi_port": null,
    "webapi_url": "https://mriqc.nimh.nih.gov/api/v1"
  },
  "size_t": 101,
  "size_x": 80,
  "size_y": 80,
  "size_z": 37,
  "snr": 6.908153275748426,
  "spacing_tr": 2.000000476837158,
  "spacing_x": 3.0,
  "spacing_y": 3.0,
  "spacing_z": 3.0,
  "summary_bg_k": 203.56847815515985,
  "summary_bg_mad": 4602.7082389791185,
  "summary_bg_mean": 36519.40625,
  "summary_bg_median": 3323.345703125,
  "summary_bg_n": 171178.0,
  "summary_bg_p05": 52.43257808685303,
  "summary_bg_p95": 169184.5015625,
  "summary_bg_stdv": 137969.234375,
  "summary_fg_k": 2.1009995570471425,
  "summary_fg_mad": 281246.11967024376,
  "summary_fg_mean": 2183405.75,
  "summary_fg_median": 2160702.0,
  "summary_fg_n": 27318.0,
  "summary_fg_p05": 1731172.975,
  "summary_fg_p95": 2686915.7124999994,
  "summary_fg_stdv": 312769.90625,
  "tsnr": 70.54759216308594
}