{
  "aor": 0.004226633663366337,
  "aqi": 0.014550324356435643,
  "bids_meta": {
    "AcquisitionMatrixPE": 80,
    "AcquisitionNumber": 20,
    "AcquisitionTime": "18:24:42.920000",
    "BodyPartExamined": "BRAIN",
    "CoilString": "SENSE_HEAD_8",
    "ConversionSoftware": "dcm2niix",
    "ConversionSoftwareVersion": "v1.0.20181125  Clang9.0.0",
    "Dcm2bidsVersion": "2.1.4",
    "DeviceSerialNumber": "34072",
    "EchoTime": 0.030001,
    "EchoTrainLength": 39,
    "EffectiveEchoSpacing": 0.0002777,
    "FlipAngle": 82,
    "ImageOrientationPatientDICOM": [
      0.999341,
      0.00292665,
      0.0361685,
      -0.00303132,
      0.999991,
      0.00283941
    ],
    "ImageType": [
      "ORIGINAL",
      "PRIMARY",
      "M",
      "FFE",
      "M",
      "FFE"
    ],
    "ImagingFrequency": 127.733,
    "InPlanePhaseEncodingDirectionDICOM": "COL",
    "InstitutionName": "Az.Osp._Udine",
    "InstitutionalDepartmentName": "Radiologia",
    "MRAcquisitionType": "2D",
    "MagneticFieldStrength": 3,
    "Manufacturer": "Philips",
    "ManufacturersModelName": "Achieva",
    "Modality": "MR",
    "PartialFourier": 0.4875,
    "PatientPosition": "HFS",
    "PercentPhaseFOV": 100,
    "PhaseEncodingAxis": "j",
    "PhaseEncodingDirection": "j",
    "PhaseEncodingSteps": 80,
    "PhilipsRescaleIntercept": 0,
    "PhilipsRescaleSlope": 0.843956,
    "PhilipsScaleSlope": 0.000914431,
    "PixelBandwidth": 3608.02,
    "ProtocolName": "SOCIAL_4run",
    "ReconMatrixPE": 80,
    "RepetitionTime": 2,
    "ScanOptions": "FS",
    "ScanningSequence": "GR",
    "SequenceVariant": "SK",
    "SeriesDescription": "SOCIAL_4run",
    "SeriesNumber": 2001,
    "SliceThickness": 3,
    "SliceTiming": [
      0.0,
      0.378378,
      0.702703,
      1.027027,
      1.351351,
      1.675676,
      0.054054,
      0.432432,
      0.756757,
      1.081081,
      1.405405,
      1.72973,
      0.108108,
      0.486486,
      0.810811,
      1.135135,
      1.459459,
      1.783784,
      0.162162,
      0.540541,
      0.864865,
      1.189189,
      1.513514,
      1.837838,
      0.216216,
      0.594595,
      0.918919,
      1.243243,
      1.567568,
      1.891892,
      0.27027,
      0.648649,
      0.972973,
      1.297297,
      1.621622,
      1.945946,
      0.324324
    ],
    "SoftwareVersions": "5.3.1_5.3.1.2",
    "SpacingBetweenSlices": 3,
    "StationName": "PHILIPS-K5NT78B",
    "TaskName": "ANIM",
    "TotalReadoutTime": 0.0219394,
    "UsePhilipsFloatNotDisplayScaling": 1,
    "dataset": "ds003436",
    "modality": "bold",
    "run_id": 3,
    "subject_id": "49",
    "task_id": "anim"
  },
  "dummy_trs": 0,
  "dvars_nstd": 28.631717166900007,
  "dvars_std": 1.1012319276999998,
  "dvars_vstd": 1.017975768,
  "efc": 0.43964328366138283,
  "fber": 191190.59375,
  "fd_mean": 0.2519247310682681,
  "fd_num": 43,
  "fd_perc": 42.57425742574257,
  "fwhm_avg": 1.8335144444444442,
  "fwhm_x": 1.7735733333333332,
  "fwhm_y": 1.9923466666666665,
  "fwhm_z": 1.7346233333333334,
  "gcor": 0.0408579,
  "gsr_x": -0.008684970438480377,
  "gsr_y": 0.013018996454775333,
  "provenance": {
    "md5sum": "015388e602d0de415224474721aee382",
    "settings": {
      "fd_thres": 0.2,
      "testing": false
    },
    "software": "mriqc",
    "version": "22.0.6",
    "webapi_port": null,
    "webapi_url": "https://mriqc.nimh.nih.gov/api/v1"
  },
  "size_t": 101,
  "size_x": 80,
  "size_y": 80,
  "size_z": 37,
  "snr": 6.0382332913368435,
  "spacing_tr": 2.000000476837158,
  "spacing_x": 3.0,
  "spacing_y": 3.0,
  "spacing_z": 3.0,
  "summary_bg_k": 42.34564764913689,
  "summary_bg_mad": 4755.6222586122185,
  "summary_bg_mean": 40707.06640625,
  "summary_bg_median": 3589.41845703125,
  "summary_bg_n": 157961.0,
  "summary_bg_p05": 181.39271545410156,
  "summary_bg_p95": 246224.828125,
  "summary_bg_stdv": 110440.2265625,
  "summary_fg_k": 1.3503846010897291,
  "summary_fg_mad": 278081.3199095662,
  "summary_fg_mean": 1717612.125,
  "summary_fg_median": 1698063.875,
  "summary_fg_n": 37773.0,
  "summary_fg_p05": 1320932.075,
  "summary_fg_p95": 2177414.35,
  "summary_fg_stdv": 281214.9375,
  "tsnr": 46.46373748779297
}