{
  "bids_meta": {
    "AcquisitionMatrixPE": 240,
    "AcquisitionNumber": 2,
    "AcquisitionTime": "16:45:5.710000",
    "BodyPartExamined": "BRAIN",
    "CoilString": "SENSE_HEAD_8",
    "ConversionSoftware": "dcm2niix",
    "ConversionSoftwareVersion": "v1.0.20190410  Clang4.0.1",
    "Dcm2bidsVersion": "2.1.4",
    "DeviceSerialNumber": "34072",
    "EchoTime": 0.003748,
    "EchoTrainLength": 240,
    "FlipAngle": 12,
    "ImageOrientationPatientDICOM": [
      0.00896799,
      0.999949,
      0.00460939,
      0.0828145,
      0.00385104,
      -0.996558
    ],
    "ImageType": [
      "ORIGINAL",
      "PRIMARY",
      "M",
      "FFE",
      "M",
      "FFE"
    ],
    "ImagingFrequency": 127.735,
    "InPlanePhaseEncodingDirectionDICOM": "ROW",
    "InstitutionName": "Az.Osp._Udine",
    "InstitutionalDepartmentName": "Radiologia",
    "MRAcquisitionType": "3D",
    "MagneticFieldStrength": 3,
    "Manufacturer": "Philips",
    "ManufacturersModelName": "Achieva",
    "Modality": "MR",
    "PatientPosition": "HFS",
    "PercentPhaseFOV": 100,
    "PhaseEncodingSteps": 240,
    "PhilipsRescaleIntercept": 0,
    "PhilipsRescaleSlope": 3.49939,
    "PhilipsScaleSlope": 0.000144041,
    "PixelBandwidth": 191.38,
    "ProtocolName": "T1W_3D_VBM",
    "ReconMatrixPE": 256,
    "RepetitionTime": 0.0081709,
    "ScanOptions": "OTHER",
    "ScanningSequence": "GR",
    "SequenceVariant": "MP",
    "SeriesDescription": "T1W_3D_VBM",
    "SeriesNumber": 201,
    "SliceThickness": 1,
    "SoftwareVersions": "5.3.1_5.3.1.2",
    "SpacingBetweenSlices": 1,
    "StationName": "PHILIPS-K5NT78B",
    "UsePhilipsFloatNotDisplayScaling": 1,
    "dataset": "ds003436",
    "modality": "T1w",
    "subject_id": "13"
  },
  "cjv": 0.3416909521479519,
  "cnr": 3.928570207385755,
  "efc": 0.572251706693946,
  "fber": -1.0,
  "fwhm_avg": 4.255930444444444,
  "fwhm_x": 4.25385,
  "fwhm_y": 4.503456,
  "fwhm_z": 4.0104853333333335,
  "icvs_csf": 0.16566944418110105,
  "icvs_gm": 0.4507936855986005,
  "icvs_wm": 0.3835368702202984,
  "inu_med": 0.24561649560928345,
  "inu_range": 0.05773986130952835,
  "provenance": {
    "md5sum": "53d3594710803d82c5352b17da24f524",
    "settings": {
      "testing": false
    },
    "software": "mriqc",
    "version": "22.0.6",
    "warnings": {
      "large_rot_frame": true,
      "small_air_mask": false
    },
    "webapi_port": null,
    "webapi_url": "https://mriqc.nimh.nih.gov/api/v1"
  },
  "qi_1": 0.0004272829501652255,
  "qi_2": 7.376588821452321e-07,
  "rpve_csf": 27.095103988255445,
  "rpve_gm": 10.92310376676612,
  "rpve_wm": 14.223248004014488,
  "size_x": 170,
  "size_y": 256,
  "size_z": 256,
  "snr_csf": 2.1614568881862333,
  "snr_gm": 15.793701818548888,
  "snr_total": 16.03244757864643,
  "snr_wm": 30.14218402920417,
  "snrd_csf": 59.486736360829795,
  "snrd_gm": 136.5889137302454,
  "snrd_total": 124.62345965464279,
  "snrd_wm": 177.7947288728532,
  "spacing_x": 1.0,
  "spacing_y": 0.9375,
  "spacing_z": 0.9375,
  "summary_bg_k": 30.55134934882127,
  "summary_bg_mad": 0.0,
  "summary_bg_mean": 1.3821412598326444,
  "summary_bg_median": 0.0,
  "summary_bg_n": 1296998.0,
  "summary_bg_p05": 0.0,
  "summary_bg_p95": 8.153933407738805,
  "summary_bg_stdv": 3.6849400582745737,
  "summary_csf_k": -0.42720542649889426,
  "summary_csf_mad": 156.07760265646192,
  "summary_csf_mean": 316.8635973306565,
  "summary_csf_median": 334.59453291259706,
  "summary_csf_n": 32809.0,
  "summary_csf_p05": 57.18679251521826,
  "summary_csf_p95": 561.532865140587,
  "summary_csf_stdv": 154.79810658043885,
  "summary_gm_k": 0.09827126353290572,
  "summary_gm_mad": 47.84619954584985,
  "summary_gm_mean": 769.3786805581777,
  "summary_gm_median": 768.270484926179,
  "summary_gm_n": 65796.0,
  "summary_gm_p05": 691.7489560227841,
  "summary_gm_p95": 851.7521951999515,
  "summary_gm_stdv": 48.6437350441288,
  "summary_wm_k": 0.4856334854880511,
  "summary_wm_mad": 31.347510047280934,
  "summary_wm_mean": 1001.1797700243541,
  "summary_wm_median": 1000.0404779426754,
  "summary_wm_n": 259366.0,
  "summary_wm_p05": 948.6737324367277,
  "summary_wm_p95": 1057.7654705289751,
  "summary_wm_stdv": 33.17737523983438,
  "tpm_overlap_csf": 0.1288422130946898,
  "tpm_overlap_gm": 0.4656661919287248,
  "tpm_overlap_wm": 0.49776408879880296,
  "wm2max": 0.8784745397857348
}