{
  "aor": 0.0011894059405940592,
  "aqi": 0.006077442079207922,
  "bids_meta": {
    "AcquisitionMatrixPE": 80,
    "AcquisitionNumber": 7,
    "AcquisitionTime": "16:54:42.770000",
    "BodyPartExamined": "BRAIN",
    "CoilString": "SENSE_HEAD_8",
    "ConversionSoftware": "dcm2niix",
    "ConversionSoftwareVersion": "v1.0.20181125  Clang9.0.0",
    "Dcm2bidsVersion": "2.1.4",
    "DeviceSerialNumber": "34072",
    "EchoTime": 0.030001,
    "EchoTrainLength": 39,
    "EffectiveEchoSpacing": 0.0002777,
    "FlipAngle": 82,
    "ImageOrientationPatientDICOM": [
      0.999873,
      0.00404041,
      0.0154276,
      -0.00408204,
      0.999988,
      0.00266782
    ],
    "ImageType": [
      "ORIGINAL",
      "PRIMARY",
      "M",
      "FFE",
      "M",
      "FFE"
    ],
    "ImagingFrequency": 127.733,
    "InPlanePhaseEncodingDirectionDICOM": "COL",
    "InstitutionName": "Az.Osp._Udine",
    "InstitutionalDepartmentName": "Radiologia",
    "MRAcquisitionType": "2D",
    "MagneticFieldStrength": 3,
    "Manufacturer": "Philips",
    "ManufacturersModelName": "Achieva",
    "Modality": "MR",
    "PartialFourier": 0.4875,
    "PatientPosition": "HFS",
    "PercentPhaseFOV": 100,
    "PhaseEncodingAxis": "j",
    "PhaseEncodingDirection": "j",
    "PhaseEncodingSteps": 80,
    "PhilipsRescaleIntercept": 0,
    "PhilipsRescaleSlope": 0.765568,
    "PhilipsScaleSlope": 0.000979117,
    "PixelBandwidth": 3608.02,
    "ProtocolName": "SOCIAL_4run",
    "ReconMatrixPE": 80,
    "RepetitionTime": 2,
    "ScanOptions": "FS",
    "ScanningSequence": "GR",
    "SequenceVariant": "SK",
    "SeriesDescription": "SOCIAL_4run",
    "SeriesNumber": 701,
    "SliceThickness": 3,
    "SliceTiming": [
      0.0,
      0.378378,
      0.702703,
      1.027027,
      1.351351,
      1.675676,
      0.054054,
      0.432432,
      0.756757,
      1.081081,
      1.405405,
      1.72973,
      0.108108,
      0.486486,
      0.810811,
      1.135135,
      1.459459,
      1.783784,
      0.162162,
      0.540541,
      0.864865,
      1.189189,
      1.513514,
      1.837838,
      0.216216,
      0.594595,
      0.918919,
      1.243243,
      1.567568,
      1.891892,
      0.27027,
      0.648649,
      0.972973,
      1.297297,
      1.621622,
      1.945946,
      0.324324
    ],
    "SoftwareVersions": "5.3.1_5.3.1.2",
    "SpacingBetweenSlices": 3,
    "StationName": "PHILIPS-K5NT78B",
    "TaskName": "ANIM",
    "TotalReadoutTime": 0.0219394,
    "UsePhilipsFloatNotDisplayScaling": 1,
    "dataset": "ds003436",
    "modality": "bold",
    "run_id": 3,
    "subject_id": "44",
    "task_id": "anim"
  },
  "dummy_trs": 0,
  "dvars_nstd": 32.5682402992,
  "dvars_std": 1.3497136949999995,
  "dvars_vstd": 1.0125871224000003,
  "efc": 0.4191985688436599,
  "fber": 118236.4921875,
  "fd_mean": 0.07952710294598533,
  "fd_num": 4,
  "fd_perc": 3.9603960396039604,
  "fwhm_avg": 1.8009199999999999,
  "fwhm_x": 1.7075766666666665,
  "fwhm_y": 1.9730033333333334,
  "fwhm_z": 1.72218,
  "gcor": 0.0127722,
  "gsr_x": -0.017338017001748085,
  "gsr_y": 0.016149219125509262,
  "provenance": {
    "md5sum": "18d35c130f738a7c670d851e96c9b833",
    "settings": {
      "fd_thres": 0.2,
      "testing": false
    },
    "software": "mriqc",
    "version": "22.0.6",
    "webapi_port": null,
    "webapi_url": "https://mriqc.nimh.nih.gov/api/v1"
  },
  "size_t": 101,
  "size_x": 80,
  "size_y": 80,
  "size_z": 37,
  "snr": 5.335118851583067,
  "spacing_tr": 2.000000476837158,
  "spacing_x": 3.0,
  "spacing_y": 3.0,
  "spacing_z": 3.0,
  "summary_bg_k": 65.96402681182306,
  "summary_bg_mad": 5796.814867501565,
  "summary_bg_mean": 39706.4296875,
  "summary_bg_median": 4183.60986328125,
  "summary_bg_n": 163181.0,
  "summary_bg_p05": 71.98811340332031,
  "summary_bg_p95": 203024.390625,
  "summary_bg_stdv": 113048.078125,
  "summary_fg_k": 1.5678066794864955,
  "summary_fg_mad": 275200.80912428716,
  "summary_fg_mean": 1552083.875,
  "summary_fg_median": 1521394.75,
  "summary_fg_n": 33430.0,
  "summary_fg_p05": 1166273.28125,
  "summary_fg_p95": 2027507.8187499999,
  "summary_fg_stdv": 285161.78125,
  "tsnr": 62.975276947021484
}