{
  "aor": 0.000903069306930693,
  "aqi": 0.005689482376237624,
  "bids_meta": {
    "AcquisitionMatrixPE": 80,
    "AcquisitionNumber": 6,
    "AcquisitionTime": "16:50:33.220000",
    "BodyPartExamined": "BRAIN",
    "CoilString": "SENSE_HEAD_8",
    "ConversionSoftware": "dcm2niix",
    "ConversionSoftwareVersion": "v1.0.20181125  Clang9.0.0",
    "Dcm2bidsVersion": "2.1.4",
    "DeviceSerialNumber": "34072",
    "EchoTime": 0.030001,
    "EchoTrainLength": 39,
    "EffectiveEchoSpacing": 0.0002777,
    "FlipAngle": 82,
    "ImageOrientationPatientDICOM": [
      0.999873,
      0.00404041,
      0.0154276,
      -0.00408204,
      0.999988,
      0.00266782
    ],
    "ImageType": [
      "ORIGINAL",
      "PRIMARY",
      "M",
      "FFE",
      "M",
      "FFE"
    ],
    "ImagingFrequency": 127.733,
    "InPlanePhaseEncodingDirectionDICOM": "COL",
    "InstitutionName": "Az.Osp._Udine",
    "InstitutionalDepartmentName": "Radiologia",
    "MRAcquisitionType": "2D",
    "MagneticFieldStrength": 3,
    "Manufacturer": "Philips",
    "ManufacturersModelName": "Achieva",
    "Modality": "MR",
    "PartialFourier": 0.4875,
    "PatientPosition": "HFS",
    "PercentPhaseFOV": 100,
    "PhaseEncodingAxis": "j",
    "PhaseEncodingDirection": "j",
    "PhaseEncodingSteps": 80,
    "PhilipsRescaleIntercept": 0,
    "PhilipsRescaleSlope": 0.827106,
    "PhilipsScaleSlope": 0.00150987,
    "PixelBandwidth": 3608.02,
    "ProtocolName": "SOCIAL_4run",
    "ReconMatrixPE": 80,
    "RepetitionTime": 2,
    "ScanOptions": "FS",
    "ScanningSequence": "GR",
    "SequenceVariant": "SK",
    "SeriesDescription": "SOCIAL_4run",
    "SeriesNumber": 601,
    "SliceThickness": 3,
    "SliceTiming": [
      0.0,
      0.378378,
      0.702703,
      1.027027,
      1.351351,
      1.675676,
      0.054054,
      0.432432,
      0.756757,
      1.081081,
      1.405405,
      1.72973,
      0.108108,
      0.486486,
      0.810811,
      1.135135,
      1.459459,
      1.783784,
      0.162162,
      0.540541,
      0.864865,
      1.189189,
      1.513514,
      1.837838,
      0.216216,
      0.594595,
      0.918919,
      1.243243,
      1.567568,
      1.891892,
      0.27027,
      0.648649,
      0.972973,
      1.297297,
      1.621622,
      1.945946,
      0.324324
    ],
    "SoftwareVersions": "5.3.1_5.3.1.2",
    "SpacingBetweenSlices": 3,
    "StationName": "PHILIPS-K5NT78B",
    "TaskName": "ANIM",
    "TotalReadoutTime": 0.0219394,
    "UsePhilipsFloatNotDisplayScaling": 1,
    "dataset": "ds003436",
    "modality": "bold",
    "run_id": 1,
    "subject_id": "44",
    "task_id": "anim"
  },
  "dummy_trs": 0,
  "dvars_nstd": 32.47847410230002,
  "dvars_std": 1.3440419145999996,
  "dvars_vstd": 1.0077099251,
  "efc": 0.41833238933786326,
  "fber": 132009.046875,
  "fd_mean": 0.08231161029705242,
  "fd_num": 3,
  "fd_perc": 2.9702970297029703,
  "fwhm_avg": 1.8116044444444446,
  "fwhm_x": 1.71681,
  "fwhm_y": 1.9885866666666667,
  "fwhm_z": 1.7294166666666666,
  "gcor": 0.0182514,
  "gsr_x": -0.01697358675301075,
  "gsr_y": 0.016083616763353348,
  "provenance": {
    "md5sum": "b839d6b08a1f114400fe90a7c600939e",
    "settings": {
      "fd_thres": 0.2,
      "testing": false
    },
    "software": "mriqc",
    "version": "22.0.6",
    "webapi_port": null,
    "webapi_url": "https://mriqc.nimh.nih.gov/api/v1"
  },
  "size_t": 101,
  "size_x": 80,
  "size_y": 80,
  "size_z": 37,
  "snr": 5.305224914659084,
  "spacing_tr": 2.000000476837158,
  "spacing_x": 3.0,
  "spacing_y": 3.0,
  "spacing_z": 3.0,
  "summary_bg_k": 66.72520804062223,
  "summary_bg_mad": 3386.361943743082,
  "summary_bg_mean": 24240.185546875,
  "summary_bg_median": 2439.00830078125,
  "summary_bg_n": 163210.0,
  "summary_bg_p05": 41.91162357330323,
  "summary_bg_p95": 123777.78007812492,
  "summary_bg_stdv": 69740.484375,
  "summary_fg_k": 1.5452652579847932,
  "summary_fg_mad": 170887.97489730868,
  "summary_fg_mean": 959491.25,
  "summary_fg_median": 939883.8125,
  "summary_fg_n": 33418.0,
  "summary_fg_p05": 718737.971875,
  "summary_fg_p95": 1255383.05625,
  "summary_fg_stdv": 177159.265625,
  "tsnr": 63.994140625
}