{
  "aor": 0.0012569306930693064,
  "aqi": 0.006750903267326733,
  "bids_meta": {
    "AcquisitionMatrixPE": 80,
    "AcquisitionNumber": 8,
    "AcquisitionTime": "16:58:53.260000",
    "BodyPartExamined": "BRAIN",
    "CoilString": "SENSE_HEAD_8",
    "ConversionSoftware": "dcm2niix",
    "ConversionSoftwareVersion": "v1.0.20181125  Clang9.0.0",
    "Dcm2bidsVersion": "2.1.4",
    "DeviceSerialNumber": "34072",
    "EchoTime": 0.030001,
    "EchoTrainLength": 39,
    "EffectiveEchoSpacing": 0.0002777,
    "FlipAngle": 82,
    "ImageOrientationPatientDICOM": [
      0.999873,
      0.00404041,
      0.0154276,
      -0.00408204,
      0.999988,
      0.00266782
    ],
    "ImageType": [
      "ORIGINAL",
      "PRIMARY",
      "M",
      "FFE",
      "M",
      "FFE"
    ],
    "ImagingFrequency": 127.733,
    "InPlanePhaseEncodingDirectionDICOM": "COL",
    "InstitutionName": "Az.Osp._Udine",
    "InstitutionalDepartmentName": "Radiologia",
    "MRAcquisitionType": "2D",
    "MagneticFieldStrength": 3,
    "Manufacturer": "Philips",
    "ManufacturersModelName": "Achieva",
    "Modality": "MR",
    "PartialFourier": 0.4875,
    "PatientPosition": "HFS",
    "PercentPhaseFOV": 100,
    "PhaseEncodingAxis": "j",
    "PhaseEncodingDirection": "j",
    "PhaseEncodingSteps": 80,
    "PhilipsRescaleIntercept": 0,
    "PhilipsRescaleSlope": 0.778999,
    "PhilipsScaleSlope": 0.00096733,
    "PixelBandwidth": 3608.02,
    "ProtocolName": "SOCIAL_4run",
    "ReconMatrixPE": 80,
    "RepetitionTime": 2,
    "ScanOptions": "FS",
    "ScanningSequence": "GR",
    "SequenceVariant": "SK",
    "SeriesDescription": "SOCIAL_4run",
    "SeriesNumber": 801,
    "SliceThickness": 3,
    "SliceTiming": [
      0.0,
      0.378378,
      0.702703,
      1.027027,
      1.351351,
      1.675676,
      0.054054,
      0.432432,
      0.756757,
      1.081081,
      1.405405,
      1.72973,
      0.108108,
      0.486486,
      0.810811,
      1.135135,
      1.459459,
      1.783784,
      0.162162,
      0.540541,
      0.864865,
      1.189189,
      1.513514,
      1.837838,
      0.216216,
      0.594595,
      0.918919,
      1.243243,
      1.567568,
      1.891892,
      0.27027,
      0.648649,
      0.972973,
      1.297297,
      1.621622,
      1.945946,
      0.324324
    ],
    "SoftwareVersions": "5.3.1_5.3.1.2",
    "SpacingBetweenSlices": 3,
    "StationName": "PHILIPS-K5NT78B",
    "TaskName": "ANIM",
    "TotalReadoutTime": 0.0219394,
    "UsePhilipsFloatNotDisplayScaling": 1,
    "dataset": "ds003436",
    "modality": "bold",
    "run_id": 2,
    "subject_id": "44",
    "task_id": "anim"
  },
  "dummy_trs": 0,
  "dvars_nstd": 32.790914879,
  "dvars_std": 1.3353094244999997,
  "dvars_vstd": 1.0097873137999998,
  "efc": 0.41926781455374185,
  "fber": 144121.453125,
  "fd_mean": 0.08372066925631097,
  "fd_num": 6,
  "fd_perc": 5.9405940594059405,
  "fwhm_avg": 1.8014766666666666,
  "fwhm_x": 1.7070866666666669,
  "fwhm_y": 1.9728266666666665,
  "fwhm_z": 1.7245166666666665,
  "gcor": 0.0200297,
  "gsr_x": -0.01768571138381958,
  "gsr_y": 0.01649170182645321,
  "provenance": {
    "md5sum": "4b0cbb85639d6d4ef7ca1916f1610385",
    "settings": {
      "fd_thres": 0.2,
      "testing": false
    },
    "software": "mriqc",
    "version": "22.0.6",
    "webapi_port": null,
    "webapi_url": "https://mriqc.nimh.nih.gov/api/v1"
  },
  "size_t": 101,
  "size_x": 80,
  "size_y": 80,
  "size_z": 37,
  "snr": 5.350090139446042,
  "spacing_tr": 2.000000476837158,
  "spacing_x": 3.0,
  "spacing_y": 3.0,
  "spacing_z": 3.0,
  "summary_bg_k": 69.41264520993619,
  "summary_bg_mad": 5091.600426554025,
  "summary_bg_mean": 39093.828125,
  "summary_bg_median": 3682.08544921875,
  "summary_bg_n": 163173.0,
  "summary_bg_p05": 68.80455169677735,
  "summary_bg_p95": 201829.55624999997,
  "summary_bg_stdv": 112401.3125,
  "summary_fg_k": 1.5150226237196769,
  "summary_fg_mad": 270878.83833206596,
  "summary_fg_mean": 1523465.5,
  "summary_fg_median": 1492540.125,
  "summary_fg_n": 33462.0,
  "summary_fg_p05": 1145319.325,
  "summary_fg_p95": 1990317.6437499993,
  "summary_fg_stdv": 278970.59375,
  "tsnr": 61.512821197509766
}