{
  "aor": 0.000879306930693069,
  "aqi": 0.007230597623762377,
  "bids_meta": {
    "AcquisitionMatrixPE": 80,
    "AcquisitionNumber": 18,
    "AcquisitionTime": "17:54:57.400000",
    "BodyPartExamined": "BRAIN",
    "CoilString": "SENSE_HEAD_8",
    "ConversionSoftware": "dcm2niix",
    "ConversionSoftwareVersion": "v1.0.20190410  Clang4.0.1",
    "Dcm2bidsVersion": "2.1.4",
    "DeviceSerialNumber": "34072",
    "EchoTime": 0.030001,
    "EchoTrainLength": 39,
    "EffectiveEchoSpacing": 0.0002777,
    "FlipAngle": 82,
    "ImageOrientationPatientDICOM": [
      0.999289,
      0.0312908,
      -0.0210258,
      -0.0297685,
      0.99716,
      0.0691785
    ],
    "ImageType": [
      "ORIGINAL",
      "PRIMARY",
      "M",
      "FFE",
      "M",
      "FFE"
    ],
    "ImagingFrequency": 127.734,
    "InPlanePhaseEncodingDirectionDICOM": "COL",
    "InstitutionName": "Az.Osp._Udine",
    "InstitutionalDepartmentName": "Radiologia",
    "MRAcquisitionType": "2D",
    "MagneticFieldStrength": 3,
    "Manufacturer": "Philips",
    "ManufacturersModelName": "Achieva",
    "Modality": "MR",
    "PartialFourier": 0.4875,
    "PatientPosition": "HFS",
    "PercentPhaseFOV": 100,
    "PhaseEncodingAxis": "j",
    "PhaseEncodingDirection": "j",
    "PhaseEncodingSteps": 80,
    "PhilipsRescaleIntercept": 0,
    "PhilipsRescaleSlope": 0.798046,
    "PhilipsScaleSlope": 0.00104186,
    "PixelBandwidth": 3608.02,
    "ProtocolName": "SOCIAL_4run",
    "ReconMatrixPE": 80,
    "RepetitionTime": 2,
    "ScanOptions": "FS",
    "ScanningSequence": "GR",
    "SequenceVariant": "SK",
    "SeriesDescription": "SOCIAL_4run",
    "SeriesNumber": 1801,
    "SliceThickness": 3,
    "SliceTiming": [
      0.0,
      0.378378,
      0.702703,
      1.027027,
      1.351351,
      1.675676,
      0.054054,
      0.432432,
      0.756757,
      1.081081,
      1.405405,
      1.72973,
      0.108108,
      0.486486,
      0.810811,
      1.135135,
      1.459459,
      1.783784,
      0.162162,
      0.540541,
      0.864865,
      1.189189,
      1.513514,
      1.837838,
      0.216216,
      0.594595,
      0.918919,
      1.243243,
      1.567568,
      1.891892,
      0.27027,
      0.648649,
      0.972973,
      1.297297,
      1.621622,
      1.945946,
      0.324324
    ],
    "SoftwareVersions": "5.3.1_5.3.1.2",
    "SpacingBetweenSlices": 3,
    "StationName": "PHILIPS-K5NT78B",
    "TaskName": "ANIM",
    "TotalReadoutTime": 0.0219394,
    "UsePhilipsFloatNotDisplayScaling": 1,
    "dataset": "ds003436",
    "modality": "bold",
    "run_id": 1,
    "subject_id": "27",
    "task_id": "anim"
  },
  "dummy_trs": 0,
  "dvars_nstd": 25.6267494394,
  "dvars_std": 1.1158685571999998,
  "dvars_vstd": 1.0065737430000006,
  "efc": 0.4155725748048376,
  "fber": 137000.828125,
  "fd_mean": 0.13832534799707824,
  "fd_num": 10,
  "fd_perc": 9.900990099009901,
  "fwhm_avg": 1.7888033333333333,
  "fwhm_x": 1.69636,
  "fwhm_y": 1.9566133333333333,
  "fwhm_z": 1.7134366666666667,
  "gcor": 0.00679967,
  "gsr_x": -0.028240881860256195,
  "gsr_y": 0.017015404999256134,
  "provenance": {
    "md5sum": "1dc08c0882c0ef7671b01e4aa8e2b3b3",
    "settings": {
      "fd_thres": 0.2,
      "testing": false
    },
    "software": "mriqc",
    "version": "22.0.6",
    "webapi_port": null,
    "webapi_url": "https://mriqc.nimh.nih.gov/api/v1"
  },
  "size_t": 101,
  "size_x": 80,
  "size_y": 80,
  "size_z": 37,
  "snr": 5.973520229168689,
  "spacing_tr": 2.000000476837158,
  "spacing_x": 3.0,
  "spacing_y": 3.0,
  "spacing_z": 3.0,
  "summary_bg_k": 88.31746495716712,
  "summary_bg_mad": 5134.216372231971,
  "summary_bg_mean": 37437.80078125,
  "summary_bg_median": 3644.994873046875,
  "summary_bg_n": 165093.0,
  "summary_bg_p05": 54.7150390625,
  "summary_bg_p95": 169726.96562499995,
  "summary_bg_stdv": 112394.921875,
  "summary_fg_k": 1.3445862600782883,
  "summary_fg_mad": 236309.92902955745,
  "summary_fg_mean": 1442062.0,
  "summary_fg_median": 1427368.875,
  "summary_fg_n": 32337.0,
  "summary_fg_p05": 1101487.3,
  "summary_fg_p95": 1832732.4249999996,
  "summary_fg_stdv": 238945.671875,
  "tsnr": 60.20795822143555
}