{
  "bids_meta": {
    "AcquisitionMatrixPE": 240,
    "AcquisitionNumber": 2,
    "AcquisitionTime": "16:56:17.100000",
    "BodyPartExamined": "BRAIN",
    "CoilString": "SENSE_HEAD_8",
    "ConversionSoftware": "dcm2niix",
    "ConversionSoftwareVersion": "v1.0.20190410  Clang4.0.1",
    "Dcm2bidsVersion": "2.1.4",
    "DeviceSerialNumber": "34072",
    "EchoTime": 0.003698,
    "EchoTrainLength": 240,
    "FlipAngle": 12,
    "ImageOrientationPatientDICOM": [
      0.00214548,
      0.999995,
      0.00213564,
      -0.0137961,
      0.00216505,
      -0.999902
    ],
    "ImageType": [
      "ORIGINAL",
      "PRIMARY",
      "M",
      "FFE",
      "M",
      "FFE"
    ],
    "ImagingFrequency": 127.735,
    "InPlanePhaseEncodingDirectionDICOM": "ROW",
    "InstitutionName": "Az.Osp._Udine",
    "InstitutionalDepartmentName": "Radiologia",
    "MRAcquisitionType": "3D",
    "MagneticFieldStrength": 3,
    "Manufacturer": "Philips",
    "ManufacturersModelName": "Achieva",
    "Modality": "MR",
    "PatientPosition": "HFS",
    "PercentPhaseFOV": 100,
    "PhaseEncodingSteps": 240,
    "PhilipsRescaleIntercept": 0,
    "PhilipsRescaleSlope": 3.37875,
    "PhilipsScaleSlope": 0.000113779,
    "PixelBandwidth": 191.38,
    "ProtocolName": "T1W_3D_VBM",
    "ReconMatrixPE": 256,
    "RepetitionTime": 0.0080739,
    "ScanOptions": "OTHER",
    "ScanningSequence": "GR",
    "SequenceVariant": "MP",
    "SeriesDescription": "T1W_3D_VBM",
    "SeriesNumber": 201,
    "SliceThickness": 1,
    "SoftwareVersions": "5.3.1_5.3.1.1",
    "SpacingBetweenSlices": 1,
    "StationName": "PHILIPS-K5NT78B",
    "UsePhilipsFloatNotDisplayScaling": 1,
    "dataset": "ds003436",
    "modality": "T1w",
    "subject_id": "03"
  },
  "cjv": 0.36605381356034344,
  "cnr": 3.703157212021183,
  "efc": 0.6059118845079264,
  "fber": -1.0,
  "fwhm_avg": 3.9648235555555558,
  "fwhm_x": 3.80758,
  "fwhm_y": 4.299349333333334,
  "fwhm_z": 3.787541333333333,
  "icvs_csf": 0.17528021462547524,
  "icvs_gm": 0.4582155071673308,
  "icvs_wm": 0.36650427820719395,
  "inu_med": 0.29402676224708557,
  "inu_range": 0.07978850603103638,
  "provenance": {
    "md5sum": "b3f1ba6d222990dc359661e2644eb2a6",
    "settings": {
      "testing": false
    },
    "software": "mriqc",
    "version": "22.0.6",
    "warnings": {
      "large_rot_frame": true,
      "small_air_mask": false
    },
    "webapi_port": null,
    "webapi_url": "https://mriqc.nimh.nih.gov/api/v1"
  },
  "qi_1": 0.06559733385568811,
  "qi_2": 1.0542425343642944e-06,
  "rpve_csf": 23.57731114480764,
  "rpve_gm": 10.087837713469517,
  "rpve_wm": 14.100268203977997,
  "size_x": 170,
  "size_y": 256,
  "size_z": 256,
  "snr_csf": 2.8521249923426004,
  "snr_gm": 17.585328186392346,
  "snr_total": 16.202153144516075,
  "snr_wm": 28.16900625481328,
  "snrd_csf": 51.93431054685231,
  "snrd_gm": 110.25864569810881,
  "snrd_total": 100.72583495413467,
  "snrd_wm": 139.9845486174429,
  "spacing_x": 1.0,
  "spacing_y": 0.9375,
  "spacing_z": 0.9375,
  "summary_bg_k": 335.4944774889264,
  "summary_bg_mad": 0.0,
  "summary_bg_mean": 1.2494410585593254,
  "summary_bg_median": 0.0,
  "summary_bg_n": 1101278.0,
  "summary_bg_p05": 0.0,
  "summary_bg_p95": 8.40557479672134,
  "summary_bg_stdv": 4.680165141362127,
  "summary_csf_k": 2.9774895208025685,
  "summary_csf_mad": 81.54068497815452,
  "summary_csf_mean": 374.23703950617727,
  "summary_csf_median": 371.00846459157765,
  "summary_csf_n": 26034.0,
  "summary_csf_p05": 108.5603029000573,
  "summary_csf_p95": 583.9570083320141,
  "summary_csf_stdv": 130.0789201241048,
  "summary_gm_k": 0.13622494330282242,
  "summary_gm_mad": 43.99162254208496,
  "summary_gm_mean": 787.2406600299838,
  "summary_gm_median": 787.6660037972033,
  "summary_gm_n": 43733.0,
  "summary_gm_p05": 713.1131641510874,
  "summary_gm_p95": 860.6606298387051,
  "summary_gm_stdv": 44.790577122057464,
  "summary_wm_k": 0.5280119851046607,
  "summary_wm_mad": 33.74209510069682,
  "summary_wm_mean": 1001.3357210231877,
  "summary_wm_median": 1000.0219874344766,
  "summary_wm_n": 235058.0,
  "summary_wm_p05": 945.3308845795691,
  "summary_wm_p95": 1061.2751447651535,
  "summary_wm_stdv": 35.50071490647596,
  "tpm_overlap_csf": 0.17470279849124945,
  "tpm_overlap_gm": 0.4831176495437832,
  "tpm_overlap_wm": 0.5140578008084775,
  "wm2max": 0.8457412253837444
}