{
  "aor": 0.009226336633663365,
  "aqi": 0.021567709900990096,
  "bids_meta": {
    "AcquisitionMatrixPE": 80,
    "AcquisitionNumber": 11,
    "AcquisitionTime": "17:33:46.250000",
    "BodyPartExamined": "BRAIN",
    "CoilString": "SENSE_HEAD_8",
    "ConversionSoftware": "dcm2niix",
    "ConversionSoftwareVersion": "v1.0.20190410  Clang4.0.1",
    "Dcm2bidsVersion": "2.1.4",
    "DeviceSerialNumber": "34072",
    "EchoTime": 0.030001,
    "EchoTrainLength": 39,
    "EffectiveEchoSpacing": 0.0002777,
    "FlipAngle": 82,
    "ImageOrientationPatientDICOM": [
      0.999208,
      0.0193241,
      -0.0347937,
      -0.0214541,
      0.99785,
      -0.0619224
    ],
    "ImageType": [
      "ORIGINAL",
      "PRIMARY",
      "M",
      "FFE",
      "M",
      "FFE"
    ],
    "ImagingFrequency": 127.734,
    "InPlanePhaseEncodingDirectionDICOM": "COL",
    "InstitutionName": "Az.Osp._Udine",
    "InstitutionalDepartmentName": "Radiologia",
    "MRAcquisitionType": "2D",
    "MagneticFieldStrength": 3,
    "Manufacturer": "Philips",
    "ManufacturersModelName": "Achieva",
    "Modality": "MR",
    "PartialFourier": 0.4875,
    "PatientPosition": "HFS",
    "PercentPhaseFOV": 100,
    "PhaseEncodingAxis": "j",
    "PhaseEncodingDirection": "j",
    "PhaseEncodingSteps": 80,
    "PhilipsRescaleIntercept": 0,
    "PhilipsRescaleSlope": 0.905006,
    "PhilipsScaleSlope": 0.000489164,
    "PixelBandwidth": 3608.02,
    "ProtocolName": "SOCIAL_4run",
    "ReconMatrixPE": 80,
    "RepetitionTime": 2,
    "ScanOptions": "FS",
    "ScanningSequence": "GR",
    "SequenceVariant": "SK",
    "SeriesDescription": "SOCIAL_4run",
    "SeriesNumber": 1101,
    "SliceThickness": 3,
    "SliceTiming": [
      0.0,
      0.378378,
      0.702703,
      1.027027,
      1.351351,
      1.675676,
      0.054054,
      0.432432,
      0.756757,
      1.081081,
      1.405405,
      1.72973,
      0.108108,
      0.486486,
      0.810811,
      1.135135,
      1.459459,
      1.783784,
      0.162162,
      0.540541,
      0.864865,
      1.189189,
      1.513514,
      1.837838,
      0.216216,
      0.594595,
      0.918919,
      1.243243,
      1.567568,
      1.891892,
      0.27027,
      0.648649,
      0.972973,
      1.297297,
      1.621622,
      1.945946,
      0.324324
    ],
    "SoftwareVersions": "5.3.1_5.3.1.2",
    "SpacingBetweenSlices": 3,
    "StationName": "PHILIPS-K5NT78B",
    "TaskName": "ANIM",
    "TotalReadoutTime": 0.0219394,
    "UsePhilipsFloatNotDisplayScaling": 1,
    "dataset": "ds003436",
    "modality": "bold",
    "run_id": 1,
    "subject_id": "11",
    "task_id": "anim"
  },
  "dummy_trs": 0,
  "dvars_nstd": 28.4783553114,
  "dvars_std": 0.9771753992000001,
  "dvars_vstd": 0.9626182993000002,
  "efc": 0.4193536013936326,
  "fber": 101266.7734375,
  "fd_mean": 0.23298381501429488,
  "fd_num": 21,
  "fd_perc": 20.792079207920793,
  "fwhm_avg": 1.9469022222222223,
  "fwhm_x": 1.87212,
  "fwhm_y": 2.0828433333333334,
  "fwhm_z": 1.8857433333333333,
  "gcor": 0.0285689,
  "gsr_x": -0.01580709218978882,
  "gsr_y": 0.009182587265968323,
  "provenance": {
    "md5sum": "50ef04aaf7eef0fb3765af8d8c08ec52",
    "settings": {
      "fd_thres": 0.2,
      "testing": false
    },
    "software": "mriqc",
    "version": "22.0.6",
    "webapi_port": null,
    "webapi_url": "https://mriqc.nimh.nih.gov/api/v1"
  },
  "size_t": 101,
  "size_x": 80,
  "size_y": 80,
  "size_z": 37,
  "snr": 6.090512131929157,
  "spacing_tr": 2.000000476837158,
  "spacing_x": 3.0,
  "spacing_y": 3.0,
  "spacing_z": 3.0,
  "summary_bg_k": 91.97481306429336,
  "summary_bg_mad": 12029.978643382206,
  "summary_bg_mean": 71197.078125,
  "summary_bg_median": 9452.529296875,
  "summary_bg_n": 162841.0,
  "summary_bg_p05": 613.0264892578125,
  "summary_bg_p95": 302641.40625,
  "summary_bg_stdv": 218069.359375,
  "summary_fg_k": 1.7444723243705198,
  "summary_fg_mad": 491983.75498446194,
  "summary_fg_mean": 3227163.25,
  "summary_fg_median": 3172340.5,
  "summary_fg_n": 33879.0,
  "summary_fg_p05": 2502195.825,
  "summary_fg_p95": 4100868.275,
  "summary_fg_stdv": 520858.28125,
  "tsnr": 37.52121353149414
}