{
  "aor": 0.005005399999999998,
  "aqi": 0.0128498384,
  "bids_meta": {
    "AcquisitionMatrixPE": 80,
    "AcquisitionNumber": 9,
    "AcquisitionTime": "17:25:18.090000",
    "BodyPartExamined": "BRAIN",
    "CoilString": "SENSE_HEAD_8",
    "ConversionSoftware": "dcm2niix",
    "ConversionSoftwareVersion": "v1.0.20190410  Clang4.0.1",
    "Dcm2bidsVersion": "2.1.4",
    "DeviceSerialNumber": "34072",
    "EchoTime": 0.030001,
    "EchoTrainLength": 39,
    "EffectiveEchoSpacing": 0.0002777,
    "FlipAngle": 82,
    "ImageOrientationPatientDICOM": [
      0.999208,
      0.0193241,
      -0.0347937,
      -0.0214541,
      0.99785,
      -0.0619224
    ],
    "ImageType": [
      "ORIGINAL",
      "PRIMARY",
      "M",
      "FFE",
      "M",
      "FFE"
    ],
    "ImagingFrequency": 127.734,
    "InPlanePhaseEncodingDirectionDICOM": "COL",
    "InstitutionName": "Az.Osp._Udine",
    "InstitutionalDepartmentName": "Radiologia",
    "MRAcquisitionType": "2D",
    "MagneticFieldStrength": 3,
    "Manufacturer": "Philips",
    "ManufacturersModelName": "Achieva",
    "Modality": "MR",
    "PartialFourier": 0.4875,
    "PatientPosition": "HFS",
    "PercentPhaseFOV": 100,
    "PhaseEncodingAxis": "j",
    "PhaseEncodingDirection": "j",
    "PhaseEncodingSteps": 80,
    "PhilipsRescaleIntercept": 0,
    "PhilipsRescaleSlope": 0.978022,
    "PhilipsScaleSlope": 0.000417073,
    "PixelBandwidth": 3608.02,
    "ProtocolName": "SOCIAL_4run",
    "ReconMatrixPE": 80,
    "RepetitionTime": 2,
    "ScanOptions": "FS",
    "ScanningSequence": "GR",
    "SequenceVariant": "SK",
    "SeriesDescription": "SOCIAL_4run",
    "SeriesNumber": 901,
    "SliceThickness": 3,
    "SliceTiming": [
      0.0,
      0.378378,
      0.702703,
      1.027027,
      1.351351,
      1.675676,
      0.054054,
      0.432432,
      0.756757,
      1.081081,
      1.405405,
      1.72973,
      0.108108,
      0.486486,
      0.810811,
      1.135135,
      1.459459,
      1.783784,
      0.162162,
      0.540541,
      0.864865,
      1.189189,
      1.513514,
      1.837838,
      0.216216,
      0.594595,
      0.918919,
      1.243243,
      1.567568,
      1.891892,
      0.27027,
      0.648649,
      0.972973,
      1.297297,
      1.621622,
      1.945946,
      0.324324
    ],
    "SoftwareVersions": "5.3.1_5.3.1.2",
    "SpacingBetweenSlices": 3,
    "StationName": "PHILIPS-K5NT78B",
    "TaskName": "ANIM",
    "TotalReadoutTime": 0.0219394,
    "UsePhilipsFloatNotDisplayScaling": 1,
    "dataset": "ds003436",
    "modality": "bold",
    "run_id": 2,
    "subject_id": "11",
    "task_id": "anim"
  },
  "dummy_trs": 1,
  "dvars_nstd": 26.170226569090904,
  "dvars_std": 1.0445512011111115,
  "dvars_vstd": 0.9759225253535352,
  "efc": 0.4169810033576752,
  "fber": 132470.484375,
  "fd_mean": 0.1905879838652284,
  "fd_num": 25,
  "fd_perc": 25.0,
  "fwhm_avg": 1.9727211111111111,
  "fwhm_x": 1.9099833333333331,
  "fwhm_y": 2.1029066666666667,
  "fwhm_z": 1.9052733333333334,
  "gcor": 0.0211203,
  "gsr_x": -0.01614651083946228,
  "gsr_y": 0.009727858938276768,
  "provenance": {
    "md5sum": "233466f99160bfcbd9d4bb57f9638058",
    "settings": {
      "fd_thres": 0.2,
      "testing": false
    },
    "software": "mriqc",
    "version": "22.0.6",
    "webapi_port": null,
    "webapi_url": "https://mriqc.nimh.nih.gov/api/v1"
  },
  "size_t": 100,
  "size_x": 80,
  "size_y": 80,
  "size_z": 37,
  "snr": 5.656224563476628,
  "spacing_tr": 2.000000476837158,
  "spacing_x": 3.0,
  "spacing_y": 3.0,
  "spacing_z": 3.0,
  "summary_bg_k": 101.15849316016171,
  "summary_bg_mad": 11724.086513965784,
  "summary_bg_mean": 77029.078125,
  "summary_bg_median": 8794.5078125,
  "summary_bg_n": 162975.0,
  "summary_bg_p05": 375.8288696289064,
  "summary_bg_p95": 326064.76249999943,
  "summary_bg_stdv": 244101.0625,
  "summary_fg_k": 2.402237632596834,
  "summary_fg_mad": 563342.6970380777,
  "summary_fg_mean": 3513590.75,
  "summary_fg_median": 3441970.25,
  "summary_fg_n": 33850.0,
  "summary_fg_p05": 2701644.8625,
  "summary_fg_p95": 4548349.8,
  "summary_fg_stdv": 608518.875,
  "tsnr": 47.87456512451172
}