{
  "aor": 0.009082178217821783,
  "aqi": 0.01785357940594059,
  "bids_meta": {
    "AcquisitionMatrixPE": 80,
    "AcquisitionNumber": 16,
    "AcquisitionTime": "17:54:25.530000",
    "BodyPartExamined": "BRAIN",
    "CoilString": "SENSE_HEAD_8",
    "ConversionSoftware": "dcm2niix",
    "ConversionSoftwareVersion": "v1.0.20181125  Clang9.0.0",
    "Dcm2bidsVersion": "2.1.4",
    "DeviceSerialNumber": "34072",
    "EchoTime": 0.030001,
    "EchoTrainLength": 39,
    "EffectiveEchoSpacing": 0.0002777,
    "FlipAngle": 82,
    "ImageOrientationPatientDICOM": [
      0.99883,
      0.014114,
      -0.0462543,
      -0.0140813,
      0.9999,
      0.00103338
    ],
    "ImageType": [
      "ORIGINAL",
      "PRIMARY",
      "M",
      "FFE",
      "M",
      "FFE"
    ],
    "ImagingFrequency": 127.733,
    "InPlanePhaseEncodingDirectionDICOM": "COL",
    "InstitutionName": "Az.Osp._Udine",
    "InstitutionalDepartmentName": "Radiologia",
    "MRAcquisitionType": "2D",
    "MagneticFieldStrength": 3,
    "Manufacturer": "Philips",
    "ManufacturersModelName": "Achieva",
    "Modality": "MR",
    "PartialFourier": 0.4875,
    "PatientPosition": "HFS",
    "PercentPhaseFOV": 100,
    "PhaseEncodingAxis": "j",
    "PhaseEncodingDirection": "j",
    "PhaseEncodingSteps": 80,
    "PhilipsRescaleIntercept": 0,
    "PhilipsRescaleSlope": 0.950916,
    "PhilipsScaleSlope": 0.000769838,
    "PixelBandwidth": 3608.02,
    "ProtocolName": "SOCIAL_4run",
    "ReconMatrixPE": 80,
    "RepetitionTime": 2,
    "ScanOptions": "FS",
    "ScanningSequence": "GR",
    "SequenceVariant": "SK",
    "SeriesDescription": "SOCIAL_4run",
    "SeriesNumber": 1601,
    "SliceThickness": 3,
    "SliceTiming": [
      0.0,
      0.378378,
      0.702703,
      1.027027,
      1.351351,
      1.675676,
      0.054054,
      0.432432,
      0.756757,
      1.081081,
      1.405405,
      1.72973,
      0.108108,
      0.486486,
      0.810811,
      1.135135,
      1.459459,
      1.783784,
      0.162162,
      0.540541,
      0.864865,
      1.189189,
      1.513514,
      1.837838,
      0.216216,
      0.594595,
      0.918919,
      1.243243,
      1.567568,
      1.891892,
      0.27027,
      0.648649,
      0.972973,
      1.297297,
      1.621622,
      1.945946,
      0.324324
    ],
    "SoftwareVersions": "5.3.1_5.3.1.2",
    "SpacingBetweenSlices": 3,
    "StationName": "PHILIPS-K5NT78B",
    "TaskName": "ANIM",
    "TotalReadoutTime": 0.0219394,
    "UsePhilipsFloatNotDisplayScaling": 1,
    "dataset": "ds003436",
    "modality": "bold",
    "run_id": 4,
    "subject_id": "38",
    "task_id": "anim"
  },
  "dummy_trs": 0,
  "dvars_nstd": 26.405549240300004,
  "dvars_std": 1.1910692714000002,
  "dvars_vstd": 1.0469330205999998,
  "efc": 0.4184959357046493,
  "fber": 148165.90625,
  "fd_mean": 0.22569381536781477,
  "fd_num": 46,
  "fd_perc": 45.54455445544554,
  "fwhm_avg": 1.7652355555555557,
  "fwhm_x": 1.7058966666666666,
  "fwhm_y": 1.9598366666666667,
  "fwhm_z": 1.6299733333333333,
  "gcor": 0.0267824,
  "gsr_x": -0.017305491492152214,
  "gsr_y": 0.007303063757717609,
  "provenance": {
    "md5sum": "0a19e52ee2b30b363fe2c91fb50b6392",
    "settings": {
      "fd_thres": 0.2,
      "testing": false
    },
    "software": "mriqc",
    "version": "22.0.6",
    "webapi_port": null,
    "webapi_url": "https://mriqc.nimh.nih.gov/api/v1"
  },
  "size_t": 101,
  "size_x": 80,
  "size_y": 80,
  "size_z": 37,
  "snr": 5.980029073592487,
  "spacing_tr": 2.000000476837158,
  "spacing_x": 3.0,
  "spacing_y": 3.0,
  "spacing_z": 3.0,
  "summary_bg_k": 81.88575510591798,
  "summary_bg_mad": 5703.904804216305,
  "summary_bg_mean": 38718.890625,
  "summary_bg_median": 4118.6728515625,
  "summary_bg_n": 162686.0,
  "summary_bg_p05": 87.27831268310547,
  "summary_bg_p95": 168051.69921875,
  "summary_bg_stdv": 121632.0859375,
  "summary_fg_k": 2.2998391707835673,
  "summary_fg_mad": 260803.16631774057,
  "summary_fg_mean": 1696329.625,
  "summary_fg_median": 1669266.5,
  "summary_fg_n": 34006.0,
  "summary_fg_p05": 1315581.34375,
  "summary_fg_p95": 2159062.3125,
  "summary_fg_stdv": 279136.09375,
  "tsnr": 45.3082275390625
}