{
  "bids_meta": {
    "AcquisitionMatrixPE": 240,
    "AcquisitionNumber": 2,
    "AcquisitionTime": "14:58:50.970000",
    "BodyPartExamined": "BRAIN",
    "CoilString": "SENSE_HEAD_8",
    "ConversionSoftware": "dcm2niix",
    "ConversionSoftwareVersion": "v1.0.20181125  Clang9.0.0",
    "Dcm2bidsVersion": "2.1.4",
    "DeviceSerialNumber": "34072",
    "EchoTime": 0.003712,
    "EchoTrainLength": 240,
    "FlipAngle": 12,
    "ImageOrientationPatientDICOM": [
      -0.0326817,
      0.999465,
      0.00154205,
      0.0269715,
      0.00242426,
      -0.999633
    ],
    "ImageType": [
      "ORIGINAL",
      "PRIMARY",
      "M",
      "FFE",
      "M",
      "FFE"
    ],
    "ImagingFrequency": 127.733,
    "InPlanePhaseEncodingDirectionDICOM": "ROW",
    "InstitutionName": "Az.Osp._Udine",
    "InstitutionalDepartmentName": "Radiologia",
    "MRAcquisitionType": "3D",
    "MagneticFieldStrength": 3,
    "Manufacturer": "Philips",
    "ManufacturersModelName": "Achieva",
    "Modality": "MR",
    "PatientPosition": "HFS",
    "PercentPhaseFOV": 100,
    "PhaseEncodingSteps": 240,
    "PhilipsRescaleIntercept": 0,
    "PhilipsRescaleSlope": 2.72283,
    "PhilipsScaleSlope": 0.00036724,
    "PixelBandwidth": 191.38,
    "ProtocolName": "T1W_3D_VBM",
    "ReconMatrixPE": 256,
    "RepetitionTime": 0.0081171,
    "ScanOptions": "OTHER",
    "ScanningSequence": "GR",
    "SequenceVariant": "MP",
    "SeriesDescription": "T1W_3D_VBM",
    "SeriesNumber": 201,
    "SliceThickness": 1,
    "SoftwareVersions": "5.3.1_5.3.1.2",
    "SpacingBetweenSlices": 1,
    "StationName": "PHILIPS-K5NT78B",
    "UsePhilipsFloatNotDisplayScaling": 1,
    "dataset": "ds003436",
    "modality": "T1w",
    "subject_id": "50"
  },
  "cjv": 0.3477260561467517,
  "cnr": 3.864510984559266,
  "efc": 0.5649151972989295,
  "fber": -1.0,
  "fwhm_avg": 4.199515111111111,
  "fwhm_x": 4.0783,
  "fwhm_y": 4.458762666666667,
  "fwhm_z": 4.061482666666667,
  "icvs_csf": 0.2013212714603688,
  "icvs_gm": 0.4540039070893267,
  "icvs_wm": 0.34467482145030454,
  "inu_med": 0.34526975452899933,
  "inu_range": 0.0903153195977211,
  "provenance": {
    "md5sum": "dacceca8190ed9a039fe3c053df70d11",
    "settings": {
      "testing": false
    },
    "software": "mriqc",
    "version": "22.0.6",
    "warnings": {
      "large_rot_frame": true,
      "small_air_mask": false
    },
    "webapi_port": null,
    "webapi_url": "https://mriqc.nimh.nih.gov/api/v1"
  },
  "qi_1": 0.005098394787005279,
  "qi_2": 1.8658663725238981e-06,
  "rpve_csf": 26.291147925510195,
  "rpve_gm": 12.452858811915263,
  "rpve_wm": 17.97250145776383,
  "size_x": 170,
  "size_y": 256,
  "size_z": 256,
  "snr_csf": 2.7989778185134764,
  "snr_gm": 16.18653831326453,
  "snr_total": 15.818799895874989,
  "snr_wm": 28.470883555846957,
  "snrd_csf": 34.764350475105914,
  "snrd_gm": 82.41414484292648,
  "snrd_total": 74.7263736765558,
  "snrd_wm": 107.000625711635,
  "spacing_x": 1.0,
  "spacing_y": 0.9375,
  "spacing_z": 0.9375,
  "summary_bg_k": 80.58332124173738,
  "summary_bg_mad": 0.0,
  "summary_bg_mean": 2.595636262487834,
  "summary_bg_median": 0.0,
  "summary_bg_n": 1366483.0,
  "summary_bg_p05": 0.0,
  "summary_bg_p95": 14.587241750210524,
  "summary_bg_stdv": 6.122877764559265,
  "summary_csf_k": 0.7939077085192481,
  "summary_csf_mad": 93.70574350979645,
  "summary_csf_mean": 323.1238622653195,
  "summary_csf_median": 324.906185220927,
  "summary_csf_n": 37191.0,
  "summary_csf_p05": 94.77016706205904,
  "summary_csf_p95": 517.413217225112,
  "summary_csf_stdv": 116.07873951952466,
  "summary_gm_k": 0.1763158026000351,
  "summary_gm_mad": 46.76594620433255,
  "summary_gm_mean": 770.9558551476055,
  "summary_gm_median": 770.2391974311322,
  "summary_gm_n": 43304.0,
  "summary_gm_p05": 694.3749868593179,
  "summary_gm_p95": 850.6800964716822,
  "summary_gm_stdv": 47.58462180595474,
  "summary_wm_k": 0.45362987238829744,
  "summary_wm_mad": 33.13601987563489,
  "summary_wm_mean": 1000.735684659119,
  "summary_wm_median": 1000.02343323268,
  "summary_wm_n": 180245.0,
  "summary_wm_p05": 944.2072992045432,
  "summary_wm_p95": 1060.0140512343496,
  "summary_wm_stdv": 35.12432823520172,
  "tpm_overlap_csf": 0.14864524733640486,
  "tpm_overlap_gm": 0.47627499662606826,
  "tpm_overlap_wm": 0.5069961824433772,
  "wm2max": 0.7910984953896959
}