{
  "bids_meta": {
    "AcquisitionMatrixPE": 240,
    "AcquisitionNumber": 2,
    "AcquisitionTime": "14:58:59.580000",
    "BodyPartExamined": "BRAIN",
    "CoilString": "SENSE_HEAD_8",
    "ConversionSoftware": "dcm2niix",
    "ConversionSoftwareVersion": "v1.0.20190410  Clang4.0.1",
    "Dcm2bidsVersion": "2.1.4",
    "DeviceSerialNumber": "34072",
    "EchoTime": 0.003709,
    "EchoTrainLength": 240,
    "FlipAngle": 12,
    "ImageOrientationPatientDICOM": [
      -0.0049256,
      0.999984,
      0.00281483,
      0.0282071,
      0.00295269,
      -0.999598
    ],
    "ImageType": [
      "ORIGINAL",
      "PRIMARY",
      "M",
      "FFE",
      "M",
      "FFE"
    ],
    "ImagingFrequency": 127.734,
    "InPlanePhaseEncodingDirectionDICOM": "ROW",
    "InstitutionName": "Az.Osp._Udine",
    "InstitutionalDepartmentName": "Radiologia",
    "MRAcquisitionType": "3D",
    "MagneticFieldStrength": 3,
    "Manufacturer": "Philips",
    "ManufacturersModelName": "Achieva",
    "Modality": "MR",
    "PatientPosition": "HFS",
    "PercentPhaseFOV": 100,
    "PhaseEncodingSteps": 240,
    "PhilipsRescaleIntercept": 0,
    "PhilipsRescaleSlope": 3.43223,
    "PhilipsScaleSlope": 0.000134419,
    "PixelBandwidth": 191.38,
    "ProtocolName": "T1W_3D_VBM",
    "ReconMatrixPE": 256,
    "RepetitionTime": 0.0080958,
    "ScanOptions": "OTHER",
    "ScanningSequence": "GR",
    "SequenceVariant": "MP",
    "SeriesDescription": "T1W_3D_VBM",
    "SeriesNumber": 201,
    "SliceThickness": 1,
    "SoftwareVersions": "5.3.1_5.3.1.2",
    "SpacingBetweenSlices": 1,
    "StationName": "PHILIPS-K5NT78B",
    "UsePhilipsFloatNotDisplayScaling": 1,
    "dataset": "ds003436",
    "modality": "T1w",
    "subject_id": "18"
  },
  "cjv": 0.32949481112906703,
  "cnr": 3.998156884137531,
  "efc": 0.5864731388260898,
  "fber": -1.0,
  "fwhm_avg": 4.3067691111111115,
  "fwhm_x": 4.30083,
  "fwhm_y": 4.506165333333333,
  "fwhm_z": 4.113312,
  "icvs_csf": 0.21731733885081223,
  "icvs_gm": 0.44293050048395066,
  "icvs_wm": 0.3397521606652371,
  "inu_med": 0.3350999653339386,
  "inu_range": 0.08477983623743052,
  "provenance": {
    "md5sum": "a85c7c841d4f89c670593d7f57b642a2",
    "settings": {
      "testing": false
    },
    "software": "mriqc",
    "version": "22.0.6",
    "warnings": {
      "large_rot_frame": true,
      "small_air_mask": false
    },
    "webapi_port": null,
    "webapi_url": "https://mriqc.nimh.nih.gov/api/v1"
  },
  "qi_1": 0.0006287531012322082,
  "qi_2": 8.403606782826329e-07,
  "rpve_csf": 20.987820784216193,
  "rpve_gm": 10.732970853575265,
  "rpve_wm": 15.82043416300858,
  "size_x": 170,
  "size_y": 256,
  "size_z": 256,
  "snr_csf": 2.4485425512141177,
  "snr_gm": 14.47929581874651,
  "snr_total": 15.590363233320025,
  "snr_wm": 29.843251329999447,
  "snrd_csf": 37.73604434143728,
  "snrd_gm": 87.30563246315803,
  "snrd_total": 80.38580613666137,
  "snrd_wm": 116.11574160538885,
  "spacing_x": 1.0,
  "spacing_y": 0.9375,
  "spacing_z": 0.9375,
  "summary_bg_k": 21.97191122823935,
  "summary_bg_mad": 0.0,
  "summary_bg_mean": 2.250097892066507,
  "summary_bg_median": 0.0,
  "summary_bg_n": 931956.0,
  "summary_bg_p05": 0.0,
  "summary_bg_p95": 13.223380902782083,
  "summary_bg_stdv": 5.642215320389592,
  "summary_csf_k": -0.3765980787649603,
  "summary_csf_mad": 128.01919682095993,
  "summary_csf_mean": 306.2106004386544,
  "summary_csf_median": 324.9932189909741,
  "summary_csf_n": 50630.0,
  "summary_csf_p05": 67.81303738718853,
  "summary_csf_p95": 506.6647720065898,
  "summary_csf_stdv": 132.7279402685469,
  "summary_gm_k": 0.22792324985392964,
  "summary_gm_mad": 50.01594087783796,
  "summary_gm_mean": 752.6909847502801,
  "summary_gm_median": 751.900179931894,
  "summary_gm_n": 46930.0,
  "summary_gm_p05": 668.7907103523612,
  "summary_gm_p95": 839.998091866169,
  "summary_gm_stdv": 51.92878013076916,
  "summary_wm_k": 0.5200458008295756,
  "summary_wm_mad": 31.73851063112187,
  "summary_wm_mean": 1000.170793398063,
  "summary_wm_median": 1000.0207838006318,
  "summary_wm_n": 214335.0,
  "summary_wm_p05": 945.6070919912308,
  "summary_wm_p95": 1055.7464015893638,
  "summary_wm_stdv": 33.509031569471915,
  "tpm_overlap_csf": 0.14707727831932957,
  "tpm_overlap_gm": 0.4831064186625186,
  "tpm_overlap_wm": 0.5071688506650023,
  "wm2max": 0.8668856957181024
}