{
  "aor": 0.0031853465346534664,
  "aqi": 0.010853441782178218,
  "bids_meta": {
    "AcquisitionMatrixPE": 80,
    "AcquisitionNumber": 20,
    "AcquisitionTime": "17:02:24.090000",
    "BodyPartExamined": "BRAIN",
    "CoilString": "SENSE_HEAD_8",
    "ConversionSoftware": "dcm2niix",
    "ConversionSoftwareVersion": "v1.0.20181125  Clang9.0.0",
    "Dcm2bidsVersion": "2.1.4",
    "DeviceSerialNumber": "34072",
    "EchoTime": 0.030001,
    "EchoTrainLength": 39,
    "EffectiveEchoSpacing": 0.0002777,
    "FlipAngle": 82,
    "ImageOrientationPatientDICOM": [
      0.999004,
      0.0333362,
      0.0296504,
      -0.029824,
      0.993273,
      -0.111891
    ],
    "ImageType": [
      "ORIGINAL",
      "PRIMARY",
      "M",
      "FFE",
      "M",
      "FFE"
    ],
    "ImagingFrequency": 127.733,
    "InPlanePhaseEncodingDirectionDICOM": "COL",
    "InstitutionName": "Az.Osp._Udine",
    "InstitutionalDepartmentName": "Radiologia",
    "MRAcquisitionType": "2D",
    "MagneticFieldStrength": 3,
    "Manufacturer": "Philips",
    "ManufacturersModelName": "Achieva",
    "Modality": "MR",
    "PartialFourier": 0.4875,
    "PatientPosition": "HFS",
    "PercentPhaseFOV": 100,
    "PhaseEncodingAxis": "j",
    "PhaseEncodingDirection": "j",
    "PhaseEncodingSteps": 80,
    "PhilipsRescaleIntercept": 0,
    "PhilipsRescaleSlope": 0.781441,
    "PhilipsScaleSlope": 0.000778816,
    "PixelBandwidth": 3608.02,
    "ProtocolName": "SOCIAL_4run",
    "ReconMatrixPE": 80,
    "RepetitionTime": 2,
    "ScanOptions": "FS",
    "ScanningSequence": "GR",
    "SequenceVariant": "SK",
    "SeriesDescription": "SOCIAL_4run",
    "SeriesNumber": 2001,
    "SliceThickness": 3,
    "SliceTiming": [
      0.0,
      0.378378,
      0.702703,
      1.027027,
      1.351351,
      1.675676,
      0.054054,
      0.432432,
      0.756757,
      1.081081,
      1.405405,
      1.72973,
      0.108108,
      0.486486,
      0.810811,
      1.135135,
      1.459459,
      1.783784,
      0.162162,
      0.540541,
      0.864865,
      1.189189,
      1.513514,
      1.837838,
      0.216216,
      0.594595,
      0.918919,
      1.243243,
      1.567568,
      1.891892,
      0.27027,
      0.648649,
      0.972973,
      1.297297,
      1.621622,
      1.945946,
      0.324324
    ],
    "SoftwareVersions": "5.3.1_5.3.1.2",
    "SpacingBetweenSlices": 3,
    "StationName": "PHILIPS-K5NT78B",
    "TaskName": "ANIM",
    "TotalReadoutTime": 0.0219394,
    "UsePhilipsFloatNotDisplayScaling": 1,
    "dataset": "ds003436",
    "modality": "bold",
    "run_id": 1,
    "subject_id": "39",
    "task_id": "anim"
  },
  "dummy_trs": 0,
  "dvars_nstd": 26.58036012660001,
  "dvars_std": 1.0685236001999998,
  "dvars_vstd": 0.9931524581000001,
  "efc": 0.44193816271242975,
  "fber": 120919.9921875,
  "fd_mean": 0.19178295509792762,
  "fd_num": 23,
  "fd_perc": 22.77227722772277,
  "fwhm_avg": 1.798708888888889,
  "fwhm_x": 1.73883,
  "fwhm_y": 1.9592566666666666,
  "fwhm_z": 1.69804,
  "gcor": 0.00842987,
  "gsr_x": -0.010635959915816784,
  "gsr_y": 0.011416701599955559,
  "provenance": {
    "md5sum": "9678fd9ab1d0575c317d3a0a79f43bf0",
    "settings": {
      "fd_thres": 0.2,
      "testing": false
    },
    "software": "mriqc",
    "version": "22.0.6",
    "webapi_port": null,
    "webapi_url": "https://mriqc.nimh.nih.gov/api/v1"
  },
  "size_t": 101,
  "size_x": 80,
  "size_y": 80,
  "size_z": 37,
  "snr": 6.091423130540109,
  "spacing_tr": 2.000000476837158,
  "spacing_x": 3.0,
  "spacing_y": 3.0,
  "spacing_z": 3.0,
  "summary_bg_k": 94.21907228162118,
  "summary_bg_mad": 6078.496710788358,
  "summary_bg_mean": 39883.17578125,
  "summary_bg_median": 4644.35888671875,
  "summary_bg_n": 156989.0,
  "summary_bg_p05": 254.259228515625,
  "summary_bg_p95": 191751.80000000005,
  "summary_bg_stdv": 112701.640625,
  "summary_fg_k": 2.8190258576901766,
  "summary_fg_mad": 264263.37457045534,
  "summary_fg_mean": 1802632.5,
  "summary_fg_median": 1780820.5,
  "summary_fg_n": 38044.0,
  "summary_fg_p05": 1405280.90625,
  "summary_fg_p95": 2271179.7875,
  "summary_fg_stdv": 292345.0,
  "tsnr": 53.61573028564453
}