{
  "bids_meta": {
    "AcquisitionMatrixPE": 240,
    "AcquisitionNumber": 2,
    "AcquisitionTime": "15:06:58.680000",
    "BodyPartExamined": "BRAIN",
    "CoilString": "SENSE_HEAD_8",
    "ConversionSoftware": "dcm2niix",
    "ConversionSoftwareVersion": "v1.0.20181125  Clang9.0.0",
    "Dcm2bidsVersion": "2.1.4",
    "DeviceSerialNumber": "34072",
    "EchoTime": 0.003691,
    "EchoTrainLength": 240,
    "FlipAngle": 12,
    "ImageOrientationPatientDICOM": [
      -0.00820982,
      0.999965,
      0.00153901,
      0.00331224,
      0.00156624,
      -0.999993
    ],
    "ImageType": [
      "ORIGINAL",
      "PRIMARY",
      "M",
      "FFE",
      "M",
      "FFE"
    ],
    "ImagingFrequency": 127.734,
    "InPlanePhaseEncodingDirectionDICOM": "ROW",
    "InstitutionName": "Az.Osp._Udine",
    "InstitutionalDepartmentName": "Radiologia",
    "MRAcquisitionType": "3D",
    "MagneticFieldStrength": 3,
    "Manufacturer": "Philips",
    "ManufacturersModelName": "Achieva",
    "Modality": "MR",
    "PatientPosition": "HFS",
    "PercentPhaseFOV": 100,
    "PhaseEncodingSteps": 240,
    "PhilipsRescaleIntercept": 0,
    "PhilipsRescaleSlope": 2.45153,
    "PhilipsScaleSlope": 0.000376088,
    "PixelBandwidth": 191.38,
    "ProtocolName": "T1W_3D_VBM",
    "ReconMatrixPE": 256,
    "RepetitionTime": 0.0080637,
    "ScanOptions": "OTHER",
    "ScanningSequence": "GR",
    "SequenceVariant": "MP",
    "SeriesDescription": "T1W_3D_VBM",
    "SeriesNumber": 201,
    "SliceThickness": 1,
    "SoftwareVersions": "5.3.1_5.3.1.2",
    "SpacingBetweenSlices": 1,
    "StationName": "PHILIPS-K5NT78B",
    "UsePhilipsFloatNotDisplayScaling": 1,
    "dataset": "ds003436",
    "modality": "T1w",
    "subject_id": "35"
  },
  "cjv": 0.34979670411969954,
  "cnr": 3.7978179728821173,
  "efc": 0.5668176422264474,
  "fber": -1.0,
  "fwhm_avg": 4.248084444444444,
  "fwhm_x": 4.1826,
  "fwhm_y": 4.4815466666666675,
  "fwhm_z": 4.0801066666666665,
  "icvs_csf": 0.17869488367604136,
  "icvs_gm": 0.4392668811832854,
  "icvs_wm": 0.38203823514067325,
  "inu_med": 0.3103245198726654,
  "inu_range": 0.0929607689380646,
  "provenance": {
    "md5sum": "689de1330cfeaa28c420c5cdbda182cf",
    "settings": {
      "testing": false
    },
    "software": "mriqc",
    "version": "22.0.6",
    "warnings": {
      "large_rot_frame": true,
      "small_air_mask": false
    },
    "webapi_port": null,
    "webapi_url": "https://mriqc.nimh.nih.gov/api/v1"
  },
  "qi_1": 0.00013703433292574404,
  "qi_2": 5.213649321447908e-06,
  "rpve_csf": 24.237455870654724,
  "rpve_gm": 10.807582520266365,
  "rpve_wm": 14.214778863461044,
  "size_x": 170,
  "size_y": 256,
  "size_z": 256,
  "snr_csf": 2.374099172587877,
  "snr_gm": 15.420379590416632,
  "snr_total": 15.872342050193259,
  "snr_wm": 29.822547387575266,
  "snrd_csf": 65.72869789149854,
  "snrd_gm": 142.24226430377232,
  "snrd_total": 130.82256643456313,
  "snrd_wm": 184.49673710841859,
  "spacing_x": 1.0,
  "spacing_y": 0.9375,
  "spacing_z": 0.9375,
  "summary_bg_k": 30.94903814577308,
  "summary_bg_mad": 0.0,
  "summary_bg_mean": 1.3965376661824354,
  "summary_bg_median": 0.0,
  "summary_bg_n": 1432925.0,
  "summary_bg_p05": 0.0,
  "summary_bg_p95": 8.371152676641941,
  "summary_bg_stdv": 3.5510211922272323,
  "summary_csf_k": 0.16187715458349183,
  "summary_csf_mad": 132.54764716979153,
  "summary_csf_mean": 344.9956251687877,
  "summary_csf_median": 356.2677927073091,
  "summary_csf_n": 30647.0,
  "summary_csf_p05": 64.69537179563196,
  "summary_csf_p95": 569.6310737242922,
  "summary_csf_stdv": 150.06196216731604,
  "summary_gm_k": 0.2963180822162781,
  "summary_gm_mad": 47.69205190117697,
  "summary_gm_mean": 771.4675798404827,
  "summary_gm_median": 770.9925673082471,
  "summary_gm_n": 45953.0,
  "summary_gm_p05": 690.0087195038795,
  "summary_gm_p95": 855.4565572366118,
  "summary_gm_stdv": 49.99774316946576,
  "summary_wm_k": 0.29701413466006965,
  "summary_wm_mad": 32.42222826615101,
  "summary_wm_mean": 1001.0198488372699,
  "summary_wm_median": 1000.0235422253609,
  "summary_wm_n": 269705.0,
  "summary_wm_p05": 947.562751153484,
  "summary_wm_p95": 1057.7280609570444,
  "summary_wm_stdv": 33.53240336267332,
  "tpm_overlap_csf": 0.1468665060608282,
  "tpm_overlap_gm": 0.46919272647054217,
  "tpm_overlap_wm": 0.5139952410661118,
  "wm2max": 0.7676334697470479
}