{
  "aor": 0.002371188118811881,
  "aqi": 0.013359211485148518,
  "bids_meta": {
    "AcquisitionMatrixPE": 80,
    "AcquisitionNumber": 7,
    "AcquisitionTime": "15:18:11.910000",
    "BodyPartExamined": "BRAIN",
    "CoilString": "SENSE_HEAD_8",
    "ConversionSoftware": "dcm2niix",
    "ConversionSoftwareVersion": "v1.0.20181125  Clang9.0.0",
    "Dcm2bidsVersion": "2.1.4",
    "DeviceSerialNumber": "34072",
    "EchoTime": 0.030001,
    "EchoTrainLength": 39,
    "EffectiveEchoSpacing": 0.0002777,
    "FlipAngle": 82,
    "ImageOrientationPatientDICOM": [
      0.999939,
      0.00765466,
      0.00795004,
      -0.00767272,
      0.999968,
      0.00224393
    ],
    "ImageType": [
      "ORIGINAL",
      "PRIMARY",
      "M",
      "FFE",
      "M",
      "FFE"
    ],
    "ImagingFrequency": 127.733,
    "InPlanePhaseEncodingDirectionDICOM": "COL",
    "InstitutionName": "Az.Osp._Udine",
    "InstitutionalDepartmentName": "Radiologia",
    "MRAcquisitionType": "2D",
    "MagneticFieldStrength": 3,
    "Manufacturer": "Philips",
    "ManufacturersModelName": "Achieva",
    "Modality": "MR",
    "PartialFourier": 0.4875,
    "PatientPosition": "HFS",
    "PercentPhaseFOV": 100,
    "PhaseEncodingAxis": "j",
    "PhaseEncodingDirection": "j",
    "PhaseEncodingSteps": 80,
    "PhilipsRescaleIntercept": 0,
    "PhilipsRescaleSlope": 0.825397,
    "PhilipsScaleSlope": 0.000775831,
    "PixelBandwidth": 3608.02,
    "ProtocolName": "SOCIAL_4run",
    "ReconMatrixPE": 80,
    "RepetitionTime": 2,
    "ScanOptions": "FS",
    "ScanningSequence": "GR",
    "SequenceVariant": "SK",
    "SeriesDescription": "SOCIAL_4run",
    "SeriesNumber": 701,
    "SliceThickness": 3,
    "SliceTiming": [
      0.0,
      0.378378,
      0.702703,
      1.027027,
      1.351351,
      1.675676,
      0.054054,
      0.432432,
      0.756757,
      1.081081,
      1.405405,
      1.72973,
      0.108108,
      0.486486,
      0.810811,
      1.135135,
      1.459459,
      1.783784,
      0.162162,
      0.540541,
      0.864865,
      1.189189,
      1.513514,
      1.837838,
      0.216216,
      0.594595,
      0.918919,
      1.243243,
      1.567568,
      1.891892,
      0.27027,
      0.648649,
      0.972973,
      1.297297,
      1.621622,
      1.945946,
      0.324324
    ],
    "SoftwareVersions": "5.3.1_5.3.1.2",
    "SpacingBetweenSlices": 3,
    "StationName": "PHILIPS-K5NT78B",
    "TaskName": "ANIM",
    "TotalReadoutTime": 0.0219394,
    "UsePhilipsFloatNotDisplayScaling": 1,
    "dataset": "ds003436",
    "modality": "bold",
    "run_id": 2,
    "subject_id": "43",
    "task_id": "anim"
  },
  "dummy_trs": 0,
  "dvars_nstd": 30.24508403799999,
  "dvars_std": 1.1722200941000003,
  "dvars_vstd": 1.0023118088,
  "efc": 0.41098062743556313,
  "fber": 185495.375,
  "fd_mean": 0.19823894359199648,
  "fd_num": 32,
  "fd_perc": 31.683168316831683,
  "fwhm_avg": 1.8548111111111112,
  "fwhm_x": 1.7987333333333335,
  "fwhm_y": 2.0255633333333334,
  "fwhm_z": 1.7401366666666667,
  "gcor": 0.01127,
  "gsr_x": -0.01537405140697956,
  "gsr_y": 0.011522111482918262,
  "provenance": {
    "md5sum": "854fb721002ea7ec35aae09701386bef",
    "settings": {
      "fd_thres": 0.2,
      "testing": false
    },
    "software": "mriqc",
    "version": "22.0.6",
    "webapi_port": null,
    "webapi_url": "https://mriqc.nimh.nih.gov/api/v1"
  },
  "size_t": 101,
  "size_x": 80,
  "size_y": 80,
  "size_z": 37,
  "snr": 6.030632728370815,
  "spacing_tr": 2.000000476837158,
  "spacing_x": 3.0,
  "spacing_y": 3.0,
  "spacing_z": 3.0,
  "summary_bg_k": 133.1411127144929,
  "summary_bg_mad": 5426.995833369905,
  "summary_bg_mean": 32437.431640625,
  "summary_bg_median": 3982.11572265625,
  "summary_bg_n": 162881.0,
  "summary_bg_p05": 111.00607299804688,
  "summary_bg_p95": 145441.375,
  "summary_bg_stdv": 96289.390625,
  "summary_fg_k": 1.8586351069262967,
  "summary_fg_mad": 284920.0079677006,
  "summary_fg_mean": 1829017.125,
  "summary_fg_median": 1803012.25,
  "summary_fg_n": 33849.0,
  "summary_fg_p05": 1402899.725,
  "summary_fg_p95": 2316908.0999999996,
  "summary_fg_stdv": 298971.21875,
  "tsnr": 53.789649963378906
}