{
  "aor": 0.004522079207920791,
  "aqi": 0.012031610891089109,
  "bids_meta": {
    "AcquisitionMatrixPE": 80,
    "AcquisitionNumber": 6,
    "AcquisitionTime": "15:14:3.490000",
    "BodyPartExamined": "BRAIN",
    "CoilString": "SENSE_HEAD_8",
    "ConversionSoftware": "dcm2niix",
    "ConversionSoftwareVersion": "v1.0.20181125  Clang9.0.0",
    "Dcm2bidsVersion": "2.1.4",
    "DeviceSerialNumber": "34072",
    "EchoTime": 0.030001,
    "EchoTrainLength": 39,
    "EffectiveEchoSpacing": 0.0002777,
    "FlipAngle": 82,
    "ImageOrientationPatientDICOM": [
      0.999939,
      0.00765466,
      0.00795004,
      -0.00767272,
      0.999968,
      0.00224393
    ],
    "ImageType": [
      "ORIGINAL",
      "PRIMARY",
      "M",
      "FFE",
      "M",
      "FFE"
    ],
    "ImagingFrequency": 127.733,
    "InPlanePhaseEncodingDirectionDICOM": "COL",
    "InstitutionName": "Az.Osp._Udine",
    "InstitutionalDepartmentName": "Radiologia",
    "MRAcquisitionType": "2D",
    "MagneticFieldStrength": 3,
    "Manufacturer": "Philips",
    "ManufacturersModelName": "Achieva",
    "Modality": "MR",
    "PartialFourier": 0.4875,
    "PatientPosition": "HFS",
    "PercentPhaseFOV": 100,
    "PhaseEncodingAxis": "j",
    "PhaseEncodingDirection": "j",
    "PhaseEncodingSteps": 80,
    "PhilipsRescaleIntercept": 0,
    "PhilipsRescaleSlope": 0.797314,
    "PhilipsScaleSlope": 0.000762033,
    "PixelBandwidth": 3608.02,
    "ProtocolName": "SOCIAL_4run",
    "ReconMatrixPE": 80,
    "RepetitionTime": 2,
    "ScanOptions": "FS",
    "ScanningSequence": "GR",
    "SequenceVariant": "SK",
    "SeriesDescription": "SOCIAL_4run",
    "SeriesNumber": 601,
    "SliceThickness": 3,
    "SliceTiming": [
      0.0,
      0.378378,
      0.702703,
      1.027027,
      1.351351,
      1.675676,
      0.054054,
      0.432432,
      0.756757,
      1.081081,
      1.405405,
      1.72973,
      0.108108,
      0.486486,
      0.810811,
      1.135135,
      1.459459,
      1.783784,
      0.162162,
      0.540541,
      0.864865,
      1.189189,
      1.513514,
      1.837838,
      0.216216,
      0.594595,
      0.918919,
      1.243243,
      1.567568,
      1.891892,
      0.27027,
      0.648649,
      0.972973,
      1.297297,
      1.621622,
      1.945946,
      0.324324
    ],
    "SoftwareVersions": "5.3.1_5.3.1.2",
    "SpacingBetweenSlices": 3,
    "StationName": "PHILIPS-K5NT78B",
    "TaskName": "ANIM",
    "TotalReadoutTime": 0.0219394,
    "UsePhilipsFloatNotDisplayScaling": 1,
    "dataset": "ds003436",
    "modality": "bold",
    "run_id": 1,
    "subject_id": "43",
    "task_id": "anim"
  },
  "dummy_trs": 0,
  "dvars_nstd": 31.893329219899996,
  "dvars_std": 1.1847337643000004,
  "dvars_vstd": 1.0143223899999998,
  "efc": 0.4114680231771352,
  "fber": 162009.5,
  "fd_mean": 0.2284353932206251,
  "fd_num": 37,
  "fd_perc": 36.633663366336634,
  "fwhm_avg": 1.8594177777777778,
  "fwhm_x": 1.7882833333333332,
  "fwhm_y": 2.0144100000000003,
  "fwhm_z": 1.7755599999999998,
  "gcor": 0.0144762,
  "gsr_x": -0.015609567053616047,
  "gsr_y": 0.011110186576843262,
  "provenance": {
    "md5sum": "64febd347f439d6a52c6a4ecc4ca2102",
    "settings": {
      "fd_thres": 0.2,
      "testing": false
    },
    "software": "mriqc",
    "version": "22.0.6",
    "webapi_port": null,
    "webapi_url": "https://mriqc.nimh.nih.gov/api/v1"
  },
  "size_t": 101,
  "size_x": 80,
  "size_y": 80,
  "size_z": 37,
  "snr": 6.019508569523811,
  "spacing_tr": 2.000000476837158,
  "spacing_x": 3.0,
  "spacing_y": 3.0,
  "spacing_z": 3.0,
  "summary_bg_k": 130.66194206829218,
  "summary_bg_mad": 5866.17590660249,
  "summary_bg_mean": 32411.2421875,
  "summary_bg_median": 4284.72705078125,
  "summary_bg_n": 162782.0,
  "summary_bg_p05": 100.83637504577636,
  "summary_bg_p95": 145888.42187499956,
  "summary_bg_stdv": 95598.8984375,
  "summary_fg_k": 1.8740515964821407,
  "summary_fg_mad": 286003.04888831894,
  "summary_fg_mean": 1829209.5,
  "summary_fg_median": 1802305.25,
  "summary_fg_n": 33911.0,
  "summary_fg_p05": 1400275.25,
  "summary_fg_p95": 2315041.0,
  "summary_fg_stdv": 299406.28125,
  "tsnr": 52.495140075683594
}