{
  "bids_meta": {
    "AcquisitionMatrixPE": 240,
    "AcquisitionNumber": 2,
    "AcquisitionTime": "15:12:45.530000",
    "BodyPartExamined": "BRAIN",
    "CoilString": "SENSE_HEAD_8",
    "ConversionSoftware": "dcm2niix",
    "ConversionSoftwareVersion": "v1.0.20190410  Clang4.0.1",
    "Dcm2bidsVersion": "2.1.4",
    "DeviceSerialNumber": "34072",
    "EchoTime": 0.003708,
    "EchoTrainLength": 240,
    "FlipAngle": 12,
    "ImageOrientationPatientDICOM": [
      -0.0265788,
      0.999646,
      0.00132837,
      0.0267296,
      0.00203906,
      -0.999641
    ],
    "ImageType": [
      "ORIGINAL",
      "PRIMARY",
      "M",
      "FFE",
      "M",
      "FFE"
    ],
    "ImagingFrequency": 127.734,
    "InPlanePhaseEncodingDirectionDICOM": "ROW",
    "InstitutionName": "Az.Osp._Udine",
    "InstitutionalDepartmentName": "Radiologia",
    "MRAcquisitionType": "3D",
    "MagneticFieldStrength": 3,
    "Manufacturer": "Philips",
    "ManufacturersModelName": "Achieva",
    "Modality": "MR",
    "PatientPosition": "HFS",
    "PercentPhaseFOV": 100,
    "PhaseEncodingSteps": 240,
    "PhilipsRescaleIntercept": 0,
    "PhilipsRescaleSlope": 2.96777,
    "PhilipsScaleSlope": 0.000163195,
    "PixelBandwidth": 191.38,
    "ProtocolName": "T1W_3D_VBM",
    "ReconMatrixPE": 256,
    "RepetitionTime": 0.0081088,
    "ScanOptions": "OTHER",
    "ScanningSequence": "GR",
    "SequenceVariant": "MP",
    "SeriesDescription": "T1W_3D_VBM",
    "SeriesNumber": 201,
    "SliceThickness": 1,
    "SoftwareVersions": "5.3.1_5.3.1.2",
    "SpacingBetweenSlices": 1,
    "StationName": "PHILIPS-K5NT78B",
    "UsePhilipsFloatNotDisplayScaling": 1,
    "dataset": "ds003436",
    "modality": "T1w",
    "subject_id": "22"
  },
  "cjv": 0.3169018011679277,
  "cnr": 4.155259553975533,
  "efc": 0.5772299364519364,
  "fber": -1.0,
  "fwhm_avg": 4.414597777777778,
  "fwhm_x": 4.2391,
  "fwhm_y": 4.843488,
  "fwhm_z": 4.161205333333333,
  "icvs_csf": 0.2276133114515625,
  "icvs_gm": 0.4351630225943335,
  "icvs_wm": 0.337223665954104,
  "inu_med": 0.36165666580200195,
  "inu_range": 0.10340481102466581,
  "provenance": {
    "md5sum": "4627aabb30fac2ec5bb1169b6e8dc64f",
    "settings": {
      "testing": false
    },
    "software": "mriqc",
    "version": "22.0.6",
    "warnings": {
      "large_rot_frame": true,
      "small_air_mask": false
    },
    "webapi_port": null,
    "webapi_url": "https://mriqc.nimh.nih.gov/api/v1"
  },
  "qi_1": 0.04487324780771342,
  "qi_2": 1.4322498353548632e-06,
  "rpve_csf": 20.621074494186782,
  "rpve_gm": 11.035557990169965,
  "rpve_wm": 15.955102123263558,
  "size_x": 170,
  "size_y": 256,
  "size_z": 256,
  "snr_csf": 2.6716704659144033,
  "snr_gm": 15.664079245365139,
  "snr_total": 16.795590059588573,
  "snr_wm": 32.051020467486175,
  "snrd_csf": 53.49608136382733,
  "snrd_gm": 128.28529107481418,
  "snrd_total": 116.87346477336378,
  "snrd_wm": 168.83902188144984,
  "spacing_x": 1.0,
  "spacing_y": 0.9375,
  "spacing_z": 0.9375,
  "summary_bg_k": 21.152647664960114,
  "summary_bg_mad": 0.0,
  "summary_bg_mean": 1.4086477351505275,
  "summary_bg_median": 0.0,
  "summary_bg_n": 1096576.0,
  "summary_bg_p05": 0.0,
  "summary_bg_p95": 9.332507716491818,
  "summary_bg_stdv": 3.8802427488621904,
  "summary_csf_k": 0.4539075219238753,
  "summary_csf_mad": 97.46670560277715,
  "summary_csf_mean": 317.79107641914,
  "summary_csf_median": 316.84666247293353,
  "summary_csf_n": 67235.0,
  "summary_csf_p05": 90.17678893525154,
  "summary_csf_p95": 517.5139223730191,
  "summary_csf_stdv": 118.59408195871994,
  "summary_gm_k": 0.26695772824110486,
  "summary_gm_mad": 46.26863841136369,
  "summary_gm_mean": 760.8992852303901,
  "summary_gm_median": 759.8082940876484,
  "summary_gm_n": 49479.0,
  "summary_gm_p05": 683.3344697995111,
  "summary_gm_p95": 843.046466720663,
  "summary_gm_stdv": 48.50592263091667,
  "summary_wm_k": 0.40310303246623747,
  "summary_wm_mad": 29.84854116471515,
  "summary_wm_mean": 999.7997900874873,
  "summary_wm_median": 999.9999853167683,
  "summary_wm_n": 214148.0,
  "summary_wm_p05": 948.3387079574168,
  "summary_wm_p95": 1050.3232975034973,
  "summary_wm_stdv": 31.200181332593164,
  "tpm_overlap_csf": 0.14012394635500613,
  "tpm_overlap_gm": 0.4721602716740991,
  "tpm_overlap_wm": 0.5064141973210233,
  "wm2max": 0.7850199805594557
}