{
  "bids_meta": {
    "AcquisitionMatrixPE": 240,
    "AcquisitionNumber": 2,
    "AcquisitionTime": "16:35:25.630000",
    "BodyPartExamined": "BRAIN",
    "CoilString": "SENSE_HEAD_8",
    "ConversionSoftware": "dcm2niix",
    "ConversionSoftwareVersion": "v1.0.20190410  Clang4.0.1",
    "Dcm2bidsVersion": "2.1.4",
    "DeviceSerialNumber": "34072",
    "EchoTime": 0.003714,
    "EchoTrainLength": 240,
    "FlipAngle": 12,
    "ImageOrientationPatientDICOM": [
      -0.00303132,
      0.999991,
      0.00283941,
      0.0361598,
      0.00294718,
      -0.999342
    ],
    "ImageType": [
      "ORIGINAL",
      "PRIMARY",
      "M",
      "FFE",
      "M",
      "FFE"
    ],
    "ImagingFrequency": 127.734,
    "InPlanePhaseEncodingDirectionDICOM": "ROW",
    "InstitutionName": "Az.Osp._Udine",
    "InstitutionalDepartmentName": "Radiologia",
    "MRAcquisitionType": "3D",
    "MagneticFieldStrength": 3,
    "Manufacturer": "Philips",
    "ManufacturersModelName": "Achieva",
    "Modality": "MR",
    "PatientPosition": "HFS",
    "PercentPhaseFOV": 100,
    "PhaseEncodingSteps": 240,
    "PhilipsRescaleIntercept": 0,
    "PhilipsRescaleSlope": 2.56288,
    "PhilipsScaleSlope": 0.000327823,
    "PixelBandwidth": 191.38,
    "ProtocolName": "T1W_3D_VBM",
    "ReconMatrixPE": 256,
    "RepetitionTime": 0.0081047,
    "ScanOptions": "OTHER",
    "ScanningSequence": "GR",
    "SequenceVariant": "MP",
    "SeriesDescription": "T1W_3D_VBM",
    "SeriesNumber": 201,
    "SliceThickness": 1,
    "SoftwareVersions": "5.3.1_5.3.1.2",
    "SpacingBetweenSlices": 1,
    "StationName": "PHILIPS-K5NT78B",
    "UsePhilipsFloatNotDisplayScaling": 1,
    "dataset": "ds003436",
    "modality": "T1w",
    "subject_id": "32"
  },
  "cjv": 0.3183599495227521,
  "cnr": 4.168305517873684,
  "efc": 0.5653768874743845,
  "fber": -1.0,
  "fwhm_avg": 4.152264888888889,
  "fwhm_x": 3.97256,
  "fwhm_y": 4.504874666666667,
  "fwhm_z": 3.97936,
  "icvs_csf": 0.18143806001614107,
  "icvs_gm": 0.46830549888064477,
  "icvs_wm": 0.35025644110321413,
  "inu_med": 0.26290178298950195,
  "inu_range": 0.05805630832910538,
  "provenance": {
    "md5sum": "4c939d814d6ec80d9ccafaed7e4beebd",
    "settings": {
      "testing": false
    },
    "software": "mriqc",
    "version": "22.0.6",
    "warnings": {
      "large_rot_frame": true,
      "small_air_mask": false
    },
    "webapi_port": null,
    "webapi_url": "https://mriqc.nimh.nih.gov/api/v1"
  },
  "qi_1": 1.6280931143215474e-05,
  "qi_2": 6.258722397444068e-07,
  "rpve_csf": 25.27179131133838,
  "rpve_gm": 10.845443180718513,
  "rpve_wm": 15.959104442715768,
  "size_x": 170,
  "size_y": 256,
  "size_z": 256,
  "snr_csf": 2.164018848019597,
  "snr_gm": 16.6752623742382,
  "snr_total": 17.085029847847753,
  "snr_wm": 32.41580832128546,
  "snrd_csf": 50.6142398424274,
  "snrd_gm": 117.21467590218724,
  "snrd_total": 106.80386830183569,
  "snrd_wm": 152.58268916089247,
  "spacing_x": 1.0,
  "spacing_y": 0.9375,
  "spacing_z": 0.9375,
  "summary_bg_k": 18.722648079552652,
  "summary_bg_mad": 0.0,
  "summary_bg_mean": 1.856217366867327,
  "summary_bg_median": 0.0,
  "summary_bg_n": 1461334.0,
  "summary_bg_p05": 0.0,
  "summary_bg_p95": 11.194882575422525,
  "summary_bg_stdv": 4.293737542660106,
  "summary_csf_k": -0.42393260255629306,
  "summary_csf_mad": 148.2078764626317,
  "summary_csf_mean": 304.40855227785005,
  "summary_csf_median": 331.7236865554005,
  "summary_csf_n": 36778.0,
  "summary_csf_p05": 44.52717812489718,
  "summary_csf_p95": 537.1497818144038,
  "summary_csf_stdv": 153.28848776752938,
  "summary_gm_k": 0.3063761392007418,
  "summary_gm_mad": 44.26528618637712,
  "summary_gm_mean": 767.5000371064926,
  "summary_gm_median": 768.2202583644539,
  "summary_gm_n": 59946.0,
  "summary_gm_p05": 691.387847664766,
  "summary_gm_p95": 842.331834894605,
  "summary_gm_stdv": 46.06907126824132,
  "summary_wm_k": 0.37680949055505986,
  "summary_wm_mad": 29.53071961929437,
  "summary_wm_mean": 1000.1181475091119,
  "summary_wm_median": 1000.0207908004522,
  "summary_wm_n": 214751.0,
  "summary_wm_p05": 949.6542040742934,
  "summary_wm_p95": 1050.7404628768563,
  "summary_wm_stdv": 30.849715440068742,
  "tpm_overlap_csf": 0.12442976149453465,
  "tpm_overlap_gm": 0.4717860655208817,
  "tpm_overlap_wm": 0.48997436081266327,
  "wm2max": 0.8534155765890319
}