{
  "bids_meta": {
    "AcquisitionMatrixPE": 240,
    "AcquisitionNumber": 2,
    "AcquisitionTime": "17:19:26.110000",
    "BodyPartExamined": "BRAIN",
    "CoilString": "SENSE_HEAD_8",
    "ConversionSoftware": "dcm2niix",
    "ConversionSoftwareVersion": "v1.0.20181125  Clang9.0.0",
    "Dcm2bidsVersion": "2.1.4",
    "DeviceSerialNumber": "34072",
    "EchoTime": 0.003693,
    "EchoTrainLength": 240,
    "FlipAngle": 12,
    "ImageOrientationPatientDICOM": [
      -0.00575582,
      0.999981,
      0.00214285,
      0.00722898,
      0.00218444,
      -0.999972
    ],
    "ImageType": [
      "ORIGINAL",
      "PRIMARY",
      "M",
      "FFE",
      "M",
      "FFE"
    ],
    "ImagingFrequency": 127.733,
    "InPlanePhaseEncodingDirectionDICOM": "ROW",
    "InstitutionName": "Az.Osp._Udine",
    "InstitutionalDepartmentName": "Radiologia",
    "MRAcquisitionType": "3D",
    "MagneticFieldStrength": 3,
    "Manufacturer": "Philips",
    "ManufacturersModelName": "Achieva",
    "Modality": "MR",
    "PatientPosition": "HFS",
    "PercentPhaseFOV": 100,
    "PhaseEncodingSteps": 240,
    "PhilipsRescaleIntercept": 0,
    "PhilipsRescaleSlope": 2.34066,
    "PhilipsScaleSlope": 0.000370969,
    "PixelBandwidth": 191.38,
    "ProtocolName": "T1W_3D_VBM",
    "ReconMatrixPE": 256,
    "RepetitionTime": 0.0080664,
    "ScanOptions": "OTHER",
    "ScanningSequence": "GR",
    "SequenceVariant": "MP",
    "SeriesDescription": "T1W_3D_VBM",
    "SeriesNumber": 201,
    "SliceThickness": 1,
    "SoftwareVersions": "5.3.1_5.3.1.2",
    "SpacingBetweenSlices": 1,
    "StationName": "PHILIPS-K5NT78B",
    "UsePhilipsFloatNotDisplayScaling": 1,
    "dataset": "ds003436",
    "modality": "T1w",
    "subject_id": "40"
  },
  "cjv": 0.35899437640320253,
  "cnr": 3.7751979043205663,
  "efc": 0.5559202128965478,
  "fber": -1.0,
  "fwhm_avg": 4.302127111111111,
  "fwhm_x": 4.24588,
  "fwhm_y": 4.47104,
  "fwhm_z": 4.189461333333333,
  "icvs_csf": 0.17573644808405298,
  "icvs_gm": 0.4634653452918151,
  "icvs_wm": 0.3607982066241319,
  "inu_med": 0.3953689634799957,
  "inu_range": 0.14416562467813487,
  "provenance": {
    "md5sum": "95a046726d1920684c1f8758d519d59d",
    "settings": {
      "testing": false
    },
    "software": "mriqc",
    "version": "22.0.6",
    "warnings": {
      "large_rot_frame": true,
      "small_air_mask": false
    },
    "webapi_port": null,
    "webapi_url": "https://mriqc.nimh.nih.gov/api/v1"
  },
  "qi_1": 0.001499021889491352,
  "qi_2": 1.5875386928239174e-06,
  "rpve_csf": 26.588016420732014,
  "rpve_gm": 11.13669744775582,
  "rpve_wm": 15.635732555441752,
  "size_x": 170,
  "size_y": 256,
  "size_z": 256,
  "snr_csf": 2.4369389339793903,
  "snr_gm": 15.48036322508554,
  "snr_total": 14.437008165043295,
  "snr_wm": 25.39372233606495,
  "snrd_csf": 34.04291983810713,
  "snrd_gm": 72.33235774333782,
  "snrd_total": 67.14867706829735,
  "snrd_wm": 95.0707536234471,
  "spacing_x": 1.0,
  "spacing_y": 0.9375,
  "spacing_z": 0.9375,
  "summary_bg_k": 16.24963155659104,
  "summary_bg_mad": 0.0,
  "summary_bg_mean": 3.218063306491704,
  "summary_bg_median": 0.0,
  "summary_bg_n": 1581049.0,
  "summary_bg_p05": 0.0,
  "summary_bg_p95": 17.559172712266445,
  "summary_bg_stdv": 6.89121739847787,
  "summary_csf_k": 1.5288809489920405,
  "summary_csf_mad": 133.82013415035917,
  "summary_csf_mean": 349.6800011549964,
  "summary_csf_median": 358.089035326615,
  "summary_csf_n": 28629.0,
  "summary_csf_p05": 85.73702488951386,
  "summary_csf_p95": 569.5487099837511,
  "summary_csf_stdv": 146.9395791263739,
  "summary_gm_k": 0.1293988151238925,
  "summary_gm_mad": 48.75528778344997,
  "summary_gm_mean": 760.9195084563692,
  "summary_gm_median": 760.8461415879428,
  "summary_gm_n": 51532.0,
  "summary_gm_p05": 681.2137530595064,
  "summary_gm_p95": 842.224178865552,
  "summary_gm_stdv": 49.14863742024513,
  "summary_wm_k": 0.506455487861952,
  "summary_wm_mad": 37.10882559630267,
  "summary_wm_mean": 1001.8809331134366,
  "summary_wm_median": 1000.0256915297359,
  "summary_wm_n": 211618.0,
  "summary_wm_p05": 940.4939349219203,
  "summary_wm_p95": 1069.7746275812387,
  "summary_wm_stdv": 39.380730224729895,
  "tpm_overlap_csf": 0.13877172362125575,
  "tpm_overlap_gm": 0.4812792231135563,
  "tpm_overlap_wm": 0.501982320101526,
  "wm2max": 0.7063350447656368
}