{
  "aor": 0.016938712871287127,
  "aqi": 0.012025619702970298,
  "bids_meta": {
    "AcquisitionMatrixPE": 80,
    "AcquisitionNumber": 12,
    "AcquisitionTime": "17:38:0.820000",
    "BodyPartExamined": "BRAIN",
    "CoilString": "SENSE_HEAD_8",
    "ConversionSoftware": "dcm2niix",
    "ConversionSoftwareVersion": "v1.0.20190410  Clang4.0.1",
    "Dcm2bidsVersion": "2.1.4",
    "DeviceSerialNumber": "34072",
    "EchoTime": 0.030001,
    "EchoTrainLength": 39,
    "EffectiveEchoSpacing": 0.0002777,
    "FlipAngle": 82,
    "ImageOrientationPatientDICOM": [
      0.999208,
      0.0193241,
      -0.0347937,
      -0.0214541,
      0.99785,
      -0.0619224
    ],
    "ImageType": [
      "ORIGINAL",
      "PRIMARY",
      "M",
      "FFE",
      "M",
      "FFE"
    ],
    "ImagingFrequency": 127.734,
    "InPlanePhaseEncodingDirectionDICOM": "COL",
    "InstitutionName": "Az.Osp._Udine",
    "InstitutionalDepartmentName": "Radiologia",
    "MRAcquisitionType": "2D",
    "MagneticFieldStrength": 3,
    "Manufacturer": "Philips",
    "ManufacturersModelName": "Achieva",
    "Modality": "MR",
    "PartialFourier": 0.4875,
    "PatientPosition": "HFS",
    "PercentPhaseFOV": 100,
    "PhaseEncodingAxis": "j",
    "PhaseEncodingDirection": "j",
    "PhaseEncodingSteps": 80,
    "PhilipsRescaleIntercept": 0,
    "PhilipsRescaleSlope": 0.872283,
    "PhilipsScaleSlope": 0.000439386,
    "PixelBandwidth": 3608.02,
    "ProtocolName": "SOCIAL_4run",
    "ReconMatrixPE": 80,
    "RepetitionTime": 2,
    "ScanOptions": "FS",
    "ScanningSequence": "GR",
    "SequenceVariant": "SK",
    "SeriesDescription": "SOCIAL_4run",
    "SeriesNumber": 1201,
    "SliceThickness": 3,
    "SliceTiming": [
      0.0,
      0.378378,
      0.702703,
      1.027027,
      1.351351,
      1.675676,
      0.054054,
      0.432432,
      0.756757,
      1.081081,
      1.405405,
      1.72973,
      0.108108,
      0.486486,
      0.810811,
      1.135135,
      1.459459,
      1.783784,
      0.162162,
      0.540541,
      0.864865,
      1.189189,
      1.513514,
      1.837838,
      0.216216,
      0.594595,
      0.918919,
      1.243243,
      1.567568,
      1.891892,
      0.27027,
      0.648649,
      0.972973,
      1.297297,
      1.621622,
      1.945946,
      0.324324
    ],
    "SoftwareVersions": "5.3.1_5.3.1.2",
    "SpacingBetweenSlices": 3,
    "StationName": "PHILIPS-K5NT78B",
    "TaskName": "ANIM",
    "TotalReadoutTime": 0.0219394,
    "UsePhilipsFloatNotDisplayScaling": 1,
    "dataset": "ds003436",
    "modality": "bold",
    "run_id": 3,
    "subject_id": "11",
    "task_id": "anim"
  },
  "dummy_trs": 0,
  "dvars_nstd": 25.22684219329999,
  "dvars_std": 1.1594214817000001,
  "dvars_vstd": 1.0873178851000003,
  "efc": 0.41634133192109857,
  "fber": 122468.296875,
  "fd_mean": 0.18059321350016636,
  "fd_num": 22,
  "fd_perc": 21.782178217821784,
  "fwhm_avg": 1.96749,
  "fwhm_x": 1.9090299999999998,
  "fwhm_y": 2.1103133333333335,
  "fwhm_z": 1.8831266666666666,
  "gcor": 0.0105029,
  "gsr_x": -0.01672397553920746,
  "gsr_y": 0.01012332458049059,
  "provenance": {
    "md5sum": "ac13f368399558d8e94373fd12210627",
    "settings": {
      "fd_thres": 0.2,
      "testing": false
    },
    "software": "mriqc",
    "version": "22.0.6",
    "webapi_port": null,
    "webapi_url": "https://mriqc.nimh.nih.gov/api/v1"
  },
  "size_t": 101,
  "size_x": 80,
  "size_y": 80,
  "size_z": 37,
  "snr": 5.6334515940350895,
  "spacing_tr": 2.000000476837158,
  "spacing_x": 3.0,
  "spacing_y": 3.0,
  "spacing_z": 3.0,
  "summary_bg_k": 114.66953256473793,
  "summary_bg_mad": 12464.449866456476,
  "summary_bg_mean": 78958.265625,
  "summary_bg_median": 9383.025390625,
  "summary_bg_n": 163215.0,
  "summary_bg_p05": 429.9120422363282,
  "summary_bg_p95": 334357.9499999996,
  "summary_bg_stdv": 251056.828125,
  "summary_fg_k": 2.3188685379935485,
  "summary_fg_mad": 576755.9846341752,
  "summary_fg_mean": 3608860.25,
  "summary_fg_median": 3532582.25,
  "summary_fg_n": 33651.0,
  "summary_fg_p05": 2767770.625,
  "summary_fg_p95": 4680072.75,
  "summary_fg_stdv": 627063.125,
  "tsnr": 51.25663757324219
}