{
  "aor": 0.000914059405940594,
  "aqi": 0.007650833762376238,
  "bids_meta": {
    "AcquisitionMatrixPE": 80,
    "AcquisitionNumber": 22,
    "AcquisitionTime": "18:26:7.010000",
    "BodyPartExamined": "BRAIN",
    "CoilString": "SENSE_HEAD_8",
    "ConversionSoftware": "dcm2niix",
    "ConversionSoftwareVersion": "v1.0.20190410  Clang4.0.1",
    "Dcm2bidsVersion": "2.1.4",
    "DeviceSerialNumber": "34072",
    "EchoTime": 0.030001,
    "EchoTrainLength": 39,
    "EffectiveEchoSpacing": 0.0002777,
    "FlipAngle": 82,
    "ImageOrientationPatientDICOM": [
      0.999341,
      0.00292665,
      0.0361685,
      -0.00303132,
      0.999991,
      0.00283941
    ],
    "ImageType": [
      "ORIGINAL",
      "PRIMARY",
      "M",
      "FFE",
      "M",
      "FFE"
    ],
    "ImagingFrequency": 127.735,
    "InPlanePhaseEncodingDirectionDICOM": "COL",
    "InstitutionName": "Az.Osp._Udine",
    "InstitutionalDepartmentName": "Radiologia",
    "MRAcquisitionType": "2D",
    "MagneticFieldStrength": 3,
    "Manufacturer": "Philips",
    "ManufacturersModelName": "Achieva",
    "Modality": "MR",
    "PartialFourier": 0.4875,
    "PatientPosition": "HFS",
    "PercentPhaseFOV": 100,
    "PhaseEncodingAxis": "j",
    "PhaseEncodingDirection": "j",
    "PhaseEncodingSteps": 80,
    "PhilipsRescaleIntercept": 0,
    "PhilipsRescaleSlope": 0.826129,
    "PhilipsScaleSlope": 0.000424329,
    "PixelBandwidth": 3608.02,
    "ProtocolName": "SOCIAL_4run",
    "ReconMatrixPE": 80,
    "RepetitionTime": 2,
    "ScanOptions": "FS",
    "ScanningSequence": "GR",
    "SequenceVariant": "SK",
    "SeriesDescription": "SOCIAL_4run",
    "SeriesNumber": 2201,
    "SliceThickness": 3,
    "SliceTiming": [
      0.0,
      0.378378,
      0.702703,
      1.027027,
      1.351351,
      1.675676,
      0.054054,
      0.432432,
      0.756757,
      1.081081,
      1.405405,
      1.72973,
      0.108108,
      0.486486,
      0.810811,
      1.135135,
      1.459459,
      1.783784,
      0.162162,
      0.540541,
      0.864865,
      1.189189,
      1.513514,
      1.837838,
      0.216216,
      0.594595,
      0.918919,
      1.243243,
      1.567568,
      1.891892,
      0.27027,
      0.648649,
      0.972973,
      1.297297,
      1.621622,
      1.945946,
      0.324324
    ],
    "SoftwareVersions": "5.3.1_5.3.1.2",
    "SpacingBetweenSlices": 3,
    "StationName": "PHILIPS-K5NT78B",
    "TaskName": "ANIM",
    "TotalReadoutTime": 0.0219394,
    "UsePhilipsFloatNotDisplayScaling": 1,
    "dataset": "ds003436",
    "modality": "bold",
    "run_id": 4,
    "subject_id": "07",
    "task_id": "anim"
  },
  "dummy_trs": 0,
  "dvars_nstd": 29.2190211867,
  "dvars_std": 1.2844594067999997,
  "dvars_vstd": 0.995130513,
  "efc": 0.4172600132972442,
  "fber": 68844.90625,
  "fd_mean": 0.07537359061108445,
  "fd_num": 1,
  "fd_perc": 0.9900990099009901,
  "fwhm_avg": 1.864671111111111,
  "fwhm_x": 1.7959266666666667,
  "fwhm_y": 2.0129366666666666,
  "fwhm_z": 1.78515,
  "gcor": 0.0143273,
  "gsr_x": -0.014479856938123703,
  "gsr_y": 0.012018328532576561,
  "provenance": {
    "md5sum": "4b5a09b5895fd2cce9b92d5daa1f8f30",
    "settings": {
      "fd_thres": 0.2,
      "testing": false
    },
    "software": "mriqc",
    "version": "22.0.6",
    "webapi_port": null,
    "webapi_url": "https://mriqc.nimh.nih.gov/api/v1"
  },
  "size_t": 101,
  "size_x": 80,
  "size_y": 80,
  "size_z": 37,
  "snr": 5.702662014800775,
  "spacing_tr": 2.000000476837158,
  "spacing_x": 3.0,
  "spacing_y": 3.0,
  "spacing_z": 3.0,
  "summary_bg_k": 172.97602469956198,
  "summary_bg_mad": 14268.262506831421,
  "summary_bg_mean": 62847.33984375,
  "summary_bg_median": 11167.3779296875,
  "summary_bg_n": 162458.0,
  "summary_bg_p05": 603.9549041748047,
  "summary_bg_p95": 286970.26093749993,
  "summary_bg_stdv": 170200.078125,
  "summary_fg_k": 1.5703352784890514,
  "summary_fg_mad": 522455.6783814076,
  "summary_fg_mean": 3170731.0,
  "summary_fg_median": 3129897.75,
  "summary_fg_n": 34111.0,
  "summary_fg_p05": 2380983.875,
  "summary_fg_p95": 4098001.5,
  "summary_fg_stdv": 548840.5,
  "tsnr": 62.397918701171875
}