{
  "bids_meta": {
    "AcquisitionMatrixPE": 240,
    "AcquisitionNumber": 2,
    "AcquisitionTime": "10:08:28.250000",
    "BodyPartExamined": "BRAIN",
    "CoilString": "SENSE_HEAD_8",
    "ConversionSoftware": "dcm2niix",
    "ConversionSoftwareVersion": "v1.0.20190410  Clang4.0.1",
    "Dcm2bidsVersion": "2.1.4",
    "DeviceSerialNumber": "34072",
    "EchoTime": 0.003714,
    "EchoTrainLength": 240,
    "FlipAngle": 12,
    "ImageOrientationPatientDICOM": [
      -0.00303132,
      0.999991,
      0.00283941,
      0.0361598,
      0.00294718,
      -0.999342
    ],
    "ImageType": [
      "ORIGINAL",
      "PRIMARY",
      "M",
      "FFE",
      "M",
      "FFE"
    ],
    "ImagingFrequency": 127.735,
    "InPlanePhaseEncodingDirectionDICOM": "ROW",
    "InstitutionName": "Az.Osp._Udine",
    "InstitutionalDepartmentName": "Radiologia",
    "MRAcquisitionType": "3D",
    "MagneticFieldStrength": 3,
    "Manufacturer": "Philips",
    "ManufacturersModelName": "Achieva",
    "Modality": "MR",
    "PatientPosition": "HFS",
    "PercentPhaseFOV": 100,
    "PhaseEncodingSteps": 240,
    "PhilipsRescaleIntercept": 0,
    "PhilipsRescaleSlope": 3.1956,
    "PhilipsScaleSlope": 0.000164775,
    "PixelBandwidth": 191.38,
    "ProtocolName": "T1W_3D_VBM",
    "ReconMatrixPE": 256,
    "RepetitionTime": 0.0081047,
    "ScanOptions": "OTHER",
    "ScanningSequence": "GR",
    "SequenceVariant": "MP",
    "SeriesDescription": "T1W_3D_VBM",
    "SeriesNumber": 201,
    "SliceThickness": 1,
    "SoftwareVersions": "5.3.1_5.3.1.1",
    "SpacingBetweenSlices": 1,
    "StationName": "PHILIPS-K5NT78B",
    "UsePhilipsFloatNotDisplayScaling": 1,
    "dataset": "ds003436",
    "modality": "T1w",
    "subject_id": "01"
  },
  "cjv": 0.332628823344407,
  "cnr": 4.055554976730286,
  "efc": 0.5749452725780818,
  "fber": -1.0,
  "fwhm_avg": 4.362480222222222,
  "fwhm_x": 4.25607,
  "fwhm_y": 4.728288,
  "fwhm_z": 4.103082666666666,
  "icvs_csf": 0.1897491592521332,
  "icvs_gm": 0.4608872697913513,
  "icvs_wm": 0.3493635709565155,
  "inu_med": 0.29529380798339844,
  "inu_range": 0.07385110557079311,
  "provenance": {
    "md5sum": "457718af4d88b46368c840c355e79aac",
    "settings": {
      "testing": false
    },
    "software": "mriqc",
    "version": "22.0.6",
    "warnings": {
      "large_rot_frame": true,
      "small_air_mask": false
    },
    "webapi_port": null,
    "webapi_url": "https://mriqc.nimh.nih.gov/api/v1"
  },
  "qi_1": 0.0016013914678362142,
  "qi_2": 4.3597676093934743e-07,
  "rpve_csf": 23.830997324325374,
  "rpve_gm": 10.769029690073262,
  "rpve_wm": 15.697102492359104,
  "size_x": 170,
  "size_y": 256,
  "size_z": 256,
  "snr_csf": 2.2115468723392415,
  "snr_gm": 16.16808010439716,
  "snr_total": 16.430633352844882,
  "snr_wm": 30.912273081798244,
  "snrd_csf": 41.54422368925066,
  "snrd_gm": 102.02162978305685,
  "snrd_total": 92.22772580007921,
  "snrd_wm": 133.11732392793013,
  "spacing_x": 1.0,
  "spacing_y": 0.9375,
  "spacing_z": 0.9375,
  "summary_bg_k": 24.958248578046213,
  "summary_bg_mad": 0.0,
  "summary_bg_mean": 1.9445167610751741,
  "summary_bg_median": 0.0,
  "summary_bg_n": 1267433.0,
  "summary_bg_p05": 0.0,
  "summary_bg_p95": 10.269887829199433,
  "summary_bg_stdv": 4.921604666332664,
  "summary_csf_k": -0.024849050809002904,
  "summary_csf_mad": 148.62695341480008,
  "summary_csf_mean": 304.3178177786596,
  "summary_csf_median": 312.09416110627353,
  "summary_csf_n": 38525.0,
  "summary_csf_p05": 70.60823954828084,
  "summary_csf_p95": 530.2133271303028,
  "summary_csf_stdv": 141.11846981075993,
  "summary_gm_k": 0.23749645784606388,
  "summary_gm_mad": 46.169641840684754,
  "summary_gm_mean": 765.9773255138089,
  "summary_gm_median": 766.4207472018898,
  "summary_gm_n": 58474.0,
  "summary_gm_p05": 687.4784384657629,
  "summary_gm_p95": 842.536076062452,
  "summary_gm_stdv": 47.402919128788895,
  "summary_wm_k": 0.3229592911252812,
  "summary_wm_mad": 31.53288304438257,
  "summary_wm_mean": 1000.6142802787257,
  "summary_wm_median": 1000.0220452006906,
  "summary_wm_n": 228987.0,
  "summary_wm_p05": 948.8272065166384,
  "summary_wm_p95": 1054.4855793658644,
  "summary_wm_stdv": 32.35025321411683,
  "tpm_overlap_csf": 0.1279029730318841,
  "tpm_overlap_gm": 0.4797783654042826,
  "tpm_overlap_wm": 0.505468355620398,
  "wm2max": 0.7871596954208825
}