{
  "bids_meta": {
    "AcquisitionMatrixPE": 240,
    "AcquisitionNumber": 2,
    "AcquisitionTime": "17:05:31.910000",
    "BodyPartExamined": "BRAIN",
    "CoilString": "SENSE_HEAD_8",
    "ConversionSoftware": "dcm2niix",
    "ConversionSoftwareVersion": "v1.0.20181125  Clang9.0.0",
    "Dcm2bidsVersion": "2.1.4",
    "DeviceSerialNumber": "34072",
    "EchoTime": 0.003714,
    "EchoTrainLength": 240,
    "FlipAngle": 12,
    "ImageOrientationPatientDICOM": [
      -0.00303132,
      0.999991,
      0.00283941,
      0.0361598,
      0.00294718,
      -0.999342
    ],
    "ImageType": [
      "ORIGINAL",
      "PRIMARY",
      "M",
      "FFE",
      "M",
      "FFE"
    ],
    "ImagingFrequency": 127.733,
    "InPlanePhaseEncodingDirectionDICOM": "ROW",
    "InstitutionName": "Az.Osp._Udine",
    "InstitutionalDepartmentName": "Radiologia",
    "MRAcquisitionType": "3D",
    "MagneticFieldStrength": 3,
    "Manufacturer": "Philips",
    "ManufacturersModelName": "Achieva",
    "Modality": "MR",
    "PatientPosition": "HFS",
    "PercentPhaseFOV": 100,
    "PhaseEncodingSteps": 240,
    "PhilipsRescaleIntercept": 0,
    "PhilipsRescaleSlope": 2.9072,
    "PhilipsScaleSlope": 0.000281267,
    "PixelBandwidth": 191.38,
    "ProtocolName": "T1W_3D_VBM",
    "ReconMatrixPE": 256,
    "RepetitionTime": 0.0081047,
    "ScanOptions": "OTHER",
    "ScanningSequence": "GR",
    "SequenceVariant": "MP",
    "SeriesDescription": "T1W_3D_VBM",
    "SeriesNumber": 201,
    "SliceThickness": 1,
    "SoftwareVersions": "5.3.1_5.3.1.2",
    "SpacingBetweenSlices": 1,
    "StationName": "PHILIPS-K5NT78B",
    "UsePhilipsFloatNotDisplayScaling": 1,
    "dataset": "ds003436",
    "modality": "T1w",
    "subject_id": "49"
  },
  "cjv": 0.37881631766830903,
  "cnr": 3.579948079747254,
  "efc": 0.5838483761169865,
  "fber": -1.0,
  "fwhm_avg": 3.9892877777777778,
  "fwhm_x": 3.94333,
  "fwhm_y": 4.206464,
  "fwhm_z": 3.8180693333333333,
  "icvs_csf": 0.17722786378959146,
  "icvs_gm": 0.4362837012384718,
  "icvs_wm": 0.3864884349719367,
  "inu_med": 0.2252749353647232,
  "inu_range": 0.04730041176080704,
  "provenance": {
    "md5sum": "b5daeac231cec8e5596d20127cedbdc8",
    "settings": {
      "testing": false
    },
    "software": "mriqc",
    "version": "22.0.6",
    "warnings": {
      "large_rot_frame": true,
      "small_air_mask": false
    },
    "webapi_port": null,
    "webapi_url": "https://mriqc.nimh.nih.gov/api/v1"
  },
  "qi_1": 0.0009107994795431545,
  "qi_2": 1.3954432598521045e-06,
  "rpve_csf": 23.4171898257642,
  "rpve_gm": 10.31317898695499,
  "rpve_wm": 13.257220877135309,
  "size_x": 170,
  "size_y": 256,
  "size_z": 256,
  "snr_csf": 2.5703756334748613,
  "snr_gm": 14.265967504870877,
  "snr_total": 15.751356724666154,
  "snr_wm": 30.41772703565272,
  "snrd_csf": 50.04195527934804,
  "snrd_gm": 105.21936881810875,
  "snrd_total": 97.15272486175026,
  "snrd_wm": 136.196850487794,
  "spacing_x": 1.0,
  "spacing_y": 0.9375,
  "spacing_z": 0.9375,
  "summary_bg_k": 27.154089081387525,
  "summary_bg_mad": 0.0,
  "summary_bg_mean": 1.79930211316821,
  "summary_bg_median": 0.0,
  "summary_bg_n": 1199298.0,
  "summary_bg_p05": 0.0,
  "summary_bg_p95": 10.809046816080809,
  "summary_bg_stdv": 4.810309417072513,
  "summary_csf_k": 0.3695250399400223,
  "summary_csf_mad": 117.07451253111438,
  "summary_csf_mean": 359.64958540984355,
  "summary_csf_median": 367.43079567700624,
  "summary_csf_n": 33063.0,
  "summary_csf_p05": 82.53849585615099,
  "summary_csf_p95": 581.1926558017731,
  "summary_csf_stdv": 142.9461259765045,
  "summary_gm_k": -0.03434069812168428,
  "summary_gm_mad": 54.50952868881207,
  "summary_gm_mean": 774.7839965526484,
  "summary_gm_median": 772.5684615969658,
  "summary_gm_n": 54826.0,
  "summary_gm_p05": 689.7295011179522,
  "summary_gm_p95": 868.1171716181561,
  "summary_gm_stdv": 54.15415503095517,
  "summary_wm_k": 0.39576821907693693,
  "summary_wm_mad": 31.652530497106536,
  "summary_wm_mean": 1000.8606121048301,
  "summary_wm_median": 1000.0192211531103,
  "summary_wm_n": 281698.0,
  "summary_wm_p05": 948.6810485310853,
  "summary_wm_p95": 1056.5987255349755,
  "summary_wm_stdv": 32.87613979160296,
  "tpm_overlap_csf": 0.15797012756439402,
  "tpm_overlap_gm": 0.4743603772152341,
  "tpm_overlap_wm": 0.5247829361553235,
  "wm2max": 0.8935310654721017
}