{
  "aor": 0.0031497029702970297,
  "aqi": 0.00879028811881188,
  "bids_meta": {
    "AcquisitionMatrixPE": 80,
    "AcquisitionNumber": 17,
    "AcquisitionTime": "17:58:36.070000",
    "BodyPartExamined": "BRAIN",
    "CoilString": "SENSE_HEAD_8",
    "ConversionSoftware": "dcm2niix",
    "ConversionSoftwareVersion": "v1.0.20181125  Clang9.0.0",
    "Dcm2bidsVersion": "2.1.4",
    "DeviceSerialNumber": "34072",
    "EchoTime": 0.030001,
    "EchoTrainLength": 39,
    "EffectiveEchoSpacing": 0.0002777,
    "FlipAngle": 82,
    "ImageOrientationPatientDICOM": [
      0.99883,
      0.014114,
      -0.0462543,
      -0.0140813,
      0.9999,
      0.00103338
    ],
    "ImageType": [
      "ORIGINAL",
      "PRIMARY",
      "M",
      "FFE",
      "M",
      "FFE"
    ],
    "ImagingFrequency": 127.733,
    "InPlanePhaseEncodingDirectionDICOM": "COL",
    "InstitutionName": "Az.Osp._Udine",
    "InstitutionalDepartmentName": "Radiologia",
    "MRAcquisitionType": "2D",
    "MagneticFieldStrength": 3,
    "Manufacturer": "Philips",
    "ManufacturersModelName": "Achieva",
    "Modality": "MR",
    "PartialFourier": 0.4875,
    "PatientPosition": "HFS",
    "PercentPhaseFOV": 100,
    "PhaseEncodingAxis": "j",
    "PhaseEncodingDirection": "j",
    "PhaseEncodingSteps": 80,
    "PhilipsRescaleIntercept": 0,
    "PhilipsRescaleSlope": 0.793895,
    "PhilipsScaleSlope": 0.00224014,
    "PixelBandwidth": 3608.02,
    "ProtocolName": "SOCIAL_4run",
    "ReconMatrixPE": 80,
    "RepetitionTime": 2,
    "ScanOptions": "FS",
    "ScanningSequence": "GR",
    "SequenceVariant": "SK",
    "SeriesDescription": "SOCIAL_4run",
    "SeriesNumber": 1701,
    "SliceThickness": 3,
    "SliceTiming": [
      0.0,
      0.378378,
      0.702703,
      1.027027,
      1.351351,
      1.675676,
      0.054054,
      0.432432,
      0.756757,
      1.081081,
      1.405405,
      1.72973,
      0.108108,
      0.486486,
      0.810811,
      1.135135,
      1.459459,
      1.783784,
      0.162162,
      0.540541,
      0.864865,
      1.189189,
      1.513514,
      1.837838,
      0.216216,
      0.594595,
      0.918919,
      1.243243,
      1.567568,
      1.891892,
      0.27027,
      0.648649,
      0.972973,
      1.297297,
      1.621622,
      1.945946,
      0.324324
    ],
    "SoftwareVersions": "5.3.1_5.3.1.2",
    "SpacingBetweenSlices": 3,
    "StationName": "PHILIPS-K5NT78B",
    "TaskName": "ANIM",
    "TotalReadoutTime": 0.0219394,
    "UsePhilipsFloatNotDisplayScaling": 1,
    "dataset": "ds003436",
    "modality": "bold",
    "run_id": 2,
    "subject_id": "38",
    "task_id": "anim"
  },
  "dummy_trs": 0,
  "dvars_nstd": 23.679613018099996,
  "dvars_std": 1.1752623733000007,
  "dvars_vstd": 1.0217589308000001,
  "efc": 0.41733416458749,
  "fber": 167749.125,
  "fd_mean": 0.10819363014926513,
  "fd_num": 9,
  "fd_perc": 8.910891089108912,
  "fwhm_avg": 1.7495188888888888,
  "fwhm_x": 1.6671066666666665,
  "fwhm_y": 1.92565,
  "fwhm_z": 1.6558,
  "gcor": 0.0282238,
  "gsr_x": -0.017123788595199585,
  "gsr_y": 0.008080861531198025,
  "provenance": {
    "md5sum": "4d6654bc355060d9c7d1b8780012d1b3",
    "settings": {
      "fd_thres": 0.2,
      "testing": false
    },
    "software": "mriqc",
    "version": "22.0.6",
    "webapi_port": null,
    "webapi_url": "https://mriqc.nimh.nih.gov/api/v1"
  },
  "size_t": 101,
  "size_x": 80,
  "size_y": 80,
  "size_z": 37,
  "snr": 5.959765480685482,
  "spacing_tr": 2.000000476837158,
  "spacing_x": 3.0,
  "spacing_y": 3.0,
  "spacing_z": 3.0,
  "summary_bg_k": 86.27672265286915,
  "summary_bg_mad": 2044.978389656504,
  "summary_bg_mean": 14715.09765625,
  "summary_bg_median": 1482.7750244140625,
  "summary_bg_n": 162780.0,
  "summary_bg_p05": 28.10629854202271,
  "summary_bg_p95": 63888.48593749997,
  "summary_bg_stdv": 46684.33984375,
  "summary_fg_k": 2.702831514397274,
  "summary_fg_mad": 101095.541081502,
  "summary_fg_mean": 656152.5625,
  "summary_fg_median": 646166.375,
  "summary_fg_n": 33892.0,
  "summary_fg_p05": 509504.284375,
  "summary_fg_p95": 832268.1406249997,
  "summary_fg_stdv": 108419.84375,
  "tsnr": 62.02642822265625
}