{
  "bids_meta": {
    "AcquisitionMatrixPE": 240,
    "AcquisitionNumber": 2,
    "AcquisitionTime": "15:13:0.680000",
    "BodyPartExamined": "BRAIN",
    "CoilString": "SENSE_HEAD_8",
    "ConversionSoftware": "dcm2niix",
    "ConversionSoftwareVersion": "v1.0.20190410  Clang4.0.1",
    "Dcm2bidsVersion": "2.1.4",
    "DeviceSerialNumber": "34072",
    "EchoTime": 0.003703,
    "EchoTrainLength": 240,
    "FlipAngle": 12,
    "ImageOrientationPatientDICOM": [
      -0.0165897,
      0.999856,
      0.00363836,
      -0.0181821,
      0.00333659,
      -0.999829
    ],
    "ImageType": [
      "ORIGINAL",
      "PRIMARY",
      "M",
      "FFE",
      "M",
      "FFE"
    ],
    "ImagingFrequency": 127.734,
    "InPlanePhaseEncodingDirectionDICOM": "ROW",
    "InstitutionName": "Az.Osp._Udine",
    "InstitutionalDepartmentName": "Radiologia",
    "MRAcquisitionType": "3D",
    "MagneticFieldStrength": 3,
    "Manufacturer": "Philips",
    "ManufacturersModelName": "Achieva",
    "Modality": "MR",
    "PatientPosition": "HFS",
    "PercentPhaseFOV": 100,
    "PhaseEncodingSteps": 240,
    "PhilipsRescaleIntercept": 0,
    "PhilipsRescaleSlope": 3.34774,
    "PhilipsScaleSlope": 0.000147809,
    "PixelBandwidth": 191.38,
    "ProtocolName": "T1W_3D_VBM",
    "ReconMatrixPE": 256,
    "RepetitionTime": 0.0080921,
    "ScanOptions": "OTHER",
    "ScanningSequence": "GR",
    "SequenceVariant": "MP",
    "SeriesDescription": "T1W_3D_VBM",
    "SeriesNumber": 201,
    "SliceThickness": 1,
    "SoftwareVersions": "5.3.1_5.3.1.2",
    "SpacingBetweenSlices": 1,
    "StationName": "PHILIPS-K5NT78B",
    "UsePhilipsFloatNotDisplayScaling": 1,
    "dataset": "ds003436",
    "modality": "T1w",
    "subject_id": "20"
  },
  "cjv": 0.3845327372627743,
  "cnr": 3.5207426298578057,
  "efc": 0.624000221911938,
  "fber": -1.0,
  "fwhm_avg": 4.402776444444444,
  "fwhm_x": 4.43538,
  "fwhm_y": 4.654645333333334,
  "fwhm_z": 4.118304,
  "icvs_csf": 0.21156855676900818,
  "icvs_gm": 0.40696317628842155,
  "icvs_wm": 0.38146826694257024,
  "inu_med": 0.3159668296575546,
  "inu_range": 0.09655426591634741,
  "provenance": {
    "md5sum": "bdaf4a3f9d9673fecebda60c0d40014c",
    "settings": {
      "testing": false
    },
    "software": "mriqc",
    "version": "22.0.6",
    "warnings": {
      "large_rot_frame": true,
      "small_air_mask": false
    },
    "webapi_port": null,
    "webapi_url": "https://mriqc.nimh.nih.gov/api/v1"
  },
  "qi_1": 0.037654663529812234,
  "qi_2": 1.763019986921049e-06,
  "rpve_csf": 19.4827536977764,
  "rpve_gm": 10.243344478853432,
  "rpve_wm": 12.639915057296257,
  "size_x": 170,
  "size_y": 256,
  "size_z": 256,
  "snr_csf": 2.748642313571126,
  "snr_gm": 15.71980034308448,
  "snr_total": 14.911599628797106,
  "snr_wm": 26.266356229735717,
  "snrd_csf": 55.19975979840191,
  "snrd_gm": 129.0842642269432,
  "snrd_total": 116.63021265403772,
  "snrd_wm": 165.60661393676807,
  "spacing_x": 1.0,
  "spacing_y": 0.9375,
  "spacing_z": 0.9375,
  "summary_bg_k": 44.393490573132155,
  "summary_bg_mad": 0.0,
  "summary_bg_mean": 1.1143802718625897,
  "summary_bg_median": 0.0,
  "summary_bg_n": 593331.0,
  "summary_bg_p05": 0.0,
  "summary_bg_p95": 7.839490000158548,
  "summary_bg_stdv": 3.9561550130343646,
  "summary_csf_k": 0.6639446523088433,
  "summary_csf_mad": 96.49588202634236,
  "summary_csf_mean": 327.7000533542847,
  "summary_csf_median": 333.33334317058325,
  "summary_csf_n": 61288.0,
  "summary_csf_p05": 76.13606389984488,
  "summary_csf_p95": 512.9329587109387,
  "summary_csf_stdv": 121.27100791264452,
  "summary_gm_k": 0.13260611427445834,
  "summary_gm_mad": 48.330023253751605,
  "summary_gm_mean": 780.6897975787712,
  "summary_gm_median": 779.4977641683072,
  "summary_gm_n": 42048.0,
  "summary_gm_p05": 701.3763604986482,
  "summary_gm_p95": 864.4399670471438,
  "summary_gm_stdv": 49.5864119110221,
  "summary_wm_k": 0.43114429417686395,
  "summary_wm_mad": 36.477347713938876,
  "summary_wm_mean": 1001.6742427001715,
  "summary_wm_median": 1000.0443204157054,
  "summary_wm_n": 286270.0,
  "summary_wm_p05": 942.0896725896746,
  "summary_wm_p95": 1066.835003580898,
  "summary_wm_stdv": 38.073136790925744,
  "tpm_overlap_csf": 0.15888554556308931,
  "tpm_overlap_gm": 0.46072991073507136,
  "tpm_overlap_wm": 0.5076802211220515,
  "wm2max": 0.8755453012001474
}