{
  "bids_meta": {
    "AcquisitionMatrixPE": 240,
    "AcquisitionNumber": 2,
    "AcquisitionTime": "16:31:12.030000",
    "BodyPartExamined": "BRAIN",
    "CoilString": "SENSE_HEAD_8",
    "ConversionSoftware": "dcm2niix",
    "ConversionSoftwareVersion": "v1.0.20181125  Clang9.0.0",
    "Dcm2bidsVersion": "2.1.4",
    "DeviceSerialNumber": "34072",
    "EchoTime": 0.003723,
    "EchoTrainLength": 240,
    "FlipAngle": 12,
    "ImageOrientationPatientDICOM": [
      -0.0203342,
      0.999775,
      0.00595754,
      -0.0444312,
      0.00504924,
      -0.999
    ],
    "ImageType": [
      "ORIGINAL",
      "PRIMARY",
      "M",
      "FFE",
      "M",
      "FFE"
    ],
    "ImagingFrequency": 127.733,
    "InPlanePhaseEncodingDirectionDICOM": "ROW",
    "InstitutionName": "Az.Osp._Udine",
    "InstitutionalDepartmentName": "Radiologia",
    "MRAcquisitionType": "3D",
    "MagneticFieldStrength": 3,
    "Manufacturer": "Philips",
    "ManufacturersModelName": "Achieva",
    "Modality": "MR",
    "PatientPosition": "HFS",
    "PercentPhaseFOV": 100,
    "PhaseEncodingSteps": 240,
    "PhilipsRescaleIntercept": 0,
    "PhilipsRescaleSlope": 2.58584,
    "PhilipsScaleSlope": 0.000262077,
    "PixelBandwidth": 191.38,
    "ProtocolName": "T1W_3D_VBM",
    "ReconMatrixPE": 256,
    "RepetitionTime": 0.0081312,
    "ScanOptions": "OTHER",
    "ScanningSequence": "GR",
    "SequenceVariant": "MP",
    "SeriesDescription": "T1W_3D_VBM",
    "SeriesNumber": 201,
    "SliceThickness": 1,
    "SoftwareVersions": "5.3.1_5.3.1.2",
    "SpacingBetweenSlices": 1,
    "StationName": "PHILIPS-K5NT78B",
    "UsePhilipsFloatNotDisplayScaling": 1,
    "dataset": "ds003436",
    "modality": "T1w",
    "subject_id": "47"
  },
  "cjv": 0.39626776905287403,
  "cnr": 3.4359057524964713,
  "efc": 0.5317921063043173,
  "fber": -1.0,
  "fwhm_avg": 4.231590222222223,
  "fwhm_x": 4.0194,
  "fwhm_y": 4.499498666666667,
  "fwhm_z": 4.175872,
  "icvs_csf": 0.1814060133040005,
  "icvs_gm": 0.41797890242546504,
  "icvs_wm": 0.4006150842705345,
  "inu_med": 0.28947287797927856,
  "inu_range": 0.06443306058645248,
  "provenance": {
    "md5sum": "6204b33e17cde880da228166d03aa62a",
    "settings": {
      "testing": false
    },
    "software": "mriqc",
    "version": "22.0.6",
    "warnings": {
      "large_rot_frame": true,
      "small_air_mask": false
    },
    "webapi_port": null,
    "webapi_url": "https://mriqc.nimh.nih.gov/api/v1"
  },
  "qi_1": 0.0016501371953147063,
  "qi_2": 7.962342955505851e-07,
  "rpve_csf": 31.70714058865437,
  "rpve_gm": 13.956227566881957,
  "rpve_wm": 16.613984737690327,
  "size_x": 170,
  "size_y": 256,
  "size_z": 256,
  "snr_csf": 2.3183293366038917,
  "snr_gm": 15.285206282766806,
  "snr_total": 13.491106551797193,
  "snr_wm": 22.869784036020878,
  "snrd_csf": 18.524668524884543,
  "snrd_gm": 42.44153271116957,
  "snrd_total": 38.752029830924705,
  "snrd_wm": 55.289888256720005,
  "spacing_x": 1.0,
  "spacing_y": 0.9375,
  "spacing_z": 0.9375,
  "summary_bg_k": 29.695658138902623,
  "summary_bg_mad": 0.0,
  "summary_bg_mean": 4.301900477132397,
  "summary_bg_median": 0.0,
  "summary_bg_n": 1422523.0,
  "summary_bg_p05": 0.0,
  "summary_bg_p95": 25.496032619848847,
  "summary_bg_stdv": 11.849588425433764,
  "summary_csf_k": -0.3783595957995862,
  "summary_csf_mad": 137.3613352496426,
  "summary_csf_mean": 311.95716576898235,
  "summary_csf_median": 335.05953529290855,
  "summary_csf_n": 27472.0,
  "summary_csf_p05": 62.67857357673347,
  "summary_csf_p95": 528.1220419096759,
  "summary_csf_stdv": 144.52365837185286,
  "summary_gm_k": 0.07055076916823744,
  "summary_gm_mad": 49.993701521954726,
  "summary_gm_mean": 767.864310492625,
  "summary_gm_median": 767.6488358331844,
  "summary_gm_n": 27342.0,
  "summary_gm_p05": 685.5754203218967,
  "summary_gm_p95": 850.3740370810962,
  "summary_gm_stdv": 50.2207679502881,
  "summary_wm_k": 0.4408705101449244,
  "summary_wm_mad": 42.09531443243143,
  "summary_wm_mean": 1002.9566401410826,
  "summary_wm_median": 1000.0397168137133,
  "summary_wm_n": 184600.0,
  "summary_wm_p05": 936.4286035224795,
  "summary_wm_p95": 1078.9682909473777,
  "summary_wm_stdv": 43.72743557911707,
  "tpm_overlap_csf": 0.11862685646577745,
  "tpm_overlap_gm": 0.4277951263359852,
  "tpm_overlap_wm": 0.4637507433099279,
  "wm2max": 0.8709605547335397
}