{
  "bids_meta": {
    "AcquisitionMatrixPE": 240,
    "AcquisitionNumber": 2,
    "AcquisitionTime": "15:45:56.830000",
    "BodyPartExamined": "BRAIN",
    "CoilString": "SENSE_HEAD_8",
    "ConversionSoftware": "dcm2niix",
    "ConversionSoftwareVersion": "v1.0.20190410  Clang4.0.1",
    "Dcm2bidsVersion": "2.1.4",
    "DeviceSerialNumber": "34072",
    "EchoTime": 0.00375,
    "EchoTrainLength": 240,
    "FlipAngle": 12,
    "ImageOrientationPatientDICOM": [
      -0.00055983,
      0.999995,
      0.00307146,
      0.0875673,
      0.00310869,
      -0.996154
    ],
    "ImageType": [
      "ORIGINAL",
      "PRIMARY",
      "M",
      "FFE",
      "M",
      "FFE"
    ],
    "ImagingFrequency": 127.735,
    "InPlanePhaseEncodingDirectionDICOM": "ROW",
    "InstitutionName": "Az.Osp._Udine",
    "InstitutionalDepartmentName": "Radiologia",
    "MRAcquisitionType": "3D",
    "MagneticFieldStrength": 3,
    "Manufacturer": "Philips",
    "ManufacturersModelName": "Achieva",
    "Modality": "MR",
    "PatientPosition": "HFS",
    "PercentPhaseFOV": 100,
    "PhaseEncodingSteps": 240,
    "PhilipsRescaleIntercept": 0,
    "PhilipsRescaleSlope": 3.67448,
    "PhilipsScaleSlope": 0.000125009,
    "PixelBandwidth": 191.38,
    "ProtocolName": "T1W_3D_VBM",
    "ReconMatrixPE": 256,
    "RepetitionTime": 0.0081703,
    "ScanOptions": "OTHER",
    "ScanningSequence": "GR",
    "SequenceVariant": "MP",
    "SeriesDescription": "T1W_3D_VBM",
    "SeriesNumber": 201,
    "SliceThickness": 1,
    "SoftwareVersions": "5.3.1_5.3.1.2",
    "SpacingBetweenSlices": 1,
    "StationName": "PHILIPS-K5NT78B",
    "UsePhilipsFloatNotDisplayScaling": 1,
    "dataset": "ds003436",
    "modality": "T1w",
    "subject_id": "14"
  },
  "cjv": 0.3938576555421859,
  "cnr": 3.4846671514625576,
  "efc": 0.614184889735649,
  "fber": -1.0,
  "fwhm_avg": 4.152927111111111,
  "fwhm_x": 4.09092,
  "fwhm_y": 4.417301333333333,
  "fwhm_z": 3.9505600000000003,
  "icvs_csf": 0.20246132582988652,
  "icvs_gm": 0.4281123538029138,
  "icvs_wm": 0.3694263203671997,
  "inu_med": 0.3241150826215744,
  "inu_range": 0.08501449227333069,
  "provenance": {
    "md5sum": "c84bc15c3cc3c44ad71b83319951f303",
    "settings": {
      "testing": false
    },
    "software": "mriqc",
    "version": "22.0.6",
    "warnings": {
      "large_rot_frame": true,
      "small_air_mask": false
    },
    "webapi_port": null,
    "webapi_url": "https://mriqc.nimh.nih.gov/api/v1"
  },
  "qi_1": 0.04961364267200946,
  "qi_2": 4.348282622483338e-07,
  "rpve_csf": 21.547907395603687,
  "rpve_gm": 10.525728627860966,
  "rpve_wm": 13.873020640633797,
  "size_x": 170,
  "size_y": 256,
  "size_z": 256,
  "snr_csf": 3.4270283640092196,
  "snr_gm": 15.769997758986975,
  "snr_total": 15.253632931882834,
  "snr_wm": 26.56387267265231,
  "snrd_csf": 41.515691234541315,
  "snrd_gm": 93.66174271838669,
  "snrd_total": 84.97375829940331,
  "snrd_wm": 119.74384094528197,
  "spacing_x": 1.0,
  "spacing_y": 0.9375,
  "spacing_z": 0.9375,
  "summary_bg_k": 31.344582564039513,
  "summary_bg_mad": 0.0,
  "summary_bg_mean": 1.7315721475593584,
  "summary_bg_median": 0.0,
  "summary_bg_n": 1128700.0,
  "summary_bg_p05": 0.0,
  "summary_bg_p95": 12.988980486989021,
  "summary_bg_stdv": 5.471385696368585,
  "summary_csf_k": 3.6019112447301183,
  "summary_csf_mad": 63.74229615710982,
  "summary_csf_mean": 351.37276782449425,
  "summary_csf_median": 346.7191857993603,
  "summary_csf_n": 47523.0,
  "summary_csf_p05": 170.15780920963735,
  "summary_csf_p95": 526.0060834612698,
  "summary_csf_stdv": 101.17089823711572,
  "summary_gm_k": -0.08221436721060016,
  "summary_gm_mad": 50.45462716967605,
  "summary_gm_mean": 782.5000196423764,
  "summary_gm_median": 782.2180532272905,
  "summary_gm_n": 31035.0,
  "summary_gm_p05": 701.9894504193217,
  "summary_gm_p95": 864.2218167018145,
  "summary_gm_stdv": 49.60085999302563,
  "summary_wm_k": 0.6097247711632119,
  "summary_wm_mad": 35.337496510059374,
  "summary_wm_mean": 1001.1906396447806,
  "summary_wm_median": 1000.0432559940964,
  "summary_wm_n": 216413.0,
  "summary_wm_p05": 941.2031743880361,
  "summary_wm_p95": 1064.9232135266066,
  "summary_wm_stdv": 37.64665483146168,
  "tpm_overlap_csf": 0.14730016862082568,
  "tpm_overlap_gm": 0.4596893703941496,
  "tpm_overlap_wm": 0.4831054215840135,
  "wm2max": 0.8253233759737011
}