{
  "aor": 0.0008704950495049506,
  "aqi": 0.010456322772277229,
  "bids_meta": {
    "AcquisitionMatrixPE": 80,
    "AcquisitionNumber": 7,
    "AcquisitionTime": "16:50:31.290000",
    "BodyPartExamined": "BRAIN",
    "CoilString": "SENSE_HEAD_8",
    "ConversionSoftware": "dcm2niix",
    "ConversionSoftwareVersion": "v1.0.20181125  Clang9.0.0",
    "Dcm2bidsVersion": "2.1.4",
    "DeviceSerialNumber": "34072",
    "EchoTime": 0.030001,
    "EchoTrainLength": 39,
    "EffectiveEchoSpacing": 0.0002777,
    "FlipAngle": 82,
    "ImageOrientationPatientDICOM": [
      0.998788,
      0.0200832,
      -0.0449304,
      -0.0209701,
      0.999593,
      -0.0193559
    ],
    "ImageType": [
      "ORIGINAL",
      "PRIMARY",
      "M",
      "FFE",
      "M",
      "FFE"
    ],
    "ImagingFrequency": 127.733,
    "InPlanePhaseEncodingDirectionDICOM": "COL",
    "InstitutionName": "Az.Osp._Udine",
    "InstitutionalDepartmentName": "Radiologia",
    "MRAcquisitionType": "2D",
    "MagneticFieldStrength": 3,
    "Manufacturer": "Philips",
    "ManufacturersModelName": "Achieva",
    "Modality": "MR",
    "PartialFourier": 0.4875,
    "PatientPosition": "HFS",
    "PercentPhaseFOV": 100,
    "PhaseEncodingAxis": "j",
    "PhaseEncodingDirection": "j",
    "PhaseEncodingSteps": 80,
    "PhilipsRescaleIntercept": 0,
    "PhilipsRescaleSlope": 0.82442,
    "PhilipsScaleSlope": 0.00117804,
    "PixelBandwidth": 3608.02,
    "ProtocolName": "SOCIAL_4run",
    "ReconMatrixPE": 80,
    "RepetitionTime": 2,
    "ScanOptions": "FS",
    "ScanningSequence": "GR",
    "SequenceVariant": "SK",
    "SeriesDescription": "SOCIAL_4run",
    "SeriesNumber": 701,
    "SliceThickness": 3,
    "SliceTiming": [
      0.0,
      0.378378,
      0.702703,
      1.027027,
      1.351351,
      1.675676,
      0.054054,
      0.432432,
      0.756757,
      1.081081,
      1.405405,
      1.72973,
      0.108108,
      0.486486,
      0.810811,
      1.135135,
      1.459459,
      1.783784,
      0.162162,
      0.540541,
      0.864865,
      1.189189,
      1.513514,
      1.837838,
      0.216216,
      0.594595,
      0.918919,
      1.243243,
      1.567568,
      1.891892,
      0.27027,
      0.648649,
      0.972973,
      1.297297,
      1.621622,
      1.945946,
      0.324324
    ],
    "SoftwareVersions": "5.3.1_5.3.1.2",
    "SpacingBetweenSlices": 3,
    "StationName": "PHILIPS-K5NT78B",
    "TaskName": "ANIM",
    "TotalReadoutTime": 0.0219394,
    "UsePhilipsFloatNotDisplayScaling": 1,
    "dataset": "ds003436",
    "modality": "bold",
    "run_id": 1,
    "subject_id": "47",
    "task_id": "anim"
  },
  "dummy_trs": 0,
  "dvars_nstd": 21.904410590900003,
  "dvars_std": 1.1106686674000001,
  "dvars_vstd": 0.9811619210999999,
  "efc": 0.3728095784246513,
  "fber": 340537.125,
  "fd_mean": 0.12341738681820351,
  "fd_num": 9,
  "fd_perc": 8.910891089108912,
  "fwhm_avg": 1.8772844444444443,
  "fwhm_x": 1.7643533333333332,
  "fwhm_y": 2.0258766666666665,
  "fwhm_z": 1.8416233333333334,
  "gcor": 0.0126772,
  "gsr_x": -0.024244235828518867,
  "gsr_y": 0.016353333368897438,
  "provenance": {
    "md5sum": "c5d8f49aeaff0543c9cf504f2998d216",
    "settings": {
      "fd_thres": 0.2,
      "testing": false
    },
    "software": "mriqc",
    "version": "22.0.6",
    "webapi_port": null,
    "webapi_url": "https://mriqc.nimh.nih.gov/api/v1"
  },
  "size_t": 101,
  "size_x": 80,
  "size_y": 80,
  "size_z": 37,
  "snr": 6.900138114483027,
  "spacing_tr": 2.000000476837158,
  "spacing_x": 3.0,
  "spacing_y": 3.0,
  "spacing_z": 3.0,
  "summary_bg_k": 207.48772613882673,
  "summary_bg_mad": 2921.2729691728086,
  "summary_bg_mean": 22544.166015625,
  "summary_bg_median": 2141.23974609375,
  "summary_bg_n": 171194.0,
  "summary_bg_p05": 58.719826698303216,
  "summary_bg_p95": 103549.555859375,
  "summary_bg_stdv": 84963.5390625,
  "summary_fg_k": 2.1210518350070453,
  "summary_fg_mad": 172633.46102168303,
  "summary_fg_mean": 1344556.875,
  "summary_fg_median": 1330769.25,
  "summary_fg_n": 27201.0,
  "summary_fg_p05": 1064560.75,
  "summary_fg_p95": 1655983.875,
  "summary_fg_stdv": 192857.703125,
  "tsnr": 65.18751525878906
}