{
  "aor": 0.00252990099009901,
  "aqi": 0.010669031485148518,
  "bids_meta": {
    "AcquisitionMatrixPE": 80,
    "AcquisitionNumber": 5,
    "AcquisitionTime": "16:41:35.770000",
    "BodyPartExamined": "BRAIN",
    "CoilString": "SENSE_HEAD_8",
    "ConversionSoftware": "dcm2niix",
    "ConversionSoftwareVersion": "v1.0.20181125  Clang9.0.0",
    "Dcm2bidsVersion": "2.1.4",
    "DeviceSerialNumber": "34072",
    "EchoTime": 0.030001,
    "EchoTrainLength": 39,
    "EffectiveEchoSpacing": 0.0002777,
    "FlipAngle": 82,
    "ImageOrientationPatientDICOM": [
      0.998788,
      0.0200832,
      -0.0449304,
      -0.0209701,
      0.999593,
      -0.0193559
    ],
    "ImageType": [
      "ORIGINAL",
      "PRIMARY",
      "M",
      "FFE",
      "M",
      "FFE"
    ],
    "ImagingFrequency": 127.733,
    "InPlanePhaseEncodingDirectionDICOM": "COL",
    "InstitutionName": "Az.Osp._Udine",
    "InstitutionalDepartmentName": "Radiologia",
    "MRAcquisitionType": "2D",
    "MagneticFieldStrength": 3,
    "Manufacturer": "Philips",
    "ManufacturersModelName": "Achieva",
    "Modality": "MR",
    "PartialFourier": 0.4875,
    "PatientPosition": "HFS",
    "PercentPhaseFOV": 100,
    "PhaseEncodingAxis": "j",
    "PhaseEncodingDirection": "j",
    "PhaseEncodingSteps": 80,
    "PhilipsRescaleIntercept": 0,
    "PhilipsRescaleSlope": 0.785592,
    "PhilipsScaleSlope": 0.000761824,
    "PixelBandwidth": 3608.02,
    "ProtocolName": "SOCIAL_4run",
    "ReconMatrixPE": 80,
    "RepetitionTime": 2,
    "ScanOptions": "FS",
    "ScanningSequence": "GR",
    "SequenceVariant": "SK",
    "SeriesDescription": "SOCIAL_4run",
    "SeriesNumber": 501,
    "SliceThickness": 3,
    "SliceTiming": [
      0.0,
      0.378378,
      0.702703,
      1.027027,
      1.351351,
      1.675676,
      0.054054,
      0.432432,
      0.756757,
      1.081081,
      1.405405,
      1.72973,
      0.108108,
      0.486486,
      0.810811,
      1.135135,
      1.459459,
      1.783784,
      0.162162,
      0.540541,
      0.864865,
      1.189189,
      1.513514,
      1.837838,
      0.216216,
      0.594595,
      0.918919,
      1.243243,
      1.567568,
      1.891892,
      0.27027,
      0.648649,
      0.972973,
      1.297297,
      1.621622,
      1.945946,
      0.324324
    ],
    "SoftwareVersions": "5.3.1_5.3.1.2",
    "SpacingBetweenSlices": 3,
    "StationName": "PHILIPS-K5NT78B",
    "TaskName": "ANIM",
    "TotalReadoutTime": 0.0219394,
    "UsePhilipsFloatNotDisplayScaling": 1,
    "dataset": "ds003436",
    "modality": "bold",
    "run_id": 4,
    "subject_id": "47",
    "task_id": "anim"
  },
  "dummy_trs": 0,
  "dvars_nstd": 22.8147737121,
  "dvars_std": 1.1682360906999996,
  "dvars_vstd": 1.0133035958,
  "efc": 0.3719735621555649,
  "fber": 345704.125,
  "fd_mean": 0.1184091725068444,
  "fd_num": 7,
  "fd_perc": 6.930693069306931,
  "fwhm_avg": 1.8956588888888888,
  "fwhm_x": 1.7786,
  "fwhm_y": 2.0522833333333335,
  "fwhm_z": 1.8560933333333332,
  "gcor": 0.0301985,
  "gsr_x": -0.02428140677511692,
  "gsr_y": 0.0164776723831892,
  "provenance": {
    "md5sum": "be3dbb6305448d07c63bfa7a61027e9c",
    "settings": {
      "fd_thres": 0.2,
      "testing": false
    },
    "software": "mriqc",
    "version": "22.0.6",
    "webapi_port": null,
    "webapi_url": "https://mriqc.nimh.nih.gov/api/v1"
  },
  "size_t": 101,
  "size_x": 80,
  "size_y": 80,
  "size_z": 37,
  "snr": 6.868127714968186,
  "spacing_tr": 2.000000476837158,
  "spacing_x": 3.0,
  "spacing_y": 3.0,
  "spacing_z": 3.0,
  "summary_bg_k": 208.06263938272016,
  "summary_bg_mad": 4705.991054408361,
  "summary_bg_mean": 37035.84375,
  "summary_bg_median": 3473.071044921875,
  "summary_bg_n": 171425.0,
  "summary_bg_p05": 95.22476043701172,
  "summary_bg_p95": 168694.909375,
  "summary_bg_stdv": 139353.890625,
  "summary_fg_k": 2.0100874799803243,
  "summary_fg_mad": 287012.79366175993,
  "summary_fg_mean": 2212070.5,
  "summary_fg_median": 2189270.5,
  "summary_fg_n": 27088.0,
  "summary_fg_p05": 1753064.49375,
  "summary_fg_p95": 2725372.3125,
  "summary_fg_stdv": 318752.09375,
  "tsnr": 64.08935546875
}