{
  "bids_meta": {
    "AcquisitionMatrixPE": 240,
    "AcquisitionNumber": 2,
    "AcquisitionTime": "16:59:33.810000",
    "BodyPartExamined": "BRAIN",
    "CoilString": "SENSE_HEAD_8",
    "ConversionSoftware": "dcm2niix",
    "ConversionSoftwareVersion": "v1.0.20181125  Clang9.0.0",
    "Dcm2bidsVersion": "2.1.4",
    "DeviceSerialNumber": "34072",
    "EchoTime": 0.003714,
    "EchoTrainLength": 240,
    "FlipAngle": 12,
    "ImageOrientationPatientDICOM": [
      -0.00303132,
      0.999991,
      0.00283941,
      0.0361598,
      0.00294718,
      -0.999342
    ],
    "ImageType": [
      "ORIGINAL",
      "PRIMARY",
      "M",
      "FFE",
      "M",
      "FFE"
    ],
    "ImagingFrequency": 127.733,
    "InPlanePhaseEncodingDirectionDICOM": "ROW",
    "InstitutionName": "Az.Osp._Udine",
    "InstitutionalDepartmentName": "Radiologia",
    "MRAcquisitionType": "3D",
    "MagneticFieldStrength": 3,
    "Manufacturer": "Philips",
    "ManufacturersModelName": "Achieva",
    "Modality": "MR",
    "PatientPosition": "HFS",
    "PercentPhaseFOV": 100,
    "PhaseEncodingSteps": 240,
    "PhilipsRescaleIntercept": 0,
    "PhilipsRescaleSlope": 2.69109,
    "PhilipsScaleSlope": 0.000279971,
    "PixelBandwidth": 191.38,
    "ProtocolName": "T1W_3D_VBM",
    "ReconMatrixPE": 256,
    "RepetitionTime": 0.0081047,
    "ScanOptions": "OTHER",
    "ScanningSequence": "GR",
    "SequenceVariant": "MP",
    "SeriesDescription": "T1W_3D_VBM",
    "SeriesNumber": 201,
    "SliceThickness": 1,
    "SoftwareVersions": "5.3.1_5.3.1.2",
    "SpacingBetweenSlices": 1,
    "StationName": "PHILIPS-K5NT78B",
    "UsePhilipsFloatNotDisplayScaling": 1,
    "dataset": "ds003436",
    "modality": "T1w",
    "subject_id": "55"
  },
  "cjv": 0.3603420872355465,
  "cnr": 3.7364957112836463,
  "efc": 0.5671023489870033,
  "fber": -1.0,
  "fwhm_avg": 4.237438222222223,
  "fwhm_x": 4.13064,
  "fwhm_y": 4.587338666666667,
  "fwhm_z": 3.9943359999999997,
  "icvs_csf": 0.16815456790950112,
  "icvs_gm": 0.44284162184086473,
  "icvs_wm": 0.38900381024963415,
  "inu_med": 0.24613270163536072,
  "inu_range": 0.06662234961986535,
  "provenance": {
    "md5sum": "6120d7dad501d46a3fac8dc0b93076d3",
    "settings": {
      "testing": false
    },
    "software": "mriqc",
    "version": "22.0.6",
    "warnings": {
      "large_rot_frame": true,
      "small_air_mask": false
    },
    "webapi_port": null,
    "webapi_url": "https://mriqc.nimh.nih.gov/api/v1"
  },
  "qi_1": 0.06904127776458686,
  "qi_2": 6.404991197908189e-07,
  "rpve_csf": 25.95360176746237,
  "rpve_gm": 10.883131906693471,
  "rpve_wm": 14.070281155169956,
  "size_x": 170,
  "size_y": 256,
  "size_z": 256,
  "snr_csf": 2.4570488818007754,
  "snr_gm": 15.922190033766455,
  "snr_total": 16.93595623492982,
  "snr_wm": 32.42862978922223,
  "snrd_csf": 53.992654891983435,
  "snrd_gm": 113.58855975842772,
  "snrd_total": 104.24435434429984,
  "snrd_wm": 145.15184838248837,
  "spacing_x": 1.0,
  "spacing_y": 0.9375,
  "spacing_z": 0.9375,
  "summary_bg_k": 43.383821039132634,
  "summary_bg_mad": 0.0,
  "summary_bg_mean": 1.2791561043320696,
  "summary_bg_median": 0.0,
  "summary_bg_n": 918922.0,
  "summary_bg_p05": 0.0,
  "summary_bg_p95": 8.118414022028446,
  "summary_bg_stdv": 4.513547963067258,
  "summary_csf_k": -0.18718357219256676,
  "summary_csf_mad": 139.71013741886347,
  "summary_csf_mean": 359.8605184799631,
  "summary_csf_median": 371.98122025933117,
  "summary_csf_n": 25864.0,
  "summary_csf_p05": 84.07786279404536,
  "summary_csf_p95": 599.2014830145054,
  "summary_csf_stdv": 151.39056933096546,
  "summary_gm_k": 0.10234883549923435,
  "summary_gm_mad": 48.510253305886245,
  "summary_gm_mean": 782.84054392391,
  "summary_gm_median": 782.5659092143178,
  "summary_gm_n": 57289.0,
  "summary_gm_p05": 703.0833557713777,
  "summary_gm_p95": 864.9391100741923,
  "summary_gm_stdv": 49.14895988183189,
  "summary_wm_k": 0.32327699444337243,
  "summary_wm_mad": 29.84778743507537,
  "summary_wm_mean": 1000.9460864222058,
  "summary_wm_median": 1000.0204989407212,
  "summary_wm_n": 272416.0,
  "summary_wm_p05": 952.089054537937,
  "summary_wm_p95": 1053.3437183126807,
  "summary_wm_stdv": 30.83752443359798,
  "tpm_overlap_csf": 0.14596849852193328,
  "tpm_overlap_gm": 0.47974747531894735,
  "tpm_overlap_wm": 0.5363444674384927,
  "wm2max": 0.8965079948538871
}