{
  "bids_meta": {
    "AcquisitionMatrixPE": 240,
    "AcquisitionNumber": 2,
    "AcquisitionTime": "15:15:59.030000",
    "BodyPartExamined": "BRAIN",
    "CoilString": "SENSE_HEAD_8",
    "ConversionSoftware": "dcm2niix",
    "ConversionSoftwareVersion": "v1.0.20190410  Clang4.0.1",
    "Dcm2bidsVersion": "2.1.4",
    "DeviceSerialNumber": "34072",
    "EchoTime": 0.003735,
    "EchoTrainLength": 240,
    "FlipAngle": 12,
    "ImageOrientationPatientDICOM": [
      -0.0698305,
      0.997558,
      -0.00100455,
      -0.0242314,
      -0.00270293,
      -0.999703
    ],
    "ImageType": [
      "ORIGINAL",
      "PRIMARY",
      "M",
      "FFE",
      "M",
      "FFE"
    ],
    "ImagingFrequency": 127.735,
    "InPlanePhaseEncodingDirectionDICOM": "ROW",
    "InstitutionName": "Az.Osp._Udine",
    "InstitutionalDepartmentName": "Radiologia",
    "MRAcquisitionType": "3D",
    "MagneticFieldStrength": 3,
    "Manufacturer": "Philips",
    "ManufacturersModelName": "Achieva",
    "Modality": "MR",
    "PatientPosition": "HFS",
    "PercentPhaseFOV": 100,
    "PhaseEncodingSteps": 240,
    "PhilipsRescaleIntercept": 0,
    "PhilipsRescaleSlope": 2.62711,
    "PhilipsScaleSlope": 0.000162575,
    "PixelBandwidth": 191.38,
    "ProtocolName": "T1W_3D_VBM",
    "ReconMatrixPE": 256,
    "RepetitionTime": 0.0081624,
    "ScanOptions": "OTHER",
    "ScanningSequence": "GR",
    "SequenceVariant": "MP",
    "SeriesDescription": "T1W_3D_VBM",
    "SeriesNumber": 201,
    "SliceThickness": 1,
    "SoftwareVersions": "5.3.1_5.3.1.1",
    "SpacingBetweenSlices": 1,
    "StationName": "PHILIPS-K5NT78B",
    "UsePhilipsFloatNotDisplayScaling": 1,
    "dataset": "ds003436",
    "modality": "T1w",
    "subject_id": "04"
  },
  "cjv": 0.3241171112680691,
  "cnr": 4.066078333477679,
  "efc": 0.5665688380887383,
  "fber": -1.0,
  "fwhm_avg": 4.427626444444445,
  "fwhm_x": 4.12961,
  "fwhm_y": 4.929493333333334,
  "fwhm_z": 4.223776,
  "icvs_csf": 0.20124340112794753,
  "icvs_gm": 0.44527682007829533,
  "icvs_wm": 0.35347977879375714,
  "inu_med": 0.3193247616291046,
  "inu_range": 0.07658686339855192,
  "provenance": {
    "md5sum": "250dc3f5b24af276bc9ed5abefa10ec7",
    "settings": {
      "testing": false
    },
    "software": "mriqc",
    "version": "22.0.6",
    "warnings": {
      "large_rot_frame": true,
      "small_air_mask": false
    },
    "webapi_port": null,
    "webapi_url": "https://mriqc.nimh.nih.gov/api/v1"
  },
  "qi_1": 8.801167072744495e-05,
  "qi_2": 7.194482714683451e-07,
  "rpve_csf": 24.206054217657915,
  "rpve_gm": 11.557181580934076,
  "rpve_wm": 16.29492888000554,
  "size_x": 170,
  "size_y": 256,
  "size_z": 256,
  "snr_csf": 2.4031214179674754,
  "snr_gm": 14.670154581155765,
  "snr_total": 16.700965473998014,
  "snr_wm": 33.0296204228708,
  "snrd_csf": 37.37616030814147,
  "snrd_gm": 92.43893081433171,
  "snrd_total": 84.02947551575006,
  "snrd_wm": 122.273335424777,
  "spacing_x": 1.0,
  "spacing_y": 0.9375,
  "spacing_z": 0.9375,
  "summary_bg_k": 23.065495158453384,
  "summary_bg_mad": 0.0,
  "summary_bg_mean": 2.2640860290058917,
  "summary_bg_median": 0.0,
  "summary_bg_n": 1114169.0,
  "summary_bg_p05": 0.0,
  "summary_bg_p95": 12.379506319761276,
  "summary_bg_stdv": 5.3580716287919605,
  "summary_csf_k": 1.0432197409645871,
  "summary_csf_mad": 106.84999713239185,
  "summary_csf_mean": 301.38140774001977,
  "summary_csf_median": 305.68312818557024,
  "summary_csf_n": 43521.0,
  "summary_csf_p05": 69.6248667538166,
  "summary_csf_p95": 510.00412023067474,
  "summary_csf_stdv": 127.20107023146711,
  "summary_gm_k": 0.14623216361815938,
  "summary_gm_mad": 50.06401670891336,
  "summary_gm_mean": 757.103812098182,
  "summary_gm_median": 756.0172394514084,
  "summary_gm_n": 57327.0,
  "summary_gm_p05": 674.5845314785838,
  "summary_gm_p95": 845.0984322205186,
  "summary_gm_stdv": 51.53392497252713,
  "summary_wm_k": 0.4504829260536227,
  "summary_wm_mad": 29.021347689405115,
  "summary_wm_mean": 1000.8495376120079,
  "summary_wm_median": 1000.0196745246649,
  "summary_wm_n": 224619.0,
  "summary_wm_p05": 952.6108963415027,
  "summary_wm_p95": 1051.5089587718248,
  "summary_wm_stdv": 30.27638330940004,
  "tpm_overlap_csf": 0.131190862671267,
  "tpm_overlap_gm": 0.46983120515064575,
  "tpm_overlap_wm": 0.5012399530219509,
  "wm2max": 0.894575825974258
}