{
  "bids_meta": {
    "AcquisitionMatrixPE": 240,
    "AcquisitionNumber": 2,
    "AcquisitionTime": "15:17:21.280000",
    "BodyPartExamined": "BRAIN",
    "CoilString": "SENSE_HEAD_8",
    "ConversionSoftware": "dcm2niix",
    "ConversionSoftwareVersion": "v1.0.20190410  Clang4.0.1",
    "Dcm2bidsVersion": "2.1.4",
    "DeviceSerialNumber": "34072",
    "EchoTime": 0.003691,
    "EchoTrainLength": 240,
    "FlipAngle": 12,
    "ImageOrientationPatientDICOM": [
      -0.00692225,
      0.999974,
      0.00202482,
      0.00318616,
      0.00204691,
      -0.999993
    ],
    "ImageType": [
      "ORIGINAL",
      "PRIMARY",
      "M",
      "FFE",
      "M",
      "FFE"
    ],
    "ImagingFrequency": 127.735,
    "InPlanePhaseEncodingDirectionDICOM": "ROW",
    "InstitutionName": "Az.Osp._Udine",
    "InstitutionalDepartmentName": "Radiologia",
    "MRAcquisitionType": "3D",
    "MagneticFieldStrength": 3,
    "Manufacturer": "Philips",
    "ManufacturersModelName": "Achieva",
    "Modality": "MR",
    "PatientPosition": "HFS",
    "PercentPhaseFOV": 100,
    "PhaseEncodingSteps": 240,
    "PhilipsRescaleIntercept": 0,
    "PhilipsRescaleSlope": 3.54408,
    "PhilipsScaleSlope": 0.000148748,
    "PixelBandwidth": 191.38,
    "ProtocolName": "T1W_3D_VBM",
    "ReconMatrixPE": 256,
    "RepetitionTime": 0.0080629,
    "ScanOptions": "OTHER",
    "ScanningSequence": "GR",
    "SequenceVariant": "MP",
    "SeriesDescription": "T1W_3D_VBM",
    "SeriesNumber": 201,
    "SliceThickness": 1,
    "SoftwareVersions": "5.3.1_5.3.1.1",
    "SpacingBetweenSlices": 1,
    "StationName": "PHILIPS-K5NT78B",
    "UsePhilipsFloatNotDisplayScaling": 1,
    "dataset": "ds003436",
    "modality": "T1w",
    "subject_id": "02"
  },
  "cjv": 0.32665858715926704,
  "cnr": 4.0859726834818,
  "efc": 0.6320706041237574,
  "fber": -1.0,
  "fwhm_avg": 4.204192666666667,
  "fwhm_x": 4.01421,
  "fwhm_y": 4.486837333333333,
  "fwhm_z": 4.111530666666667,
  "icvs_csf": 0.20333983100360112,
  "icvs_gm": 0.4484223993330775,
  "icvs_wm": 0.34823776966332143,
  "inu_med": 0.32994532585144043,
  "inu_range": 0.09881202727556226,
  "provenance": {
    "md5sum": "899202383774ead030d572fa09a43913",
    "settings": {
      "testing": false
    },
    "software": "mriqc",
    "version": "22.0.6",
    "warnings": {
      "large_rot_frame": true,
      "small_air_mask": false
    },
    "webapi_port": null,
    "webapi_url": "https://mriqc.nimh.nih.gov/api/v1"
  },
  "qi_1": 0.048318385205124846,
  "qi_2": 7.742492891583792e-07,
  "rpve_csf": 19.52985116848124,
  "rpve_gm": 9.472320465547947,
  "rpve_wm": 13.650135582411117,
  "size_x": 170,
  "size_y": 256,
  "size_z": 256,
  "snr_csf": 3.4795242805434605,
  "snr_gm": 16.877155110958775,
  "snr_total": 16.861805884197796,
  "snr_wm": 30.228738261091156,
  "snrd_csf": 55.718784619389766,
  "snrd_gm": 119.27050954529504,
  "snrd_total": 110.01309357328141,
  "snrd_wm": 155.04998655515942,
  "spacing_x": 1.0,
  "spacing_y": 0.9375,
  "spacing_z": 0.9375,
  "summary_bg_k": 33.68564180683384,
  "summary_bg_mad": 0.0,
  "summary_bg_mean": 1.3619808212319378,
  "summary_bg_median": 0.0,
  "summary_bg_n": 837094.0,
  "summary_bg_p05": 0.0,
  "summary_bg_p95": 9.403778649866581,
  "summary_bg_stdv": 4.225506425466272,
  "summary_csf_k": 2.0533744558484734,
  "summary_csf_mad": 72.78718453856034,
  "summary_csf_mean": 366.5425306754988,
  "summary_csf_median": 359.3756695985794,
  "summary_csf_n": 56152.0,
  "summary_csf_p05": 212.57079503908753,
  "summary_csf_p95": 550.5523277621716,
  "summary_csf_stdv": 103.28206978416324,
  "summary_gm_k": 0.2764523284618212,
  "summary_gm_mad": 43.71718173077777,
  "summary_gm_mean": 769.7388079641231,
  "summary_gm_median": 769.2723293229938,
  "summary_gm_n": 44252.0,
  "summary_gm_p05": 696.1941602725535,
  "summary_gm_p95": 845.8958310138433,
  "summary_gm_stdv": 45.58017226638735,
  "summary_wm_k": 0.3704165988440633,
  "summary_wm_mad": 31.66611110704431,
  "summary_wm_mean": 1000.2977680433111,
  "summary_wm_median": 1000.043219178915,
  "summary_wm_n": 239050.0,
  "summary_wm_p05": 946.354128452763,
  "summary_wm_p95": 1054.8445499315858,
  "summary_wm_stdv": 33.082463410684156,
  "tpm_overlap_csf": 0.16501472090761785,
  "tpm_overlap_gm": 0.4658447996646169,
  "tpm_overlap_wm": 0.4961181092722186,
  "wm2max": 0.884225012902116
}