{
  "aor": 0.0009008910891089108,
  "aqi": 0.007132750891089108,
  "bids_meta": {
    "AcquisitionMatrixPE": 80,
    "AcquisitionNumber": 20,
    "AcquisitionTime": "18:17:34.950000",
    "BodyPartExamined": "BRAIN",
    "CoilString": "SENSE_HEAD_8",
    "ConversionSoftware": "dcm2niix",
    "ConversionSoftwareVersion": "v1.0.20190410  Clang4.0.1",
    "Dcm2bidsVersion": "2.1.4",
    "DeviceSerialNumber": "34072",
    "EchoTime": 0.030001,
    "EchoTrainLength": 39,
    "EffectiveEchoSpacing": 0.0002777,
    "FlipAngle": 82,
    "ImageOrientationPatientDICOM": [
      0.999341,
      0.00292665,
      0.0361685,
      -0.00303132,
      0.999991,
      0.00283941
    ],
    "ImageType": [
      "ORIGINAL",
      "PRIMARY",
      "M",
      "FFE",
      "M",
      "FFE"
    ],
    "ImagingFrequency": 127.735,
    "InPlanePhaseEncodingDirectionDICOM": "COL",
    "InstitutionName": "Az.Osp._Udine",
    "InstitutionalDepartmentName": "Radiologia",
    "MRAcquisitionType": "2D",
    "MagneticFieldStrength": 3,
    "Manufacturer": "Philips",
    "ManufacturersModelName": "Achieva",
    "Modality": "MR",
    "PartialFourier": 0.4875,
    "PatientPosition": "HFS",
    "PercentPhaseFOV": 100,
    "PhaseEncodingAxis": "j",
    "PhaseEncodingDirection": "j",
    "PhaseEncodingSteps": 80,
    "PhilipsRescaleIntercept": 0,
    "PhilipsRescaleSlope": 0.813675,
    "PhilipsScaleSlope": 0.00111898,
    "PixelBandwidth": 3608.02,
    "ProtocolName": "SOCIAL_4run",
    "ReconMatrixPE": 80,
    "RepetitionTime": 2,
    "ScanOptions": "FS",
    "ScanningSequence": "GR",
    "SequenceVariant": "SK",
    "SeriesDescription": "SOCIAL_4run",
    "SeriesNumber": 2001,
    "SliceThickness": 3,
    "SliceTiming": [
      0.0,
      0.378378,
      0.702703,
      1.027027,
      1.351351,
      1.675676,
      0.054054,
      0.432432,
      0.756757,
      1.081081,
      1.405405,
      1.72973,
      0.108108,
      0.486486,
      0.810811,
      1.135135,
      1.459459,
      1.783784,
      0.162162,
      0.540541,
      0.864865,
      1.189189,
      1.513514,
      1.837838,
      0.216216,
      0.594595,
      0.918919,
      1.243243,
      1.567568,
      1.891892,
      0.27027,
      0.648649,
      0.972973,
      1.297297,
      1.621622,
      1.945946,
      0.324324
    ],
    "SoftwareVersions": "5.3.1_5.3.1.2",
    "SpacingBetweenSlices": 3,
    "StationName": "PHILIPS-K5NT78B",
    "TaskName": "ANIM",
    "TotalReadoutTime": 0.0219394,
    "UsePhilipsFloatNotDisplayScaling": 1,
    "dataset": "ds003436",
    "modality": "bold",
    "run_id": 1,
    "subject_id": "07",
    "task_id": "anim"
  },
  "dummy_trs": 0,
  "dvars_nstd": 29.20192960759999,
  "dvars_std": 1.2850819831000002,
  "dvars_vstd": 0.9974056998999999,
  "efc": 0.4170362215410075,
  "fber": 76054.046875,
  "fd_mean": 0.07876276335728051,
  "fd_num": 1,
  "fd_perc": 0.9900990099009901,
  "fwhm_avg": 1.8609788888888887,
  "fwhm_x": 1.7963699999999998,
  "fwhm_y": 2.0092466666666664,
  "fwhm_z": 1.7773199999999998,
  "gcor": 0.00623109,
  "gsr_x": -0.01469916757196188,
  "gsr_y": 0.01152815856039524,
  "provenance": {
    "md5sum": "ff724fdd2c9e75d84ec66788d2fbd22b",
    "settings": {
      "fd_thres": 0.2,
      "testing": false
    },
    "software": "mriqc",
    "version": "22.0.6",
    "webapi_port": null,
    "webapi_url": "https://mriqc.nimh.nih.gov/api/v1"
  },
  "size_t": 101,
  "size_x": 80,
  "size_y": 80,
  "size_z": 37,
  "snr": 5.7132818880970255,
  "spacing_tr": 2.000000476837158,
  "spacing_x": 3.0,
  "spacing_y": 3.0,
  "spacing_z": 3.0,
  "summary_bg_k": 171.78338637880293,
  "summary_bg_mad": 5181.388080159103,
  "summary_bg_mean": 23655.46484375,
  "summary_bg_median": 4006.410400390625,
  "summary_bg_n": 162443.0,
  "summary_bg_p05": 201.58740997314453,
  "summary_bg_p95": 108010.32499999998,
  "summary_bg_stdv": 63708.81640625,
  "summary_fg_k": 1.518212370285382,
  "summary_fg_mad": 198225.9551922494,
  "summary_fg_mean": 1199810.125,
  "summary_fg_median": 1184072.0,
  "summary_fg_n": 34103.0,
  "summary_fg_p05": 901543.55,
  "summary_fg_p95": 1546952.0,
  "summary_fg_stdv": 207245.96875,
  "tsnr": 63.849266052246094
}