{
  "aor": 0.0007881188118811883,
  "aqi": 0.0066241734653465344,
  "bids_meta": {
    "AcquisitionMatrixPE": 80,
    "AcquisitionNumber": 19,
    "AcquisitionTime": "18:13:10.180000",
    "BodyPartExamined": "BRAIN",
    "CoilString": "SENSE_HEAD_8",
    "ConversionSoftware": "dcm2niix",
    "ConversionSoftwareVersion": "v1.0.20190410  Clang4.0.1",
    "Dcm2bidsVersion": "2.1.4",
    "DeviceSerialNumber": "34072",
    "EchoTime": 0.030001,
    "EchoTrainLength": 39,
    "EffectiveEchoSpacing": 0.0002777,
    "FlipAngle": 82,
    "ImageOrientationPatientDICOM": [
      0.999341,
      0.00292665,
      0.0361685,
      -0.00303132,
      0.999991,
      0.00283941
    ],
    "ImageType": [
      "ORIGINAL",
      "PRIMARY",
      "M",
      "FFE",
      "M",
      "FFE"
    ],
    "ImagingFrequency": 127.735,
    "InPlanePhaseEncodingDirectionDICOM": "COL",
    "InstitutionName": "Az.Osp._Udine",
    "InstitutionalDepartmentName": "Radiologia",
    "MRAcquisitionType": "2D",
    "MagneticFieldStrength": 3,
    "Manufacturer": "Philips",
    "ManufacturersModelName": "Achieva",
    "Modality": "MR",
    "PartialFourier": 0.4875,
    "PatientPosition": "HFS",
    "PercentPhaseFOV": 100,
    "PhaseEncodingAxis": "j",
    "PhaseEncodingDirection": "j",
    "PhaseEncodingSteps": 80,
    "PhilipsRescaleIntercept": 0,
    "PhilipsRescaleSlope": 0.831746,
    "PhilipsScaleSlope": 0.0011017,
    "PixelBandwidth": 3608.02,
    "ProtocolName": "SOCIAL_4run",
    "ReconMatrixPE": 80,
    "RepetitionTime": 2,
    "ScanOptions": "FS",
    "ScanningSequence": "GR",
    "SequenceVariant": "SK",
    "SeriesDescription": "SOCIAL_4run",
    "SeriesNumber": 1901,
    "SliceThickness": 3,
    "SliceTiming": [
      0.0,
      0.378378,
      0.702703,
      1.027027,
      1.351351,
      1.675676,
      0.054054,
      0.432432,
      0.756757,
      1.081081,
      1.405405,
      1.72973,
      0.108108,
      0.486486,
      0.810811,
      1.135135,
      1.459459,
      1.783784,
      0.162162,
      0.540541,
      0.864865,
      1.189189,
      1.513514,
      1.837838,
      0.216216,
      0.594595,
      0.918919,
      1.243243,
      1.567568,
      1.891892,
      0.27027,
      0.648649,
      0.972973,
      1.297297,
      1.621622,
      1.945946,
      0.324324
    ],
    "SoftwareVersions": "5.3.1_5.3.1.2",
    "SpacingBetweenSlices": 3,
    "StationName": "PHILIPS-K5NT78B",
    "TaskName": "ANIM",
    "TotalReadoutTime": 0.0219394,
    "UsePhilipsFloatNotDisplayScaling": 1,
    "dataset": "ds003436",
    "modality": "bold",
    "run_id": 2,
    "subject_id": "07",
    "task_id": "anim"
  },
  "dummy_trs": 0,
  "dvars_nstd": 29.484985599300003,
  "dvars_std": 1.2950908637999998,
  "dvars_vstd": 0.9984406057999999,
  "efc": 0.41656909679184817,
  "fber": 75120.421875,
  "fd_mean": 0.08516486909938001,
  "fd_num": 0,
  "fd_perc": 0.0,
  "fwhm_avg": 1.844781111111111,
  "fwhm_x": 1.7767799999999998,
  "fwhm_y": 1.9884666666666666,
  "fwhm_z": 1.7690966666666668,
  "gcor": 0.00790901,
  "gsr_x": -0.014346298761665821,
  "gsr_y": 0.011255897581577301,
  "provenance": {
    "md5sum": "d51cd88c600b609dfa3323b32e83e4ab",
    "settings": {
      "fd_thres": 0.2,
      "testing": false
    },
    "software": "mriqc",
    "version": "22.0.6",
    "webapi_port": null,
    "webapi_url": "https://mriqc.nimh.nih.gov/api/v1"
  },
  "size_t": 101,
  "size_x": 80,
  "size_y": 80,
  "size_z": 37,
  "snr": 5.751260939716541,
  "spacing_tr": 2.000000476837158,
  "spacing_x": 3.0,
  "spacing_y": 3.0,
  "spacing_z": 3.0,
  "summary_bg_k": 168.60188023907662,
  "summary_bg_mad": 5272.854158199535,
  "summary_bg_mean": 23768.623046875,
  "summary_bg_median": 4071.392578125,
  "summary_bg_n": 162516.0,
  "summary_bg_p05": 174.13568115234375,
  "summary_bg_p95": 107725.8046875,
  "summary_bg_stdv": 64233.91796875,
  "summary_fg_k": 1.5391221985451304,
  "summary_fg_mad": 198988.19805783863,
  "summary_fg_mean": 1211879.0,
  "summary_fg_median": 1196450.25,
  "summary_fg_n": 34003.0,
  "summary_fg_p05": 912897.45,
  "summary_fg_p95": 1559835.6874999998,
  "summary_fg_stdv": 208029.625,
  "tsnr": 65.65962982177734
}