{
  "bids_meta": {
    "AcquisitionMatrixPE": 240,
    "AcquisitionNumber": 2,
    "AcquisitionTime": "17:01:53.540000",
    "BodyPartExamined": "BRAIN",
    "CoilString": "SENSE_HEAD_8",
    "ConversionSoftware": "dcm2niix",
    "ConversionSoftwareVersion": "v1.0.20190410  Clang4.0.1",
    "Dcm2bidsVersion": "2.1.4",
    "DeviceSerialNumber": "34072",
    "EchoTime": 0.003699,
    "EchoTrainLength": 240,
    "FlipAngle": 12,
    "ImageOrientationPatientDICOM": [
      -0.0115863,
      0.999925,
      0.00396841,
      -0.0128641,
      0.00381929,
      -0.99991
    ],
    "ImageType": [
      "ORIGINAL",
      "PRIMARY",
      "M",
      "FFE",
      "M",
      "FFE"
    ],
    "ImagingFrequency": 127.735,
    "InPlanePhaseEncodingDirectionDICOM": "ROW",
    "InstitutionName": "Az.Osp._Udine",
    "InstitutionalDepartmentName": "Radiologia",
    "MRAcquisitionType": "3D",
    "MagneticFieldStrength": 3,
    "Manufacturer": "Philips",
    "ManufacturersModelName": "Achieva",
    "Modality": "MR",
    "PatientPosition": "HFS",
    "PercentPhaseFOV": 100,
    "PhaseEncodingSteps": 240,
    "PhilipsRescaleIntercept": 0,
    "PhilipsRescaleSlope": 2.80708,
    "PhilipsScaleSlope": 0.000282375,
    "PixelBandwidth": 191.38,
    "ProtocolName": "T1W_3D_VBM",
    "ReconMatrixPE": 256,
    "RepetitionTime": 0.0080806,
    "ScanOptions": "OTHER",
    "ScanningSequence": "GR",
    "SequenceVariant": "MP",
    "SeriesDescription": "T1W_3D_VBM",
    "SeriesNumber": 201,
    "SliceThickness": 1,
    "SoftwareVersions": "5.3.1_5.3.1.2",
    "SpacingBetweenSlices": 1,
    "StationName": "PHILIPS-K5NT78B",
    "UsePhilipsFloatNotDisplayScaling": 1,
    "dataset": "ds003436",
    "modality": "T1w",
    "subject_id": "17"
  },
  "cjv": 0.3629718145193806,
  "cnr": 3.657881556122238,
  "efc": 0.5581769648568525,
  "fber": -1.0,
  "fwhm_avg": 4.303441111111111,
  "fwhm_x": 4.19619,
  "fwhm_y": 4.607850666666667,
  "fwhm_z": 4.106282666666667,
  "icvs_csf": 0.20290558353973778,
  "icvs_gm": 0.43434990874190055,
  "icvs_wm": 0.36274450771836164,
  "inu_med": 0.27976521849632263,
  "inu_range": 0.07193938791751858,
  "provenance": {
    "md5sum": "3bd24b15508e49e2e3cdaf7b9aa6ba94",
    "settings": {
      "testing": false
    },
    "software": "mriqc",
    "version": "22.0.6",
    "warnings": {
      "large_rot_frame": true,
      "small_air_mask": false
    },
    "webapi_port": null,
    "webapi_url": "https://mriqc.nimh.nih.gov/api/v1"
  },
  "qi_1": 0.057812633924745005,
  "qi_2": 9.552579651755385e-07,
  "rpve_csf": 23.78815623434722,
  "rpve_gm": 11.696003363348021,
  "rpve_wm": 16.000253084375437,
  "size_x": 170,
  "size_y": 256,
  "size_z": 256,
  "snr_csf": 2.6148054995239023,
  "snr_gm": 13.912902868352033,
  "snr_total": 17.08289955454719,
  "snr_wm": 34.72099029576563,
  "snrd_csf": 68.39786088290607,
  "snrd_gm": 164.2151654453315,
  "snrd_total": 148.513611690958,
  "snrd_wm": 212.92780874463642,
  "spacing_x": 1.0,
  "spacing_y": 0.9375,
  "spacing_z": 0.9375,
  "summary_bg_k": 32.38235255536326,
  "summary_bg_mad": 0.0,
  "summary_bg_mean": 1.0113422022454168,
  "summary_bg_median": 0.0,
  "summary_bg_n": 894778.0,
  "summary_bg_p05": 0.0,
  "summary_bg_p95": 7.6109190713614225,
  "summary_bg_stdv": 3.076861167084583,
  "summary_csf_k": 0.1182653483310605,
  "summary_csf_mad": 116.71760696839371,
  "summary_csf_mean": 326.1417270544677,
  "summary_csf_median": 321.23191760107875,
  "summary_csf_n": 42521.0,
  "summary_csf_p05": 127.06498222239316,
  "summary_csf_p95": 546.1571925859898,
  "summary_csf_stdv": 122.84972641551138,
  "summary_gm_k": -0.030851372779197028,
  "summary_gm_mad": 55.603416559761875,
  "summary_gm_mean": 772.6180363105067,
  "summary_gm_median": 771.2397992312908,
  "summary_gm_n": 50548.0,
  "summary_gm_p05": 684.7536021920853,
  "summary_gm_p95": 867.1727791540325,
  "summary_gm_stdv": 55.43287247130901,
  "summary_wm_k": 0.4769920972864785,
  "summary_wm_mad": 27.437239109982134,
  "summary_wm_mean": 1000.0709253669729,
  "summary_wm_median": 1000.0196998957545,
  "summary_wm_n": 227981.0,
  "summary_wm_p05": 953.3315296750516,
  "summary_wm_p95": 1047.7698588240892,
  "summary_wm_stdv": 28.801526055749644,
  "tpm_overlap_csf": 0.15012120530838258,
  "tpm_overlap_gm": 0.4717795481538382,
  "tpm_overlap_wm": 0.5221877805203716,
  "wm2max": 0.8973141808428037
}