{
  "bids_meta": {
    "AcquisitionMatrixPE": 240,
    "AcquisitionNumber": 2,
    "AcquisitionTime": "15:03:43.690000",
    "BodyPartExamined": "BRAIN",
    "CoilString": "SENSE_HEAD_8",
    "ConversionSoftware": "dcm2niix",
    "ConversionSoftwareVersion": "v1.0.20181125  Clang9.0.0",
    "Dcm2bidsVersion": "2.1.4",
    "DeviceSerialNumber": "34072",
    "EchoTime": 0.003714,
    "EchoTrainLength": 240,
    "FlipAngle": 12,
    "ImageOrientationPatientDICOM": [
      -0.00303132,
      0.999991,
      0.00283941,
      0.0361598,
      0.00294718,
      -0.999342
    ],
    "ImageType": [
      "ORIGINAL",
      "PRIMARY",
      "M",
      "FFE",
      "M",
      "FFE"
    ],
    "ImagingFrequency": 127.733,
    "InPlanePhaseEncodingDirectionDICOM": "ROW",
    "InstitutionName": "Az.Osp._Udine",
    "InstitutionalDepartmentName": "Radiologia",
    "MRAcquisitionType": "3D",
    "MagneticFieldStrength": 3,
    "Manufacturer": "Philips",
    "ManufacturersModelName": "Achieva",
    "Modality": "MR",
    "PatientPosition": "HFS",
    "PercentPhaseFOV": 100,
    "PhaseEncodingSteps": 240,
    "PhilipsRescaleIntercept": 0,
    "PhilipsRescaleSlope": 2.57338,
    "PhilipsScaleSlope": 0.000297341,
    "PixelBandwidth": 191.38,
    "ProtocolName": "T1W_3D_VBM",
    "ReconMatrixPE": 256,
    "RepetitionTime": 0.0081047,
    "ScanOptions": "OTHER",
    "ScanningSequence": "GR",
    "SequenceVariant": "MP",
    "SeriesDescription": "T1W_3D_VBM",
    "SeriesNumber": 201,
    "SliceThickness": 1,
    "SoftwareVersions": "5.3.1_5.3.1.2",
    "SpacingBetweenSlices": 1,
    "StationName": "PHILIPS-K5NT78B",
    "UsePhilipsFloatNotDisplayScaling": 1,
    "dataset": "ds003436",
    "modality": "T1w",
    "subject_id": "45"
  },
  "cjv": 0.3605111777521221,
  "cnr": 3.783491631173335,
  "efc": 0.588952667748752,
  "fber": -1.0,
  "fwhm_avg": 4.319972666666667,
  "fwhm_x": 4.11499,
  "fwhm_y": 4.769706666666666,
  "fwhm_z": 4.075221333333333,
  "icvs_csf": 0.2108150868053786,
  "icvs_gm": 0.45571912843740614,
  "icvs_wm": 0.3334657847572153,
  "inu_med": 0.3743036687374115,
  "inu_range": 0.10940043330192561,
  "provenance": {
    "md5sum": "e8ef458b0df6f8ffb71544f965b26e0f",
    "settings": {
      "testing": false
    },
    "software": "mriqc",
    "version": "22.0.6",
    "warnings": {
      "large_rot_frame": true,
      "small_air_mask": false
    },
    "webapi_port": null,
    "webapi_url": "https://mriqc.nimh.nih.gov/api/v1"
  },
  "qi_1": 0.0027955632206705474,
  "qi_2": 8.617848390203106e-07,
  "rpve_csf": 23.749606944375927,
  "rpve_gm": 11.35296178337367,
  "rpve_wm": 16.56888557770286,
  "size_x": 170,
  "size_y": 256,
  "size_z": 256,
  "snr_csf": 3.1130081360138875,
  "snr_gm": 17.197899285057634,
  "snr_total": 15.325545146585151,
  "snr_wm": 25.66572801868393,
  "snrd_csf": 25.188626227540944,
  "snrd_gm": 57.91746657635186,
  "snrd_total": 52.69030329602123,
  "snrd_wm": 74.96481708417086,
  "spacing_x": 1.0,
  "spacing_y": 0.9375,
  "spacing_z": 0.9375,
  "summary_bg_k": 13.617490424103238,
  "summary_bg_mad": 0.0,
  "summary_bg_mean": 4.090782101578093,
  "summary_bg_median": 0.0,
  "summary_bg_n": 1343904.0,
  "summary_bg_p05": 0.0,
  "summary_bg_p95": 23.03077162615955,
  "summary_bg_stdv": 8.73925141051622,
  "summary_csf_k": 1.4779576681263018,
  "summary_csf_mad": 84.07246739751365,
  "summary_csf_mean": 332.6266814835859,
  "summary_csf_median": 336.00596347264946,
  "summary_csf_n": 59897.0,
  "summary_csf_p05": 112.44435558654368,
  "summary_csf_p95": 502.10399903245246,
  "summary_csf_stdv": 107.93520091035509,
  "summary_gm_k": 0.13221059359629983,
  "summary_gm_mad": 44.39321413530341,
  "summary_gm_mean": 772.5558741403348,
  "summary_gm_median": 772.5952969044447,
  "summary_gm_n": 45522.0,
  "summary_gm_p05": 698.7212629950606,
  "summary_gm_p95": 846.0836414210498,
  "summary_gm_stdv": 44.92332453499089,
  "summary_wm_k": 0.2852464126631338,
  "summary_wm_mad": 37.58871409240371,
  "summary_wm_mean": 1001.0899616843662,
  "summary_wm_median": 999.999974725768,
  "summary_wm_n": 180991.0,
  "summary_wm_p05": 938.9255755394697,
  "summary_wm_p95": 1067.2398745995015,
  "summary_wm_stdv": 38.962355224279925,
  "tpm_overlap_csf": 0.13824309367023793,
  "tpm_overlap_gm": 0.4812350358836112,
  "tpm_overlap_wm": 0.5010005837630813,
  "wm2max": 0.6720683790229612
}