{
  "aor": 0.0010102970297029702,
  "aqi": 0.00515605910891089,
  "bids_meta": {
    "AcquisitionMatrixPE": 80,
    "AcquisitionNumber": 8,
    "AcquisitionTime": "15:18:28.250000",
    "BodyPartExamined": "BRAIN",
    "CoilString": "SENSE_HEAD_8",
    "ConversionSoftware": "dcm2niix",
    "ConversionSoftwareVersion": "v1.0.20181125  Clang9.0.0",
    "Dcm2bidsVersion": "2.1.4",
    "DeviceSerialNumber": "34072",
    "EchoTime": 0.030001,
    "EchoTrainLength": 39,
    "EffectiveEchoSpacing": 0.0002777,
    "FlipAngle": 82,
    "ImageOrientationPatientDICOM": [
      0.999935,
      0.00774517,
      0.00832883,
      -0.00777319,
      0.999964,
      0.003337
    ],
    "ImageType": [
      "ORIGINAL",
      "PRIMARY",
      "M",
      "FFE",
      "M",
      "FFE"
    ],
    "ImagingFrequency": 127.733,
    "InPlanePhaseEncodingDirectionDICOM": "COL",
    "InstitutionName": "Az.Osp._Udine",
    "InstitutionalDepartmentName": "Radiologia",
    "MRAcquisitionType": "2D",
    "MagneticFieldStrength": 3,
    "Manufacturer": "Philips",
    "ManufacturersModelName": "Achieva",
    "Modality": "MR",
    "PartialFourier": 0.4875,
    "PatientPosition": "HFS",
    "PercentPhaseFOV": 100,
    "PhaseEncodingAxis": "j",
    "PhaseEncodingDirection": "j",
    "PhaseEncodingSteps": 80,
    "PhilipsRescaleIntercept": 0,
    "PhilipsRescaleSlope": 0.833455,
    "PhilipsScaleSlope": 0.000785218,
    "PixelBandwidth": 3608.02,
    "ProtocolName": "SOCIAL_4run",
    "ReconMatrixPE": 80,
    "RepetitionTime": 2,
    "ScanOptions": "FS",
    "ScanningSequence": "GR",
    "SequenceVariant": "SK",
    "SeriesDescription": "SOCIAL_4run",
    "SeriesNumber": 801,
    "SliceThickness": 3,
    "SliceTiming": [
      0.0,
      0.378378,
      0.702703,
      1.027027,
      1.351351,
      1.675676,
      0.054054,
      0.432432,
      0.756757,
      1.081081,
      1.405405,
      1.72973,
      0.108108,
      0.486486,
      0.810811,
      1.135135,
      1.459459,
      1.783784,
      0.162162,
      0.540541,
      0.864865,
      1.189189,
      1.513514,
      1.837838,
      0.216216,
      0.594595,
      0.918919,
      1.243243,
      1.567568,
      1.891892,
      0.27027,
      0.648649,
      0.972973,
      1.297297,
      1.621622,
      1.945946,
      0.324324
    ],
    "SoftwareVersions": "5.3.1_5.3.1.2",
    "SpacingBetweenSlices": 3,
    "StationName": "PHILIPS-K5NT78B",
    "TaskName": "ANIM",
    "TotalReadoutTime": 0.0219394,
    "UsePhilipsFloatNotDisplayScaling": 1,
    "dataset": "ds003436",
    "modality": "bold",
    "run_id": 1,
    "subject_id": "46",
    "task_id": "anim"
  },
  "dummy_trs": 0,
  "dvars_nstd": 29.590413379799998,
  "dvars_std": 1.3672436151000003,
  "dvars_vstd": 1.0123650438999998,
  "efc": 0.39132591373414977,
  "fber": 205778.859375,
  "fd_mean": 0.05518647575357161,
  "fd_num": 0,
  "fd_perc": 0.0,
  "fwhm_avg": 1.9060633333333332,
  "fwhm_x": 1.84175,
  "fwhm_y": 2.12313,
  "fwhm_z": 1.75331,
  "gcor": 0.0127539,
  "gsr_x": -0.02122100628912449,
  "gsr_y": 0.01140331570059061,
  "provenance": {
    "md5sum": "f2f9d68537c314b2d279d8b00d172324",
    "settings": {
      "fd_thres": 0.2,
      "testing": false
    },
    "software": "mriqc",
    "version": "22.0.6",
    "webapi_port": null,
    "webapi_url": "https://mriqc.nimh.nih.gov/api/v1"
  },
  "size_t": 101,
  "size_x": 80,
  "size_y": 80,
  "size_z": 37,
  "snr": 6.178576265833776,
  "spacing_tr": 2.000000476837158,
  "spacing_x": 3.0,
  "spacing_y": 3.0,
  "spacing_z": 3.0,
  "summary_bg_k": 86.98419831261155,
  "summary_bg_mad": 5461.574833488978,
  "summary_bg_mean": 39829.92578125,
  "summary_bg_median": 4049.1435546875,
  "summary_bg_n": 168196.0,
  "summary_bg_p05": 81.8528995513916,
  "summary_bg_p95": 192858.0078125,
  "summary_bg_stdv": 120676.5390625,
  "summary_fg_k": 1.2729578644018025,
  "summary_fg_mad": 300324.6156685285,
  "summary_fg_mean": 1963802.75,
  "summary_fg_median": 1947567.125,
  "summary_fg_n": 29196.0,
  "summary_fg_p05": 1504338.5625,
  "summary_fg_p95": 2486921.375,
  "summary_fg_stdv": 315207.53125,
  "tsnr": 76.74727630615234
}