{
  "bids_meta": {
    "AcquisitionMatrixPE": 240,
    "AcquisitionNumber": 2,
    "AcquisitionTime": "14:54:56.390000",
    "BodyPartExamined": "BRAIN",
    "CoilString": "SENSE_HEAD_8",
    "ConversionSoftware": "dcm2niix",
    "ConversionSoftwareVersion": "v1.0.20190410  Clang4.0.1",
    "Dcm2bidsVersion": "2.1.4",
    "DeviceSerialNumber": "34072",
    "EchoTime": 0.003757,
    "EchoTrainLength": 240,
    "FlipAngle": 12,
    "ImageOrientationPatientDICOM": [
      0.0047549,
      0.999985,
      0.00288227,
      0.0973849,
      0.00240554,
      -0.995244
    ],
    "ImageType": [
      "ORIGINAL",
      "PRIMARY",
      "M",
      "FFE",
      "M",
      "FFE"
    ],
    "ImagingFrequency": 127.734,
    "InPlanePhaseEncodingDirectionDICOM": "ROW",
    "InstitutionName": "Az.Osp._Udine",
    "InstitutionalDepartmentName": "Radiologia",
    "MRAcquisitionType": "3D",
    "MagneticFieldStrength": 3,
    "Manufacturer": "Philips",
    "ManufacturersModelName": "Achieva",
    "Modality": "MR",
    "PatientPosition": "HFS",
    "PercentPhaseFOV": 100,
    "PhaseEncodingSteps": 240,
    "PhilipsRescaleIntercept": 0,
    "PhilipsRescaleSlope": 2.84176,
    "PhilipsScaleSlope": 0.000280187,
    "PixelBandwidth": 191.38,
    "ProtocolName": "T1W_3D_VBM",
    "ReconMatrixPE": 256,
    "RepetitionTime": 0.0081859,
    "ScanOptions": "OTHER",
    "ScanningSequence": "GR",
    "SequenceVariant": "MP",
    "SeriesDescription": "T1W_3D_VBM",
    "SeriesNumber": 201,
    "SliceThickness": 1,
    "SoftwareVersions": "5.3.1_5.3.1.2",
    "SpacingBetweenSlices": 1,
    "StationName": "PHILIPS-K5NT78B",
    "UsePhilipsFloatNotDisplayScaling": 1,
    "dataset": "ds003436",
    "modality": "T1w",
    "subject_id": "31"
  },
  "cjv": 0.3208012022669256,
  "cnr": 4.098012136738002,
  "efc": 0.6263113212126769,
  "fber": -1.0,
  "fwhm_avg": 4.212831777777778,
  "fwhm_x": 4.11601,
  "fwhm_y": 4.5051413333333326,
  "fwhm_z": 4.017344,
  "icvs_csf": 0.20762861995952278,
  "icvs_gm": 0.4309981367227234,
  "icvs_wm": 0.3613732433177538,
  "inu_med": 0.2952452450990677,
  "inu_range": 0.07564671188592909,
  "provenance": {
    "md5sum": "2b40efe95534e33f6c93851ae7e668e6",
    "settings": {
      "testing": false
    },
    "software": "mriqc",
    "version": "22.0.6",
    "warnings": {
      "large_rot_frame": true,
      "small_air_mask": false
    },
    "webapi_port": null,
    "webapi_url": "https://mriqc.nimh.nih.gov/api/v1"
  },
  "qi_1": 2.2120671952278336e-05,
  "qi_2": 5.235733545286036e-06,
  "rpve_csf": 19.37929861476416,
  "rpve_gm": 9.762375602555343,
  "rpve_wm": 13.18343063916325,
  "size_x": 170,
  "size_y": 256,
  "size_z": 256,
  "snr_csf": 3.1024623532647753,
  "snr_gm": 17.62488195314957,
  "snr_total": 17.014934668558002,
  "snr_wm": 30.31745969925967,
  "snrd_csf": 65.78653825378377,
  "snrd_gm": 137.0738057209654,
  "snrd_total": 126.62592883088298,
  "snrd_wm": 177.01744251789984,
  "spacing_x": 1.0,
  "spacing_y": 0.9375,
  "spacing_z": 0.9375,
  "summary_bg_k": 20.43404109938451,
  "summary_bg_mad": 0.0,
  "summary_bg_mean": 1.6426431258094052,
  "summary_bg_median": 0.0,
  "summary_bg_n": 1203756.0,
  "summary_bg_p05": 0.0,
  "summary_bg_p95": 8.743337981402874,
  "summary_bg_stdv": 3.701052429215344,
  "summary_csf_k": 1.064653463057624,
  "summary_csf_mad": 86.91994778752337,
  "summary_csf_mean": 365.20758442808744,
  "summary_csf_median": 371.6469230130315,
  "summary_csf_n": 56848.0,
  "summary_csf_p05": 109.91939512640238,
  "summary_csf_p95": 553.5898400552568,
  "summary_csf_stdv": 119.78989973241774,
  "summary_gm_k": 0.4857061637038744,
  "summary_gm_mad": 40.978412649640056,
  "summary_gm_mean": 774.4256500664276,
  "summary_gm_median": 774.3690346702933,
  "summary_gm_n": 44957.0,
  "summary_gm_p05": 702.7881855338812,
  "summary_gm_p95": 847.5311726406217,
  "summary_gm_stdv": 43.93563737623091,
  "summary_wm_k": 0.41646504109286253,
  "summary_wm_mad": 31.411341011118513,
  "summary_wm_mean": 1000.3099741788147,
  "summary_wm_median": 1000.0220345631242,
  "summary_wm_n": 278179.0,
  "summary_wm_p05": 946.7229105107486,
  "summary_wm_p95": 1055.2790496647358,
  "summary_wm_stdv": 32.98496137334665,
  "tpm_overlap_csf": 0.16634383832078778,
  "tpm_overlap_gm": 0.4748332798019272,
  "tpm_overlap_wm": 0.5138051031202479,
  "wm2max": 0.8558799690875163
}