{
  "aor": 0.0008862376237623763,
  "aqi": 0.0053914960396039616,
  "bids_meta": {
    "AcquisitionMatrixPE": 80,
    "AcquisitionNumber": 12,
    "AcquisitionTime": "16:01:37.410000",
    "BodyPartExamined": "BRAIN",
    "CoilString": "SENSE_HEAD_8",
    "ConversionSoftware": "dcm2niix",
    "ConversionSoftwareVersion": "v1.0.20181125  Clang9.0.0",
    "Dcm2bidsVersion": "2.1.4",
    "DeviceSerialNumber": "34072",
    "EchoTime": 0.030001,
    "EchoTrainLength": 39,
    "EffectiveEchoSpacing": 0.0002777,
    "FlipAngle": 82,
    "ImageOrientationPatientDICOM": [
      0.998391,
      0.0356776,
      -0.0440706,
      -0.0300162,
      0.991948,
      0.123039
    ],
    "ImageType": [
      "ORIGINAL",
      "PRIMARY",
      "M",
      "FFE",
      "M",
      "FFE"
    ],
    "ImagingFrequency": 127.733,
    "InPlanePhaseEncodingDirectionDICOM": "COL",
    "InstitutionName": "Az.Osp._Udine",
    "InstitutionalDepartmentName": "Radiologia",
    "MRAcquisitionType": "2D",
    "MagneticFieldStrength": 3,
    "Manufacturer": "Philips",
    "ManufacturersModelName": "Achieva",
    "Modality": "MR",
    "PartialFourier": 0.4875,
    "PatientPosition": "HFS",
    "PercentPhaseFOV": 100,
    "PhaseEncodingAxis": "j",
    "PhaseEncodingDirection": "j",
    "PhaseEncodingSteps": 80,
    "PhilipsRescaleIntercept": 0,
    "PhilipsRescaleSlope": 0.843956,
    "PhilipsScaleSlope": 0.000796234,
    "PixelBandwidth": 3608.02,
    "ProtocolName": "SOCIAL_4run",
    "ReconMatrixPE": 80,
    "RepetitionTime": 2,
    "ScanOptions": "FS",
    "ScanningSequence": "GR",
    "SequenceVariant": "SK",
    "SeriesDescription": "SOCIAL_4run",
    "SeriesNumber": 1201,
    "SliceThickness": 3,
    "SliceTiming": [
      0.0,
      0.378378,
      0.702703,
      1.027027,
      1.351351,
      1.675676,
      0.054054,
      0.432432,
      0.756757,
      1.081081,
      1.405405,
      1.72973,
      0.108108,
      0.486486,
      0.810811,
      1.135135,
      1.459459,
      1.783784,
      0.162162,
      0.540541,
      0.864865,
      1.189189,
      1.513514,
      1.837838,
      0.216216,
      0.594595,
      0.918919,
      1.243243,
      1.567568,
      1.891892,
      0.27027,
      0.648649,
      0.972973,
      1.297297,
      1.621622,
      1.945946,
      0.324324
    ],
    "SoftwareVersions": "5.3.1_5.3.1.2",
    "SpacingBetweenSlices": 3,
    "StationName": "PHILIPS-K5NT78B",
    "TaskName": "ANIM",
    "TotalReadoutTime": 0.0219394,
    "UsePhilipsFloatNotDisplayScaling": 1,
    "dataset": "ds003436",
    "modality": "bold",
    "run_id": 2,
    "subject_id": "54",
    "task_id": "anim"
  },
  "dummy_trs": 0,
  "dvars_nstd": 29.074879951000003,
  "dvars_std": 1.2900261409,
  "dvars_vstd": 1.0077925462000001,
  "efc": 0.4223062741484731,
  "fber": 158423.640625,
  "fd_mean": 0.09172700135098838,
  "fd_num": 1,
  "fd_perc": 0.9900990099009901,
  "fwhm_avg": 1.8650099999999998,
  "fwhm_x": 1.7855566666666667,
  "fwhm_y": 2.00577,
  "fwhm_z": 1.8037033333333332,
  "gcor": 0.0326465,
  "gsr_x": -0.017355605959892273,
  "gsr_y": 0.012718056328594685,
  "provenance": {
    "md5sum": "42fff1c2c555e0e0e740a9dd844238ee",
    "settings": {
      "fd_thres": 0.2,
      "testing": false
    },
    "software": "mriqc",
    "version": "22.0.6",
    "webapi_port": null,
    "webapi_url": "https://mriqc.nimh.nih.gov/api/v1"
  },
  "size_t": 101,
  "size_x": 80,
  "size_y": 80,
  "size_z": 37,
  "snr": 5.237232698726788,
  "spacing_tr": 2.000000476837158,
  "spacing_x": 3.0,
  "spacing_y": 3.0,
  "spacing_z": 3.0,
  "summary_bg_k": 112.9294961302669,
  "summary_bg_mad": 4868.438116268048,
  "summary_bg_mean": 31157.8671875,
  "summary_bg_median": 3869.1064453125,
  "summary_bg_n": 159663.0,
  "summary_bg_p05": 181.05167999267582,
  "summary_bg_p95": 140042.54531249998,
  "summary_bg_stdv": 99249.78125,
  "summary_fg_k": 1.1874486784481864,
  "summary_fg_mad": 303413.71005342354,
  "summary_fg_mean": 1695294.5,
  "summary_fg_median": 1653451.0,
  "summary_fg_n": 36326.0,
  "summary_fg_p05": 1262063.09375,
  "summary_fg_p95": 2245392.125,
  "summary_fg_stdv": 315706.46875,
  "tsnr": 69.4485855102539
}