{
  "aor": 0.0008686138613861385,
  "aqi": 0.004467914158415842,
  "bids_meta": {
    "AcquisitionMatrixPE": 80,
    "AcquisitionNumber": 10,
    "AcquisitionTime": "15:53:10.330000",
    "BodyPartExamined": "BRAIN",
    "CoilString": "SENSE_HEAD_8",
    "ConversionSoftware": "dcm2niix",
    "ConversionSoftwareVersion": "v1.0.20181125  Clang9.0.0",
    "Dcm2bidsVersion": "2.1.4",
    "DeviceSerialNumber": "34072",
    "EchoTime": 0.030001,
    "EchoTrainLength": 39,
    "EffectiveEchoSpacing": 0.0002777,
    "FlipAngle": 82,
    "ImageOrientationPatientDICOM": [
      0.998391,
      0.0356776,
      -0.0440706,
      -0.0300162,
      0.991948,
      0.123039
    ],
    "ImageType": [
      "ORIGINAL",
      "PRIMARY",
      "M",
      "FFE",
      "M",
      "FFE"
    ],
    "ImagingFrequency": 127.733,
    "InPlanePhaseEncodingDirectionDICOM": "COL",
    "InstitutionName": "Az.Osp._Udine",
    "InstitutionalDepartmentName": "Radiologia",
    "MRAcquisitionType": "2D",
    "MagneticFieldStrength": 3,
    "Manufacturer": "Philips",
    "ManufacturersModelName": "Achieva",
    "Modality": "MR",
    "PartialFourier": 0.4875,
    "PatientPosition": "HFS",
    "PercentPhaseFOV": 100,
    "PhaseEncodingAxis": "j",
    "PhaseEncodingDirection": "j",
    "PhaseEncodingSteps": 80,
    "PhilipsRescaleIntercept": 0,
    "PhilipsRescaleSlope": 0.811966,
    "PhilipsScaleSlope": 0.00080813,
    "PixelBandwidth": 3608.02,
    "ProtocolName": "SOCIAL_4run",
    "ReconMatrixPE": 80,
    "RepetitionTime": 2,
    "ScanOptions": "FS",
    "ScanningSequence": "GR",
    "SequenceVariant": "SK",
    "SeriesDescription": "SOCIAL_4run",
    "SeriesNumber": 1001,
    "SliceThickness": 3,
    "SliceTiming": [
      0.0,
      0.378378,
      0.702703,
      1.027027,
      1.351351,
      1.675676,
      0.054054,
      0.432432,
      0.756757,
      1.081081,
      1.405405,
      1.72973,
      0.108108,
      0.486486,
      0.810811,
      1.135135,
      1.459459,
      1.783784,
      0.162162,
      0.540541,
      0.864865,
      1.189189,
      1.513514,
      1.837838,
      0.216216,
      0.594595,
      0.918919,
      1.243243,
      1.567568,
      1.891892,
      0.27027,
      0.648649,
      0.972973,
      1.297297,
      1.621622,
      1.945946,
      0.324324
    ],
    "SoftwareVersions": "5.3.1_5.3.1.2",
    "SpacingBetweenSlices": 3,
    "StationName": "PHILIPS-K5NT78B",
    "TaskName": "ANIM",
    "TotalReadoutTime": 0.0219394,
    "UsePhilipsFloatNotDisplayScaling": 1,
    "dataset": "ds003436",
    "modality": "bold",
    "run_id": 4,
    "subject_id": "54",
    "task_id": "anim"
  },
  "dummy_trs": 0,
  "dvars_nstd": 28.3825452421,
  "dvars_std": 1.2960046218999997,
  "dvars_vstd": 1.0093661825,
  "efc": 0.42173897015481004,
  "fber": 162678.203125,
  "fd_mean": 0.06987156167450431,
  "fd_num": 1,
  "fd_perc": 0.9900990099009901,
  "fwhm_avg": 1.8623122222222221,
  "fwhm_x": 1.7799399999999999,
  "fwhm_y": 2.0097666666666667,
  "fwhm_z": 1.7972299999999999,
  "gcor": 0.0304166,
  "gsr_x": -0.017106397077441216,
  "gsr_y": 0.01222890056669712,
  "provenance": {
    "md5sum": "43317d58f9169032d424526995a86870",
    "settings": {
      "fd_thres": 0.2,
      "testing": false
    },
    "software": "mriqc",
    "version": "22.0.6",
    "webapi_port": null,
    "webapi_url": "https://mriqc.nimh.nih.gov/api/v1"
  },
  "size_t": 101,
  "size_x": 80,
  "size_y": 80,
  "size_z": 37,
  "snr": 5.233850046850023,
  "spacing_tr": 2.000000476837158,
  "spacing_x": 3.0,
  "spacing_y": 3.0,
  "spacing_z": 3.0,
  "summary_bg_k": 99.54513812740764,
  "summary_bg_mad": 4830.750212229361,
  "summary_bg_mean": 30552.521484375,
  "summary_bg_median": 3816.58203125,
  "summary_bg_n": 159715.0,
  "summary_bg_p05": 150.73304443359376,
  "summary_bg_p95": 136546.43437499998,
  "summary_bg_stdv": 96553.234375,
  "summary_fg_k": 1.1770408639286227,
  "summary_fg_mad": 303482.18774339074,
  "summary_fg_mean": 1690946.0,
  "summary_fg_median": 1649167.5,
  "summary_fg_n": 36277.0,
  "summary_fg_p05": 1257164.0,
  "summary_fg_p95": 2237458.55,
  "summary_fg_stdv": 315092.09375,
  "tsnr": 74.51725769042969
}