{
  "aor": 0.0012107920792079209,
  "aqi": 0.00477479702970297,
  "bids_meta": {
    "AcquisitionMatrixPE": 80,
    "AcquisitionNumber": 9,
    "AcquisitionTime": "15:48:39.500000",
    "BodyPartExamined": "BRAIN",
    "CoilString": "SENSE_HEAD_8",
    "ConversionSoftware": "dcm2niix",
    "ConversionSoftwareVersion": "v1.0.20181125  Clang9.0.0",
    "Dcm2bidsVersion": "2.1.4",
    "DeviceSerialNumber": "34072",
    "EchoTime": 0.030001,
    "EchoTrainLength": 39,
    "EffectiveEchoSpacing": 0.0002777,
    "FlipAngle": 82,
    "ImageOrientationPatientDICOM": [
      0.998391,
      0.0356776,
      -0.0440706,
      -0.0300162,
      0.991948,
      0.123039
    ],
    "ImageType": [
      "ORIGINAL",
      "PRIMARY",
      "M",
      "FFE",
      "M",
      "FFE"
    ],
    "ImagingFrequency": 127.733,
    "InPlanePhaseEncodingDirectionDICOM": "COL",
    "InstitutionName": "Az.Osp._Udine",
    "InstitutionalDepartmentName": "Radiologia",
    "MRAcquisitionType": "2D",
    "MagneticFieldStrength": 3,
    "Manufacturer": "Philips",
    "ManufacturersModelName": "Achieva",
    "Modality": "MR",
    "PartialFourier": 0.4875,
    "PatientPosition": "HFS",
    "PercentPhaseFOV": 100,
    "PhaseEncodingAxis": "j",
    "PhaseEncodingDirection": "j",
    "PhaseEncodingSteps": 80,
    "PhilipsRescaleIntercept": 0,
    "PhilipsRescaleSlope": 0.872283,
    "PhilipsScaleSlope": 0.000775559,
    "PixelBandwidth": 3608.02,
    "ProtocolName": "SOCIAL_4run",
    "ReconMatrixPE": 80,
    "RepetitionTime": 2,
    "ScanOptions": "FS",
    "ScanningSequence": "GR",
    "SequenceVariant": "SK",
    "SeriesDescription": "SOCIAL_4run",
    "SeriesNumber": 901,
    "SliceThickness": 3,
    "SliceTiming": [
      0.0,
      0.378378,
      0.702703,
      1.027027,
      1.351351,
      1.675676,
      0.054054,
      0.432432,
      0.756757,
      1.081081,
      1.405405,
      1.72973,
      0.108108,
      0.486486,
      0.810811,
      1.135135,
      1.459459,
      1.783784,
      0.162162,
      0.540541,
      0.864865,
      1.189189,
      1.513514,
      1.837838,
      0.216216,
      0.594595,
      0.918919,
      1.243243,
      1.567568,
      1.891892,
      0.27027,
      0.648649,
      0.972973,
      1.297297,
      1.621622,
      1.945946,
      0.324324
    ],
    "SoftwareVersions": "5.3.1_5.3.1.2",
    "SpacingBetweenSlices": 3,
    "StationName": "PHILIPS-K5NT78B",
    "TaskName": "ANIM",
    "TotalReadoutTime": 0.0219394,
    "UsePhilipsFloatNotDisplayScaling": 1,
    "dataset": "ds003436",
    "modality": "bold",
    "run_id": 1,
    "subject_id": "54",
    "task_id": "anim"
  },
  "dummy_trs": 0,
  "dvars_nstd": 27.94900987599999,
  "dvars_std": 1.2804536022,
  "dvars_vstd": 1.0103409966999997,
  "efc": 0.42244809001139266,
  "fber": 161354.15625,
  "fd_mean": 0.07415104805070696,
  "fd_num": 1,
  "fd_perc": 0.9900990099009901,
  "fwhm_avg": 1.8619822222222222,
  "fwhm_x": 1.7824966666666666,
  "fwhm_y": 2.00986,
  "fwhm_z": 1.79359,
  "gcor": 0.0181704,
  "gsr_x": -0.017003454267978668,
  "gsr_y": 0.011616554111242294,
  "provenance": {
    "md5sum": "28b3bd447f070d0c9b12e58df5d1d929",
    "settings": {
      "fd_thres": 0.2,
      "testing": false
    },
    "software": "mriqc",
    "version": "22.0.6",
    "webapi_port": null,
    "webapi_url": "https://mriqc.nimh.nih.gov/api/v1"
  },
  "size_t": 101,
  "size_x": 80,
  "size_y": 80,
  "size_z": 37,
  "snr": 5.207079544347549,
  "spacing_tr": 2.000000476837158,
  "spacing_x": 3.0,
  "spacing_y": 3.0,
  "spacing_z": 3.0,
  "summary_bg_k": 95.42918984594219,
  "summary_bg_mad": 4822.1539426767995,
  "summary_bg_mean": 30530.609375,
  "summary_bg_median": 3819.198486328125,
  "summary_bg_n": 159525.0,
  "summary_bg_p05": 175.1524566650391,
  "summary_bg_p95": 136122.1218749998,
  "summary_bg_stdv": 95978.0703125,
  "summary_fg_k": 1.1677713354521595,
  "summary_fg_mad": 304817.27104115504,
  "summary_fg_mean": 1684759.375,
  "summary_fg_median": 1642812.375,
  "summary_fg_n": 36425.0,
  "summary_fg_p05": 1255410.85,
  "summary_fg_p95": 2235571.149999999,
  "summary_fg_stdv": 315491.59375,
  "tsnr": 71.16279602050781
}