{
  "aor": 0.0009138613861386139,
  "aqi": 0.006909890594059405,
  "bids_meta": {
    "AcquisitionMatrixPE": 80,
    "AcquisitionNumber": 9,
    "AcquisitionTime": "15:34:2.250000",
    "BodyPartExamined": "BRAIN",
    "CoilString": "SENSE_HEAD_8",
    "ConversionSoftware": "dcm2niix",
    "ConversionSoftwareVersion": "v1.0.20190410  Clang4.0.1",
    "Dcm2bidsVersion": "2.1.4",
    "DeviceSerialNumber": "34072",
    "EchoTime": 0.030001,
    "EchoTrainLength": 39,
    "EffectiveEchoSpacing": 0.0002777,
    "FlipAngle": 82,
    "ImageOrientationPatientDICOM": [
      0.998752,
      0.0337625,
      0.0368028,
      -0.0287144,
      0.991101,
      -0.129975
    ],
    "ImageType": [
      "ORIGINAL",
      "PRIMARY",
      "M",
      "FFE",
      "M",
      "FFE"
    ],
    "ImagingFrequency": 127.735,
    "InPlanePhaseEncodingDirectionDICOM": "COL",
    "InstitutionName": "Az.Osp._Udine",
    "InstitutionalDepartmentName": "Radiologia",
    "MRAcquisitionType": "2D",
    "MagneticFieldStrength": 3,
    "Manufacturer": "Philips",
    "ManufacturersModelName": "Achieva",
    "Modality": "MR",
    "PartialFourier": 0.4875,
    "PatientPosition": "HFS",
    "PercentPhaseFOV": 100,
    "PhaseEncodingAxis": "j",
    "PhaseEncodingDirection": "j",
    "PhaseEncodingSteps": 80,
    "PhilipsRescaleIntercept": 0,
    "PhilipsRescaleSlope": 0.903785,
    "PhilipsScaleSlope": 0.000524463,
    "PixelBandwidth": 3608.02,
    "ProtocolName": "SOCIAL_4run",
    "ReconMatrixPE": 80,
    "RepetitionTime": 2,
    "ScanOptions": "FS",
    "ScanningSequence": "GR",
    "SequenceVariant": "SK",
    "SeriesDescription": "SOCIAL_4run",
    "SeriesNumber": 901,
    "SliceThickness": 3,
    "SliceTiming": [
      0.0,
      0.378378,
      0.702703,
      1.027027,
      1.351351,
      1.675676,
      0.054054,
      0.432432,
      0.756757,
      1.081081,
      1.405405,
      1.72973,
      0.108108,
      0.486486,
      0.810811,
      1.135135,
      1.459459,
      1.783784,
      0.162162,
      0.540541,
      0.864865,
      1.189189,
      1.513514,
      1.837838,
      0.216216,
      0.594595,
      0.918919,
      1.243243,
      1.567568,
      1.891892,
      0.27027,
      0.648649,
      0.972973,
      1.297297,
      1.621622,
      1.945946,
      0.324324
    ],
    "SoftwareVersions": "5.3.1_5.3.1.2",
    "SpacingBetweenSlices": 3,
    "StationName": "PHILIPS-K5NT78B",
    "TaskName": "ANIM",
    "TotalReadoutTime": 0.0219394,
    "UsePhilipsFloatNotDisplayScaling": 1,
    "dataset": "ds003436",
    "modality": "bold",
    "run_id": 2,
    "subject_id": "12",
    "task_id": "anim"
  },
  "dummy_trs": 0,
  "dvars_nstd": 30.512235889599992,
  "dvars_std": 1.2647341962,
  "dvars_vstd": 0.9997256968999995,
  "efc": 0.4192575979735658,
  "fber": 122746.421875,
  "fd_mean": 0.1292843894791189,
  "fd_num": 7,
  "fd_perc": 6.930693069306931,
  "fwhm_avg": 1.735282222222222,
  "fwhm_x": 1.6540966666666668,
  "fwhm_y": 1.9255833333333332,
  "fwhm_z": 1.6261666666666665,
  "gcor": 0.0105947,
  "gsr_x": -0.019038939848542213,
  "gsr_y": 0.007715286687016487,
  "provenance": {
    "md5sum": "55730ecab766758b9510ca3fb73b2755",
    "settings": {
      "fd_thres": 0.2,
      "testing": false
    },
    "software": "mriqc",
    "version": "22.0.6",
    "webapi_port": null,
    "webapi_url": "https://mriqc.nimh.nih.gov/api/v1"
  },
  "size_t": 101,
  "size_x": 80,
  "size_y": 80,
  "size_z": 37,
  "snr": 5.524140475378725,
  "spacing_tr": 2.000000476837158,
  "spacing_x": 3.0,
  "spacing_y": 3.0,
  "spacing_z": 3.0,
  "summary_bg_k": 60.92330205626445,
  "summary_bg_mad": 9449.450843997183,
  "summary_bg_mean": 65653.2734375,
  "summary_bg_median": 6949.833984375,
  "summary_bg_n": 163346.0,
  "summary_bg_p05": 248.1658821105957,
  "summary_bg_p95": 300859.6875,
  "summary_bg_stdv": 187410.828125,
  "summary_fg_k": 1.6082196070630888,
  "summary_fg_mad": 465932.2101019907,
  "summary_fg_mean": 2703836.75,
  "summary_fg_median": 2669462.5,
  "summary_fg_n": 33336.0,
  "summary_fg_p05": 2030608.125,
  "summary_fg_p95": 3494231.6875,
  "summary_fg_stdv": 483228.5625,
  "tsnr": 58.89662551879883
}