{
  "aor": 0.0011334653465346538,
  "aqi": 0.006258691881188117,
  "bids_meta": {
    "AcquisitionMatrixPE": 80,
    "AcquisitionNumber": 11,
    "AcquisitionTime": "15:42:37.360000",
    "BodyPartExamined": "BRAIN",
    "CoilString": "SENSE_HEAD_8",
    "ConversionSoftware": "dcm2niix",
    "ConversionSoftwareVersion": "v1.0.20190410  Clang4.0.1",
    "Dcm2bidsVersion": "2.1.4",
    "DeviceSerialNumber": "34072",
    "EchoTime": 0.030001,
    "EchoTrainLength": 39,
    "EffectiveEchoSpacing": 0.0002777,
    "FlipAngle": 82,
    "ImageOrientationPatientDICOM": [
      0.998752,
      0.0337625,
      0.0368028,
      -0.0287144,
      0.991101,
      -0.129975
    ],
    "ImageType": [
      "ORIGINAL",
      "PRIMARY",
      "M",
      "FFE",
      "M",
      "FFE"
    ],
    "ImagingFrequency": 127.735,
    "InPlanePhaseEncodingDirectionDICOM": "COL",
    "InstitutionName": "Az.Osp._Udine",
    "InstitutionalDepartmentName": "Radiologia",
    "MRAcquisitionType": "2D",
    "MagneticFieldStrength": 3,
    "Manufacturer": "Philips",
    "ManufacturersModelName": "Achieva",
    "Modality": "MR",
    "PartialFourier": 0.4875,
    "PatientPosition": "HFS",
    "PercentPhaseFOV": 100,
    "PhaseEncodingAxis": "j",
    "PhaseEncodingDirection": "j",
    "PhaseEncodingSteps": 80,
    "PhilipsRescaleIntercept": 0,
    "PhilipsRescaleSlope": 0.888889,
    "PhilipsScaleSlope": 0.000519058,
    "PixelBandwidth": 3608.02,
    "ProtocolName": "SOCIAL_4run",
    "ReconMatrixPE": 80,
    "RepetitionTime": 2,
    "ScanOptions": "FS",
    "ScanningSequence": "GR",
    "SequenceVariant": "SK",
    "SeriesDescription": "SOCIAL_4run",
    "SeriesNumber": 1101,
    "SliceThickness": 3,
    "SliceTiming": [
      0.0,
      0.378378,
      0.702703,
      1.027027,
      1.351351,
      1.675676,
      0.054054,
      0.432432,
      0.756757,
      1.081081,
      1.405405,
      1.72973,
      0.108108,
      0.486486,
      0.810811,
      1.135135,
      1.459459,
      1.783784,
      0.162162,
      0.540541,
      0.864865,
      1.189189,
      1.513514,
      1.837838,
      0.216216,
      0.594595,
      0.918919,
      1.243243,
      1.567568,
      1.891892,
      0.27027,
      0.648649,
      0.972973,
      1.297297,
      1.621622,
      1.945946,
      0.324324
    ],
    "SoftwareVersions": "5.3.1_5.3.1.2",
    "SpacingBetweenSlices": 3,
    "StationName": "PHILIPS-K5NT78B",
    "TaskName": "ANIM",
    "TotalReadoutTime": 0.0219394,
    "UsePhilipsFloatNotDisplayScaling": 1,
    "dataset": "ds003436",
    "modality": "bold",
    "run_id": 3,
    "subject_id": "12",
    "task_id": "anim"
  },
  "dummy_trs": 0,
  "dvars_nstd": 30.256134891400002,
  "dvars_std": 1.2750319213,
  "dvars_vstd": 1.007242576200001,
  "efc": 0.4189160722933959,
  "fber": 125107.9921875,
  "fd_mean": 0.11634586704135172,
  "fd_num": 1,
  "fd_perc": 0.9900990099009901,
  "fwhm_avg": 1.741696666666667,
  "fwhm_x": 1.6593666666666669,
  "fwhm_y": 1.9367066666666668,
  "fwhm_z": 1.6290166666666668,
  "gcor": 0.0105232,
  "gsr_x": -0.019585484638810158,
  "gsr_y": 0.008471759967505932,
  "provenance": {
    "md5sum": "fd197f1af8f8d5974ccb8f977765bb37",
    "settings": {
      "fd_thres": 0.2,
      "testing": false
    },
    "software": "mriqc",
    "version": "22.0.6",
    "webapi_port": null,
    "webapi_url": "https://mriqc.nimh.nih.gov/api/v1"
  },
  "size_t": 101,
  "size_x": 80,
  "size_y": 80,
  "size_z": 37,
  "snr": 5.433686342709922,
  "spacing_tr": 2.000000476837158,
  "spacing_x": 3.0,
  "spacing_y": 3.0,
  "spacing_z": 3.0,
  "summary_bg_k": 65.39336695934566,
  "summary_bg_mad": 9537.870773528066,
  "summary_bg_mean": 66230.7109375,
  "summary_bg_median": 6996.087890625,
  "summary_bg_n": 163404.0,
  "summary_bg_p05": 224.7170509338379,
  "summary_bg_p95": 306186.9625000002,
  "summary_bg_stdv": 188126.71875,
  "summary_fg_k": 1.6689045337428077,
  "summary_fg_mad": 474062.05936716625,
  "summary_fg_mean": 2731288.25,
  "summary_fg_median": 2692732.25,
  "summary_fg_n": 33280.0,
  "summary_fg_p05": 2042915.49375,
  "summary_fg_p95": 3541791.525,
  "summary_fg_stdv": 495555.25,
  "tsnr": 60.47602844238281
}