{
  "aor": 0.004103267326732674,
  "aqi": 0.008199722475247527,
  "bids_meta": {
    "AcquisitionMatrixPE": 80,
    "AcquisitionNumber": 15,
    "AcquisitionTime": "15:50:39.390000",
    "BodyPartExamined": "BRAIN",
    "CoilString": "SENSE_HEAD_8",
    "ConversionSoftware": "dcm2niix",
    "ConversionSoftwareVersion": "v1.0.20181125  Clang9.0.0",
    "Dcm2bidsVersion": "2.1.4",
    "DeviceSerialNumber": "34072",
    "EchoTime": 0.030001,
    "EchoTrainLength": 39,
    "EffectiveEchoSpacing": 0.0002777,
    "FlipAngle": 82,
    "ImageOrientationPatientDICOM": [
      0.998621,
      0.0197695,
      0.0486282,
      -0.018623,
      0.99954,
      -0.023919
    ],
    "ImageType": [
      "ORIGINAL",
      "PRIMARY",
      "M",
      "FFE",
      "M",
      "FFE"
    ],
    "ImagingFrequency": 127.733,
    "InPlanePhaseEncodingDirectionDICOM": "COL",
    "InstitutionName": "Az.Osp._Udine",
    "InstitutionalDepartmentName": "Radiologia",
    "MRAcquisitionType": "2D",
    "MagneticFieldStrength": 3,
    "Manufacturer": "Philips",
    "ManufacturersModelName": "Achieva",
    "Modality": "MR",
    "PartialFourier": 0.4875,
    "PatientPosition": "HFS",
    "PercentPhaseFOV": 100,
    "PhaseEncodingAxis": "j",
    "PhaseEncodingDirection": "j",
    "PhaseEncodingSteps": 80,
    "PhilipsRescaleIntercept": 0,
    "PhilipsRescaleSlope": 0.835409,
    "PhilipsScaleSlope": 0.000976147,
    "PixelBandwidth": 3608.02,
    "ProtocolName": "SOCIAL_4run",
    "ReconMatrixPE": 80,
    "RepetitionTime": 2,
    "ScanOptions": "FS",
    "ScanningSequence": "GR",
    "SequenceVariant": "SK",
    "SeriesDescription": "SOCIAL_4run",
    "SeriesNumber": 1501,
    "SliceThickness": 3,
    "SliceTiming": [
      0.0,
      0.378378,
      0.702703,
      1.027027,
      1.351351,
      1.675676,
      0.054054,
      0.432432,
      0.756757,
      1.081081,
      1.405405,
      1.72973,
      0.108108,
      0.486486,
      0.810811,
      1.135135,
      1.459459,
      1.783784,
      0.162162,
      0.540541,
      0.864865,
      1.189189,
      1.513514,
      1.837838,
      0.216216,
      0.594595,
      0.918919,
      1.243243,
      1.567568,
      1.891892,
      0.27027,
      0.648649,
      0.972973,
      1.297297,
      1.621622,
      1.945946,
      0.324324
    ],
    "SoftwareVersions": "5.3.1_5.3.1.2",
    "SpacingBetweenSlices": 3,
    "StationName": "PHILIPS-K5NT78B",
    "TaskName": "ANIM",
    "TotalReadoutTime": 0.0219394,
    "UsePhilipsFloatNotDisplayScaling": 1,
    "dataset": "ds003436",
    "modality": "bold",
    "run_id": 1,
    "subject_id": "50",
    "task_id": "anim"
  },
  "dummy_trs": 0,
  "dvars_nstd": 28.337774524300002,
  "dvars_std": 1.2686440428999999,
  "dvars_vstd": 1.0386628548,
  "efc": 0.39788816102395824,
  "fber": 206970.859375,
  "fd_mean": 0.12042898664885421,
  "fd_num": 14,
  "fd_perc": 13.861386138613861,
  "fwhm_avg": 1.8638566666666667,
  "fwhm_x": 1.8242733333333332,
  "fwhm_y": 1.9959466666666668,
  "fwhm_z": 1.77135,
  "gcor": 0.0429334,
  "gsr_x": -0.020844874903559685,
  "gsr_y": 0.01570034585893154,
  "provenance": {
    "md5sum": "2e194e0ad328cd8ee183d237ccac886a",
    "settings": {
      "fd_thres": 0.2,
      "testing": false
    },
    "software": "mriqc",
    "version": "22.0.6",
    "webapi_port": null,
    "webapi_url": "https://mriqc.nimh.nih.gov/api/v1"
  },
  "size_t": 101,
  "size_x": 80,
  "size_y": 80,
  "size_z": 37,
  "snr": 6.1106225952993105,
  "spacing_tr": 2.000000476837158,
  "spacing_x": 3.0,
  "spacing_y": 3.0,
  "spacing_z": 3.0,
  "summary_bg_k": 231.0131670285536,
  "summary_bg_mad": 4078.346847468943,
  "summary_bg_mean": 27317.81640625,
  "summary_bg_median": 2966.1416015625,
  "summary_bg_n": 166704.0,
  "summary_bg_p05": 67.48208923339844,
  "summary_bg_p95": 120891.89960937516,
  "summary_bg_stdv": 94798.7265625,
  "summary_fg_k": 1.5802102719095927,
  "summary_fg_mad": 223451.5053137357,
  "summary_fg_mean": 1439772.125,
  "summary_fg_median": 1427267.625,
  "summary_fg_n": 30815.0,
  "summary_fg_p05": 1098997.95,
  "summary_fg_p95": 1814780.8625,
  "summary_fg_stdv": 233567.765625,
  "tsnr": 60.962364196777344
}