{
  "aor": 0.003176237623762377,
  "aqi": 0.0074965227722772285,
  "bids_meta": {
    "AcquisitionMatrixPE": 80,
    "AcquisitionNumber": 21,
    "AcquisitionTime": "18:07:17.780000",
    "BodyPartExamined": "BRAIN",
    "CoilString": "SENSE_HEAD_8",
    "ConversionSoftware": "dcm2niix",
    "ConversionSoftwareVersion": "v1.0.20190410  Clang4.0.1",
    "Dcm2bidsVersion": "2.1.4",
    "DeviceSerialNumber": "34072",
    "EchoTime": 0.030001,
    "EchoTrainLength": 39,
    "EffectiveEchoSpacing": 0.0002777,
    "FlipAngle": 82,
    "ImageOrientationPatientDICOM": [
      0.999289,
      0.0312908,
      -0.0210258,
      -0.0297685,
      0.99716,
      0.0691785
    ],
    "ImageType": [
      "ORIGINAL",
      "PRIMARY",
      "M",
      "FFE",
      "M",
      "FFE"
    ],
    "ImagingFrequency": 127.734,
    "InPlanePhaseEncodingDirectionDICOM": "COL",
    "InstitutionName": "Az.Osp._Udine",
    "InstitutionalDepartmentName": "Radiologia",
    "MRAcquisitionType": "2D",
    "MagneticFieldStrength": 3,
    "Manufacturer": "Philips",
    "ManufacturersModelName": "Achieva",
    "Modality": "MR",
    "PartialFourier": 0.4875,
    "PatientPosition": "HFS",
    "PercentPhaseFOV": 100,
    "PhaseEncodingAxis": "j",
    "PhaseEncodingDirection": "j",
    "PhaseEncodingSteps": 80,
    "PhilipsRescaleIntercept": 0,
    "PhilipsRescaleSlope": 0.803175,
    "PhilipsScaleSlope": 0.000636501,
    "PixelBandwidth": 3608.02,
    "ProtocolName": "SOCIAL_4run",
    "ReconMatrixPE": 80,
    "RepetitionTime": 2,
    "ScanOptions": "FS",
    "ScanningSequence": "GR",
    "SequenceVariant": "SK",
    "SeriesDescription": "SOCIAL_4run",
    "SeriesNumber": 2101,
    "SliceThickness": 3,
    "SliceTiming": [
      0.0,
      0.378378,
      0.702703,
      1.027027,
      1.351351,
      1.675676,
      0.054054,
      0.432432,
      0.756757,
      1.081081,
      1.405405,
      1.72973,
      0.108108,
      0.486486,
      0.810811,
      1.135135,
      1.459459,
      1.783784,
      0.162162,
      0.540541,
      0.864865,
      1.189189,
      1.513514,
      1.837838,
      0.216216,
      0.594595,
      0.918919,
      1.243243,
      1.567568,
      1.891892,
      0.27027,
      0.648649,
      0.972973,
      1.297297,
      1.621622,
      1.945946,
      0.324324
    ],
    "SoftwareVersions": "5.3.1_5.3.1.2",
    "SpacingBetweenSlices": 3,
    "StationName": "PHILIPS-K5NT78B",
    "TaskName": "ANIM",
    "TotalReadoutTime": 0.0219394,
    "UsePhilipsFloatNotDisplayScaling": 1,
    "dataset": "ds003436",
    "modality": "bold",
    "run_id": 4,
    "subject_id": "27",
    "task_id": "anim"
  },
  "dummy_trs": 0,
  "dvars_nstd": 26.014815349600003,
  "dvars_std": 1.1544040967,
  "dvars_vstd": 1.0378424050000001,
  "efc": 0.41553730327803945,
  "fber": 163007.390625,
  "fd_mean": 0.11863590556103347,
  "fd_num": 9,
  "fd_perc": 8.910891089108912,
  "fwhm_avg": 1.7908099999999998,
  "fwhm_x": 1.6971999999999998,
  "fwhm_y": 1.9621766666666665,
  "fwhm_z": 1.7130533333333335,
  "gcor": 0.00907874,
  "gsr_x": -0.028891095891594887,
  "gsr_y": 0.01672298274934292,
  "provenance": {
    "md5sum": "9654c73fe7c95cbe2cd8217874e57e9b",
    "settings": {
      "fd_thres": 0.2,
      "testing": false
    },
    "software": "mriqc",
    "version": "22.0.6",
    "webapi_port": null,
    "webapi_url": "https://mriqc.nimh.nih.gov/api/v1"
  },
  "size_t": 101,
  "size_x": 80,
  "size_y": 80,
  "size_z": 37,
  "snr": 5.984226650141117,
  "spacing_tr": 2.000000476837158,
  "spacing_x": 3.0,
  "spacing_y": 3.0,
  "spacing_z": 3.0,
  "summary_bg_k": 85.84882348055362,
  "summary_bg_mad": 7699.06224165095,
  "summary_bg_mean": 62096.58203125,
  "summary_bg_median": 5480.486328125,
  "summary_bg_n": 165222.0,
  "summary_bg_p05": 88.52013664245605,
  "summary_bg_p95": 282762.51562499965,
  "summary_bg_stdv": 186689.234375,
  "summary_fg_k": 1.3770362144348045,
  "summary_fg_mad": 387361.2422190931,
  "summary_fg_mean": 2370786.75,
  "summary_fg_median": 2346975.5,
  "summary_fg_n": 32218.0,
  "summary_fg_p05": 1813950.95625,
  "summary_fg_p95": 3011983.5124999997,
  "summary_fg_stdv": 392187.53125,
  "tsnr": 60.4780387878418
}