{
  "aor": 0.0009233663366336633,
  "aqi": 0.006967166534653464,
  "bids_meta": {
    "AcquisitionMatrixPE": 80,
    "AcquisitionNumber": 20,
    "AcquisitionTime": "18:03:11.260000",
    "BodyPartExamined": "BRAIN",
    "CoilString": "SENSE_HEAD_8",
    "ConversionSoftware": "dcm2niix",
    "ConversionSoftwareVersion": "v1.0.20190410  Clang4.0.1",
    "Dcm2bidsVersion": "2.1.4",
    "DeviceSerialNumber": "34072",
    "EchoTime": 0.030001,
    "EchoTrainLength": 39,
    "EffectiveEchoSpacing": 0.0002777,
    "FlipAngle": 82,
    "ImageOrientationPatientDICOM": [
      0.999289,
      0.0312908,
      -0.0210258,
      -0.0297685,
      0.99716,
      0.0691785
    ],
    "ImageType": [
      "ORIGINAL",
      "PRIMARY",
      "M",
      "FFE",
      "M",
      "FFE"
    ],
    "ImagingFrequency": 127.734,
    "InPlanePhaseEncodingDirectionDICOM": "COL",
    "InstitutionName": "Az.Osp._Udine",
    "InstitutionalDepartmentName": "Radiologia",
    "MRAcquisitionType": "2D",
    "MagneticFieldStrength": 3,
    "Manufacturer": "Philips",
    "ManufacturersModelName": "Achieva",
    "Modality": "MR",
    "PartialFourier": 0.4875,
    "PatientPosition": "HFS",
    "PercentPhaseFOV": 100,
    "PhaseEncodingAxis": "j",
    "PhaseEncodingDirection": "j",
    "PhaseEncodingSteps": 80,
    "PhilipsRescaleIntercept": 0,
    "PhilipsRescaleSlope": 0.81978,
    "PhilipsScaleSlope": 0.00101656,
    "PixelBandwidth": 3608.02,
    "ProtocolName": "SOCIAL_4run",
    "ReconMatrixPE": 80,
    "RepetitionTime": 2,
    "ScanOptions": "FS",
    "ScanningSequence": "GR",
    "SequenceVariant": "SK",
    "SeriesDescription": "SOCIAL_4run",
    "SeriesNumber": 2001,
    "SliceThickness": 3,
    "SliceTiming": [
      0.0,
      0.378378,
      0.702703,
      1.027027,
      1.351351,
      1.675676,
      0.054054,
      0.432432,
      0.756757,
      1.081081,
      1.405405,
      1.72973,
      0.108108,
      0.486486,
      0.810811,
      1.135135,
      1.459459,
      1.783784,
      0.162162,
      0.540541,
      0.864865,
      1.189189,
      1.513514,
      1.837838,
      0.216216,
      0.594595,
      0.918919,
      1.243243,
      1.567568,
      1.891892,
      0.27027,
      0.648649,
      0.972973,
      1.297297,
      1.621622,
      1.945946,
      0.324324
    ],
    "SoftwareVersions": "5.3.1_5.3.1.2",
    "SpacingBetweenSlices": 3,
    "StationName": "PHILIPS-K5NT78B",
    "TaskName": "ANIM",
    "TotalReadoutTime": 0.0219394,
    "UsePhilipsFloatNotDisplayScaling": 1,
    "dataset": "ds003436",
    "modality": "bold",
    "run_id": 2,
    "subject_id": "27",
    "task_id": "anim"
  },
  "dummy_trs": 0,
  "dvars_nstd": 26.69592277510001,
  "dvars_std": 1.1412102025999997,
  "dvars_vstd": 1.0112332596999998,
  "efc": 0.4153712433081942,
  "fber": 168722.78125,
  "fd_mean": 0.1346712359667255,
  "fd_num": 11,
  "fd_perc": 10.891089108910892,
  "fwhm_avg": 1.7840744444444443,
  "fwhm_x": 1.6943766666666666,
  "fwhm_y": 1.9508666666666665,
  "fwhm_z": 1.70698,
  "gcor": 0.00757136,
  "gsr_x": -0.0286487378180027,
  "gsr_y": 0.016651485115289688,
  "provenance": {
    "md5sum": "4ccf1a77d31de862e20f20d9ffb0c0b9",
    "settings": {
      "fd_thres": 0.2,
      "testing": false
    },
    "software": "mriqc",
    "version": "22.0.6",
    "webapi_port": null,
    "webapi_url": "https://mriqc.nimh.nih.gov/api/v1"
  },
  "size_t": 101,
  "size_x": 80,
  "size_y": 80,
  "size_z": 37,
  "snr": 5.979879466035847,
  "spacing_tr": 2.000000476837158,
  "spacing_x": 3.0,
  "spacing_y": 3.0,
  "spacing_z": 3.0,
  "summary_bg_k": 88.91554738647218,
  "summary_bg_mad": 4642.556057997557,
  "summary_bg_mean": 38074.41796875,
  "summary_bg_median": 3285.80810546875,
  "summary_bg_n": 165136.0,
  "summary_bg_p05": 53.293230056762695,
  "summary_bg_p95": 173209.91015625,
  "summary_bg_stdv": 114900.0390625,
  "summary_fg_k": 1.386669417705117,
  "summary_fg_mad": 238300.87848373316,
  "summary_fg_mean": 1461338.0,
  "summary_fg_median": 1445620.125,
  "summary_fg_n": 32289.0,
  "summary_fg_p05": 1118555.225,
  "summary_fg_p95": 1858369.5499999998,
  "summary_fg_stdv": 241743.625,
  "tsnr": 62.67245101928711
}