{
  "aor": 0.0014401980198019805,
  "aqi": 0.007488883069306932,
  "bids_meta": {
    "AcquisitionMatrixPE": 80,
    "AcquisitionNumber": 11,
    "AcquisitionTime": "17:35:18.310000",
    "BodyPartExamined": "BRAIN",
    "CoilString": "SENSE_HEAD_8",
    "ConversionSoftware": "dcm2niix",
    "ConversionSoftwareVersion": "v1.0.20190410  Clang4.0.1",
    "Dcm2bidsVersion": "2.1.4",
    "DeviceSerialNumber": "34072",
    "EchoTime": 0.030001,
    "EchoTrainLength": 39,
    "EffectiveEchoSpacing": 0.0002777,
    "FlipAngle": 82,
    "ImageOrientationPatientDICOM": [
      0.999924,
      0.0121736,
      0.00194356,
      -0.0121809,
      0.999919,
      0.00378144
    ],
    "ImageType": [
      "ORIGINAL",
      "PRIMARY",
      "M",
      "FFE",
      "M",
      "FFE"
    ],
    "ImagingFrequency": 127.734,
    "InPlanePhaseEncodingDirectionDICOM": "COL",
    "InstitutionName": "Az.Osp._Udine",
    "InstitutionalDepartmentName": "Radiologia",
    "MRAcquisitionType": "2D",
    "MagneticFieldStrength": 3,
    "Manufacturer": "Philips",
    "ManufacturersModelName": "Achieva",
    "Modality": "MR",
    "PartialFourier": 0.4875,
    "PatientPosition": "HFS",
    "PercentPhaseFOV": 100,
    "PhaseEncodingAxis": "j",
    "PhaseEncodingDirection": "j",
    "PhaseEncodingSteps": 80,
    "PhilipsRescaleIntercept": 0,
    "PhilipsRescaleSlope": 0.800733,
    "PhilipsScaleSlope": 0.000855823,
    "PixelBandwidth": 3608.02,
    "ProtocolName": "SOCIAL_4run",
    "ReconMatrixPE": 80,
    "RepetitionTime": 2,
    "ScanOptions": "FS",
    "ScanningSequence": "GR",
    "SequenceVariant": "SK",
    "SeriesDescription": "SOCIAL_4run",
    "SeriesNumber": 1101,
    "SliceThickness": 3,
    "SliceTiming": [
      0.0,
      0.378378,
      0.702703,
      1.027027,
      1.351351,
      1.675676,
      0.054054,
      0.432432,
      0.756757,
      1.081081,
      1.405405,
      1.72973,
      0.108108,
      0.486486,
      0.810811,
      1.135135,
      1.459459,
      1.783784,
      0.162162,
      0.540541,
      0.864865,
      1.189189,
      1.513514,
      1.837838,
      0.216216,
      0.594595,
      0.918919,
      1.243243,
      1.567568,
      1.891892,
      0.27027,
      0.648649,
      0.972973,
      1.297297,
      1.621622,
      1.945946,
      0.324324
    ],
    "SoftwareVersions": "5.3.1_5.3.1.2",
    "SpacingBetweenSlices": 3,
    "StationName": "PHILIPS-K5NT78B",
    "TaskName": "ANIM",
    "TotalReadoutTime": 0.0219394,
    "UsePhilipsFloatNotDisplayScaling": 1,
    "dataset": "ds003436",
    "modality": "bold",
    "run_id": 2,
    "subject_id": "29",
    "task_id": "anim"
  },
  "dummy_trs": 0,
  "dvars_nstd": 22.3522644999,
  "dvars_std": 1.1061196935000004,
  "dvars_vstd": 1.0012189794999997,
  "efc": 0.4335159302427974,
  "fber": 245933.90625,
  "fd_mean": 0.11220714119526949,
  "fd_num": 11,
  "fd_perc": 10.891089108910892,
  "fwhm_avg": 1.8475877777777778,
  "fwhm_x": 1.7470666666666668,
  "fwhm_y": 2.0266333333333333,
  "fwhm_z": 1.7690633333333334,
  "gcor": 0.0103244,
  "gsr_x": -0.0249493271112442,
  "gsr_y": 0.019165579229593277,
  "provenance": {
    "md5sum": "7cb1a1b3ea4b6e167179ad977dcaa604",
    "settings": {
      "fd_thres": 0.2,
      "testing": false
    },
    "software": "mriqc",
    "version": "22.0.6",
    "webapi_port": null,
    "webapi_url": "https://mriqc.nimh.nih.gov/api/v1"
  },
  "size_t": 101,
  "size_x": 80,
  "size_y": 80,
  "size_z": 37,
  "snr": 6.281980027729028,
  "spacing_tr": 2.000000476837158,
  "spacing_x": 3.0,
  "spacing_y": 3.0,
  "spacing_z": 3.0,
  "summary_bg_k": 146.6830895128484,
  "summary_bg_mad": 4230.393727143297,
  "summary_bg_mean": 35466.7109375,
  "summary_bg_median": 3114.03515625,
  "summary_bg_n": 158451.0,
  "summary_bg_p05": 121.64241027832031,
  "summary_bg_p95": 164566.3125,
  "summary_bg_stdv": 119240.0078125,
  "summary_fg_k": 2.173938462338686,
  "summary_fg_mad": 261809.2045856353,
  "summary_fg_mean": 1728315.875,
  "summary_fg_median": 1706437.375,
  "summary_fg_n": 37265.0,
  "summary_fg_p05": 1348637.9,
  "summary_fg_p95": 2169622.2,
  "summary_fg_stdv": 271636.40625,
  "tsnr": 63.19310760498047
}