{
  "aor": 0.0010153465346534653,
  "aqi": 0.00577317821782178,
  "bids_meta": {
    "AcquisitionMatrixPE": 80,
    "AcquisitionNumber": 9,
    "AcquisitionTime": "17:26:39.140000",
    "BodyPartExamined": "BRAIN",
    "CoilString": "SENSE_HEAD_8",
    "ConversionSoftware": "dcm2niix",
    "ConversionSoftwareVersion": "v1.0.20190410  Clang4.0.1",
    "Dcm2bidsVersion": "2.1.4",
    "DeviceSerialNumber": "34072",
    "EchoTime": 0.030001,
    "EchoTrainLength": 39,
    "EffectiveEchoSpacing": 0.0002777,
    "FlipAngle": 82,
    "ImageOrientationPatientDICOM": [
      0.999924,
      0.0121736,
      0.00194356,
      -0.0121809,
      0.999919,
      0.00378144
    ],
    "ImageType": [
      "ORIGINAL",
      "PRIMARY",
      "M",
      "FFE",
      "M",
      "FFE"
    ],
    "ImagingFrequency": 127.734,
    "InPlanePhaseEncodingDirectionDICOM": "COL",
    "InstitutionName": "Az.Osp._Udine",
    "InstitutionalDepartmentName": "Radiologia",
    "MRAcquisitionType": "2D",
    "MagneticFieldStrength": 3,
    "Manufacturer": "Philips",
    "ManufacturersModelName": "Achieva",
    "Modality": "MR",
    "PartialFourier": 0.4875,
    "PatientPosition": "HFS",
    "PercentPhaseFOV": 100,
    "PhaseEncodingAxis": "j",
    "PhaseEncodingDirection": "j",
    "PhaseEncodingSteps": 80,
    "PhilipsRescaleIntercept": 0,
    "PhilipsRescaleSlope": 0.813675,
    "PhilipsScaleSlope": 0.000856713,
    "PixelBandwidth": 3608.02,
    "ProtocolName": "SOCIAL_4run",
    "ReconMatrixPE": 80,
    "RepetitionTime": 2,
    "ScanOptions": "FS",
    "ScanningSequence": "GR",
    "SequenceVariant": "SK",
    "SeriesDescription": "SOCIAL_4run",
    "SeriesNumber": 901,
    "SliceThickness": 3,
    "SliceTiming": [
      0.0,
      0.378378,
      0.702703,
      1.027027,
      1.351351,
      1.675676,
      0.054054,
      0.432432,
      0.756757,
      1.081081,
      1.405405,
      1.72973,
      0.108108,
      0.486486,
      0.810811,
      1.135135,
      1.459459,
      1.783784,
      0.162162,
      0.540541,
      0.864865,
      1.189189,
      1.513514,
      1.837838,
      0.216216,
      0.594595,
      0.918919,
      1.243243,
      1.567568,
      1.891892,
      0.27027,
      0.648649,
      0.972973,
      1.297297,
      1.621622,
      1.945946,
      0.324324
    ],
    "SoftwareVersions": "5.3.1_5.3.1.2",
    "SpacingBetweenSlices": 3,
    "StationName": "PHILIPS-K5NT78B",
    "TaskName": "ANIM",
    "TotalReadoutTime": 0.0219394,
    "UsePhilipsFloatNotDisplayScaling": 1,
    "dataset": "ds003436",
    "modality": "bold",
    "run_id": 1,
    "subject_id": "29",
    "task_id": "anim"
  },
  "dummy_trs": 0,
  "dvars_nstd": 20.520439071399995,
  "dvars_std": 1.0959410603000006,
  "dvars_vstd": 1.0100971173999995,
  "efc": 0.4326797112637868,
  "fber": 225776.21875,
  "fd_mean": 0.08814242119078271,
  "fd_num": 2,
  "fd_perc": 1.9801980198019802,
  "fwhm_avg": 1.837072222222222,
  "fwhm_x": 1.73989,
  "fwhm_y": 2.0038466666666666,
  "fwhm_z": 1.76748,
  "gcor": 0.0123285,
  "gsr_x": -0.024822941049933434,
  "gsr_y": 0.018928324803709984,
  "provenance": {
    "md5sum": "f55500054d7f54fc3a82d31e32f52408",
    "settings": {
      "fd_thres": 0.2,
      "testing": false
    },
    "software": "mriqc",
    "version": "22.0.6",
    "webapi_port": null,
    "webapi_url": "https://mriqc.nimh.nih.gov/api/v1"
  },
  "size_t": 101,
  "size_x": 80,
  "size_y": 80,
  "size_z": 37,
  "snr": 6.2719600548086145,
  "spacing_tr": 2.000000476837158,
  "spacing_x": 3.0,
  "spacing_y": 3.0,
  "spacing_z": 3.0,
  "summary_bg_k": 149.8186920364305,
  "summary_bg_mad": 4503.934854479733,
  "summary_bg_mean": 35519.78515625,
  "summary_bg_median": 3299.4755859375,
  "summary_bg_n": 158672.0,
  "summary_bg_p05": 100.39441032409668,
  "summary_bg_p95": 164914.03515624895,
  "summary_bg_stdv": 118395.4296875,
  "summary_fg_k": 2.1046986593791486,
  "summary_fg_mad": 263827.0262050214,
  "summary_fg_mean": 1731618.625,
  "summary_fg_median": 1709995.5,
  "summary_fg_n": 37157.0,
  "summary_fg_p05": 1347268.45,
  "summary_fg_p95": 2170604.5,
  "summary_fg_stdv": 272637.65625,
  "tsnr": 69.90064239501953
}