{
  "aor": 0.0017766336633663368,
  "aqi": 0.00860155514851485,
  "bids_meta": {
    "AcquisitionMatrixPE": 80,
    "AcquisitionNumber": 10,
    "AcquisitionTime": "17:31:3.780000",
    "BodyPartExamined": "BRAIN",
    "CoilString": "SENSE_HEAD_8",
    "ConversionSoftware": "dcm2niix",
    "ConversionSoftwareVersion": "v1.0.20190410  Clang4.0.1",
    "Dcm2bidsVersion": "2.1.4",
    "DeviceSerialNumber": "34072",
    "EchoTime": 0.030001,
    "EchoTrainLength": 39,
    "EffectiveEchoSpacing": 0.0002777,
    "FlipAngle": 82,
    "ImageOrientationPatientDICOM": [
      0.999924,
      0.0121736,
      0.00194356,
      -0.0121809,
      0.999919,
      0.00378144
    ],
    "ImageType": [
      "ORIGINAL",
      "PRIMARY",
      "M",
      "FFE",
      "M",
      "FFE"
    ],
    "ImagingFrequency": 127.734,
    "InPlanePhaseEncodingDirectionDICOM": "COL",
    "InstitutionName": "Az.Osp._Udine",
    "InstitutionalDepartmentName": "Radiologia",
    "MRAcquisitionType": "2D",
    "MagneticFieldStrength": 3,
    "Manufacturer": "Philips",
    "ManufacturersModelName": "Achieva",
    "Modality": "MR",
    "PartialFourier": 0.4875,
    "PatientPosition": "HFS",
    "PercentPhaseFOV": 100,
    "PhaseEncodingAxis": "j",
    "PhaseEncodingDirection": "j",
    "PhaseEncodingSteps": 80,
    "PhilipsRescaleIntercept": 0,
    "PhilipsRescaleSlope": 0.797314,
    "PhilipsScaleSlope": 0.00086256,
    "PixelBandwidth": 3608.02,
    "ProtocolName": "SOCIAL_4run",
    "ReconMatrixPE": 80,
    "RepetitionTime": 2,
    "ScanOptions": "FS",
    "ScanningSequence": "GR",
    "SequenceVariant": "SK",
    "SeriesDescription": "SOCIAL_4run",
    "SeriesNumber": 1001,
    "SliceThickness": 3,
    "SliceTiming": [
      0.0,
      0.378378,
      0.702703,
      1.027027,
      1.351351,
      1.675676,
      0.054054,
      0.432432,
      0.756757,
      1.081081,
      1.405405,
      1.72973,
      0.108108,
      0.486486,
      0.810811,
      1.135135,
      1.459459,
      1.783784,
      0.162162,
      0.540541,
      0.864865,
      1.189189,
      1.513514,
      1.837838,
      0.216216,
      0.594595,
      0.918919,
      1.243243,
      1.567568,
      1.891892,
      0.27027,
      0.648649,
      0.972973,
      1.297297,
      1.621622,
      1.945946,
      0.324324
    ],
    "SoftwareVersions": "5.3.1_5.3.1.2",
    "SpacingBetweenSlices": 3,
    "StationName": "PHILIPS-K5NT78B",
    "TaskName": "ANIM",
    "TotalReadoutTime": 0.0219394,
    "UsePhilipsFloatNotDisplayScaling": 1,
    "dataset": "ds003436",
    "modality": "bold",
    "run_id": 4,
    "subject_id": "29",
    "task_id": "anim"
  },
  "dummy_trs": 0,
  "dvars_nstd": 21.092252521700008,
  "dvars_std": 1.0742130126,
  "dvars_vstd": 0.9876454398999998,
  "efc": 0.43329639539496734,
  "fber": 224430.8125,
  "fd_mean": 0.10039914019229355,
  "fd_num": 5,
  "fd_perc": 4.9504950495049505,
  "fwhm_avg": 1.853768888888889,
  "fwhm_x": 1.76192,
  "fwhm_y": 2.03082,
  "fwhm_z": 1.7685666666666666,
  "gcor": 0.00759971,
  "gsr_x": -0.02504253201186657,
  "gsr_y": 0.018950702622532845,
  "provenance": {
    "md5sum": "4c8d9cd8cf993a3626b5ffeb4749dc67",
    "settings": {
      "fd_thres": 0.2,
      "testing": false
    },
    "software": "mriqc",
    "version": "22.0.6",
    "webapi_port": null,
    "webapi_url": "https://mriqc.nimh.nih.gov/api/v1"
  },
  "size_t": 101,
  "size_x": 80,
  "size_y": 80,
  "size_z": 37,
  "snr": 6.246726340583158,
  "spacing_tr": 2.000000476837158,
  "spacing_x": 3.0,
  "spacing_y": 3.0,
  "spacing_z": 3.0,
  "summary_bg_k": 150.1280117186473,
  "summary_bg_mad": 4525.242985677708,
  "summary_bg_mean": 35660.86328125,
  "summary_bg_median": 3317.613525390625,
  "summary_bg_n": 158547.0,
  "summary_bg_p05": 103.14893188476563,
  "summary_bg_p95": 164988.7374999999,
  "summary_bg_stdv": 119559.9375,
  "summary_fg_k": 2.159542943808222,
  "summary_fg_mad": 262305.8763288347,
  "summary_fg_mean": 1722756.75,
  "summary_fg_median": 1701274.875,
  "summary_fg_n": 37181.0,
  "summary_fg_p05": 1341002.625,
  "summary_fg_p95": 2166923.0,
  "summary_fg_stdv": 272342.96875,
  "tsnr": 60.023677825927734
}