{
  "aor": 0.001250891089108911,
  "aqi": 0.005534404851485149,
  "bids_meta": {
    "AcquisitionMatrixPE": 80,
    "AcquisitionNumber": 15,
    "AcquisitionTime": "17:27:40.380000",
    "BodyPartExamined": "BRAIN",
    "CoilString": "SENSE_HEAD_8",
    "ConversionSoftware": "dcm2niix",
    "ConversionSoftwareVersion": "v1.0.20190410  Clang4.0.1",
    "Dcm2bidsVersion": "2.1.4",
    "DeviceSerialNumber": "34072",
    "EchoTime": 0.030001,
    "EchoTrainLength": 39,
    "EffectiveEchoSpacing": 0.0002777,
    "FlipAngle": 82,
    "ImageOrientationPatientDICOM": [
      0.998598,
      0.0015679,
      0.0529059,
      -0.00172982,
      0.999994,
      0.00301483
    ],
    "ImageType": [
      "ORIGINAL",
      "PRIMARY",
      "M",
      "FFE",
      "M",
      "FFE"
    ],
    "ImagingFrequency": 127.734,
    "InPlanePhaseEncodingDirectionDICOM": "COL",
    "InstitutionName": "Az.Osp._Udine",
    "InstitutionalDepartmentName": "Radiologia",
    "MRAcquisitionType": "2D",
    "MagneticFieldStrength": 3,
    "Manufacturer": "Philips",
    "ManufacturersModelName": "Achieva",
    "Modality": "MR",
    "PartialFourier": 0.4875,
    "PatientPosition": "HFS",
    "PercentPhaseFOV": 100,
    "PhaseEncodingAxis": "j",
    "PhaseEncodingDirection": "j",
    "PhaseEncodingSteps": 80,
    "PhilipsRescaleIntercept": 0,
    "PhilipsRescaleSlope": 0.793895,
    "PhilipsScaleSlope": 0.000873723,
    "PixelBandwidth": 3608.02,
    "ProtocolName": "SOCIAL_4run",
    "ReconMatrixPE": 80,
    "RepetitionTime": 2,
    "ScanOptions": "FS",
    "ScanningSequence": "GR",
    "SequenceVariant": "SK",
    "SeriesDescription": "SOCIAL_4run",
    "SeriesNumber": 1501,
    "SliceThickness": 3,
    "SliceTiming": [
      0.0,
      0.378378,
      0.702703,
      1.027027,
      1.351351,
      1.675676,
      0.054054,
      0.432432,
      0.756757,
      1.081081,
      1.405405,
      1.72973,
      0.108108,
      0.486486,
      0.810811,
      1.135135,
      1.459459,
      1.783784,
      0.162162,
      0.540541,
      0.864865,
      1.189189,
      1.513514,
      1.837838,
      0.216216,
      0.594595,
      0.918919,
      1.243243,
      1.567568,
      1.891892,
      0.27027,
      0.648649,
      0.972973,
      1.297297,
      1.621622,
      1.945946,
      0.324324
    ],
    "SoftwareVersions": "5.3.1_5.3.1.2",
    "SpacingBetweenSlices": 3,
    "StationName": "PHILIPS-K5NT78B",
    "TaskName": "ANIM",
    "TotalReadoutTime": 0.0219394,
    "UsePhilipsFloatNotDisplayScaling": 1,
    "dataset": "ds003436",
    "modality": "bold",
    "run_id": 2,
    "subject_id": "32",
    "task_id": "anim"
  },
  "dummy_trs": 0,
  "dvars_nstd": 25.14149480830001,
  "dvars_std": 1.2881891651000001,
  "dvars_vstd": 1.0146058765000003,
  "efc": 0.41377729463279517,
  "fber": 176144.015625,
  "fd_mean": 0.07541375348825832,
  "fd_num": 0,
  "fd_perc": 0.0,
  "fwhm_avg": 1.861559953684104,
  "fwhm_x": 1.7763133333333334,
  "fwhm_y": 2.06,
  "fwhm_z": 1.7483665277189788,
  "gcor": 0.0146428,
  "gsr_x": -0.017455019056797028,
  "gsr_y": 0.010921364650130272,
  "provenance": {
    "md5sum": "c1cfa21e496d0739512ac496e3476ad6",
    "settings": {
      "fd_thres": 0.2,
      "testing": false
    },
    "software": "mriqc",
    "version": "22.0.6",
    "webapi_port": null,
    "webapi_url": "https://mriqc.nimh.nih.gov/api/v1"
  },
  "size_t": 101,
  "size_x": 80,
  "size_y": 80,
  "size_z": 37,
  "snr": 6.690521925708743,
  "spacing_tr": 2.000000476837158,
  "spacing_x": 3.0,
  "spacing_y": 3.0,
  "spacing_z": 3.000000238418579,
  "summary_bg_k": 63.51779341483706,
  "summary_bg_mad": 5434.249852024816,
  "summary_bg_mean": 37030.33984375,
  "summary_bg_median": 3938.28857421875,
  "summary_bg_n": 163754.0,
  "summary_bg_p05": 70.64874992370605,
  "summary_bg_p95": 179382.05625000005,
  "summary_bg_stdv": 111255.75,
  "summary_fg_k": 1.7831313997429312,
  "summary_fg_mad": 255025.1874843083,
  "summary_fg_mean": 1756226.5,
  "summary_fg_median": 1739938.0,
  "summary_fg_n": 33381.0,
  "summary_fg_p05": 1390453.5,
  "summary_fg_p95": 2178094.75,
  "summary_fg_stdv": 260056.234375,
  "tsnr": 77.14202117919922
}