{
  "aor": 0.0016472277227722772,
  "aqi": 0.0060547781188118825,
  "bids_meta": {
    "AcquisitionMatrixPE": 80,
    "AcquisitionNumber": 12,
    "AcquisitionTime": "17:50:43.600000",
    "BodyPartExamined": "BRAIN",
    "CoilString": "SENSE_HEAD_8",
    "ConversionSoftware": "dcm2niix",
    "ConversionSoftwareVersion": "v1.0.20190410  Clang4.0.1",
    "Dcm2bidsVersion": "2.1.4",
    "DeviceSerialNumber": "34072",
    "EchoTime": 0.030001,
    "EchoTrainLength": 39,
    "EffectiveEchoSpacing": 0.0002777,
    "FlipAngle": 82,
    "ImageOrientationPatientDICOM": [
      0.999956,
      0.0084722,
      0.00403203,
      -0.00848067,
      0.999962,
      0.00208952
    ],
    "ImageType": [
      "ORIGINAL",
      "PRIMARY",
      "M",
      "FFE",
      "M",
      "FFE"
    ],
    "ImagingFrequency": 127.735,
    "InPlanePhaseEncodingDirectionDICOM": "COL",
    "InstitutionName": "Az.Osp._Udine",
    "InstitutionalDepartmentName": "Radiologia",
    "MRAcquisitionType": "2D",
    "MagneticFieldStrength": 3,
    "Manufacturer": "Philips",
    "ManufacturersModelName": "Achieva",
    "Modality": "MR",
    "PartialFourier": 0.4875,
    "PatientPosition": "HFS",
    "PercentPhaseFOV": 100,
    "PhaseEncodingAxis": "j",
    "PhaseEncodingDirection": "j",
    "PhaseEncodingSteps": 80,
    "PhilipsRescaleIntercept": 0,
    "PhilipsRescaleSlope": 0.747253,
    "PhilipsScaleSlope": 0.000553785,
    "PixelBandwidth": 3608.02,
    "ProtocolName": "SOCIAL_4run",
    "ReconMatrixPE": 80,
    "RepetitionTime": 2,
    "ScanOptions": "FS",
    "ScanningSequence": "GR",
    "SequenceVariant": "SK",
    "SeriesDescription": "SOCIAL_4run",
    "SeriesNumber": 1201,
    "SliceThickness": 3,
    "SliceTiming": [
      0.0,
      0.378378,
      0.702703,
      1.027027,
      1.351351,
      1.675676,
      0.054054,
      0.432432,
      0.756757,
      1.081081,
      1.405405,
      1.72973,
      0.108108,
      0.486486,
      0.810811,
      1.135135,
      1.459459,
      1.783784,
      0.162162,
      0.540541,
      0.864865,
      1.189189,
      1.513514,
      1.837838,
      0.216216,
      0.594595,
      0.918919,
      1.243243,
      1.567568,
      1.891892,
      0.27027,
      0.648649,
      0.972973,
      1.297297,
      1.621622,
      1.945946,
      0.324324
    ],
    "SoftwareVersions": "5.3.1_5.3.1.1",
    "SpacingBetweenSlices": 3,
    "StationName": "PHILIPS-K5NT78B",
    "TaskName": "ANIM",
    "TotalReadoutTime": 0.0219394,
    "UsePhilipsFloatNotDisplayScaling": 1,
    "dataset": "ds003436",
    "modality": "bold",
    "run_id": 3,
    "subject_id": "05",
    "task_id": "anim"
  },
  "dummy_trs": 0,
  "dvars_nstd": 21.830401935699996,
  "dvars_std": 1.10042211,
  "dvars_vstd": 1.0225461033,
  "efc": 0.43522639658258483,
  "fber": 127626.3046875,
  "fd_mean": 0.08559648118957065,
  "fd_num": 4,
  "fd_perc": 3.9603960396039604,
  "fwhm_avg": 1.7902755555555556,
  "fwhm_x": 1.7109433333333335,
  "fwhm_y": 1.9853566666666669,
  "fwhm_z": 1.6745266666666667,
  "gcor": 0.0289544,
  "gsr_x": -0.0070676179602742195,
  "gsr_y": 0.012354262173175812,
  "provenance": {
    "md5sum": "0dcf876afd455d6f75ff4729511e7481",
    "settings": {
      "fd_thres": 0.2,
      "testing": false
    },
    "software": "mriqc",
    "version": "22.0.6",
    "webapi_port": null,
    "webapi_url": "https://mriqc.nimh.nih.gov/api/v1"
  },
  "size_t": 101,
  "size_x": 80,
  "size_y": 80,
  "size_z": 37,
  "snr": 6.255736183755897,
  "spacing_tr": 2.000000476837158,
  "spacing_x": 3.0,
  "spacing_y": 3.0,
  "spacing_z": 3.0,
  "summary_bg_k": 63.27811955661939,
  "summary_bg_mad": 9213.181837829348,
  "summary_bg_mean": 59421.46484375,
  "summary_bg_median": 6625.42822265625,
  "summary_bg_n": 159069.0,
  "summary_bg_p05": 133.4724822998047,
  "summary_bg_p95": 272266.00625000003,
  "summary_bg_stdv": 171505.609375,
  "summary_fg_k": 2.693538570684808,
  "summary_fg_mad": 380295.62335888867,
  "summary_fg_mean": 2621769.75,
  "summary_fg_median": 2599950.75,
  "summary_fg_n": 37013.0,
  "summary_fg_p05": 2025066.8,
  "summary_fg_p95": 3270821.6,
  "summary_fg_stdv": 415605.0625,
  "tsnr": 67.0781478881836
}