{
  "bids_meta": {
    "AcquisitionMatrixPE": 240,
    "AcquisitionNumber": 2,
    "AcquisitionTime": "15:36:13.770000",
    "BodyPartExamined": "BRAIN",
    "CoilString": "SENSE_HEAD_8",
    "ConversionSoftware": "dcm2niix",
    "ConversionSoftwareVersion": "v1.0.20181125  Clang9.0.0",
    "Dcm2bidsVersion": "2.1.4",
    "DeviceSerialNumber": "34072",
    "EchoTime": 0.003763,
    "EchoTrainLength": 240,
    "FlipAngle": 12,
    "ImageOrientationPatientDICOM": [
      -0.0995695,
      0.995019,
      -0.00474802,
      0.0364711,
      -0.00111903,
      -0.999334
    ],
    "ImageType": [
      "ORIGINAL",
      "PRIMARY",
      "M",
      "FFE",
      "M",
      "FFE"
    ],
    "ImagingFrequency": 127.734,
    "InPlanePhaseEncodingDirectionDICOM": "ROW",
    "InstitutionName": "Az.Osp._Udine",
    "InstitutionalDepartmentName": "Radiologia",
    "MRAcquisitionType": "3D",
    "MagneticFieldStrength": 3,
    "Manufacturer": "Philips",
    "ManufacturersModelName": "Achieva",
    "Modality": "MR",
    "PatientPosition": "HFS",
    "PercentPhaseFOV": 100,
    "PhaseEncodingSteps": 240,
    "PhilipsRescaleIntercept": 0,
    "PhilipsRescaleSlope": 2.5177,
    "PhilipsScaleSlope": 0.000369795,
    "PixelBandwidth": 191.38,
    "ProtocolName": "T1W_3D_VBM",
    "ReconMatrixPE": 256,
    "RepetitionTime": 0.0082153,
    "ScanOptions": "OTHER",
    "ScanningSequence": "GR",
    "SequenceVariant": "MP",
    "SeriesDescription": "T1W_3D_VBM",
    "SeriesNumber": 201,
    "SliceThickness": 1,
    "SoftwareVersions": "5.3.1_5.3.1.2",
    "SpacingBetweenSlices": 1,
    "StationName": "PHILIPS-K5NT78B",
    "UsePhilipsFloatNotDisplayScaling": 1,
    "dataset": "ds003436",
    "modality": "T1w",
    "subject_id": "33"
  },
  "cjv": 0.33687179553804947,
  "cnr": 3.9981914143270854,
  "efc": 0.48674667881542827,
  "fber": -1.0,
  "fwhm_avg": 4.201750666666666,
  "fwhm_x": 4.09754,
  "fwhm_y": 4.491978666666666,
  "fwhm_z": 4.015733333333333,
  "icvs_csf": 0.19253335016963172,
  "icvs_gm": 0.4561991835055375,
  "icvs_wm": 0.3512674663248308,
  "inu_med": 0.2854989469051361,
  "inu_range": 0.07548815160989761,
  "provenance": {
    "md5sum": "db46f4ea13cf809b5eee2a9f5ffcfda4",
    "settings": {
      "testing": false
    },
    "software": "mriqc",
    "version": "22.0.6",
    "warnings": {
      "large_rot_frame": true,
      "small_air_mask": false
    },
    "webapi_port": null,
    "webapi_url": "https://mriqc.nimh.nih.gov/api/v1"
  },
  "qi_1": 0.06552061407307273,
  "qi_2": 5.215522678010438e-06,
  "rpve_csf": 29.74331253624278,
  "rpve_gm": 13.584887785839577,
  "rpve_wm": 19.60815806900557,
  "size_x": 170,
  "size_y": 256,
  "size_z": 256,
  "snr_csf": 3.1074563331106306,
  "snr_gm": 16.104460389191686,
  "snr_total": 17.49623055808873,
  "snr_wm": 33.276774951963866,
  "snrd_csf": 71.78573845257186,
  "snrd_gm": 148.4090585187401,
  "snrd_total": 137.3834554855277,
  "snrd_wm": 191.95556948527113,
  "spacing_x": 1.0,
  "spacing_y": 0.9375,
  "spacing_z": 0.9375,
  "summary_bg_k": 74.43016597009142,
  "summary_bg_mad": 0.0,
  "summary_bg_mean": 0.9557693746131057,
  "summary_bg_median": 0.0,
  "summary_bg_n": 1389187.0,
  "summary_bg_p05": 0.0,
  "summary_bg_p95": 4.764573993161321,
  "summary_bg_stdv": 3.413105701639482,
  "summary_csf_k": 0.7947728379697963,
  "summary_csf_mad": 92.45487493412664,
  "summary_csf_mean": 367.3857661396554,
  "summary_csf_median": 373.98671972565353,
  "summary_csf_n": 29978.0,
  "summary_csf_p05": 131.95067270472646,
  "summary_csf_p95": 562.4234652393496,
  "summary_csf_stdv": 120.34939252484125,
  "summary_gm_k": 0.08954089082330396,
  "summary_gm_mad": 47.40210182448048,
  "summary_gm_mean": 774.1686824440627,
  "summary_gm_median": 773.1760955508798,
  "summary_gm_n": 47596.0,
  "summary_gm_p05": 697.2016215603799,
  "summary_gm_p95": 854.7397813410498,
  "summary_gm_stdv": 48.009554778186306,
  "summary_wm_k": 0.3006677189550584,
  "summary_wm_mad": 29.02299963359965,
  "summary_wm_mean": 1000.0666168242794,
  "summary_wm_median": 1000.043118763715,
  "summary_wm_n": 174350.0,
  "summary_wm_p05": 951.0391518566757,
  "summary_wm_p95": 1049.866333687678,
  "summary_wm_stdv": 30.052198636582798,
  "tpm_overlap_csf": 0.14464167123350813,
  "tpm_overlap_gm": 0.48494284312195085,
  "tpm_overlap_wm": 0.521558979578858,
  "wm2max": 0.835919338271071
}