{
  "aor": 0.0016448514851485146,
  "aqi": 0.005969669801980198,
  "bids_meta": {
    "AcquisitionMatrixPE": 80,
    "AcquisitionNumber": 17,
    "AcquisitionTime": "16:07:21.190000",
    "BodyPartExamined": "BRAIN",
    "CoilString": "SENSE_HEAD_8",
    "ConversionSoftware": "dcm2niix",
    "ConversionSoftwareVersion": "v1.0.20181125  Clang9.0.0",
    "Dcm2bidsVersion": "2.1.4",
    "DeviceSerialNumber": "34072",
    "EchoTime": 0.030001,
    "EchoTrainLength": 39,
    "EffectiveEchoSpacing": 0.0002777,
    "FlipAngle": 82,
    "ImageOrientationPatientDICOM": [
      0.999904,
      0.0102815,
      -0.00933956,
      -0.0102612,
      0.999945,
      0.00221465
    ],
    "ImageType": [
      "ORIGINAL",
      "PRIMARY",
      "M",
      "FFE",
      "M",
      "FFE"
    ],
    "ImagingFrequency": 127.733,
    "InPlanePhaseEncodingDirectionDICOM": "COL",
    "InstitutionName": "Az.Osp._Udine",
    "InstitutionalDepartmentName": "Radiologia",
    "MRAcquisitionType": "2D",
    "MagneticFieldStrength": 3,
    "Manufacturer": "Philips",
    "ManufacturersModelName": "Achieva",
    "Modality": "MR",
    "PartialFourier": 0.4875,
    "PatientPosition": "HFS",
    "PercentPhaseFOV": 100,
    "PhaseEncodingAxis": "j",
    "PhaseEncodingDirection": "j",
    "PhaseEncodingSteps": 80,
    "PhilipsRescaleIntercept": 0,
    "PhilipsRescaleSlope": 0.820757,
    "PhilipsScaleSlope": 0.000787178,
    "PixelBandwidth": 3595.57,
    "ProtocolName": "SOCIAL_4run",
    "ReconMatrixPE": 80,
    "RepetitionTime": 2,
    "ScanOptions": "FS",
    "ScanningSequence": "GR",
    "SequenceVariant": "SK",
    "SeriesDescription": "SOCIAL_4run",
    "SeriesNumber": 1701,
    "SliceThickness": 3,
    "SliceTiming": [
      0.0,
      0.378378,
      0.702703,
      1.027027,
      1.351351,
      1.675676,
      0.054054,
      0.432432,
      0.756757,
      1.081081,
      1.405405,
      1.72973,
      0.108108,
      0.486486,
      0.810811,
      1.135135,
      1.459459,
      1.783784,
      0.162162,
      0.540541,
      0.864865,
      1.189189,
      1.513514,
      1.837838,
      0.216216,
      0.594595,
      0.918919,
      1.243243,
      1.567568,
      1.891892,
      0.27027,
      0.648649,
      0.972973,
      1.297297,
      1.621622,
      1.945946,
      0.324324
    ],
    "SoftwareVersions": "5.3.1_5.3.1.2",
    "SpacingBetweenSlices": 3,
    "StationName": "PHILIPS-K5NT78B",
    "TaskName": "ANIM",
    "TotalReadoutTime": 0.0219394,
    "UsePhilipsFloatNotDisplayScaling": 1,
    "dataset": "ds003436",
    "modality": "bold",
    "run_id": 1,
    "subject_id": "34",
    "task_id": "anim"
  },
  "dummy_trs": 0,
  "dvars_nstd": 24.063190936799998,
  "dvars_std": 1.2354558046000002,
  "dvars_vstd": 1.0212898739000005,
  "efc": 0.4229384047758722,
  "fber": 125226.5703125,
  "fd_mean": 0.06720514183471,
  "fd_num": 3,
  "fd_perc": 2.9702970297029703,
  "fwhm_avg": 1.9247144744269835,
  "fwhm_x": 1.8672718579334098,
  "fwhm_y": 2.0832182320142074,
  "fwhm_z": 1.8236533333333333,
  "gcor": 0.0442541,
  "gsr_x": -0.010540436953306198,
  "gsr_y": 0.008261756971478462,
  "provenance": {
    "md5sum": "958cbf990b1fa24bb8efd84ac46513ea",
    "settings": {
      "fd_thres": 0.2,
      "testing": false
    },
    "software": "mriqc",
    "version": "22.0.6",
    "webapi_port": null,
    "webapi_url": "https://mriqc.nimh.nih.gov/api/v1"
  },
  "size_t": 101,
  "size_x": 80,
  "size_y": 80,
  "size_z": 37,
  "snr": 6.3990693193155295,
  "spacing_tr": 2.000000476837158,
  "spacing_x": 2.987454652786255,
  "spacing_y": 2.987454652786255,
  "spacing_z": 3.0,
  "summary_bg_k": 76.70004471645272,
  "summary_bg_mad": 7261.618778475455,
  "summary_bg_mean": 40809.83984375,
  "summary_bg_median": 5257.0263671875,
  "summary_bg_n": 161168.0,
  "summary_bg_p05": 120.24200935363771,
  "summary_bg_p95": 187458.42109374996,
  "summary_bg_stdv": 113161.2890625,
  "summary_fg_k": 1.3711108105385055,
  "summary_fg_mad": 300271.9832897715,
  "summary_fg_mean": 2033713.0,
  "summary_fg_median": 2008986.625,
  "summary_fg_n": 34869.0,
  "summary_fg_p05": 1585157.2,
  "summary_fg_p95": 2565279.1999999997,
  "summary_fg_stdv": 313945.3125,
  "tsnr": 70.9908447265625
}