{
  "aor": 0.0010629702970297032,
  "aqi": 0.005269639108910892,
  "bids_meta": {
    "AcquisitionMatrixPE": 80,
    "AcquisitionNumber": 14,
    "AcquisitionTime": "15:54:35.510000",
    "BodyPartExamined": "BRAIN",
    "CoilString": "SENSE_HEAD_8",
    "ConversionSoftware": "dcm2niix",
    "ConversionSoftwareVersion": "v1.0.20181125  Clang9.0.0",
    "Dcm2bidsVersion": "2.1.4",
    "DeviceSerialNumber": "34072",
    "EchoTime": 0.030001,
    "EchoTrainLength": 39,
    "EffectiveEchoSpacing": 0.0002777,
    "FlipAngle": 82,
    "ImageOrientationPatientDICOM": [
      0.999904,
      0.0102815,
      -0.00933956,
      -0.0102612,
      0.999945,
      0.00221465
    ],
    "ImageType": [
      "ORIGINAL",
      "PRIMARY",
      "M",
      "FFE",
      "M",
      "FFE"
    ],
    "ImagingFrequency": 127.733,
    "InPlanePhaseEncodingDirectionDICOM": "COL",
    "InstitutionName": "Az.Osp._Udine",
    "InstitutionalDepartmentName": "Radiologia",
    "MRAcquisitionType": "2D",
    "MagneticFieldStrength": 3,
    "Manufacturer": "Philips",
    "ManufacturersModelName": "Achieva",
    "Modality": "MR",
    "PartialFourier": 0.4875,
    "PatientPosition": "HFS",
    "PercentPhaseFOV": 100,
    "PhaseEncodingAxis": "j",
    "PhaseEncodingDirection": "j",
    "PhaseEncodingSteps": 80,
    "PhilipsRescaleIntercept": 0,
    "PhilipsRescaleSlope": 0.822466,
    "PhilipsScaleSlope": 0.00077052,
    "PixelBandwidth": 3595.57,
    "ProtocolName": "SOCIAL_4run",
    "ReconMatrixPE": 80,
    "RepetitionTime": 2,
    "ScanOptions": "FS",
    "ScanningSequence": "GR",
    "SequenceVariant": "SK",
    "SeriesDescription": "SOCIAL_4run",
    "SeriesNumber": 1401,
    "SliceThickness": 3,
    "SliceTiming": [
      0.0,
      0.378378,
      0.702703,
      1.027027,
      1.351351,
      1.675676,
      0.054054,
      0.432432,
      0.756757,
      1.081081,
      1.405405,
      1.72973,
      0.108108,
      0.486486,
      0.810811,
      1.135135,
      1.459459,
      1.783784,
      0.162162,
      0.540541,
      0.864865,
      1.189189,
      1.513514,
      1.837838,
      0.216216,
      0.594595,
      0.918919,
      1.243243,
      1.567568,
      1.891892,
      0.27027,
      0.648649,
      0.972973,
      1.297297,
      1.621622,
      1.945946,
      0.324324
    ],
    "SoftwareVersions": "5.3.1_5.3.1.2",
    "SpacingBetweenSlices": 3,
    "StationName": "PHILIPS-K5NT78B",
    "TaskName": "ANIM",
    "TotalReadoutTime": 0.0219394,
    "UsePhilipsFloatNotDisplayScaling": 1,
    "dataset": "ds003436",
    "modality": "bold",
    "run_id": 2,
    "subject_id": "34",
    "task_id": "anim"
  },
  "dummy_trs": 0,
  "dvars_nstd": 24.281598720599995,
  "dvars_std": 1.2363253367000002,
  "dvars_vstd": 1.0106880031999999,
  "efc": 0.4226224205461423,
  "fber": 124865.3125,
  "fd_mean": 0.0595596488012112,
  "fd_num": 0,
  "fd_perc": 0.0,
  "fwhm_avg": 1.9130661481426563,
  "fwhm_x": 1.8592282211948277,
  "fwhm_y": 2.0701435565664745,
  "fwhm_z": 1.8098266666666667,
  "gcor": 0.0202923,
  "gsr_x": -0.010342276655137539,
  "gsr_y": 0.00843286793678999,
  "provenance": {
    "md5sum": "a4594135cbdd179e104c5a35bc478da2",
    "settings": {
      "fd_thres": 0.2,
      "testing": false
    },
    "software": "mriqc",
    "version": "22.0.6",
    "webapi_port": null,
    "webapi_url": "https://mriqc.nimh.nih.gov/api/v1"
  },
  "size_t": 101,
  "size_x": 80,
  "size_y": 80,
  "size_z": 37,
  "snr": 6.3791057980396735,
  "spacing_tr": 2.000000476837158,
  "spacing_x": 2.987454652786255,
  "spacing_y": 2.987454652786255,
  "spacing_z": 3.0,
  "summary_bg_k": 76.1418372168152,
  "summary_bg_mad": 7292.698745963088,
  "summary_bg_mean": 40577.984375,
  "summary_bg_median": 5250.171875,
  "summary_bg_n": 161154.0,
  "summary_bg_p05": 92.80982704162598,
  "summary_bg_p95": 187918.54218750005,
  "summary_bg_stdv": 112067.3203125,
  "summary_fg_k": 1.3969349532286994,
  "summary_fg_mad": 301932.4977744978,
  "summary_fg_mean": 2036058.5,
  "summary_fg_median": 2011992.625,
  "summary_fg_n": 34887.0,
  "summary_fg_p05": 1587520.1125,
  "summary_fg_p95": 2568350.6249999995,
  "summary_fg_stdv": 315399.03125,
  "tsnr": 76.14176940917969
}