{
  "bids_meta": {
    "AcquisitionMatrixPE": 240,
    "AcquisitionNumber": 2,
    "AcquisitionTime": "15:11:37.080000",
    "BodyPartExamined": "BRAIN",
    "CoilString": "SENSE_HEAD_8",
    "ConversionSoftware": "dcm2niix",
    "ConversionSoftwareVersion": "v1.0.20190410  Clang4.0.1",
    "Dcm2bidsVersion": "2.1.4",
    "DeviceSerialNumber": "34072",
    "EchoTime": 0.003691,
    "EchoTrainLength": 240,
    "FlipAngle": 12,
    "ImageOrientationPatientDICOM": [
      -0.00474246,
      0.999978,
      0.00462547,
      -0.00115919,
      0.00462002,
      -0.999989
    ],
    "ImageType": [
      "ORIGINAL",
      "PRIMARY",
      "M",
      "FFE",
      "M",
      "FFE"
    ],
    "ImagingFrequency": 127.735,
    "InPlanePhaseEncodingDirectionDICOM": "ROW",
    "InstitutionName": "Az.Osp._Udine",
    "InstitutionalDepartmentName": "Radiologia",
    "MRAcquisitionType": "3D",
    "MagneticFieldStrength": 3,
    "Manufacturer": "Philips",
    "ManufacturersModelName": "Achieva",
    "Modality": "MR",
    "PatientPosition": "HFS",
    "PercentPhaseFOV": 100,
    "PhaseEncodingSteps": 240,
    "PhilipsRescaleIntercept": 0,
    "PhilipsRescaleSlope": 3.3431,
    "PhilipsScaleSlope": 0.000152574,
    "PixelBandwidth": 191.38,
    "ProtocolName": "T1W_3D_VBM",
    "ReconMatrixPE": 256,
    "RepetitionTime": 0.0080602,
    "ScanOptions": "OTHER",
    "ScanningSequence": "GR",
    "SequenceVariant": "MP",
    "SeriesDescription": "T1W_3D_VBM",
    "SeriesNumber": 201,
    "SliceThickness": 1,
    "SoftwareVersions": "5.3.1_5.3.1.2",
    "SpacingBetweenSlices": 1,
    "StationName": "PHILIPS-K5NT78B",
    "UsePhilipsFloatNotDisplayScaling": 1,
    "dataset": "ds003436",
    "modality": "T1w",
    "subject_id": "06"
  },
  "cjv": 0.3554867777831182,
  "cnr": 3.80509110222442,
  "efc": 0.6148295187008738,
  "fber": -1.0,
  "fwhm_avg": 4.027372562707041,
  "fwhm_x": 3.94152,
  "fwhm_y": 4.360971576930734,
  "fwhm_z": 3.7796261111903893,
  "icvs_csf": 0.17554504707802354,
  "icvs_gm": 0.44779832478089987,
  "icvs_wm": 0.3766566281410766,
  "inu_med": 0.28878074884414673,
  "inu_range": 0.06575503498315804,
  "provenance": {
    "md5sum": "0b948b863477d5c7b44583b804302757",
    "settings": {
      "testing": false
    },
    "software": "mriqc",
    "version": "22.0.6",
    "warnings": {
      "large_rot_frame": true,
      "small_air_mask": false
    },
    "webapi_port": null,
    "webapi_url": "https://mriqc.nimh.nih.gov/api/v1"
  },
  "qi_1": 0.0005840595788139375,
  "qi_2": 6.175450520683407e-07,
  "rpve_csf": 22.26551645655795,
  "rpve_gm": 9.593165493457292,
  "rpve_wm": 12.7072474478021,
  "size_x": 170,
  "size_y": 256,
  "size_z": 256,
  "snr_csf": 2.347096692239269,
  "snr_gm": 16.284391618775363,
  "snr_total": 14.94491708472619,
  "snr_wm": 26.203262943163942,
  "snrd_csf": 24.897773172960644,
  "snrd_gm": 56.32432464971285,
  "snrd_total": 51.55627404381545,
  "snrd_wm": 73.44672430877287,
  "spacing_x": 1.0,
  "spacing_y": 0.9368783831596375,
  "spacing_z": 0.9368783831596375,
  "summary_bg_k": 225.97030555496437,
  "summary_bg_mad": 0.0,
  "summary_bg_mean": 3.5354516976777224,
  "summary_bg_median": 0.0,
  "summary_bg_n": 1692524.0,
  "summary_bg_p05": 0.0,
  "summary_bg_p95": 19.09714469499886,
  "summary_bg_stdv": 8.919885569513106,
  "summary_csf_k": -0.006100419592789841,
  "summary_csf_mad": 122.86667641862063,
  "summary_csf_mean": 318.15267099575095,
  "summary_csf_median": 338.99091492779553,
  "summary_csf_n": 38793.0,
  "summary_csf_p05": 60.5222372431308,
  "summary_csf_p95": 537.8623394630849,
  "summary_csf_stdv": 144.4280275255028,
  "summary_gm_k": 0.14994333193317289,
  "summary_gm_mad": 45.99708420264516,
  "summary_gm_mean": 766.4820719329159,
  "summary_gm_median": 766.8731742817909,
  "summary_gm_n": 55501.0,
  "summary_gm_p05": 688.205330260098,
  "summary_gm_p95": 843.4166545830667,
  "summary_gm_stdv": 47.09210411788697,
  "summary_wm_k": 0.3697402457583876,
  "summary_wm_mad": 36.876407021236204,
  "summary_wm_mean": 1000.2500448202499,
  "summary_wm_median": 999.9999638088048,
  "summary_wm_n": 279166.0,
  "summary_wm_p05": 938.0614840853959,
  "summary_wm_p95": 1062.7129511386156,
  "summary_wm_stdv": 38.16311636177729,
  "tpm_overlap_csf": 0.13574050894676726,
  "tpm_overlap_gm": 0.46420482089387544,
  "tpm_overlap_wm": 0.5008784937742042,
  "wm2max": 0.8351660537064074
}