{
  "aor": 0.002362772277227723,
  "aqi": 0.007230744356435645,
  "bids_meta": {
    "AcquisitionMatrixPE": 80,
    "AcquisitionNumber": 21,
    "AcquisitionTime": "16:34:55.040000",
    "BodyPartExamined": "BRAIN",
    "CoilString": "SENSE_HEAD_8",
    "ConversionSoftware": "dcm2niix",
    "ConversionSoftwareVersion": "v1.0.20181125  Clang9.0.0",
    "Dcm2bidsVersion": "2.1.4",
    "DeviceSerialNumber": "34072",
    "EchoTime": 0.030001,
    "EchoTrainLength": 39,
    "EffectiveEchoSpacing": 0.0002777,
    "FlipAngle": 82,
    "ImageOrientationPatientDICOM": [
      0.999604,
      0.0040415,
      0.0278468,
      -0.0041186,
      0.999988,
      0.00271174
    ],
    "ImageType": [
      "ORIGINAL",
      "PRIMARY",
      "M",
      "FFE",
      "M",
      "FFE"
    ],
    "ImagingFrequency": 127.733,
    "InPlanePhaseEncodingDirectionDICOM": "COL",
    "InstitutionName": "Az.Osp._Udine",
    "InstitutionalDepartmentName": "Radiologia",
    "MRAcquisitionType": "2D",
    "MagneticFieldStrength": 3,
    "Manufacturer": "Philips",
    "ManufacturersModelName": "Achieva",
    "Modality": "MR",
    "PartialFourier": 0.4875,
    "PatientPosition": "HFS",
    "PercentPhaseFOV": 100,
    "PhaseEncodingAxis": "j",
    "PhaseEncodingDirection": "j",
    "PhaseEncodingSteps": 80,
    "PhilipsRescaleIntercept": 0,
    "PhilipsRescaleSlope": 0.781441,
    "PhilipsScaleSlope": 0.000912543,
    "PixelBandwidth": 3608.02,
    "ProtocolName": "SOCIAL_4run",
    "ReconMatrixPE": 80,
    "RepetitionTime": 2,
    "ScanOptions": "FS",
    "ScanningSequence": "GR",
    "SequenceVariant": "SK",
    "SeriesDescription": "SOCIAL_4run",
    "SeriesNumber": 2101,
    "SliceThickness": 3,
    "SliceTiming": [
      0.0,
      0.378378,
      0.702703,
      1.027027,
      1.351351,
      1.675676,
      0.054054,
      0.432432,
      0.756757,
      1.081081,
      1.405405,
      1.72973,
      0.108108,
      0.486486,
      0.810811,
      1.135135,
      1.459459,
      1.783784,
      0.162162,
      0.540541,
      0.864865,
      1.189189,
      1.513514,
      1.837838,
      0.216216,
      0.594595,
      0.918919,
      1.243243,
      1.567568,
      1.891892,
      0.27027,
      0.648649,
      0.972973,
      1.297297,
      1.621622,
      1.945946,
      0.324324
    ],
    "SoftwareVersions": "5.3.1_5.3.1.2",
    "SpacingBetweenSlices": 3,
    "StationName": "PHILIPS-K5NT78B",
    "TaskName": "ANIM",
    "TotalReadoutTime": 0.0219394,
    "UsePhilipsFloatNotDisplayScaling": 1,
    "dataset": "ds003436",
    "modality": "bold",
    "run_id": 4,
    "subject_id": "37",
    "task_id": "anim"
  },
  "dummy_trs": 0,
  "dvars_nstd": 26.04505331030002,
  "dvars_std": 1.1268669499000001,
  "dvars_vstd": 1.0249115535999997,
  "efc": 0.47396819565586995,
  "fber": 88029.3125,
  "fd_mean": 0.09516210210925412,
  "fd_num": 7,
  "fd_perc": 6.930693069306931,
  "fwhm_avg": 1.8000600000000002,
  "fwhm_x": 1.74139,
  "fwhm_y": 1.9923833333333334,
  "fwhm_z": 1.6664066666666668,
  "gcor": 0.0245711,
  "gsr_x": -0.011481493711471558,
  "gsr_y": 0.021280743181705475,
  "provenance": {
    "md5sum": "85c16586246a1417b5bb39d66e517187",
    "settings": {
      "fd_thres": 0.2,
      "testing": false
    },
    "software": "mriqc",
    "version": "22.0.6",
    "webapi_port": null,
    "webapi_url": "https://mriqc.nimh.nih.gov/api/v1"
  },
  "size_t": 101,
  "size_x": 80,
  "size_y": 80,
  "size_z": 37,
  "snr": 6.213343657415965,
  "spacing_tr": 2.000000476837158,
  "spacing_x": 3.0,
  "spacing_y": 3.0,
  "spacing_z": 3.0,
  "summary_bg_k": 28.324514136790658,
  "summary_bg_mad": 7565.427830961981,
  "summary_bg_mean": 63853.80859375,
  "summary_bg_median": 5262.37060546875,
  "summary_bg_n": 154565.0,
  "summary_bg_p05": 69.52433471679687,
  "summary_bg_p95": 359299.2062499994,
  "summary_bg_stdv": 153927.765625,
  "summary_fg_k": 2.433287712656046,
  "summary_fg_mad": 251673.39451882176,
  "summary_fg_mean": 1684979.875,
  "summary_fg_median": 1667831.875,
  "summary_fg_n": 40599.0,
  "summary_fg_p05": 1304433.825,
  "summary_fg_p95": 2107396.0749999997,
  "summary_fg_stdv": 268424.125,
  "tsnr": 60.66868591308594
}