{
  "aor": 0.0010473267326732677,
  "aqi": 0.006351573663366337,
  "bids_meta": {
    "AcquisitionMatrixPE": 80,
    "AcquisitionNumber": 10,
    "AcquisitionTime": "17:42:10.340000",
    "BodyPartExamined": "BRAIN",
    "CoilString": "SENSE_HEAD_8",
    "ConversionSoftware": "dcm2niix",
    "ConversionSoftwareVersion": "v1.0.20190410  Clang4.0.1",
    "Dcm2bidsVersion": "2.1.4",
    "DeviceSerialNumber": "34072",
    "EchoTime": 0.030001,
    "EchoTrainLength": 39,
    "EffectiveEchoSpacing": 0.0002777,
    "FlipAngle": 82,
    "ImageOrientationPatientDICOM": [
      0.999956,
      0.0084722,
      0.00403203,
      -0.00848067,
      0.999962,
      0.00208952
    ],
    "ImageType": [
      "ORIGINAL",
      "PRIMARY",
      "M",
      "FFE",
      "M",
      "FFE"
    ],
    "ImagingFrequency": 127.735,
    "InPlanePhaseEncodingDirectionDICOM": "COL",
    "InstitutionName": "Az.Osp._Udine",
    "InstitutionalDepartmentName": "Radiologia",
    "MRAcquisitionType": "2D",
    "MagneticFieldStrength": 3,
    "Manufacturer": "Philips",
    "ManufacturersModelName": "Achieva",
    "Modality": "MR",
    "PartialFourier": 0.4875,
    "PatientPosition": "HFS",
    "PercentPhaseFOV": 100,
    "PhaseEncodingAxis": "j",
    "PhaseEncodingDirection": "j",
    "PhaseEncodingSteps": 80,
    "PhilipsRescaleIntercept": 0,
    "PhilipsRescaleSlope": 0.745788,
    "PhilipsScaleSlope": 0.00145396,
    "PixelBandwidth": 3608.02,
    "ProtocolName": "SOCIAL_4run",
    "ReconMatrixPE": 80,
    "RepetitionTime": 2,
    "ScanOptions": "FS",
    "ScanningSequence": "GR",
    "SequenceVariant": "SK",
    "SeriesDescription": "SOCIAL_4run",
    "SeriesNumber": 1001,
    "SliceThickness": 3,
    "SliceTiming": [
      0.0,
      0.378378,
      0.702703,
      1.027027,
      1.351351,
      1.675676,
      0.054054,
      0.432432,
      0.756757,
      1.081081,
      1.405405,
      1.72973,
      0.108108,
      0.486486,
      0.810811,
      1.135135,
      1.459459,
      1.783784,
      0.162162,
      0.540541,
      0.864865,
      1.189189,
      1.513514,
      1.837838,
      0.216216,
      0.594595,
      0.918919,
      1.243243,
      1.567568,
      1.891892,
      0.27027,
      0.648649,
      0.972973,
      1.297297,
      1.621622,
      1.945946,
      0.324324
    ],
    "SoftwareVersions": "5.3.1_5.3.1.1",
    "SpacingBetweenSlices": 3,
    "StationName": "PHILIPS-K5NT78B",
    "TaskName": "ANIM",
    "TotalReadoutTime": 0.0219394,
    "UsePhilipsFloatNotDisplayScaling": 1,
    "dataset": "ds003436",
    "modality": "bold",
    "run_id": 4,
    "subject_id": "05",
    "task_id": "anim"
  },
  "dummy_trs": 0,
  "dvars_nstd": 22.36535417570001,
  "dvars_std": 1.0956542486999998,
  "dvars_vstd": 1.0122619061,
  "efc": 0.43465884933701276,
  "fber": 138496.4375,
  "fd_mean": 0.10904409329528429,
  "fd_num": 9,
  "fd_perc": 8.910891089108912,
  "fwhm_avg": 1.7862200000000001,
  "fwhm_x": 1.7111,
  "fwhm_y": 1.98109,
  "fwhm_z": 1.6664700000000001,
  "gcor": 0.0239032,
  "gsr_x": -0.007096026558429003,
  "gsr_y": 0.012485630810260773,
  "provenance": {
    "md5sum": "b70d2fce62c6b0711e543a08af6b823d",
    "settings": {
      "fd_thres": 0.2,
      "testing": false
    },
    "software": "mriqc",
    "version": "22.0.6",
    "webapi_port": null,
    "webapi_url": "https://mriqc.nimh.nih.gov/api/v1"
  },
  "size_t": 101,
  "size_x": 80,
  "size_y": 80,
  "size_z": 37,
  "snr": 6.257468111343508,
  "spacing_tr": 2.000000476837158,
  "spacing_x": 3.0,
  "spacing_y": 3.0,
  "spacing_z": 3.0,
  "summary_bg_k": 64.30161787829115,
  "summary_bg_mad": 3392.0561036094164,
  "summary_bg_mean": 22714.2734375,
  "summary_bg_median": 2444.354248046875,
  "summary_bg_n": 159161.0,
  "summary_bg_p05": 56.369651794433594,
  "summary_bg_p95": 104338.9921875,
  "summary_bg_stdv": 65764.6953125,
  "summary_fg_k": 2.6468722224103916,
  "summary_fg_mad": 147003.06783190608,
  "summary_fg_mean": 1010421.875,
  "summary_fg_median": 1001355.6875,
  "summary_fg_n": 36968.0,
  "summary_fg_p05": 781464.7625,
  "summary_fg_p95": 1259859.85,
  "summary_fg_stdv": 160023.53125,
  "tsnr": 66.01181030273438
}