{
  "aor": 0.000846930693069307,
  "aqi": 0.006332908118811881,
  "bids_meta": {
    "AcquisitionMatrixPE": 80,
    "AcquisitionNumber": 9,
    "AcquisitionTime": "17:37:23.380000",
    "BodyPartExamined": "BRAIN",
    "CoilString": "SENSE_HEAD_8",
    "ConversionSoftware": "dcm2niix",
    "ConversionSoftwareVersion": "v1.0.20190410  Clang4.0.1",
    "Dcm2bidsVersion": "2.1.4",
    "DeviceSerialNumber": "34072",
    "EchoTime": 0.030001,
    "EchoTrainLength": 39,
    "EffectiveEchoSpacing": 0.0002777,
    "FlipAngle": 82,
    "ImageOrientationPatientDICOM": [
      0.999956,
      0.0084722,
      0.00403203,
      -0.00848067,
      0.999962,
      0.00208952
    ],
    "ImageType": [
      "ORIGINAL",
      "PRIMARY",
      "M",
      "FFE",
      "M",
      "FFE"
    ],
    "ImagingFrequency": 127.735,
    "InPlanePhaseEncodingDirectionDICOM": "COL",
    "InstitutionName": "Az.Osp._Udine",
    "InstitutionalDepartmentName": "Radiologia",
    "MRAcquisitionType": "2D",
    "MagneticFieldStrength": 3,
    "Manufacturer": "Philips",
    "ManufacturersModelName": "Achieva",
    "Modality": "MR",
    "PartialFourier": 0.4875,
    "PatientPosition": "HFS",
    "PercentPhaseFOV": 100,
    "PhaseEncodingAxis": "j",
    "PhaseEncodingDirection": "j",
    "PhaseEncodingSteps": 80,
    "PhilipsRescaleIntercept": 0,
    "PhilipsRescaleSlope": 0.750183,
    "PhilipsScaleSlope": 0.000509577,
    "PixelBandwidth": 3608.02,
    "ProtocolName": "SOCIAL_4run",
    "ReconMatrixPE": 80,
    "RepetitionTime": 2,
    "ScanOptions": "FS",
    "ScanningSequence": "GR",
    "SequenceVariant": "SK",
    "SeriesDescription": "SOCIAL_4run",
    "SeriesNumber": 901,
    "SliceThickness": 3,
    "SliceTiming": [
      0.0,
      0.378378,
      0.702703,
      1.027027,
      1.351351,
      1.675676,
      0.054054,
      0.432432,
      0.756757,
      1.081081,
      1.405405,
      1.72973,
      0.108108,
      0.486486,
      0.810811,
      1.135135,
      1.459459,
      1.783784,
      0.162162,
      0.540541,
      0.864865,
      1.189189,
      1.513514,
      1.837838,
      0.216216,
      0.594595,
      0.918919,
      1.243243,
      1.567568,
      1.891892,
      0.27027,
      0.648649,
      0.972973,
      1.297297,
      1.621622,
      1.945946,
      0.324324
    ],
    "SoftwareVersions": "5.3.1_5.3.1.1",
    "SpacingBetweenSlices": 3,
    "StationName": "PHILIPS-K5NT78B",
    "TaskName": "ANIM",
    "TotalReadoutTime": 0.0219394,
    "UsePhilipsFloatNotDisplayScaling": 1,
    "dataset": "ds003436",
    "modality": "bold",
    "run_id": 1,
    "subject_id": "05",
    "task_id": "anim"
  },
  "dummy_trs": 0,
  "dvars_nstd": 22.567309532200003,
  "dvars_std": 1.0936503119000003,
  "dvars_vstd": 1.0037770389999996,
  "efc": 0.43461518561935575,
  "fber": 132485.953125,
  "fd_mean": 0.10769823548351427,
  "fd_num": 8,
  "fd_perc": 7.920792079207921,
  "fwhm_avg": 1.7960055555555556,
  "fwhm_x": 1.7192066666666665,
  "fwhm_y": 1.9873633333333334,
  "fwhm_z": 1.6814466666666668,
  "gcor": 0.0171753,
  "gsr_x": -0.006933555006980896,
  "gsr_y": 0.012173151597380638,
  "provenance": {
    "md5sum": "c0b298d11452337dc6741feed81e358a",
    "settings": {
      "fd_thres": 0.2,
      "testing": false
    },
    "software": "mriqc",
    "version": "22.0.6",
    "webapi_port": null,
    "webapi_url": "https://mriqc.nimh.nih.gov/api/v1"
  },
  "size_t": 101,
  "size_x": 80,
  "size_y": 80,
  "size_z": 37,
  "snr": 6.248303397592826,
  "spacing_tr": 2.000000476837158,
  "spacing_x": 3.0,
  "spacing_y": 3.0,
  "spacing_z": 3.0,
  "summary_bg_k": 63.12942329000177,
  "summary_bg_mad": 9574.085441152058,
  "summary_bg_mean": 62905.7421875,
  "summary_bg_median": 6904.7001953125,
  "summary_bg_n": 159177.0,
  "summary_bg_p05": 169.54472961425782,
  "summary_bg_p95": 287308.7937499999,
  "summary_bg_stdv": 182101.3125,
  "summary_fg_k": 2.605332136376174,
  "summary_fg_mad": 407564.384662753,
  "summary_fg_mean": 2795612.5,
  "summary_fg_median": 2772580.0,
  "summary_fg_n": 36952.0,
  "summary_fg_p05": 2156615.525,
  "summary_fg_p95": 3490180.3749999995,
  "summary_fg_stdv": 443727.25,
  "tsnr": 66.01307678222656
}