{
  "bids_meta": {
    "AcquisitionMatrixPE": 240,
    "AcquisitionNumber": 2,
    "AcquisitionTime": "15:44:19.310000",
    "BodyPartExamined": "BRAIN",
    "CoilString": "SENSE_HEAD_8",
    "ConversionSoftware": "dcm2niix",
    "ConversionSoftwareVersion": "v1.0.20181125  Clang9.0.0",
    "Dcm2bidsVersion": "2.1.4",
    "DeviceSerialNumber": "34072",
    "EchoTime": 0.003731,
    "EchoTrainLength": 240,
    "FlipAngle": 12,
    "ImageOrientationPatientDICOM": [
      -0.0302215,
      0.999542,
      0.00177061,
      0.0548316,
      0.0034266,
      -0.99849
    ],
    "ImageType": [
      "ORIGINAL",
      "PRIMARY",
      "M",
      "FFE",
      "M",
      "FFE"
    ],
    "ImagingFrequency": 127.733,
    "InPlanePhaseEncodingDirectionDICOM": "ROW",
    "InstitutionName": "Az.Osp._Udine",
    "InstitutionalDepartmentName": "Radiologia",
    "MRAcquisitionType": "3D",
    "MagneticFieldStrength": 3,
    "Manufacturer": "Philips",
    "ManufacturersModelName": "Achieva",
    "Modality": "MR",
    "PatientPosition": "HFS",
    "PercentPhaseFOV": 100,
    "PhaseEncodingSteps": 240,
    "PhilipsRescaleIntercept": 0,
    "PhilipsRescaleSlope": 2.87009,
    "PhilipsScaleSlope": 0.000304774,
    "PixelBandwidth": 191.38,
    "ProtocolName": "T1W_3D_VBM",
    "ReconMatrixPE": 256,
    "RepetitionTime": 0.0081525,
    "ScanOptions": "OTHER",
    "ScanningSequence": "GR",
    "SequenceVariant": "MP",
    "SeriesDescription": "T1W_3D_VBM",
    "SeriesNumber": 201,
    "SliceThickness": 1,
    "SoftwareVersions": "5.3.1_5.3.1.2",
    "SpacingBetweenSlices": 1,
    "StationName": "PHILIPS-K5NT78B",
    "UsePhilipsFloatNotDisplayScaling": 1,
    "dataset": "ds003436",
    "modality": "T1w",
    "subject_id": "39"
  },
  "cjv": 0.3869344501365323,
  "cnr": 3.5696085274346583,
  "efc": 0.6028144162050046,
  "fber": -1.0,
  "fwhm_avg": 4.237552888888889,
  "fwhm_x": 4.11636,
  "fwhm_y": 4.52144,
  "fwhm_z": 4.074858666666667,
  "icvs_csf": 0.19212939760211323,
  "icvs_gm": 0.4440760368894002,
  "icvs_wm": 0.36379456550848654,
  "inu_med": 0.366058349609375,
  "inu_range": 0.11395438909530636,
  "provenance": {
    "md5sum": "231205ef12a6957d52c743f9bd3dfd1b",
    "settings": {
      "testing": false
    },
    "software": "mriqc",
    "version": "22.0.6",
    "warnings": {
      "large_rot_frame": true,
      "small_air_mask": false
    },
    "webapi_port": null,
    "webapi_url": "https://mriqc.nimh.nih.gov/api/v1"
  },
  "qi_1": 0.001582456346954725,
  "qi_2": 5.812556237955782e-07,
  "rpve_csf": 21.42732350187175,
  "rpve_gm": 9.95681232904615,
  "rpve_wm": 13.505583013444507,
  "size_x": 170,
  "size_y": 256,
  "size_z": 256,
  "snr_csf": 3.1471716616429286,
  "snr_gm": 18.602131890873693,
  "snr_total": 15.060675476046958,
  "snr_wm": 23.43272287562425,
  "snrd_csf": 46.91240660859894,
  "snrd_gm": 99.34898087602548,
  "snrd_total": 90.94158536017824,
  "snrd_wm": 126.56336859591025,
  "spacing_x": 1.0,
  "spacing_y": 0.9375,
  "spacing_z": 0.9375,
  "summary_bg_k": 56.96493342058499,
  "summary_bg_mad": 0.0,
  "summary_bg_mean": 1.9388500032372593,
  "summary_bg_median": 0.0,
  "summary_bg_n": 1084010.0,
  "summary_bg_p05": 0.0,
  "summary_bg_p95": 9.634995074942708,
  "summary_bg_stdv": 5.176714699783826,
  "summary_csf_k": 1.8448714545313765,
  "summary_csf_mad": 91.42661210603478,
  "summary_csf_mean": 371.72692412550083,
  "summary_csf_median": 370.68943947087973,
  "summary_csf_n": 40354.0,
  "summary_csf_p05": 158.9106067269109,
  "summary_csf_p95": 568.4494715948589,
  "summary_csf_stdv": 117.7834850860052,
  "summary_gm_k": 0.250320700324707,
  "summary_gm_mad": 41.18628981016963,
  "summary_gm_mean": 783.9523576238172,
  "summary_gm_median": 785.0293919090182,
  "summary_gm_n": 39932.0,
  "summary_gm_p05": 713.1537352185696,
  "summary_gm_p95": 850.9740175679326,
  "summary_gm_stdv": 42.20051588038314,
  "summary_wm_k": 0.18545035525873388,
  "summary_wm_mad": 42.02044251518573,
  "summary_wm_mean": 1001.5565607356045,
  "summary_wm_median": 1000.0702917203307,
  "summary_wm_n": 232423.0,
  "summary_wm_p05": 934.7117363214493,
  "summary_wm_p95": 1074.852856900543,
  "summary_wm_stdv": 42.678272841993326,
  "tpm_overlap_csf": 0.1804214756438957,
  "tpm_overlap_gm": 0.47011884297930134,
  "tpm_overlap_wm": 0.5027177098883866,
  "wm2max": 0.8233137122454888
}