{
  "aor": 0.0009144554455445547,
  "aqi": 0.008378321188118812,
  "bids_meta": {
    "AcquisitionMatrixPE": 80,
    "AcquisitionNumber": 18,
    "AcquisitionTime": "18:07:44.020000",
    "BodyPartExamined": "BRAIN",
    "CoilString": "SENSE_HEAD_8",
    "ConversionSoftware": "dcm2niix",
    "ConversionSoftwareVersion": "v1.0.20190410  Clang4.0.1",
    "Dcm2bidsVersion": "2.1.4",
    "DeviceSerialNumber": "34072",
    "EchoTime": 0.030001,
    "EchoTrainLength": 39,
    "EffectiveEchoSpacing": 0.0002777,
    "FlipAngle": 82,
    "ImageOrientationPatientDICOM": [
      0.99993,
      -0.00319638,
      -0.0113933,
      0.00129143,
      0.986553,
      -0.163435
    ],
    "ImageType": [
      "ORIGINAL",
      "PRIMARY",
      "M",
      "FFE",
      "M",
      "FFE"
    ],
    "ImagingFrequency": 127.735,
    "InPlanePhaseEncodingDirectionDICOM": "COL",
    "InstitutionName": "Az.Osp._Udine",
    "InstitutionalDepartmentName": "Radiologia",
    "MRAcquisitionType": "2D",
    "MagneticFieldStrength": 3,
    "Manufacturer": "Philips",
    "ManufacturersModelName": "Achieva",
    "Modality": "MR",
    "PartialFourier": 0.4875,
    "PatientPosition": "HFS",
    "PercentPhaseFOV": 100,
    "PhaseEncodingAxis": "j",
    "PhaseEncodingDirection": "j",
    "PhaseEncodingSteps": 80,
    "PhilipsRescaleIntercept": 0,
    "PhilipsRescaleSlope": 0.787302,
    "PhilipsScaleSlope": 0.000393931,
    "PixelBandwidth": 3608.02,
    "ProtocolName": "SOCIAL_4run",
    "ReconMatrixPE": 80,
    "RepetitionTime": 2,
    "ScanOptions": "FS",
    "ScanningSequence": "GR",
    "SequenceVariant": "SK",
    "SeriesDescription": "SOCIAL_4run",
    "SeriesNumber": 1801,
    "SliceThickness": 3,
    "SliceTiming": [
      0.0,
      0.378378,
      0.702703,
      1.027027,
      1.351351,
      1.675676,
      0.054054,
      0.432432,
      0.756757,
      1.081081,
      1.405405,
      1.72973,
      0.108108,
      0.486486,
      0.810811,
      1.135135,
      1.459459,
      1.783784,
      0.162162,
      0.540541,
      0.864865,
      1.189189,
      1.513514,
      1.837838,
      0.216216,
      0.594595,
      0.918919,
      1.243243,
      1.567568,
      1.891892,
      0.27027,
      0.648649,
      0.972973,
      1.297297,
      1.621622,
      1.945946,
      0.324324
    ],
    "SoftwareVersions": "5.3.1_5.3.1.1",
    "SpacingBetweenSlices": 3,
    "StationName": "PHILIPS-K5NT78B",
    "TaskName": "ANIM",
    "TotalReadoutTime": 0.0219394,
    "UsePhilipsFloatNotDisplayScaling": 1,
    "dataset": "ds003436",
    "modality": "bold",
    "run_id": 1,
    "subject_id": "03",
    "task_id": "anim"
  },
  "dummy_trs": 0,
  "dvars_nstd": 24.879143352799993,
  "dvars_std": 1.1252412804000003,
  "dvars_vstd": 1.0044447278000006,
  "efc": 0.44141196829137974,
  "fber": 110021.4609375,
  "fd_mean": 0.13490629492598405,
  "fd_num": 18,
  "fd_perc": 17.821782178217823,
  "fwhm_avg": 1.847781111111111,
  "fwhm_x": 1.7064300000000001,
  "fwhm_y": 2.07577,
  "fwhm_z": 1.7611433333333333,
  "gcor": 0.0233015,
  "gsr_x": -0.022735491394996643,
  "gsr_y": 0.01982630044221878,
  "provenance": {
    "md5sum": "fa788db822aae03c06e07590d0e5808c",
    "settings": {
      "fd_thres": 0.2,
      "testing": false
    },
    "software": "mriqc",
    "version": "22.0.6",
    "webapi_port": null,
    "webapi_url": "https://mriqc.nimh.nih.gov/api/v1"
  },
  "size_t": 101,
  "size_x": 80,
  "size_y": 80,
  "size_z": 37,
  "snr": 6.369919590131097,
  "spacing_tr": 2.000000476837158,
  "spacing_x": 3.0,
  "spacing_y": 3.0,
  "spacing_z": 3.0,
  "summary_bg_k": 69.75271628382046,
  "summary_bg_mad": 13056.588379022112,
  "summary_bg_mean": 94523.546875,
  "summary_bg_median": 9928.337890625,
  "summary_bg_n": 158878.0,
  "summary_bg_p05": 310.4129379272461,
  "summary_bg_p95": 536818.9437499994,
  "summary_bg_stdv": 269327.8125,
  "summary_fg_k": 2.899127708438191,
  "summary_fg_mad": 497739.9580978099,
  "summary_fg_mean": 3611006.25,
  "summary_fg_median": 3578772.25,
  "summary_fg_n": 37039.0,
  "summary_fg_p05": 2819793.95,
  "summary_fg_p95": 4501934.8,
  "summary_fg_stdv": 561816.1875,
  "tsnr": 61.2320556640625
}