{
  "aor": 0.0009141584158415842,
  "aqi": 0.007002613861386139,
  "bids_meta": {
    "AcquisitionMatrixPE": 80,
    "AcquisitionNumber": 22,
    "AcquisitionTime": "18:22:12.220000",
    "BodyPartExamined": "BRAIN",
    "CoilString": "SENSE_HEAD_8",
    "ConversionSoftware": "dcm2niix",
    "ConversionSoftwareVersion": "v1.0.20190410  Clang4.0.1",
    "Dcm2bidsVersion": "2.1.4",
    "DeviceSerialNumber": "34072",
    "EchoTime": 0.030001,
    "EchoTrainLength": 39,
    "EffectiveEchoSpacing": 0.0002777,
    "FlipAngle": 82,
    "ImageOrientationPatientDICOM": [
      0.99993,
      -0.00319638,
      -0.0113933,
      0.00129143,
      0.986553,
      -0.163435
    ],
    "ImageType": [
      "ORIGINAL",
      "PRIMARY",
      "M",
      "FFE",
      "M",
      "FFE"
    ],
    "ImagingFrequency": 127.735,
    "InPlanePhaseEncodingDirectionDICOM": "COL",
    "InstitutionName": "Az.Osp._Udine",
    "InstitutionalDepartmentName": "Radiologia",
    "MRAcquisitionType": "2D",
    "MagneticFieldStrength": 3,
    "Manufacturer": "Philips",
    "ManufacturersModelName": "Achieva",
    "Modality": "MR",
    "PartialFourier": 0.4875,
    "PatientPosition": "HFS",
    "PercentPhaseFOV": 100,
    "PhaseEncodingAxis": "j",
    "PhaseEncodingDirection": "j",
    "PhaseEncodingSteps": 80,
    "PhilipsRescaleIntercept": 0,
    "PhilipsRescaleSlope": 0.783883,
    "PhilipsScaleSlope": 0.00041062,
    "PixelBandwidth": 3608.02,
    "ProtocolName": "SOCIAL_4run",
    "ReconMatrixPE": 80,
    "RepetitionTime": 2,
    "ScanOptions": "FS",
    "ScanningSequence": "GR",
    "SequenceVariant": "SK",
    "SeriesDescription": "SOCIAL_4run",
    "SeriesNumber": 2201,
    "SliceThickness": 3,
    "SliceTiming": [
      0.0,
      0.378378,
      0.702703,
      1.027027,
      1.351351,
      1.675676,
      0.054054,
      0.432432,
      0.756757,
      1.081081,
      1.405405,
      1.72973,
      0.108108,
      0.486486,
      0.810811,
      1.135135,
      1.459459,
      1.783784,
      0.162162,
      0.540541,
      0.864865,
      1.189189,
      1.513514,
      1.837838,
      0.216216,
      0.594595,
      0.918919,
      1.243243,
      1.567568,
      1.891892,
      0.27027,
      0.648649,
      0.972973,
      1.297297,
      1.621622,
      1.945946,
      0.324324
    ],
    "SoftwareVersions": "5.3.1_5.3.1.1",
    "SpacingBetweenSlices": 3,
    "StationName": "PHILIPS-K5NT78B",
    "TaskName": "ANIM",
    "TotalReadoutTime": 0.0219394,
    "UsePhilipsFloatNotDisplayScaling": 1,
    "dataset": "ds003436",
    "modality": "bold",
    "run_id": 4,
    "subject_id": "03",
    "task_id": "anim"
  },
  "dummy_trs": 0,
  "dvars_nstd": 26.14943473810001,
  "dvars_std": 1.1769585689000002,
  "dvars_vstd": 1.0108793473000004,
  "efc": 0.44122138042071507,
  "fber": 118863.5859375,
  "fd_mean": 0.0952282552526046,
  "fd_num": 5,
  "fd_perc": 4.9504950495049505,
  "fwhm_avg": 1.8538477777777775,
  "fwhm_x": 1.7114399999999999,
  "fwhm_y": 2.0769366666666667,
  "fwhm_z": 1.7731666666666666,
  "gcor": 0.0323329,
  "gsr_x": -0.022889262065291405,
  "gsr_y": 0.020076459273695946,
  "provenance": {
    "md5sum": "3a6a67bd2076ee631b5068bc1795347e",
    "settings": {
      "fd_thres": 0.2,
      "testing": false
    },
    "software": "mriqc",
    "version": "22.0.6",
    "webapi_port": null,
    "webapi_url": "https://mriqc.nimh.nih.gov/api/v1"
  },
  "size_t": 101,
  "size_x": 80,
  "size_y": 80,
  "size_z": 37,
  "snr": 6.370109753043286,
  "spacing_tr": 2.000000476837158,
  "spacing_x": 3.0,
  "spacing_y": 3.0,
  "spacing_z": 3.0,
  "summary_bg_k": 73.91307507453391,
  "summary_bg_mad": 11854.400498354415,
  "summary_bg_mean": 90597.3515625,
  "summary_bg_median": 9056.572265625,
  "summary_bg_n": 158870.0,
  "summary_bg_p05": 300.2549362182618,
  "summary_bg_p95": 519219.6265624998,
  "summary_bg_stdv": 261697.75,
  "summary_fg_k": 2.8915057076085553,
  "summary_fg_mad": 478030.6148555511,
  "summary_fg_mean": 3471840.25,
  "summary_fg_median": 3439069.5,
  "summary_fg_n": 37131.0,
  "summary_fg_p05": 2712172.25,
  "summary_fg_p95": 4331193.5,
  "summary_fg_stdv": 539868.75,
  "tsnr": 65.71859741210938
}