{
  "aor": 0.0011261386138613863,
  "aqi": 0.00738233396039604,
  "bids_meta": {
    "AcquisitionMatrixPE": 80,
    "AcquisitionNumber": 19,
    "AcquisitionTime": "18:12:26.030000",
    "BodyPartExamined": "BRAIN",
    "CoilString": "SENSE_HEAD_8",
    "ConversionSoftware": "dcm2niix",
    "ConversionSoftwareVersion": "v1.0.20190410  Clang4.0.1",
    "Dcm2bidsVersion": "2.1.4",
    "DeviceSerialNumber": "34072",
    "EchoTime": 0.030001,
    "EchoTrainLength": 39,
    "EffectiveEchoSpacing": 0.0002777,
    "FlipAngle": 82,
    "ImageOrientationPatientDICOM": [
      0.99993,
      -0.00319638,
      -0.0113933,
      0.00129143,
      0.986553,
      -0.163435
    ],
    "ImageType": [
      "ORIGINAL",
      "PRIMARY",
      "M",
      "FFE",
      "M",
      "FFE"
    ],
    "ImagingFrequency": 127.735,
    "InPlanePhaseEncodingDirectionDICOM": "COL",
    "InstitutionName": "Az.Osp._Udine",
    "InstitutionalDepartmentName": "Radiologia",
    "MRAcquisitionType": "2D",
    "MagneticFieldStrength": 3,
    "Manufacturer": "Philips",
    "ManufacturersModelName": "Achieva",
    "Modality": "MR",
    "PartialFourier": 0.4875,
    "PatientPosition": "HFS",
    "PercentPhaseFOV": 100,
    "PhaseEncodingAxis": "j",
    "PhaseEncodingDirection": "j",
    "PhaseEncodingSteps": 80,
    "PhilipsRescaleIntercept": 0,
    "PhilipsRescaleSlope": 0.806593,
    "PhilipsScaleSlope": 0.000399522,
    "PixelBandwidth": 3608.02,
    "ProtocolName": "SOCIAL_4run",
    "ReconMatrixPE": 80,
    "RepetitionTime": 2,
    "ScanOptions": "FS",
    "ScanningSequence": "GR",
    "SequenceVariant": "SK",
    "SeriesDescription": "SOCIAL_4run",
    "SeriesNumber": 1901,
    "SliceThickness": 3,
    "SliceTiming": [
      0.0,
      0.378378,
      0.702703,
      1.027027,
      1.351351,
      1.675676,
      0.054054,
      0.432432,
      0.756757,
      1.081081,
      1.405405,
      1.72973,
      0.108108,
      0.486486,
      0.810811,
      1.135135,
      1.459459,
      1.783784,
      0.162162,
      0.540541,
      0.864865,
      1.189189,
      1.513514,
      1.837838,
      0.216216,
      0.594595,
      0.918919,
      1.243243,
      1.567568,
      1.891892,
      0.27027,
      0.648649,
      0.972973,
      1.297297,
      1.621622,
      1.945946,
      0.324324
    ],
    "SoftwareVersions": "5.3.1_5.3.1.1",
    "SpacingBetweenSlices": 3,
    "StationName": "PHILIPS-K5NT78B",
    "TaskName": "ANIM",
    "TotalReadoutTime": 0.0219394,
    "UsePhilipsFloatNotDisplayScaling": 1,
    "dataset": "ds003436",
    "modality": "bold",
    "run_id": 3,
    "subject_id": "03",
    "task_id": "anim"
  },
  "dummy_trs": 0,
  "dvars_nstd": 24.8212455944,
  "dvars_std": 1.1299051308999997,
  "dvars_vstd": 1.0152379885999998,
  "efc": 0.44150797171144646,
  "fber": 102590.671875,
  "fd_mean": 0.1554049967672435,
  "fd_num": 29,
  "fd_perc": 28.712871287128714,
  "fwhm_avg": 1.8373388888888889,
  "fwhm_x": 1.7029100000000001,
  "fwhm_y": 2.0690166666666667,
  "fwhm_z": 1.7400900000000001,
  "gcor": 0.0220593,
  "gsr_x": -0.022781211882829666,
  "gsr_y": 0.01976984366774559,
  "provenance": {
    "md5sum": "7ce06363c6d689c99a1f061cdc26a049",
    "settings": {
      "fd_thres": 0.2,
      "testing": false
    },
    "software": "mriqc",
    "version": "22.0.6",
    "webapi_port": null,
    "webapi_url": "https://mriqc.nimh.nih.gov/api/v1"
  },
  "size_t": 101,
  "size_x": 80,
  "size_y": 80,
  "size_z": 37,
  "snr": 6.281794646582713,
  "spacing_tr": 2.000000476837158,
  "spacing_x": 3.0,
  "spacing_y": 3.0,
  "spacing_z": 3.0,
  "summary_bg_k": 63.36276183699037,
  "summary_bg_mad": 12991.29198566095,
  "summary_bg_mean": 91737.1328125,
  "summary_bg_median": 9790.912109375,
  "summary_bg_n": 159027.0,
  "summary_bg_p05": 237.8052734375,
  "summary_bg_p95": 524180.41874999966,
  "summary_bg_stdv": 258693.25,
  "summary_fg_k": 3.210705525106528,
  "summary_fg_mad": 473847.82334659214,
  "summary_fg_mean": 3447089.5,
  "summary_fg_median": 3417301.75,
  "summary_fg_n": 36909.0,
  "summary_fg_p05": 2684863.35,
  "summary_fg_p95": 4303247.1,
  "summary_fg_stdv": 543993.5,
  "tsnr": 62.6740837097168
}