{
  "bids_meta": {
    "AcquisitionMatrixPE": 240,
    "AcquisitionNumber": 2,
    "AcquisitionTime": "16:38:35.350000",
    "BodyPartExamined": "BRAIN",
    "CoilString": "SENSE_HEAD_8",
    "ConversionSoftware": "dcm2niix",
    "ConversionSoftwareVersion": "v1.0.20190410  Clang4.0.1",
    "Dcm2bidsVersion": "2.1.4",
    "DeviceSerialNumber": "34072",
    "EchoTime": 0.003714,
    "EchoTrainLength": 240,
    "FlipAngle": 12,
    "ImageOrientationPatientDICOM": [
      -0.00303132,
      0.999991,
      0.00283941,
      0.0361598,
      0.00294718,
      -0.999342
    ],
    "ImageType": [
      "ORIGINAL",
      "PRIMARY",
      "M",
      "FFE",
      "M",
      "FFE"
    ],
    "ImagingFrequency": 127.735,
    "InPlanePhaseEncodingDirectionDICOM": "ROW",
    "InstitutionName": "Az.Osp._Udine",
    "InstitutionalDepartmentName": "Radiologia",
    "MRAcquisitionType": "3D",
    "MagneticFieldStrength": 3,
    "Manufacturer": "Philips",
    "ManufacturersModelName": "Achieva",
    "Modality": "MR",
    "PatientPosition": "HFS",
    "PercentPhaseFOV": 100,
    "PhaseEncodingSteps": 240,
    "PhilipsRescaleIntercept": 0,
    "PhilipsRescaleSlope": 3.7138,
    "PhilipsScaleSlope": 0.000104808,
    "PixelBandwidth": 191.38,
    "ProtocolName": "T1W_3D_VBM",
    "ReconMatrixPE": 256,
    "RepetitionTime": 0.0081047,
    "ScanOptions": "OTHER",
    "ScanningSequence": "GR",
    "SequenceVariant": "MP",
    "SeriesDescription": "T1W_3D_VBM",
    "SeriesNumber": 201,
    "SliceThickness": 1,
    "SoftwareVersions": "5.3.1_5.3.1.2",
    "SpacingBetweenSlices": 1,
    "StationName": "PHILIPS-K5NT78B",
    "UsePhilipsFloatNotDisplayScaling": 1,
    "dataset": "ds003436",
    "modality": "T1w",
    "subject_id": "09"
  },
  "cjv": 0.33560116030253234,
  "cnr": 3.907601640006507,
  "efc": 0.645272371770968,
  "fber": 48938.15432736456,
  "fwhm_avg": 4.221649333333334,
  "fwhm_x": 4.12914,
  "fwhm_y": 4.547818666666667,
  "fwhm_z": 3.987989333333333,
  "icvs_csf": 0.19789949076273658,
  "icvs_gm": 0.4426610309888942,
  "icvs_wm": 0.3594394782483692,
  "inu_med": 0.344021737575531,
  "inu_range": 0.0990591958165169,
  "provenance": {
    "md5sum": "4749e9b8afe1a9654a317ec869c2e4d0",
    "settings": {
      "testing": false
    },
    "software": "mriqc",
    "version": "22.0.6",
    "warnings": {
      "large_rot_frame": true,
      "small_air_mask": false
    },
    "webapi_port": null,
    "webapi_url": "https://mriqc.nimh.nih.gov/api/v1"
  },
  "qi_1": 0.0003067736820347375,
  "qi_2": 3.7383407585696983e-07,
  "rpve_csf": 18.75059653913891,
  "rpve_gm": 9.005655112237926,
  "rpve_wm": 12.580402041544216,
  "size_x": 170,
  "size_y": 256,
  "size_z": 256,
  "snr_csf": 2.6655496226465543,
  "snr_gm": 15.157209625718467,
  "snr_total": 15.811054907446648,
  "snr_wm": 29.61040547397493,
  "snrd_csf": 36.1459207516542,
  "snrd_gm": 78.8270103336287,
  "snrd_total": 72.80482170503609,
  "snrd_wm": 103.44153402982535,
  "spacing_x": 1.0,
  "spacing_y": 0.9375,
  "spacing_z": 0.9375,
  "summary_bg_k": 27.099847085640235,
  "summary_bg_mad": 0.0,
  "summary_bg_mean": 3.4205802642562015,
  "summary_bg_median": 0.0,
  "summary_bg_n": 1197339.0,
  "summary_bg_p05": 0.0,
  "summary_bg_p95": 15.207714602351189,
  "summary_bg_stdv": 6.333658753296621,
  "summary_csf_k": 0.21316382577015824,
  "summary_csf_mad": 118.35642915175482,
  "summary_csf_mean": 341.119016838082,
  "summary_csf_median": 349.44772930443287,
  "summary_csf_n": 43323.0,
  "summary_csf_p05": 93.92721399590373,
  "summary_csf_p95": 547.203657115251,
  "summary_csf_stdv": 131.0963012135914,
  "summary_gm_k": 0.34170632604552376,
  "summary_gm_mad": 47.62975556210267,
  "summary_gm_mean": 762.1685677275585,
  "summary_gm_median": 762.0754761844873,
  "summary_gm_n": 51976.0,
  "summary_gm_p05": 680.0970336142927,
  "summary_gm_p95": 845.8466981183738,
  "summary_gm_stdv": 50.277601480407036,
  "summary_wm_k": 0.4245275510929445,
  "summary_wm_mad": 32.231810210403026,
  "summary_wm_mean": 1000.5281313250105,
  "summary_wm_median": 1000.0411783903837,
  "summary_wm_n": 285588.0,
  "summary_wm_p05": 946.1753708422184,
  "summary_wm_p95": 1056.8331315666437,
  "summary_wm_stdv": 33.773243274965154,
  "tpm_overlap_csf": 0.15128139472796773,
  "tpm_overlap_gm": 0.46807615176401907,
  "tpm_overlap_wm": 0.5081614213856885,
  "wm2max": 0.8733129386359546
}