{
  "aor": 0.0030351485148514858,
  "aqi": 0.008948905940594061,
  "bids_meta": {
    "AcquisitionMatrixPE": 80,
    "AcquisitionNumber": 20,
    "AcquisitionTime": "16:14:34.140000",
    "BodyPartExamined": "BRAIN",
    "CoilString": "SENSE_HEAD_8",
    "ConversionSoftware": "dcm2niix",
    "ConversionSoftwareVersion": "v1.0.20190410  Clang4.0.1",
    "Dcm2bidsVersion": "2.1.4",
    "DeviceSerialNumber": "34072",
    "EchoTime": 0.030001,
    "EchoTrainLength": 39,
    "EffectiveEchoSpacing": 0.0002777,
    "FlipAngle": 82,
    "ImageOrientationPatientDICOM": [
      0.995235,
      -0.00501297,
      0.097372,
      0.0047549,
      0.999985,
      0.00288227
    ],
    "ImageType": [
      "ORIGINAL",
      "PRIMARY",
      "M",
      "FFE",
      "M",
      "FFE"
    ],
    "ImagingFrequency": 127.734,
    "InPlanePhaseEncodingDirectionDICOM": "COL",
    "InstitutionName": "Az.Osp._Udine",
    "InstitutionalDepartmentName": "Radiologia",
    "MRAcquisitionType": "2D",
    "MagneticFieldStrength": 3,
    "Manufacturer": "Philips",
    "ManufacturersModelName": "Achieva",
    "Modality": "MR",
    "PartialFourier": 0.4875,
    "PatientPosition": "HFS",
    "PercentPhaseFOV": 100,
    "PhaseEncodingAxis": "j",
    "PhaseEncodingDirection": "j",
    "PhaseEncodingSteps": 80,
    "PhilipsRescaleIntercept": 0,
    "PhilipsRescaleSlope": 0.788767,
    "PhilipsScaleSlope": 0.000758944,
    "PixelBandwidth": 3608.02,
    "ProtocolName": "SOCIAL_4run",
    "ReconMatrixPE": 80,
    "RepetitionTime": 2,
    "ScanOptions": "FS",
    "ScanningSequence": "GR",
    "SequenceVariant": "SK",
    "SeriesDescription": "SOCIAL_4run",
    "SeriesNumber": 2001,
    "SliceThickness": 3,
    "SliceTiming": [
      0.0,
      0.378378,
      0.702703,
      1.027027,
      1.351351,
      1.675676,
      0.054054,
      0.432432,
      0.756757,
      1.081081,
      1.405405,
      1.72973,
      0.108108,
      0.486486,
      0.810811,
      1.135135,
      1.459459,
      1.783784,
      0.162162,
      0.540541,
      0.864865,
      1.189189,
      1.513514,
      1.837838,
      0.216216,
      0.594595,
      0.918919,
      1.243243,
      1.567568,
      1.891892,
      0.27027,
      0.648649,
      0.972973,
      1.297297,
      1.621622,
      1.945946,
      0.324324
    ],
    "SoftwareVersions": "5.3.1_5.3.1.2",
    "SpacingBetweenSlices": 3,
    "StationName": "PHILIPS-K5NT78B",
    "TaskName": "ANIM",
    "TotalReadoutTime": 0.0219394,
    "UsePhilipsFloatNotDisplayScaling": 1,
    "dataset": "ds003436",
    "modality": "bold",
    "run_id": 3,
    "subject_id": "31",
    "task_id": "anim"
  },
  "dummy_trs": 0,
  "dvars_nstd": 24.36990579589999,
  "dvars_std": 1.1432935103,
  "dvars_vstd": 1.0244497051999994,
  "efc": 0.45438001135155515,
  "fber": 138687.15625,
  "fd_mean": 0.11125941774521253,
  "fd_num": 9,
  "fd_perc": 8.910891089108912,
  "fwhm_avg": 1.856305502015754,
  "fwhm_x": 1.8289900000000001,
  "fwhm_y": 2.021059839380595,
  "fwhm_z": 1.7188666666666668,
  "gcor": 0.0129209,
  "gsr_x": -0.00621802220121026,
  "gsr_y": 0.020167820155620575,
  "provenance": {
    "md5sum": "64f6c7f5f60fce9e1e1bb48708b6636f",
    "settings": {
      "fd_thres": 0.2,
      "testing": false
    },
    "software": "mriqc",
    "version": "22.0.6",
    "webapi_port": null,
    "webapi_url": "https://mriqc.nimh.nih.gov/api/v1"
  },
  "size_t": 101,
  "size_x": 80,
  "size_y": 80,
  "size_z": 37,
  "snr": 6.017627516773113,
  "spacing_tr": 2.000000476837158,
  "spacing_x": 3.0,
  "spacing_y": 3.000000238418579,
  "spacing_z": 3.0,
  "summary_bg_k": 121.48922368712591,
  "summary_bg_mad": 6636.73182798122,
  "summary_bg_mean": 48696.98828125,
  "summary_bg_median": 4671.51416015625,
  "summary_bg_n": 154653.0,
  "summary_bg_p05": 76.87440490722656,
  "summary_bg_p95": 234682.49687499992,
  "summary_bg_stdv": 146003.8125,
  "summary_fg_k": 2.4031028275658386,
  "summary_fg_mad": 284158.7843911366,
  "summary_fg_mean": 1899517.25,
  "summary_fg_median": 1875417.0,
  "summary_fg_n": 40100.0,
  "summary_fg_p05": 1478748.91875,
  "summary_fg_p95": 2414793.962499999,
  "summary_fg_stdv": 311650.0,
  "tsnr": 59.475189208984375
}