{
  "aor": 0.0011422772277227722,
  "aqi": 0.005214104950495049,
  "bids_meta": {
    "AcquisitionMatrixPE": 80,
    "AcquisitionNumber": 7,
    "AcquisitionTime": "15:49:27.710000",
    "BodyPartExamined": "BRAIN",
    "CoilString": "SENSE_HEAD_8",
    "ConversionSoftware": "dcm2niix",
    "ConversionSoftwareVersion": "v1.0.20190410  Clang4.0.1",
    "Dcm2bidsVersion": "2.1.4",
    "DeviceSerialNumber": "34072",
    "EchoTime": 0.030001,
    "EchoTrainLength": 39,
    "EffectiveEchoSpacing": 0.0002777,
    "FlipAngle": 82,
    "ImageOrientationPatientDICOM": [
      0.998081,
      0.000630994,
      0.0619182,
      0.00195311,
      0.99913,
      -0.0416647
    ],
    "ImageType": [
      "ORIGINAL",
      "PRIMARY",
      "M",
      "FFE",
      "M",
      "FFE"
    ],
    "ImagingFrequency": 127.734,
    "InPlanePhaseEncodingDirectionDICOM": "COL",
    "InstitutionName": "Az.Osp._Udine",
    "InstitutionalDepartmentName": "Radiologia",
    "MRAcquisitionType": "2D",
    "MagneticFieldStrength": 3,
    "Manufacturer": "Philips",
    "ManufacturersModelName": "Achieva",
    "Modality": "MR",
    "PartialFourier": 0.4875,
    "PatientPosition": "HFS",
    "PercentPhaseFOV": 100,
    "PhaseEncodingAxis": "j",
    "PhaseEncodingDirection": "j",
    "PhaseEncodingSteps": 80,
    "PhilipsRescaleIntercept": 0,
    "PhilipsRescaleSlope": 0.826129,
    "PhilipsScaleSlope": 0.0010134,
    "PixelBandwidth": 3608.02,
    "ProtocolName": "SOCIAL_4run",
    "ReconMatrixPE": 80,
    "RepetitionTime": 2,
    "ScanOptions": "FS",
    "ScanningSequence": "GR",
    "SequenceVariant": "SK",
    "SeriesDescription": "SOCIAL_4run",
    "SeriesNumber": 701,
    "SliceThickness": 3,
    "SliceTiming": [
      0.0,
      0.378378,
      0.702703,
      1.027027,
      1.351351,
      1.675676,
      0.054054,
      0.432432,
      0.756757,
      1.081081,
      1.405405,
      1.72973,
      0.108108,
      0.486486,
      0.810811,
      1.135135,
      1.459459,
      1.783784,
      0.162162,
      0.540541,
      0.864865,
      1.189189,
      1.513514,
      1.837838,
      0.216216,
      0.594595,
      0.918919,
      1.243243,
      1.567568,
      1.891892,
      0.27027,
      0.648649,
      0.972973,
      1.297297,
      1.621622,
      1.945946,
      0.324324
    ],
    "SoftwareVersions": "5.3.1_5.3.1.2",
    "SpacingBetweenSlices": 3,
    "StationName": "PHILIPS-K5NT78B",
    "TaskName": "ANIM",
    "TotalReadoutTime": 0.0219394,
    "UsePhilipsFloatNotDisplayScaling": 1,
    "dataset": "ds003436",
    "modality": "bold",
    "run_id": 2,
    "subject_id": "24",
    "task_id": "anim"
  },
  "dummy_trs": 0,
  "dvars_nstd": 21.294599552199994,
  "dvars_std": 1.0948880156,
  "dvars_vstd": 1.0132582919000008,
  "efc": 0.43284013589774123,
  "fber": 196964.234375,
  "fd_mean": 0.07295914790464209,
  "fd_num": 0,
  "fd_perc": 0.0,
  "fwhm_avg": 1.7998778754762446,
  "fwhm_x": 1.71164,
  "fwhm_y": 1.9939034917945457,
  "fwhm_z": 1.6940901346341877,
  "gcor": 0.0127803,
  "gsr_x": -0.00962001271545887,
  "gsr_y": 0.009875788353383541,
  "provenance": {
    "md5sum": "8530e026b4c4edc69bb55d69d12d4c08",
    "settings": {
      "fd_thres": 0.2,
      "testing": false
    },
    "software": "mriqc",
    "version": "22.0.6",
    "webapi_port": null,
    "webapi_url": "https://mriqc.nimh.nih.gov/api/v1"
  },
  "size_t": 101,
  "size_x": 80,
  "size_y": 80,
  "size_z": 37,
  "snr": 6.468125708407082,
  "spacing_tr": 2.000000476837158,
  "spacing_x": 3.0,
  "spacing_y": 2.999999761581421,
  "spacing_z": 2.999999761581421,
  "summary_bg_k": 43.695297896187974,
  "summary_bg_mad": 5059.151513365614,
  "summary_bg_mean": 47309.2265625,
  "summary_bg_median": 3546.83203125,
  "summary_bg_n": 160785.0,
  "summary_bg_p05": 47.43906784057618,
  "summary_bg_p95": 235502.8156249998,
  "summary_bg_stdv": 135351.0625,
  "summary_fg_k": 1.3698277752700276,
  "summary_fg_mad": 258242.15631054947,
  "summary_fg_mean": 1709387.75,
  "summary_fg_median": 1692373.125,
  "summary_fg_n": 34092.0,
  "summary_fg_p05": 1333304.91875,
  "summary_fg_p95": 2136821.3499999996,
  "summary_fg_stdv": 261644.3125,
  "tsnr": 71.29867553710938
}